{
  "aor": 0.0003541632653061225,
  "aqi": 0.009601477306122447,
  "bids_meta": {
    "AcquisitionMatrixPE": 64,
    "BandwidthPerPixelPhaseEncode": 47.348,
    "BaseResolution": 64,
    "ConsistencyInfo": "N4_VD11D_LATEST_20110129",
    "ConversionSoftware": "dcm2niix",
    "ConversionSoftwareVersion": "v1.0.20180518 GCC4.8.5",
    "DerivedVendorReportedEchoSpacing": 0.000660007,
    "DwellTime": 4.5e-06,
    "EchoTime": 0.027,
    "EchoTrainLength": 32,
    "EffectiveEchoSpacing": 0.000330003,
    "FlipAngle": 71,
    "ImageOrientationPatientDICOM": [
      0.999639,
      -0.0145184,
      -0.0226153,
      0.0159076,
      0.997918,
      0.062509
    ],
    "ImageType": [
      "ORIGINAL",
      "PRIMARY",
      "M",
      "ND",
      "NORM",
      "MOSAIC"
    ],
    "InPlanePhaseEncodingDirectionDICOM": "COL",
    "MRAcquisitionType": "2D",
    "MagneticFieldStrength": 3,
    "Manufacturer": "Siemens",
    "ManufacturersModelName": "Skyra",
    "Modality": "MR",
    "ParallelReductionFactorInPlane": 2,
    "PartialFourier": 1,
    "PercentPhaseFOV": 100,
    "PhaseEncodingDirection": "j-",
    "PhaseEncodingSteps": 64,
    "PhaseResolution": 1,
    "PixelBandwidth": 1735,
    "PulseSequenceDetails": "%SiemensSeq%_ep2d_bold",
    "ReceiveCoilActiveElements": "HE1-4",
    "ReceiveCoilName": "HeadNeck_20",
    "ReconMatrixPE": 64,
    "RepetitionTime": 2,
    "SAR": 0.108161,
    "ScanOptions": "FS",
    "ScanningSequence": "EP",
    "SequenceName": "_epfid2d1_64",
    "SequenceVariant": "SK",
    "ShimSetting": [
      3239,
      10694,
      9910,
      409,
      161,
      394,
      823,
      -53
    ],
    "SliceThickness": 2,
    "SliceTiming": [
      1,
      0,
      1.055,
      0.0575,
      1.1125,
      0.1125,
      1.1675,
      0.1675,
      1.2225,
      0.2225,
      1.2775,
      0.2775,
      1.335,
      0.335,
      1.39,
      0.39,
      1.445,
      0.445,
      1.5,
      0.5,
      1.555,
      0.5575,
      1.6125,
      0.6125,
      1.6675,
      0.6675,
      1.7225,
      0.7225,
      1.7775,
      0.7775,
      1.8325,
      0.835,
      1.89,
      0.89,
      1.945,
      0.945
    ],
    "SoftwareVersions": "syngo_MR_D11",
    "SpacingBetweenSlices": 3,
    "TaskName": "Photographs task",
    "TotalReadoutTime": 0.0207902,
    "TxRefAmp": 323.331,
    "dataset": "ds001847",
    "modality": "bold",
    "run_id": 4,
    "subject_id": "19",
    "task_id": "photo"
  },
  "dummy_trs": 0,
  "dvars_nstd": 27.226600951639348,
  "dvars_std": 1.0518074162704922,
  "dvars_vstd": 0.9891182292622946,
  "efc": 0.6030354688915345,
  "fber": 865.58935546875,
  "fd_mean": 0.06473467360786998,
  "fd_num": 1,
  "fd_perc": 0.40816326530612246,
  "fwhm_avg": 1.53014,
  "fwhm_x": 1.4448233333333331,
  "fwhm_y": 1.62615,
  "fwhm_z": 1.5194466666666668,
  "gcor": 0.00288594,
  "gsr_x": 0.010536741465330124,
  "gsr_y": 0.03623322769999504,
  "provenance": {
    "md5sum": "d31b955b42012e5a6b7362e26f26eecb",
    "settings": {
      "fd_thres": 0.2,
      "testing": false
    },
    "software": "mriqc",
    "version": "22.0.6",
    "webapi_port": null,
    "webapi_url": "https://mriqc.nimh.nih.gov/api/v1"
  },
  "size_t": 245,
  "size_x": 64,
  "size_y": 64,
  "size_z": 37,
  "snr": 5.798955164458094,
  "spacing_tr": 2.0,
  "spacing_x": 3.0,
  "spacing_y": 3.0,
  "spacing_z": 3.0,
  "summary_bg_k": 23.702864992447722,
  "summary_bg_mad": 14.257185339914203,
  "summary_bg_mean": 61.63918685913086,
  "summary_bg_median": 26.20408058166504,
  "summary_bg_n": 79080.0,
  "summary_bg_p05": 14.167346000671387,
  "summary_bg_p95": 237.85611877441423,
  "summary_bg_stdv": 99.99254608154297,
  "summary_fg_k": 3.190442144917495,
  "summary_fg_mad": 125.72166383278736,
  "summary_fg_mean": 797.2152099609375,
  "summary_fg_median": 781.381591796875,
  "summary_fg_n": 37772.0,
  "summary_fg_p05": 625.0016021728516,
  "summary_fg_p95": 1021.9079132080076,
  "summary_fg_stdv": 134.7434539794922,
  "tsnr": 52.13016365002841
}