{
  "aor": 0.0008842605633802818,
  "aqi": 0.015570928767605633,
  "bids_meta": {
    "AcquisitionMatrixPE": 64,
    "BandwidthPerPixelPhaseEncode": 47.348,
    "BaseResolution": 64,
    "ConsistencyInfo": "N4_VD11D_LATEST_20110129",
    "ConversionSoftware": "dcm2niix",
    "ConversionSoftwareVersion": "v1.0.20180518 GCC4.8.5",
    "DerivedVendorReportedEchoSpacing": 0.000660007,
    "DwellTime": 4.5e-06,
    "EchoTime": 0.027,
    "EchoTrainLength": 32,
    "EffectiveEchoSpacing": 0.000330003,
    "FlipAngle": 71,
    "ImageOrientationPatientDICOM": [
      0.999639,
      -0.0145184,
      -0.0226153,
      0.0159076,
      0.997918,
      0.062509
    ],
    "ImageType": [
      "ORIGINAL",
      "PRIMARY",
      "M",
      "ND",
      "NORM",
      "MOSAIC"
    ],
    "InPlanePhaseEncodingDirectionDICOM": "COL",
    "MRAcquisitionType": "2D",
    "MagneticFieldStrength": 3,
    "Manufacturer": "Siemens",
    "ManufacturersModelName": "Skyra",
    "Modality": "MR",
    "ParallelReductionFactorInPlane": 2,
    "PartialFourier": 1,
    "PercentPhaseFOV": 100,
    "PhaseEncodingDirection": "j-",
    "PhaseEncodingSteps": 64,
    "PhaseResolution": 1,
    "PixelBandwidth": 1735,
    "PulseSequenceDetails": "%SiemensSeq%_ep2d_bold",
    "ReceiveCoilActiveElements": "HE1-4",
    "ReceiveCoilName": "HeadNeck_20",
    "ReconMatrixPE": 64,
    "RepetitionTime": 2,
    "SAR": 0.108161,
    "ScanOptions": "FS",
    "ScanningSequence": "EP",
    "SequenceName": "_epfid2d1_64",
    "SequenceVariant": "SK",
    "ShimSetting": [
      3239,
      10694,
      9910,
      409,
      161,
      394,
      823,
      -53
    ],
    "SliceThickness": 2,
    "SliceTiming": [
      1,
      0,
      1.055,
      0.0575,
      1.1125,
      0.1125,
      1.1675,
      0.1675,
      1.2225,
      0.2225,
      1.2775,
      0.2775,
      1.335,
      0.335,
      1.39,
      0.39,
      1.445,
      0.445,
      1.5,
      0.5,
      1.555,
      0.5575,
      1.6125,
      0.6125,
      1.6675,
      0.6675,
      1.7225,
      0.7225,
      1.7775,
      0.7775,
      1.8325,
      0.835,
      1.89,
      0.89,
      1.945,
      0.945
    ],
    "SoftwareVersions": "syngo_MR_D11",
    "SpacingBetweenSlices": 3,
    "TaskName": "Photographs task",
    "TotalReadoutTime": 0.0207902,
    "TxRefAmp": 323.331,
    "dataset": "ds001847",
    "modality": "bold",
    "run_id": 1,
    "subject_id": "19",
    "task_id": "photo"
  },
  "dummy_trs": 1,
  "dvars_nstd": 26.248079758197875,
  "dvars_std": 0.9931798924028273,
  "dvars_vstd": 0.9538028445936397,
  "efc": 0.5977690788116438,
  "fber": 944.27294921875,
  "fd_mean": 0.0597750691315418,
  "fd_num": 0,
  "fd_perc": 0.0,
  "fwhm_avg": 1.5437533333333333,
  "fwhm_x": 1.44512,
  "fwhm_y": 1.6577033333333333,
  "fwhm_z": 1.5284366666666667,
  "gcor": 0.00547841,
  "gsr_x": 0.013088496401906013,
  "gsr_y": 0.037013884633779526,
  "provenance": {
    "md5sum": "e76684fea27c03b25fe77aab7c5b4559",
    "settings": {
      "fd_thres": 0.2,
      "testing": false
    },
    "software": "mriqc",
    "version": "22.0.6",
    "webapi_port": null,
    "webapi_url": "https://mriqc.nimh.nih.gov/api/v1"
  },
  "size_t": 284,
  "size_x": 64,
  "size_y": 64,
  "size_z": 37,
  "snr": 5.822821502108987,
  "spacing_tr": 2.0,
  "spacing_x": 3.0,
  "spacing_y": 3.0,
  "spacing_z": 3.0,
  "summary_bg_k": 24.1762292745743,
  "summary_bg_mad": 14.14736337229739,
  "summary_bg_mean": 58.884857177734375,
  "summary_bg_median": 25.176055908203125,
  "summary_bg_n": 79172.0,
  "summary_bg_p05": 13.204225540161133,
  "summary_bg_p95": 223.90669021606374,
  "summary_bg_stdv": 97.52027130126953,
  "summary_fg_k": 3.1141428469642047,
  "summary_fg_mad": 125.62185241634376,
  "summary_fg_mean": 798.496337890625,
  "summary_fg_median": 781.9401245117188,
  "summary_fg_n": 37470.0,
  "summary_fg_p05": 626.542236328125,
  "summary_fg_p95": 1024.6313659667967,
  "summary_fg_stdv": 134.28707885742188,
  "tsnr": 44.37901517376304
}