{
  "aor": 0.0011017228464419474,
  "aqi": 0.014807892921348311,
  "bids_meta": {
    "AcquisitionMatrixPE": 64,
    "BandwidthPerPixelPhaseEncode": 47.348,
    "BaseResolution": 64,
    "ConsistencyInfo": "N4_VD11D_LATEST_20110129",
    "ConversionSoftware": "dcm2niix",
    "ConversionSoftwareVersion": "v1.0.20180518 GCC4.8.5",
    "DerivedVendorReportedEchoSpacing": 0.000660007,
    "DwellTime": 4.5e-06,
    "EchoTime": 0.027,
    "EchoTrainLength": 32,
    "EffectiveEchoSpacing": 0.000330003,
    "FlipAngle": 71,
    "ImageOrientationPatientDICOM": [
      0.999639,
      -0.0145184,
      -0.0226153,
      0.0159076,
      0.997918,
      0.062509
    ],
    "ImageType": [
      "ORIGINAL",
      "PRIMARY",
      "M",
      "ND",
      "NORM",
      "MOSAIC"
    ],
    "InPlanePhaseEncodingDirectionDICOM": "COL",
    "MRAcquisitionType": "2D",
    "MagneticFieldStrength": 3,
    "Manufacturer": "Siemens",
    "ManufacturersModelName": "Skyra",
    "Modality": "MR",
    "ParallelReductionFactorInPlane": 2,
    "PartialFourier": 1,
    "PercentPhaseFOV": 100,
    "PhaseEncodingDirection": "j-",
    "PhaseEncodingSteps": 64,
    "PhaseResolution": 1,
    "PixelBandwidth": 1735,
    "PulseSequenceDetails": "%SiemensSeq%_ep2d_bold",
    "ReceiveCoilActiveElements": "HE1-4",
    "ReceiveCoilName": "HeadNeck_20",
    "ReconMatrixPE": 64,
    "RepetitionTime": 2,
    "SAR": 0.108161,
    "ScanOptions": "FS",
    "ScanningSequence": "EP",
    "SequenceName": "_epfid2d1_64",
    "SequenceVariant": "SK",
    "ShimSetting": [
      3239,
      10694,
      9910,
      409,
      161,
      394,
      823,
      -53
    ],
    "SliceThickness": 2,
    "SliceTiming": [
      1,
      0,
      1.055,
      0.0575,
      1.1125,
      0.1125,
      1.1675,
      0.1675,
      1.2225,
      0.2225,
      1.2775,
      0.2775,
      1.335,
      0.335,
      1.39,
      0.39,
      1.445,
      0.445,
      1.5,
      0.5,
      1.555,
      0.5575,
      1.6125,
      0.6125,
      1.6675,
      0.6675,
      1.7225,
      0.7225,
      1.7775,
      0.7775,
      1.8325,
      0.835,
      1.89,
      0.89,
      1.945,
      0.945
    ],
    "SoftwareVersions": "syngo_MR_D11",
    "SpacingBetweenSlices": 3,
    "TaskName": "Photographs task",
    "TotalReadoutTime": 0.0207902,
    "TxRefAmp": 323.331,
    "dataset": "ds001847",
    "modality": "bold",
    "run_id": 3,
    "subject_id": "19",
    "task_id": "photo"
  },
  "dummy_trs": 0,
  "dvars_nstd": 27.10668811943609,
  "dvars_std": 1.0256107168797,
  "dvars_vstd": 0.9718002151879703,
  "efc": 0.6018170260483093,
  "fber": 890.3336181640625,
  "fd_mean": 0.0695851086996699,
  "fd_num": 0,
  "fd_perc": 0.0,
  "fwhm_avg": 1.5315822222222222,
  "fwhm_x": 1.4536633333333333,
  "fwhm_y": 1.6457166666666667,
  "fwhm_z": 1.4953666666666667,
  "gcor": 0.00287232,
  "gsr_x": 0.010753324255347252,
  "gsr_y": 0.036025624722242355,
  "provenance": {
    "md5sum": "7783a9eadcf6b61b5ee7581075660985",
    "settings": {
      "fd_thres": 0.2,
      "testing": false
    },
    "software": "mriqc",
    "version": "22.0.6",
    "webapi_port": null,
    "webapi_url": "https://mriqc.nimh.nih.gov/api/v1"
  },
  "size_t": 267,
  "size_x": 64,
  "size_y": 64,
  "size_z": 37,
  "snr": 5.813595456353394,
  "spacing_tr": 2.0,
  "spacing_x": 3.0,
  "spacing_y": 3.0,
  "spacing_z": 3.0,
  "summary_bg_k": 23.554548128413902,
  "summary_bg_mad": 14.204106795981573,
  "summary_bg_mean": 60.645225524902344,
  "summary_bg_median": 25.842697143554688,
  "summary_bg_n": 78977.0,
  "summary_bg_p05": 13.775280952453613,
  "summary_bg_p95": 231.71460571289057,
  "summary_bg_stdv": 98.54562377929688,
  "summary_fg_k": 3.1755944646801018,
  "summary_fg_mad": 125.39648493433765,
  "summary_fg_mean": 796.5682983398438,
  "summary_fg_median": 780.13671875,
  "summary_fg_n": 37760.0,
  "summary_fg_p05": 624.0994506835938,
  "summary_fg_p95": 1022.316696166992,
  "summary_fg_stdv": 134.19000244140625,
  "tsnr": 46.21116142673418
}