{
  "aor": 0.0005806713780918729,
  "aqi": 0.01865106261484099,
  "bids_meta": {
    "AcquisitionMatrixPE": 64,
    "BandwidthPerPixelPhaseEncode": 47.348,
    "BaseResolution": 64,
    "ConsistencyInfo": "N4_VD11D_LATEST_20110129",
    "ConversionSoftware": "dcm2niix",
    "ConversionSoftwareVersion": "v1.0.20180518 GCC4.8.5",
    "DerivedVendorReportedEchoSpacing": 0.000660007,
    "DwellTime": 4.5e-06,
    "EchoTime": 0.027,
    "EchoTrainLength": 32,
    "EffectiveEchoSpacing": 0.000330003,
    "FlipAngle": 71,
    "ImageOrientationPatientDICOM": [
      0.999639,
      -0.0145184,
      -0.0226153,
      0.0159076,
      0.997918,
      0.062509
    ],
    "ImageType": [
      "ORIGINAL",
      "PRIMARY",
      "M",
      "ND",
      "NORM",
      "MOSAIC"
    ],
    "InPlanePhaseEncodingDirectionDICOM": "COL",
    "MRAcquisitionType": "2D",
    "MagneticFieldStrength": 3,
    "Manufacturer": "Siemens",
    "ManufacturersModelName": "Skyra",
    "Modality": "MR",
    "ParallelReductionFactorInPlane": 2,
    "PartialFourier": 1,
    "PercentPhaseFOV": 100,
    "PhaseEncodingDirection": "j-",
    "PhaseEncodingSteps": 64,
    "PhaseResolution": 1,
    "PixelBandwidth": 1735,
    "PulseSequenceDetails": "%SiemensSeq%_ep2d_bold",
    "ReceiveCoilActiveElements": "HE1-4",
    "ReceiveCoilName": "HeadNeck_20",
    "ReconMatrixPE": 64,
    "RepetitionTime": 2,
    "SAR": 0.108161,
    "ScanOptions": "FS",
    "ScanningSequence": "EP",
    "SequenceName": "_epfid2d1_64",
    "SequenceVariant": "SK",
    "ShimSetting": [
      3239,
      10694,
      9910,
      409,
      161,
      394,
      823,
      -53
    ],
    "SliceThickness": 2,
    "SliceTiming": [
      1,
      0,
      1.055,
      0.0575,
      1.1125,
      0.1125,
      1.1675,
      0.1675,
      1.2225,
      0.2225,
      1.2775,
      0.2775,
      1.335,
      0.335,
      1.39,
      0.39,
      1.445,
      0.445,
      1.5,
      0.5,
      1.555,
      0.5575,
      1.6125,
      0.6125,
      1.6675,
      0.6675,
      1.7225,
      0.7225,
      1.7775,
      0.7775,
      1.8325,
      0.835,
      1.89,
      0.89,
      1.945,
      0.945
    ],
    "SoftwareVersions": "syngo_MR_D11",
    "SpacingBetweenSlices": 3,
    "TaskName": "Photographs task",
    "TotalReadoutTime": 0.0207902,
    "TxRefAmp": 323.331,
    "dataset": "ds001847",
    "modality": "bold",
    "run_id": 2,
    "subject_id": "19",
    "task_id": "photo"
  },
  "dummy_trs": 0,
  "dvars_nstd": 26.846863022836875,
  "dvars_std": 0.9957102898581559,
  "dvars_vstd": 0.9517443121276593,
  "efc": 0.5999365780151511,
  "fber": 910.5881958007812,
  "fd_mean": 0.0677927756036983,
  "fd_num": 0,
  "fd_perc": 0.0,
  "fwhm_avg": 1.5501888888888888,
  "fwhm_x": 1.4553266666666669,
  "fwhm_y": 1.66814,
  "fwhm_z": 1.5271,
  "gcor": 0.00233801,
  "gsr_x": 0.013388628140091896,
  "gsr_y": 0.0359078124165535,
  "provenance": {
    "md5sum": "53c5a2e93776f3b18905c75dd34e0e80",
    "settings": {
      "fd_thres": 0.2,
      "testing": false
    },
    "software": "mriqc",
    "version": "22.0.6",
    "webapi_port": null,
    "webapi_url": "https://mriqc.nimh.nih.gov/api/v1"
  },
  "size_t": 283,
  "size_x": 64,
  "size_y": 64,
  "size_z": 37,
  "snr": 5.837981650087573,
  "spacing_tr": 2.0,
  "spacing_x": 3.0,
  "spacing_y": 3.0,
  "spacing_z": 3.0,
  "summary_bg_k": 24.33870880288921,
  "summary_bg_mad": 13.7572912172592,
  "summary_bg_mean": 59.405277252197266,
  "summary_bg_median": 25.487632751464844,
  "summary_bg_n": 78926.0,
  "summary_bg_p05": 13.667844772338867,
  "summary_bg_p95": 225.2605972290039,
  "summary_bg_stdv": 97.78643035888672,
  "summary_fg_k": 3.2546922015790045,
  "summary_fg_mad": 124.7717360502701,
  "summary_fg_mean": 797.88818359375,
  "summary_fg_median": 780.9735107421875,
  "summary_fg_n": 37624.0,
  "summary_fg_p05": 625.8591735839843,
  "summary_fg_p95": 1022.1503845214844,
  "summary_fg_stdv": 133.77279663085938,
  "tsnr": 42.495882662711665
}