{
  "aor": 0.0044231226765799265,
  "aqi": 0.020992362527881038,
  "bids_meta": {
    "AcquisitionMatrixPE": 64,
    "BandwidthPerPixelPhaseEncode": 47.348,
    "BaseResolution": 64,
    "ConsistencyInfo": "N4_VD11D_LATEST_20110129",
    "ConversionSoftware": "dcm2niix",
    "ConversionSoftwareVersion": "v1.0.20180518 GCC4.8.5",
    "DerivedVendorReportedEchoSpacing": 0.000660007,
    "DwellTime": 4.5e-06,
    "EchoTime": 0.027,
    "EchoTrainLength": 32,
    "EffectiveEchoSpacing": 0.000330003,
    "FlipAngle": 71,
    "ImageOrientationPatientDICOM": [
      0.999639,
      -0.0145184,
      -0.0226153,
      0.0159076,
      0.997918,
      0.062509
    ],
    "ImageType": [
      "ORIGINAL",
      "PRIMARY",
      "M",
      "ND",
      "NORM",
      "MOSAIC"
    ],
    "InPlanePhaseEncodingDirectionDICOM": "COL",
    "MRAcquisitionType": "2D",
    "MagneticFieldStrength": 3,
    "Manufacturer": "Siemens",
    "ManufacturersModelName": "Skyra",
    "Modality": "MR",
    "ParallelReductionFactorInPlane": 2,
    "PartialFourier": 1,
    "PercentPhaseFOV": 100,
    "PhaseEncodingDirection": "j-",
    "PhaseEncodingSteps": 64,
    "PhaseResolution": 1,
    "PixelBandwidth": 1735,
    "PulseSequenceDetails": "%SiemensSeq%_ep2d_bold",
    "ReceiveCoilActiveElements": "HE1-4",
    "ReceiveCoilName": "HeadNeck_20",
    "ReconMatrixPE": 64,
    "RepetitionTime": 2,
    "SAR": 0.108161,
    "ScanOptions": "FS",
    "ScanningSequence": "EP",
    "SequenceName": "_epfid2d1_64",
    "SequenceVariant": "SK",
    "ShimSetting": [
      3239,
      10694,
      9910,
      409,
      161,
      394,
      823,
      -53
    ],
    "SliceThickness": 2,
    "SliceTiming": [
      1,
      0,
      1.055,
      0.0575,
      1.1125,
      0.1125,
      1.1675,
      0.1675,
      1.2225,
      0.2225,
      1.2775,
      0.2775,
      1.335,
      0.335,
      1.39,
      0.39,
      1.445,
      0.445,
      1.5,
      0.5,
      1.555,
      0.5575,
      1.6125,
      0.6125,
      1.6675,
      0.6675,
      1.7225,
      0.7225,
      1.7775,
      0.7775,
      1.8325,
      0.835,
      1.89,
      0.89,
      1.945,
      0.945
    ],
    "SoftwareVersions": "syngo_MR_D11",
    "SpacingBetweenSlices": 3,
    "TaskName": "Photographs task",
    "TotalReadoutTime": 0.0207902,
    "TxRefAmp": 323.331,
    "dataset": "ds001847",
    "modality": "bold",
    "run_id": 4,
    "subject_id": "15",
    "task_id": "photo"
  },
  "dummy_trs": 0,
  "dvars_nstd": 28.263834405298507,
  "dvars_std": 1.0997737747014924,
  "dvars_vstd": 1.024575493134328,
  "efc": 0.6017674492619285,
  "fber": 875.4354248046875,
  "fd_mean": 0.09461176375364752,
  "fd_num": 15,
  "fd_perc": 5.5762081784386615,
  "fwhm_avg": 1.573807777777778,
  "fwhm_x": 1.55384,
  "fwhm_y": 1.6947766666666666,
  "fwhm_z": 1.4728066666666668,
  "gcor": 0.00455451,
  "gsr_x": 0.013636408373713493,
  "gsr_y": 0.024838486686348915,
  "provenance": {
    "md5sum": "582150c156dd69695870fac4540dbecb",
    "settings": {
      "fd_thres": 0.2,
      "testing": false
    },
    "software": "mriqc",
    "version": "22.0.6",
    "webapi_port": null,
    "webapi_url": "https://mriqc.nimh.nih.gov/api/v1"
  },
  "size_t": 269,
  "size_x": 64,
  "size_y": 64,
  "size_z": 37,
  "snr": 6.8052711484349695,
  "spacing_tr": 2.0,
  "spacing_x": 3.0,
  "spacing_y": 3.0,
  "spacing_z": 3.0,
  "summary_bg_k": 30.598817535762024,
  "summary_bg_mad": 17.036148279674318,
  "summary_bg_mean": 60.89750671386719,
  "summary_bg_median": 28.550186157226562,
  "summary_bg_n": 78816.0,
  "summary_bg_p05": 14.028810024261475,
  "summary_bg_p95": 230.67193603515625,
  "summary_bg_stdv": 95.59429168701172,
  "summary_fg_k": 5.692820180749143,
  "summary_fg_mad": 109.70428425590177,
  "summary_fg_mean": 867.4338989257812,
  "summary_fg_median": 855.2174072265625,
  "summary_fg_n": 38018.0,
  "summary_fg_p05": 704.2585266113281,
  "summary_fg_p95": 1064.6383300781251,
  "summary_fg_stdv": 125.66819763183594,
  "tsnr": 44.86259663163219
}