{
  "aor": 0.0014422151898734177,
  "aqi": 0.031165112658227852,
  "bids_meta": {
    "AcquisitionMatrixPE": 64,
    "BandwidthPerPixelPhaseEncode": 47.348,
    "BaseResolution": 64,
    "ConsistencyInfo": "N4_VD11D_LATEST_20110129",
    "ConversionSoftware": "dcm2niix",
    "ConversionSoftwareVersion": "v1.0.20180518 GCC4.8.5",
    "DerivedVendorReportedEchoSpacing": 0.000660007,
    "DwellTime": 4.5e-06,
    "EchoTime": 0.027,
    "EchoTrainLength": 32,
    "EffectiveEchoSpacing": 0.000330003,
    "FlipAngle": 71,
    "ImageOrientationPatientDICOM": [
      0.999639,
      -0.0145184,
      -0.0226153,
      0.0159076,
      0.997918,
      0.062509
    ],
    "ImageType": [
      "ORIGINAL",
      "PRIMARY",
      "M",
      "ND",
      "NORM",
      "MOSAIC"
    ],
    "InPlanePhaseEncodingDirectionDICOM": "COL",
    "MRAcquisitionType": "2D",
    "MagneticFieldStrength": 3,
    "Manufacturer": "Siemens",
    "ManufacturersModelName": "Skyra",
    "Modality": "MR",
    "ParallelReductionFactorInPlane": 2,
    "PartialFourier": 1,
    "PercentPhaseFOV": 100,
    "PhaseEncodingDirection": "j-",
    "PhaseEncodingSteps": 64,
    "PhaseResolution": 1,
    "PixelBandwidth": 1735,
    "PulseSequenceDetails": "%SiemensSeq%_ep2d_bold",
    "ReceiveCoilActiveElements": "HE1-4",
    "ReceiveCoilName": "HeadNeck_20",
    "ReconMatrixPE": 64,
    "RepetitionTime": 2,
    "SAR": 0.108161,
    "ScanOptions": "FS",
    "ScanningSequence": "EP",
    "SequenceName": "_epfid2d1_64",
    "SequenceVariant": "SK",
    "ShimSetting": [
      3239,
      10694,
      9910,
      409,
      161,
      394,
      823,
      -53
    ],
    "SliceThickness": 2,
    "SliceTiming": [
      1,
      0,
      1.055,
      0.0575,
      1.1125,
      0.1125,
      1.1675,
      0.1675,
      1.2225,
      0.2225,
      1.2775,
      0.2775,
      1.335,
      0.335,
      1.39,
      0.39,
      1.445,
      0.445,
      1.5,
      0.5,
      1.555,
      0.5575,
      1.6125,
      0.6125,
      1.6675,
      0.6675,
      1.7225,
      0.7225,
      1.7775,
      0.7775,
      1.8325,
      0.835,
      1.89,
      0.89,
      1.945,
      0.945
    ],
    "SoftwareVersions": "syngo_MR_D11",
    "SpacingBetweenSlices": 3,
    "TaskName": "Photographs task",
    "TotalReadoutTime": 0.0207902,
    "TxRefAmp": 323.331,
    "dataset": "ds001847",
    "modality": "bold",
    "run_id": 4,
    "subject_id": "04",
    "task_id": "photo"
  },
  "dummy_trs": 0,
  "dvars_nstd": 35.21308527139682,
  "dvars_std": 1.1069822319999993,
  "dvars_vstd": 0.9458556426349195,
  "efc": 0.5873835043802466,
  "fber": 951.48681640625,
  "fd_mean": 0.13665176106291269,
  "fd_num": 40,
  "fd_perc": 12.658227848101266,
  "fwhm_avg": 1.565261111111111,
  "fwhm_x": 1.4921333333333333,
  "fwhm_y": 1.66029,
  "fwhm_z": 1.54336,
  "gcor": 0.0121511,
  "gsr_x": 0.004299562890082598,
  "gsr_y": 0.04058563709259033,
  "provenance": {
    "md5sum": "52e2b4d670438044f9feb3004e5120f2",
    "settings": {
      "fd_thres": 0.2,
      "testing": false
    },
    "software": "mriqc",
    "version": "22.0.6",
    "webapi_port": null,
    "webapi_url": "https://mriqc.nimh.nih.gov/api/v1"
  },
  "size_t": 316,
  "size_x": 64,
  "size_y": 64,
  "size_z": 37,
  "snr": 6.676212869823395,
  "spacing_tr": 2.0,
  "spacing_x": 3.0,
  "spacing_y": 3.0,
  "spacing_z": 3.0,
  "summary_bg_k": 40.768084748984805,
  "summary_bg_mad": 13.87359459258478,
  "summary_bg_mean": 55.62836837768555,
  "summary_bg_median": 27.0,
  "summary_bg_n": 81676.0,
  "summary_bg_p05": 14.395569801330566,
  "summary_bg_p95": 194.86076736450195,
  "summary_bg_stdv": 86.21244812011719,
  "summary_fg_k": 4.4711412741101,
  "summary_fg_mad": 113.71461285811259,
  "summary_fg_mean": 844.5799560546875,
  "summary_fg_median": 832.3070068359375,
  "summary_fg_n": 36272.0,
  "summary_fg_p05": 679.9930725097656,
  "summary_fg_p95": 1042.6868713378906,
  "summary_fg_stdv": 124.66581726074219,
  "tsnr": 38.08516619866714
}