{
  "aor": 0.0003120666666666667,
  "aqi": 0.010393999566666666,
  "bids_meta": {
    "AcquisitionMatrixPE": 64,
    "BandwidthPerPixelPhaseEncode": 47.348,
    "BaseResolution": 64,
    "ConsistencyInfo": "N4_VD11D_LATEST_20110129",
    "ConversionSoftware": "dcm2niix",
    "ConversionSoftwareVersion": "v1.0.20180518 GCC4.8.5",
    "DerivedVendorReportedEchoSpacing": 0.000660007,
    "DwellTime": 4.5e-06,
    "EchoTime": 0.027,
    "EchoTrainLength": 32,
    "EffectiveEchoSpacing": 0.000330003,
    "FlipAngle": 71,
    "ImageOrientationPatientDICOM": [
      0.999639,
      -0.0145184,
      -0.0226153,
      0.0159076,
      0.997918,
      0.062509
    ],
    "ImageType": [
      "ORIGINAL",
      "PRIMARY",
      "M",
      "ND",
      "NORM",
      "MOSAIC"
    ],
    "InPlanePhaseEncodingDirectionDICOM": "COL",
    "MRAcquisitionType": "2D",
    "MagneticFieldStrength": 3,
    "Manufacturer": "Siemens",
    "ManufacturersModelName": "Skyra",
    "Modality": "MR",
    "ParallelReductionFactorInPlane": 2,
    "PartialFourier": 1,
    "PercentPhaseFOV": 100,
    "PhaseEncodingDirection": "j-",
    "PhaseEncodingSteps": 64,
    "PhaseResolution": 1,
    "PixelBandwidth": 1735,
    "PulseSequenceDetails": "%SiemensSeq%_ep2d_bold",
    "ReceiveCoilActiveElements": "HE1-4",
    "ReceiveCoilName": "HeadNeck_20",
    "ReconMatrixPE": 64,
    "RepetitionTime": 2,
    "SAR": 0.108161,
    "ScanOptions": "FS",
    "ScanningSequence": "EP",
    "SequenceName": "_epfid2d1_64",
    "SequenceVariant": "SK",
    "ShimSetting": [
      3239,
      10694,
      9910,
      409,
      161,
      394,
      823,
      -53
    ],
    "SliceThickness": 2,
    "SliceTiming": [
      1,
      0,
      1.055,
      0.0575,
      1.1125,
      0.1125,
      1.1675,
      0.1675,
      1.2225,
      0.2225,
      1.2775,
      0.2775,
      1.335,
      0.335,
      1.39,
      0.39,
      1.445,
      0.445,
      1.5,
      0.5,
      1.555,
      0.5575,
      1.6125,
      0.6125,
      1.6675,
      0.6675,
      1.7225,
      0.7225,
      1.7775,
      0.7775,
      1.8325,
      0.835,
      1.89,
      0.89,
      1.945,
      0.945
    ],
    "SoftwareVersions": "syngo_MR_D11",
    "SpacingBetweenSlices": 3,
    "TaskName": "Photographs task",
    "TotalReadoutTime": 0.0207902,
    "TxRefAmp": 323.331,
    "dataset": "ds001847",
    "modality": "bold",
    "run_id": 4,
    "subject_id": "16",
    "task_id": "photo"
  },
  "dummy_trs": 0,
  "dvars_nstd": 35.80993416341136,
  "dvars_std": 1.1510627583277588,
  "dvars_vstd": 0.9851870369230766,
  "efc": 0.629530922796443,
  "fber": 770.5684204101562,
  "fd_mean": 0.09409394066562962,
  "fd_num": 4,
  "fd_perc": 1.3333333333333333,
  "fwhm_avg": 1.6461333333333334,
  "fwhm_x": 1.5533566666666667,
  "fwhm_y": 1.7278200000000001,
  "fwhm_z": 1.6572233333333333,
  "gcor": 0.00756566,
  "gsr_x": 0.011198904365301132,
  "gsr_y": 0.0436578094959259,
  "provenance": {
    "md5sum": "099bdda0a7885b3d678edee4ac4c41fb",
    "settings": {
      "fd_thres": 0.2,
      "testing": false
    },
    "software": "mriqc",
    "version": "22.0.6",
    "webapi_port": null,
    "webapi_url": "https://mriqc.nimh.nih.gov/api/v1"
  },
  "size_t": 300,
  "size_x": 64,
  "size_y": 64,
  "size_z": 37,
  "snr": 5.125405904889348,
  "spacing_tr": 2.0,
  "spacing_x": 3.0,
  "spacing_y": 3.0,
  "spacing_z": 3.0,
  "summary_bg_k": 10.704253031682004,
  "summary_bg_mad": 14.969339909352746,
  "summary_bg_mean": 61.93366622924805,
  "summary_bg_median": 27.190000534057617,
  "summary_bg_n": 74282.0,
  "summary_bg_p05": 14.283333778381348,
  "summary_bg_p95": 260.9170135498045,
  "summary_bg_stdv": 88.14799499511719,
  "summary_fg_k": 4.980283494798872,
  "summary_fg_mad": 130.29606719873442,
  "summary_fg_mean": 788.81591796875,
  "summary_fg_median": 767.46337890625,
  "summary_fg_n": 43001.0,
  "summary_fg_p05": 608.413330078125,
  "summary_fg_p95": 1033.820068359375,
  "summary_fg_stdv": 149.7353515625,
  "tsnr": 47.27315459959209
}