{
  "aor": 0.000493125,
  "aqi": 0.010624107039473684,
  "bids_meta": {
    "AcquisitionMatrixPE": 64,
    "BandwidthPerPixelPhaseEncode": 47.348,
    "BaseResolution": 64,
    "ConsistencyInfo": "N4_VD11D_LATEST_20110129",
    "ConversionSoftware": "dcm2niix",
    "ConversionSoftwareVersion": "v1.0.20180518 GCC4.8.5",
    "DerivedVendorReportedEchoSpacing": 0.000660007,
    "DwellTime": 4.5e-06,
    "EchoTime": 0.027,
    "EchoTrainLength": 32,
    "EffectiveEchoSpacing": 0.000330003,
    "FlipAngle": 71,
    "ImageOrientationPatientDICOM": [
      0.999639,
      -0.0145184,
      -0.0226153,
      0.0159076,
      0.997918,
      0.062509
    ],
    "ImageType": [
      "ORIGINAL",
      "PRIMARY",
      "M",
      "ND",
      "NORM",
      "MOSAIC"
    ],
    "InPlanePhaseEncodingDirectionDICOM": "COL",
    "MRAcquisitionType": "2D",
    "MagneticFieldStrength": 3,
    "Manufacturer": "Siemens",
    "ManufacturersModelName": "Skyra",
    "Modality": "MR",
    "ParallelReductionFactorInPlane": 2,
    "PartialFourier": 1,
    "PercentPhaseFOV": 100,
    "PhaseEncodingDirection": "j-",
    "PhaseEncodingSteps": 64,
    "PhaseResolution": 1,
    "PixelBandwidth": 1735,
    "PulseSequenceDetails": "%SiemensSeq%_ep2d_bold",
    "ReceiveCoilActiveElements": "HE1-4",
    "ReceiveCoilName": "HeadNeck_20",
    "ReconMatrixPE": 64,
    "RepetitionTime": 2,
    "SAR": 0.108161,
    "ScanOptions": "FS",
    "ScanningSequence": "EP",
    "SequenceName": "_epfid2d1_64",
    "SequenceVariant": "SK",
    "ShimSetting": [
      3239,
      10694,
      9910,
      409,
      161,
      394,
      823,
      -53
    ],
    "SliceThickness": 2,
    "SliceTiming": [
      1,
      0,
      1.055,
      0.0575,
      1.1125,
      0.1125,
      1.1675,
      0.1675,
      1.2225,
      0.2225,
      1.2775,
      0.2775,
      1.335,
      0.335,
      1.39,
      0.39,
      1.445,
      0.445,
      1.5,
      0.5,
      1.555,
      0.5575,
      1.6125,
      0.6125,
      1.6675,
      0.6675,
      1.7225,
      0.7225,
      1.7775,
      0.7775,
      1.8325,
      0.835,
      1.89,
      0.89,
      1.945,
      0.945
    ],
    "SoftwareVersions": "syngo_MR_D11",
    "SpacingBetweenSlices": 3,
    "TaskName": "Photographs task",
    "TotalReadoutTime": 0.0207902,
    "TxRefAmp": 323.331,
    "dataset": "ds001847",
    "modality": "bold",
    "run_id": 3,
    "subject_id": "16",
    "task_id": "photo"
  },
  "dummy_trs": 0,
  "dvars_nstd": 35.87791126884488,
  "dvars_std": 1.1669098665676567,
  "dvars_vstd": 0.9932009679537952,
  "efc": 0.629273470492194,
  "fber": 770.0410766601562,
  "fd_mean": 0.08207911339638621,
  "fd_num": 6,
  "fd_perc": 1.9736842105263157,
  "fwhm_avg": 1.6492455555555556,
  "fwhm_x": 1.55705,
  "fwhm_y": 1.7304833333333332,
  "fwhm_z": 1.6602033333333335,
  "gcor": 0.00635241,
  "gsr_x": 0.010708472691476345,
  "gsr_y": 0.04350750148296356,
  "provenance": {
    "md5sum": "ae6e9d532dec160356cf44a195137e67",
    "settings": {
      "fd_thres": 0.2,
      "testing": false
    },
    "software": "mriqc",
    "version": "22.0.6",
    "webapi_port": null,
    "webapi_url": "https://mriqc.nimh.nih.gov/api/v1"
  },
  "size_t": 304,
  "size_x": 64,
  "size_y": 64,
  "size_z": 37,
  "snr": 5.130310067596281,
  "spacing_tr": 2.0,
  "spacing_x": 3.0,
  "spacing_y": 3.0,
  "spacing_z": 3.0,
  "summary_bg_k": 10.896981749874932,
  "summary_bg_mad": 14.899178388121395,
  "summary_bg_mean": 61.76039123535156,
  "summary_bg_median": 27.233552932739258,
  "summary_bg_n": 74273.0,
  "summary_bg_p05": 14.30592155456543,
  "summary_bg_p95": 260.9105224609374,
  "summary_bg_stdv": 88.22537231445312,
  "summary_fg_k": 4.911284693504552,
  "summary_fg_mad": 130.65676375897388,
  "summary_fg_mean": 790.8281860351562,
  "summary_fg_median": 769.5641479492188,
  "summary_fg_n": 43000.0,
  "summary_fg_p05": 609.0508056640625,
  "summary_fg_p95": 1035.2895935058593,
  "summary_fg_stdv": 150.00169372558594,
  "tsnr": 47.65627858694643
}