{
  "aor": 0.000510224358974359,
  "aqi": 0.009219263974358974,
  "bids_meta": {
    "AcquisitionMatrixPE": 64,
    "BandwidthPerPixelPhaseEncode": 47.348,
    "BaseResolution": 64,
    "ConsistencyInfo": "N4_VD11D_LATEST_20110129",
    "ConversionSoftware": "dcm2niix",
    "ConversionSoftwareVersion": "v1.0.20180518 GCC4.8.5",
    "DerivedVendorReportedEchoSpacing": 0.000660007,
    "DwellTime": 4.5e-06,
    "EchoTime": 0.027,
    "EchoTrainLength": 32,
    "EffectiveEchoSpacing": 0.000330003,
    "FlipAngle": 71,
    "ImageOrientationPatientDICOM": [
      0.999639,
      -0.0145184,
      -0.0226153,
      0.0159076,
      0.997918,
      0.062509
    ],
    "ImageType": [
      "ORIGINAL",
      "PRIMARY",
      "M",
      "ND",
      "NORM",
      "MOSAIC"
    ],
    "InPlanePhaseEncodingDirectionDICOM": "COL",
    "MRAcquisitionType": "2D",
    "MagneticFieldStrength": 3,
    "Manufacturer": "Siemens",
    "ManufacturersModelName": "Skyra",
    "Modality": "MR",
    "ParallelReductionFactorInPlane": 2,
    "PartialFourier": 1,
    "PercentPhaseFOV": 100,
    "PhaseEncodingDirection": "j-",
    "PhaseEncodingSteps": 64,
    "PhaseResolution": 1,
    "PixelBandwidth": 1735,
    "PulseSequenceDetails": "%SiemensSeq%_ep2d_bold",
    "ReceiveCoilActiveElements": "HE1-4",
    "ReceiveCoilName": "HeadNeck_20",
    "ReconMatrixPE": 64,
    "RepetitionTime": 2,
    "SAR": 0.108161,
    "ScanOptions": "FS",
    "ScanningSequence": "EP",
    "SequenceName": "_epfid2d1_64",
    "SequenceVariant": "SK",
    "ShimSetting": [
      3239,
      10694,
      9910,
      409,
      161,
      394,
      823,
      -53
    ],
    "SliceThickness": 2,
    "SliceTiming": [
      1,
      0,
      1.055,
      0.0575,
      1.1125,
      0.1125,
      1.1675,
      0.1675,
      1.2225,
      0.2225,
      1.2775,
      0.2775,
      1.335,
      0.335,
      1.39,
      0.39,
      1.445,
      0.445,
      1.5,
      0.5,
      1.555,
      0.5575,
      1.6125,
      0.6125,
      1.6675,
      0.6675,
      1.7225,
      0.7225,
      1.7775,
      0.7775,
      1.8325,
      0.835,
      1.89,
      0.89,
      1.945,
      0.945
    ],
    "SoftwareVersions": "syngo_MR_D11",
    "SpacingBetweenSlices": 3,
    "TaskName": "Photographs task",
    "TotalReadoutTime": 0.0207902,
    "TxRefAmp": 323.331,
    "dataset": "ds001847",
    "modality": "bold",
    "run_id": 2,
    "subject_id": "16",
    "task_id": "photo"
  },
  "dummy_trs": 0,
  "dvars_nstd": 35.77722052672026,
  "dvars_std": 1.1921307762057873,
  "dvars_vstd": 1.0064508454019288,
  "efc": 0.629704099821192,
  "fber": 757.370361328125,
  "fd_mean": 0.07671191395839973,
  "fd_num": 4,
  "fd_perc": 1.2820512820512822,
  "fwhm_avg": 1.641338888888889,
  "fwhm_x": 1.5501233333333333,
  "fwhm_y": 1.7234966666666667,
  "fwhm_z": 1.6503966666666667,
  "gcor": 0.00781392,
  "gsr_x": 0.009155572392046452,
  "gsr_y": 0.04163477569818497,
  "provenance": {
    "md5sum": "69162ba36ebbec5b65f18f644fb465c2",
    "settings": {
      "fd_thres": 0.2,
      "testing": false
    },
    "software": "mriqc",
    "version": "22.0.6",
    "webapi_port": null,
    "webapi_url": "https://mriqc.nimh.nih.gov/api/v1"
  },
  "size_t": 312,
  "size_x": 64,
  "size_y": 64,
  "size_z": 37,
  "snr": 5.128380184040654,
  "spacing_tr": 2.0,
  "spacing_x": 3.0,
  "spacing_y": 3.0,
  "spacing_z": 3.0,
  "summary_bg_k": 10.850451547196245,
  "summary_bg_mad": 15.146778342817885,
  "summary_bg_mean": 61.63747787475586,
  "summary_bg_median": 27.427885055541992,
  "summary_bg_n": 74172.0,
  "summary_bg_p05": 14.272436141967773,
  "summary_bg_p95": 259.35192871093744,
  "summary_bg_stdv": 87.6356430053711,
  "summary_fg_k": 4.93185690566146,
  "summary_fg_mad": 130.53080048455007,
  "summary_fg_mean": 790.13037109375,
  "summary_fg_median": 767.9551391601562,
  "summary_fg_n": 43021.0,
  "summary_fg_p05": 608.59619140625,
  "summary_fg_p95": 1032.593017578125,
  "summary_fg_stdv": 149.74440002441406,
  "tsnr": 49.72021459881216
}