{
  "aor": 0.0003808394160583942,
  "aqi": 0.009875394306569342,
  "bids_meta": {
    "AcquisitionMatrixPE": 64,
    "BandwidthPerPixelPhaseEncode": 47.348,
    "BaseResolution": 64,
    "ConsistencyInfo": "N4_VD11D_LATEST_20110129",
    "ConversionSoftware": "dcm2niix",
    "ConversionSoftwareVersion": "v1.0.20180518 GCC4.8.5",
    "DerivedVendorReportedEchoSpacing": 0.000660007,
    "DwellTime": 4.5e-06,
    "EchoTime": 0.027,
    "EchoTrainLength": 32,
    "EffectiveEchoSpacing": 0.000330003,
    "FlipAngle": 71,
    "ImageOrientationPatientDICOM": [
      0.999639,
      -0.0145184,
      -0.0226153,
      0.0159076,
      0.997918,
      0.062509
    ],
    "ImageType": [
      "ORIGINAL",
      "PRIMARY",
      "M",
      "ND",
      "NORM",
      "MOSAIC"
    ],
    "InPlanePhaseEncodingDirectionDICOM": "COL",
    "MRAcquisitionType": "2D",
    "MagneticFieldStrength": 3,
    "Manufacturer": "Siemens",
    "ManufacturersModelName": "Skyra",
    "Modality": "MR",
    "ParallelReductionFactorInPlane": 2,
    "PartialFourier": 1,
    "PercentPhaseFOV": 100,
    "PhaseEncodingDirection": "j-",
    "PhaseEncodingSteps": 64,
    "PhaseResolution": 1,
    "PixelBandwidth": 1735,
    "PulseSequenceDetails": "%SiemensSeq%_ep2d_bold",
    "ReceiveCoilActiveElements": "HE1-4",
    "ReceiveCoilName": "HeadNeck_20",
    "ReconMatrixPE": 64,
    "RepetitionTime": 2,
    "SAR": 0.108161,
    "ScanOptions": "FS",
    "ScanningSequence": "EP",
    "SequenceName": "_epfid2d1_64",
    "SequenceVariant": "SK",
    "ShimSetting": [
      3239,
      10694,
      9910,
      409,
      161,
      394,
      823,
      -53
    ],
    "SliceThickness": 2,
    "SliceTiming": [
      1,
      0,
      1.055,
      0.0575,
      1.1125,
      0.1125,
      1.1675,
      0.1675,
      1.2225,
      0.2225,
      1.2775,
      0.2775,
      1.335,
      0.335,
      1.39,
      0.39,
      1.445,
      0.445,
      1.5,
      0.5,
      1.555,
      0.5575,
      1.6125,
      0.6125,
      1.6675,
      0.6675,
      1.7225,
      0.7225,
      1.7775,
      0.7775,
      1.8325,
      0.835,
      1.89,
      0.89,
      1.945,
      0.945
    ],
    "SoftwareVersions": "syngo_MR_D11",
    "SpacingBetweenSlices": 3,
    "TaskName": "Photographs task",
    "TotalReadoutTime": 0.0207902,
    "TxRefAmp": 323.331,
    "dataset": "ds001847",
    "modality": "bold",
    "run_id": 1,
    "subject_id": "16",
    "task_id": "photo"
  },
  "dummy_trs": 1,
  "dvars_nstd": 36.131780959633716,
  "dvars_std": 1.1937431779487169,
  "dvars_vstd": 0.9971801044322343,
  "efc": 0.6289651796381781,
  "fber": 763.165283203125,
  "fd_mean": 0.06503037084821257,
  "fd_num": 2,
  "fd_perc": 0.7299270072992701,
  "fwhm_avg": 1.6478744444444446,
  "fwhm_x": 1.5556433333333333,
  "fwhm_y": 1.7320266666666668,
  "fwhm_z": 1.6559533333333334,
  "gcor": 0.00885751,
  "gsr_x": 0.009467597119510174,
  "gsr_y": 0.04273141548037529,
  "provenance": {
    "md5sum": "3e51194e0f4209531517319a2747106d",
    "settings": {
      "fd_thres": 0.2,
      "testing": false
    },
    "software": "mriqc",
    "version": "22.0.6",
    "webapi_port": null,
    "webapi_url": "https://mriqc.nimh.nih.gov/api/v1"
  },
  "size_t": 274,
  "size_x": 64,
  "size_y": 64,
  "size_z": 37,
  "snr": 5.16633072972054,
  "spacing_tr": 2.0,
  "spacing_x": 3.0,
  "spacing_y": 3.0,
  "spacing_z": 3.0,
  "summary_bg_k": 11.417294997649526,
  "summary_bg_mad": 14.6636928970481,
  "summary_bg_mean": 60.61465835571289,
  "summary_bg_median": 27.237226486206055,
  "summary_bg_n": 74229.0,
  "summary_bg_p05": 14.53649616241455,
  "summary_bg_p95": 253.28029174804615,
  "summary_bg_stdv": 86.33014678955078,
  "summary_fg_k": 4.741649334732774,
  "summary_fg_mad": 127.88792448395957,
  "summary_fg_mean": 786.884765625,
  "summary_fg_median": 765.7262573242188,
  "summary_fg_n": 43047.0,
  "summary_fg_p05": 606.6029113769531,
  "summary_fg_p95": 1027.6514404296872,
  "summary_fg_stdv": 148.21299743652344,
  "tsnr": 48.79338314267807
}