{
  "aor": 0.00027913385826771654,
  "aqi": 0.011986000826771653,
  "bids_meta": {
    "AcquisitionMatrixPE": 64,
    "BandwidthPerPixelPhaseEncode": 47.348,
    "BaseResolution": 64,
    "ConsistencyInfo": "N4_VD11D_LATEST_20110129",
    "ConversionSoftware": "dcm2niix",
    "ConversionSoftwareVersion": "v1.0.20180518 GCC4.8.5",
    "DerivedVendorReportedEchoSpacing": 0.000660007,
    "DwellTime": 4.5e-06,
    "EchoTime": 0.027,
    "EchoTrainLength": 32,
    "EffectiveEchoSpacing": 0.000330003,
    "FlipAngle": 71,
    "ImageOrientationPatientDICOM": [
      0.999639,
      -0.0145184,
      -0.0226153,
      0.0159076,
      0.997918,
      0.062509
    ],
    "ImageType": [
      "ORIGINAL",
      "PRIMARY",
      "M",
      "ND",
      "NORM",
      "MOSAIC"
    ],
    "InPlanePhaseEncodingDirectionDICOM": "COL",
    "MRAcquisitionType": "2D",
    "MagneticFieldStrength": 3,
    "Manufacturer": "Siemens",
    "ManufacturersModelName": "Skyra",
    "Modality": "MR",
    "ParallelReductionFactorInPlane": 2,
    "PartialFourier": 1,
    "PercentPhaseFOV": 100,
    "PhaseEncodingDirection": "j-",
    "PhaseEncodingSteps": 64,
    "PhaseResolution": 1,
    "PixelBandwidth": 1735,
    "PulseSequenceDetails": "%SiemensSeq%_ep2d_bold",
    "ReceiveCoilActiveElements": "HE1-4",
    "ReceiveCoilName": "HeadNeck_20",
    "ReconMatrixPE": 64,
    "RepetitionTime": 2,
    "SAR": 0.108161,
    "ScanOptions": "FS",
    "ScanningSequence": "EP",
    "SequenceName": "_epfid2d1_64",
    "SequenceVariant": "SK",
    "ShimSetting": [
      3239,
      10694,
      9910,
      409,
      161,
      394,
      823,
      -53
    ],
    "SliceThickness": 2,
    "SliceTiming": [
      1,
      0,
      1.055,
      0.0575,
      1.1125,
      0.1125,
      1.1675,
      0.1675,
      1.2225,
      0.2225,
      1.2775,
      0.2775,
      1.335,
      0.335,
      1.39,
      0.39,
      1.445,
      0.445,
      1.5,
      0.5,
      1.555,
      0.5575,
      1.6125,
      0.6125,
      1.6675,
      0.6675,
      1.7225,
      0.7225,
      1.7775,
      0.7775,
      1.8325,
      0.835,
      1.89,
      0.89,
      1.945,
      0.945
    ],
    "SoftwareVersions": "syngo_MR_D11",
    "SpacingBetweenSlices": 3,
    "TaskName": "Photographs task",
    "TotalReadoutTime": 0.0207902,
    "TxRefAmp": 323.331,
    "dataset": "ds001847",
    "modality": "bold",
    "run_id": 3,
    "subject_id": "28",
    "task_id": "photo"
  },
  "dummy_trs": 0,
  "dvars_nstd": 27.361435780988135,
  "dvars_std": 1.0563876750197627,
  "dvars_vstd": 0.982787794703557,
  "efc": 0.6345167282433386,
  "fber": 818.5137939453125,
  "fd_mean": 0.0842989548381315,
  "fd_num": 3,
  "fd_perc": 1.1811023622047243,
  "fwhm_avg": 1.65086,
  "fwhm_x": 1.54305,
  "fwhm_y": 1.7955166666666666,
  "fwhm_z": 1.6140133333333333,
  "gcor": 0.00564456,
  "gsr_x": -0.016315562650561333,
  "gsr_y": 0.0553000271320343,
  "provenance": {
    "md5sum": "3cc928073269bd22e463e609394d6325",
    "settings": {
      "fd_thres": 0.2,
      "testing": false
    },
    "software": "mriqc",
    "version": "22.0.6",
    "webapi_port": null,
    "webapi_url": "https://mriqc.nimh.nih.gov/api/v1"
  },
  "size_t": 254,
  "size_x": 64,
  "size_y": 64,
  "size_z": 37,
  "snr": 6.078919148802736,
  "spacing_tr": 2.0,
  "spacing_x": 3.0,
  "spacing_y": 3.0,
  "spacing_z": 3.0,
  "summary_bg_k": 24.12490324278648,
  "summary_bg_mad": 15.14122163856495,
  "summary_bg_mean": 60.36376953125,
  "summary_bg_median": 28.622047424316406,
  "summary_bg_n": 72065.0,
  "summary_bg_p05": 15.42598400115967,
  "summary_bg_p95": 218.8621978759768,
  "summary_bg_stdv": 88.13164520263672,
  "summary_fg_k": 4.865703086586848,
  "summary_fg_mad": 120.4409793196579,
  "summary_fg_mean": 859.4051513671875,
  "summary_fg_median": 844.531494140625,
  "summary_fg_n": 44589.0,
  "summary_fg_p05": 682.5283325195312,
  "summary_fg_p95": 1081.4252197265623,
  "summary_fg_stdv": 138.9263458251953,
  "tsnr": 52.19225284620188
}