{
  "aor": 0.0018335947712418302,
  "aqi": 0.01775056473856209,
  "bids_meta": {
    "AcquisitionMatrixPE": 64,
    "BandwidthPerPixelPhaseEncode": 47.348,
    "BaseResolution": 64,
    "ConsistencyInfo": "N4_VD11D_LATEST_20110129",
    "ConversionSoftware": "dcm2niix",
    "ConversionSoftwareVersion": "v1.0.20180518 GCC4.8.5",
    "DerivedVendorReportedEchoSpacing": 0.000660007,
    "DwellTime": 4.5e-06,
    "EchoTime": 0.027,
    "EchoTrainLength": 32,
    "EffectiveEchoSpacing": 0.000330003,
    "FlipAngle": 71,
    "ImageOrientationPatientDICOM": [
      0.999639,
      -0.0145184,
      -0.0226153,
      0.0159076,
      0.997918,
      0.062509
    ],
    "ImageType": [
      "ORIGINAL",
      "PRIMARY",
      "M",
      "ND",
      "NORM",
      "MOSAIC"
    ],
    "InPlanePhaseEncodingDirectionDICOM": "COL",
    "MRAcquisitionType": "2D",
    "MagneticFieldStrength": 3,
    "Manufacturer": "Siemens",
    "ManufacturersModelName": "Skyra",
    "Modality": "MR",
    "ParallelReductionFactorInPlane": 2,
    "PartialFourier": 1,
    "PercentPhaseFOV": 100,
    "PhaseEncodingDirection": "j-",
    "PhaseEncodingSteps": 64,
    "PhaseResolution": 1,
    "PixelBandwidth": 1735,
    "PulseSequenceDetails": "%SiemensSeq%_ep2d_bold",
    "ReceiveCoilActiveElements": "HE1-4",
    "ReceiveCoilName": "HeadNeck_20",
    "ReconMatrixPE": 64,
    "RepetitionTime": 2,
    "SAR": 0.108161,
    "ScanOptions": "FS",
    "ScanningSequence": "EP",
    "SequenceName": "_epfid2d1_64",
    "SequenceVariant": "SK",
    "ShimSetting": [
      3239,
      10694,
      9910,
      409,
      161,
      394,
      823,
      -53
    ],
    "SliceThickness": 2,
    "SliceTiming": [
      1,
      0,
      1.055,
      0.0575,
      1.1125,
      0.1125,
      1.1675,
      0.1675,
      1.2225,
      0.2225,
      1.2775,
      0.2775,
      1.335,
      0.335,
      1.39,
      0.39,
      1.445,
      0.445,
      1.5,
      0.5,
      1.555,
      0.5575,
      1.6125,
      0.6125,
      1.6675,
      0.6675,
      1.7225,
      0.7225,
      1.7775,
      0.7775,
      1.8325,
      0.835,
      1.89,
      0.89,
      1.945,
      0.945
    ],
    "SoftwareVersions": "syngo_MR_D11",
    "SpacingBetweenSlices": 3,
    "TaskName": "Photographs task",
    "TotalReadoutTime": 0.0207902,
    "TxRefAmp": 323.331,
    "dataset": "ds001847",
    "modality": "bold",
    "run_id": 1,
    "subject_id": "28",
    "task_id": "photo"
  },
  "dummy_trs": 0,
  "dvars_nstd": 27.229218242262284,
  "dvars_std": 1.0727416385573767,
  "dvars_vstd": 1.008208569344262,
  "efc": 0.6332687916809623,
  "fber": 807.8963623046875,
  "fd_mean": 0.07891013243233344,
  "fd_num": 5,
  "fd_perc": 1.6339869281045751,
  "fwhm_avg": 1.6685433333333333,
  "fwhm_x": 1.5823133333333335,
  "fwhm_y": 1.8174933333333334,
  "fwhm_z": 1.6058233333333334,
  "gcor": 0.00750188,
  "gsr_x": -0.015187611803412437,
  "gsr_y": 0.051959794014692307,
  "provenance": {
    "md5sum": "614f4be1b8f8fc4d531819cfad0b75ce",
    "settings": {
      "fd_thres": 0.2,
      "testing": false
    },
    "software": "mriqc",
    "version": "22.0.6",
    "webapi_port": null,
    "webapi_url": "https://mriqc.nimh.nih.gov/api/v1"
  },
  "size_t": 306,
  "size_x": 64,
  "size_y": 64,
  "size_z": 37,
  "snr": 6.130614135355255,
  "spacing_tr": 2.0,
  "spacing_x": 3.0,
  "spacing_y": 3.0,
  "spacing_z": 3.0,
  "summary_bg_k": 22.421450820073016,
  "summary_bg_mad": 14.77757281408118,
  "summary_bg_mean": 57.92592239379883,
  "summary_bg_median": 28.375818252563477,
  "summary_bg_n": 72296.0,
  "summary_bg_p05": 15.300653457641602,
  "summary_bg_p95": 207.6683006286621,
  "summary_bg_stdv": 82.47746276855469,
  "summary_fg_k": 4.565120957031441,
  "summary_fg_mad": 116.98513345022864,
  "summary_fg_mean": 840.0744018554688,
  "summary_fg_median": 825.5751953125,
  "summary_fg_n": 44511.0,
  "summary_fg_p05": 666.5097961425781,
  "summary_fg_p95": 1058.0,
  "summary_fg_stdv": 134.662841796875,
  "tsnr": 46.105979468731675
}