{
  "aor": 0.0004964661654135339,
  "aqi": 0.01124088120300752,
  "bids_meta": {
    "AcquisitionMatrixPE": 64,
    "BandwidthPerPixelPhaseEncode": 47.348,
    "BaseResolution": 64,
    "ConsistencyInfo": "N4_VD11D_LATEST_20110129",
    "ConversionSoftware": "dcm2niix",
    "ConversionSoftwareVersion": "v1.0.20180518 GCC4.8.5",
    "DerivedVendorReportedEchoSpacing": 0.000660007,
    "DwellTime": 4.5e-06,
    "EchoTime": 0.027,
    "EchoTrainLength": 32,
    "EffectiveEchoSpacing": 0.000330003,
    "FlipAngle": 71,
    "ImageOrientationPatientDICOM": [
      0.999639,
      -0.0145184,
      -0.0226153,
      0.0159076,
      0.997918,
      0.062509
    ],
    "ImageType": [
      "ORIGINAL",
      "PRIMARY",
      "M",
      "ND",
      "NORM",
      "MOSAIC"
    ],
    "InPlanePhaseEncodingDirectionDICOM": "COL",
    "MRAcquisitionType": "2D",
    "MagneticFieldStrength": 3,
    "Manufacturer": "Siemens",
    "ManufacturersModelName": "Skyra",
    "Modality": "MR",
    "ParallelReductionFactorInPlane": 2,
    "PartialFourier": 1,
    "PercentPhaseFOV": 100,
    "PhaseEncodingDirection": "j-",
    "PhaseEncodingSteps": 64,
    "PhaseResolution": 1,
    "PixelBandwidth": 1735,
    "PulseSequenceDetails": "%SiemensSeq%_ep2d_bold",
    "ReceiveCoilActiveElements": "HE1-4",
    "ReceiveCoilName": "HeadNeck_20",
    "ReconMatrixPE": 64,
    "RepetitionTime": 2,
    "SAR": 0.108161,
    "ScanOptions": "FS",
    "ScanningSequence": "EP",
    "SequenceName": "_epfid2d1_64",
    "SequenceVariant": "SK",
    "ShimSetting": [
      3239,
      10694,
      9910,
      409,
      161,
      394,
      823,
      -53
    ],
    "SliceThickness": 2,
    "SliceTiming": [
      1,
      0,
      1.055,
      0.0575,
      1.1125,
      0.1125,
      1.1675,
      0.1675,
      1.2225,
      0.2225,
      1.2775,
      0.2775,
      1.335,
      0.335,
      1.39,
      0.39,
      1.445,
      0.445,
      1.5,
      0.5,
      1.555,
      0.5575,
      1.6125,
      0.6125,
      1.6675,
      0.6675,
      1.7225,
      0.7225,
      1.7775,
      0.7775,
      1.8325,
      0.835,
      1.89,
      0.89,
      1.945,
      0.945
    ],
    "SoftwareVersions": "syngo_MR_D11",
    "SpacingBetweenSlices": 3,
    "TaskName": "Photographs task",
    "TotalReadoutTime": 0.0207902,
    "TxRefAmp": 323.331,
    "dataset": "ds001847",
    "modality": "bold",
    "run_id": 1,
    "subject_id": "02",
    "task_id": "photo"
  },
  "dummy_trs": 1,
  "dvars_nstd": 31.094088752150945,
  "dvars_std": 1.0822267241132075,
  "dvars_vstd": 1.0017808541886788,
  "efc": 0.6439221509269185,
  "fber": 748.336181640625,
  "fd_mean": 0.03841551485614872,
  "fd_num": 2,
  "fd_perc": 0.7518796992481203,
  "fwhm_avg": 1.5353808797969861,
  "fwhm_x": 1.4415033333333334,
  "fwhm_y": 1.7093366666666665,
  "fwhm_z": 1.4553026393909585,
  "gcor": 0.112322,
  "gsr_x": 0.0008191588567569852,
  "gsr_y": 0.06668797135353088,
  "provenance": {
    "md5sum": "1fd16a530cbe8ab1768d1aa89ae9d2a0",
    "settings": {
      "fd_thres": 0.2,
      "testing": false
    },
    "software": "mriqc",
    "version": "22.0.6",
    "webapi_port": null,
    "webapi_url": "https://mriqc.nimh.nih.gov/api/v1"
  },
  "size_t": 266,
  "size_x": 64,
  "size_y": 64,
  "size_z": 36,
  "snr": 5.451485808570457,
  "spacing_tr": 2.0,
  "spacing_x": 3.0,
  "spacing_y": 3.0,
  "spacing_z": 3.0000014305114746,
  "summary_bg_k": 21.263730424405797,
  "summary_bg_mad": 16.54272142553151,
  "summary_bg_mean": 62.32075119018555,
  "summary_bg_median": 28.620302200317383,
  "summary_bg_n": 68168.0,
  "summary_bg_p05": 14.296993255615234,
  "summary_bg_p95": 229.51993103027252,
  "summary_bg_stdv": 93.59896850585938,
  "summary_fg_k": 3.298078802922105,
  "summary_fg_mad": 136.88434461087544,
  "summary_fg_mean": 829.7703247070312,
  "summary_fg_median": 811.5225830078125,
  "summary_fg_n": 44695.0,
  "summary_fg_p05": 640.5627868652343,
  "summary_fg_p95": 1073.089172363281,
  "summary_fg_stdv": 148.86097717285156,
  "tsnr": 43.54019377939403
}