{
  "aor": 0.0007468115942028985,
  "aqi": 0.009895513695652173,
  "bids_meta": {
    "AcquisitionMatrixPE": 64,
    "BandwidthPerPixelPhaseEncode": 47.348,
    "BaseResolution": 64,
    "ConsistencyInfo": "N4_VD11D_LATEST_20110129",
    "ConversionSoftware": "dcm2niix",
    "ConversionSoftwareVersion": "v1.0.20180518 GCC4.8.5",
    "DerivedVendorReportedEchoSpacing": 0.000660007,
    "DwellTime": 4.5e-06,
    "EchoTime": 0.027,
    "EchoTrainLength": 32,
    "EffectiveEchoSpacing": 0.000330003,
    "FlipAngle": 71,
    "ImageOrientationPatientDICOM": [
      0.999639,
      -0.0145184,
      -0.0226153,
      0.0159076,
      0.997918,
      0.062509
    ],
    "ImageType": [
      "ORIGINAL",
      "PRIMARY",
      "M",
      "ND",
      "NORM",
      "MOSAIC"
    ],
    "InPlanePhaseEncodingDirectionDICOM": "COL",
    "MRAcquisitionType": "2D",
    "MagneticFieldStrength": 3,
    "Manufacturer": "Siemens",
    "ManufacturersModelName": "Skyra",
    "Modality": "MR",
    "ParallelReductionFactorInPlane": 2,
    "PartialFourier": 1,
    "PercentPhaseFOV": 100,
    "PhaseEncodingDirection": "j-",
    "PhaseEncodingSteps": 64,
    "PhaseResolution": 1,
    "PixelBandwidth": 1735,
    "PulseSequenceDetails": "%SiemensSeq%_ep2d_bold",
    "ReceiveCoilActiveElements": "HE1-4",
    "ReceiveCoilName": "HeadNeck_20",
    "ReconMatrixPE": 64,
    "RepetitionTime": 2,
    "SAR": 0.108161,
    "ScanOptions": "FS",
    "ScanningSequence": "EP",
    "SequenceName": "_epfid2d1_64",
    "SequenceVariant": "SK",
    "ShimSetting": [
      3239,
      10694,
      9910,
      409,
      161,
      394,
      823,
      -53
    ],
    "SliceThickness": 2,
    "SliceTiming": [
      1,
      0,
      1.055,
      0.0575,
      1.1125,
      0.1125,
      1.1675,
      0.1675,
      1.2225,
      0.2225,
      1.2775,
      0.2775,
      1.335,
      0.335,
      1.39,
      0.39,
      1.445,
      0.445,
      1.5,
      0.5,
      1.555,
      0.5575,
      1.6125,
      0.6125,
      1.6675,
      0.6675,
      1.7225,
      0.7225,
      1.7775,
      0.7775,
      1.8325,
      0.835,
      1.89,
      0.89,
      1.945,
      0.945
    ],
    "SoftwareVersions": "syngo_MR_D11",
    "SpacingBetweenSlices": 3,
    "TaskName": "Photographs task",
    "TotalReadoutTime": 0.0207902,
    "TxRefAmp": 323.331,
    "dataset": "ds001847",
    "modality": "bold",
    "run_id": 2,
    "subject_id": "02",
    "task_id": "photo"
  },
  "dummy_trs": 0,
  "dvars_nstd": 30.899220421490906,
  "dvars_std": 1.0904969050181825,
  "dvars_vstd": 1.006568631890909,
  "efc": 0.6451102420509407,
  "fber": 770.110107421875,
  "fd_mean": 0.04815289739014614,
  "fd_num": 7,
  "fd_perc": 2.536231884057971,
  "fwhm_avg": 1.5171497702763912,
  "fwhm_x": 1.42563,
  "fwhm_y": 1.6805233333333334,
  "fwhm_z": 1.44529597749584,
  "gcor": 0.00747069,
  "gsr_x": -0.001362365554086864,
  "gsr_y": 0.06866854429244995,
  "provenance": {
    "md5sum": "dc9b31b53e1bebe98501724958ddcb50",
    "settings": {
      "fd_thres": 0.2,
      "testing": false
    },
    "software": "mriqc",
    "version": "22.0.6",
    "webapi_port": null,
    "webapi_url": "https://mriqc.nimh.nih.gov/api/v1"
  },
  "size_t": 276,
  "size_x": 64,
  "size_y": 64,
  "size_z": 36,
  "snr": 5.467205353795477,
  "spacing_tr": 2.0,
  "spacing_x": 3.0,
  "spacing_y": 3.0,
  "spacing_z": 3.0000014305114746,
  "summary_bg_k": 21.638861980026512,
  "summary_bg_mad": 16.77059720100956,
  "summary_bg_mean": 64.86742401123047,
  "summary_bg_median": 28.605073928833008,
  "summary_bg_n": 68085.0,
  "summary_bg_p05": 14.322463989257812,
  "summary_bg_p95": 244.80652770996082,
  "summary_bg_stdv": 99.82243347167969,
  "summary_fg_k": 3.3325020583913503,
  "summary_fg_mad": 139.0853537515439,
  "summary_fg_mean": 840.7086181640625,
  "summary_fg_median": 822.6521606445312,
  "summary_fg_n": 44763.0,
  "summary_fg_p05": 648.6996398925781,
  "summary_fg_p95": 1086.0496948242187,
  "summary_fg_stdv": 150.46864318847656,
  "tsnr": 49.08967745862901
}