{
  "aor": 0.00043457142857142853,
  "aqi": 0.010334843571428573,
  "bids_meta": {
    "AcquisitionMatrixPE": 64,
    "BandwidthPerPixelPhaseEncode": 47.348,
    "BaseResolution": 64,
    "ConsistencyInfo": "N4_VD11D_LATEST_20110129",
    "ConversionSoftware": "dcm2niix",
    "ConversionSoftwareVersion": "v1.0.20180518 GCC4.8.5",
    "DerivedVendorReportedEchoSpacing": 0.000660007,
    "DwellTime": 4.5e-06,
    "EchoTime": 0.027,
    "EchoTrainLength": 32,
    "EffectiveEchoSpacing": 0.000330003,
    "FlipAngle": 71,
    "ImageOrientationPatientDICOM": [
      0.999639,
      -0.0145184,
      -0.0226153,
      0.0159076,
      0.997918,
      0.062509
    ],
    "ImageType": [
      "ORIGINAL",
      "PRIMARY",
      "M",
      "ND",
      "NORM",
      "MOSAIC"
    ],
    "InPlanePhaseEncodingDirectionDICOM": "COL",
    "MRAcquisitionType": "2D",
    "MagneticFieldStrength": 3,
    "Manufacturer": "Siemens",
    "ManufacturersModelName": "Skyra",
    "Modality": "MR",
    "ParallelReductionFactorInPlane": 2,
    "PartialFourier": 1,
    "PercentPhaseFOV": 100,
    "PhaseEncodingDirection": "j-",
    "PhaseEncodingSteps": 64,
    "PhaseResolution": 1,
    "PixelBandwidth": 1735,
    "PulseSequenceDetails": "%SiemensSeq%_ep2d_bold",
    "ReceiveCoilActiveElements": "HE1-4",
    "ReceiveCoilName": "HeadNeck_20",
    "ReconMatrixPE": 64,
    "RepetitionTime": 2,
    "SAR": 0.108161,
    "ScanOptions": "FS",
    "ScanningSequence": "EP",
    "SequenceName": "_epfid2d1_64",
    "SequenceVariant": "SK",
    "ShimSetting": [
      3239,
      10694,
      9910,
      409,
      161,
      394,
      823,
      -53
    ],
    "SliceThickness": 2,
    "SliceTiming": [
      1,
      0,
      1.055,
      0.0575,
      1.1125,
      0.1125,
      1.1675,
      0.1675,
      1.2225,
      0.2225,
      1.2775,
      0.2775,
      1.335,
      0.335,
      1.39,
      0.39,
      1.445,
      0.445,
      1.5,
      0.5,
      1.555,
      0.5575,
      1.6125,
      0.6125,
      1.6675,
      0.6675,
      1.7225,
      0.7225,
      1.7775,
      0.7775,
      1.8325,
      0.835,
      1.89,
      0.89,
      1.945,
      0.945
    ],
    "SoftwareVersions": "syngo_MR_D11",
    "SpacingBetweenSlices": 3,
    "TaskName": "Photographs task",
    "TotalReadoutTime": 0.0207902,
    "TxRefAmp": 323.331,
    "dataset": "ds001847",
    "modality": "bold",
    "run_id": 3,
    "subject_id": "02",
    "task_id": "photo"
  },
  "dummy_trs": 0,
  "dvars_nstd": 29.83848558093188,
  "dvars_std": 1.0639287872043013,
  "dvars_vstd": 0.9930531376344087,
  "efc": 0.6464605738558826,
  "fber": 754.4913330078125,
  "fd_mean": 0.04883449861525017,
  "fd_num": 2,
  "fd_perc": 0.7142857142857143,
  "fwhm_avg": 1.5134819921060176,
  "fwhm_x": 1.4165833333333333,
  "fwhm_y": 1.6760966666666668,
  "fwhm_z": 1.4477659763180528,
  "gcor": 0.00629113,
  "gsr_x": -0.0011810101568698883,
  "gsr_y": 0.06838791072368622,
  "provenance": {
    "md5sum": "e0014ccee8efb421b541f8868b084ab6",
    "settings": {
      "fd_thres": 0.2,
      "testing": false
    },
    "software": "mriqc",
    "version": "22.0.6",
    "webapi_port": null,
    "webapi_url": "https://mriqc.nimh.nih.gov/api/v1"
  },
  "size_t": 280,
  "size_x": 64,
  "size_y": 64,
  "size_z": 36,
  "snr": 5.510130017391163,
  "spacing_tr": 2.0,
  "spacing_x": 3.0,
  "spacing_y": 3.0,
  "spacing_z": 3.0000014305114746,
  "summary_bg_k": 21.263710762660843,
  "summary_bg_mad": 16.909606712110694,
  "summary_bg_mean": 65.6612777709961,
  "summary_bg_median": 28.753572463989258,
  "summary_bg_n": 67896.0,
  "summary_bg_p05": 14.317856788635254,
  "summary_bg_p95": 246.8491096496582,
  "summary_bg_stdv": 100.5689697265625,
  "summary_fg_k": 3.323196484826825,
  "summary_fg_mad": 138.3055940276143,
  "summary_fg_mean": 840.2369384765625,
  "summary_fg_median": 822.8714599609375,
  "summary_fg_n": 44827.0,
  "summary_fg_p05": 649.5103637695313,
  "summary_fg_p95": 1082.5154052734374,
  "summary_fg_stdv": 149.33627319335938,
  "tsnr": 48.77670765039511
}