{
  "aor": 0.0012790140845070422,
  "aqi": 0.010129683697183098,
  "bids_meta": {
    "AcquisitionMatrixPE": 64,
    "BandwidthPerPixelPhaseEncode": 47.348,
    "BaseResolution": 64,
    "ConsistencyInfo": "N4_VD11D_LATEST_20110129",
    "ConversionSoftware": "dcm2niix",
    "ConversionSoftwareVersion": "v1.0.20180518 GCC4.8.5",
    "DerivedVendorReportedEchoSpacing": 0.000660007,
    "DwellTime": 4.5e-06,
    "EchoTime": 0.027,
    "EchoTrainLength": 32,
    "EffectiveEchoSpacing": 0.000330003,
    "FlipAngle": 71,
    "ImageOrientationPatientDICOM": [
      0.999639,
      -0.0145184,
      -0.0226153,
      0.0159076,
      0.997918,
      0.062509
    ],
    "ImageType": [
      "ORIGINAL",
      "PRIMARY",
      "M",
      "ND",
      "NORM",
      "MOSAIC"
    ],
    "InPlanePhaseEncodingDirectionDICOM": "COL",
    "MRAcquisitionType": "2D",
    "MagneticFieldStrength": 3,
    "Manufacturer": "Siemens",
    "ManufacturersModelName": "Skyra",
    "Modality": "MR",
    "ParallelReductionFactorInPlane": 2,
    "PartialFourier": 1,
    "PercentPhaseFOV": 100,
    "PhaseEncodingDirection": "j-",
    "PhaseEncodingSteps": 64,
    "PhaseResolution": 1,
    "PixelBandwidth": 1735,
    "PulseSequenceDetails": "%SiemensSeq%_ep2d_bold",
    "ReceiveCoilActiveElements": "HE1-4",
    "ReceiveCoilName": "HeadNeck_20",
    "ReconMatrixPE": 64,
    "RepetitionTime": 2,
    "SAR": 0.108161,
    "ScanOptions": "FS",
    "ScanningSequence": "EP",
    "SequenceName": "_epfid2d1_64",
    "SequenceVariant": "SK",
    "ShimSetting": [
      3239,
      10694,
      9910,
      409,
      161,
      394,
      823,
      -53
    ],
    "SliceThickness": 2,
    "SliceTiming": [
      1,
      0,
      1.055,
      0.0575,
      1.1125,
      0.1125,
      1.1675,
      0.1675,
      1.2225,
      0.2225,
      1.2775,
      0.2775,
      1.335,
      0.335,
      1.39,
      0.39,
      1.445,
      0.445,
      1.5,
      0.5,
      1.555,
      0.5575,
      1.6125,
      0.6125,
      1.6675,
      0.6675,
      1.7225,
      0.7225,
      1.7775,
      0.7775,
      1.8325,
      0.835,
      1.89,
      0.89,
      1.945,
      0.945
    ],
    "SoftwareVersions": "syngo_MR_D11",
    "SpacingBetweenSlices": 3,
    "TaskName": "Photographs task",
    "TotalReadoutTime": 0.0207902,
    "TxRefAmp": 323.331,
    "dataset": "ds001847",
    "modality": "bold",
    "run_id": 4,
    "subject_id": "09",
    "task_id": "photo"
  },
  "dummy_trs": 0,
  "dvars_nstd": 30.56784916915196,
  "dvars_std": 1.1374228715547696,
  "dvars_vstd": 1.0102804619081274,
  "efc": 0.623059864123626,
  "fber": 728.254150390625,
  "fd_mean": 0.05171572435853519,
  "fd_num": 2,
  "fd_perc": 0.704225352112676,
  "fwhm_avg": 1.522831232134864,
  "fwhm_x": 1.4557467823590264,
  "fwhm_y": 1.5976667936378157,
  "fwhm_z": 1.5150801204077498,
  "gcor": 0.00411765,
  "gsr_x": 0.015914689749479294,
  "gsr_y": 0.03510379046201706,
  "provenance": {
    "md5sum": "1da1e1a93991845e38251292ab0678d3",
    "settings": {
      "fd_thres": 0.2,
      "testing": false
    },
    "software": "mriqc",
    "version": "22.0.6",
    "webapi_port": null,
    "webapi_url": "https://mriqc.nimh.nih.gov/api/v1"
  },
  "size_t": 284,
  "size_x": 64,
  "size_y": 64,
  "size_z": 37,
  "snr": 5.895209615923868,
  "spacing_tr": 2.0,
  "spacing_x": 2.999999761581421,
  "spacing_y": 2.999999761581421,
  "spacing_z": 2.999999761581421,
  "summary_bg_k": 25.03568375065,
  "summary_bg_mad": 17.065586086937966,
  "summary_bg_mean": 65.97766876220703,
  "summary_bg_median": 29.08098602294922,
  "summary_bg_n": 75661.0,
  "summary_bg_p05": 14.985915184020996,
  "summary_bg_p95": 252.2359161376953,
  "summary_bg_stdv": 102.84308624267578,
  "summary_fg_k": 3.724060568422793,
  "summary_fg_mad": 121.96484536944027,
  "summary_fg_mean": 807.0654296875,
  "summary_fg_median": 789.4788818359375,
  "summary_fg_n": 41499.0,
  "summary_fg_p05": 638.5697265625,
  "summary_fg_p95": 1033.5007080078126,
  "summary_fg_stdv": 133.91709899902344,
  "tsnr": 52.86644040013198
}