{
  "aor": 0.0020200389105058366,
  "aqi": 0.017491824085603114,
  "bids_meta": {
    "AcquisitionMatrixPE": 64,
    "BandwidthPerPixelPhaseEncode": 47.348,
    "BaseResolution": 64,
    "ConsistencyInfo": "N4_VD11D_LATEST_20110129",
    "ConversionSoftware": "dcm2niix",
    "ConversionSoftwareVersion": "v1.0.20180518 GCC4.8.5",
    "DerivedVendorReportedEchoSpacing": 0.000660007,
    "DwellTime": 4.5e-06,
    "EchoTime": 0.027,
    "EchoTrainLength": 32,
    "EffectiveEchoSpacing": 0.000330003,
    "FlipAngle": 71,
    "ImageOrientationPatientDICOM": [
      0.999639,
      -0.0145184,
      -0.0226153,
      0.0159076,
      0.997918,
      0.062509
    ],
    "ImageType": [
      "ORIGINAL",
      "PRIMARY",
      "M",
      "ND",
      "NORM",
      "MOSAIC"
    ],
    "InPlanePhaseEncodingDirectionDICOM": "COL",
    "MRAcquisitionType": "2D",
    "MagneticFieldStrength": 3,
    "Manufacturer": "Siemens",
    "ManufacturersModelName": "Skyra",
    "Modality": "MR",
    "ParallelReductionFactorInPlane": 2,
    "PartialFourier": 1,
    "PercentPhaseFOV": 100,
    "PhaseEncodingDirection": "j-",
    "PhaseEncodingSteps": 64,
    "PhaseResolution": 1,
    "PixelBandwidth": 1735,
    "PulseSequenceDetails": "%SiemensSeq%_ep2d_bold",
    "ReceiveCoilActiveElements": "HE1-4",
    "ReceiveCoilName": "HeadNeck_20",
    "ReconMatrixPE": 64,
    "RepetitionTime": 2,
    "SAR": 0.108161,
    "ScanOptions": "FS",
    "ScanningSequence": "EP",
    "SequenceName": "_epfid2d1_64",
    "SequenceVariant": "SK",
    "ShimSetting": [
      3239,
      10694,
      9910,
      409,
      161,
      394,
      823,
      -53
    ],
    "SliceThickness": 2,
    "SliceTiming": [
      1,
      0,
      1.055,
      0.0575,
      1.1125,
      0.1125,
      1.1675,
      0.1675,
      1.2225,
      0.2225,
      1.2775,
      0.2775,
      1.335,
      0.335,
      1.39,
      0.39,
      1.445,
      0.445,
      1.5,
      0.5,
      1.555,
      0.5575,
      1.6125,
      0.6125,
      1.6675,
      0.6675,
      1.7225,
      0.7225,
      1.7775,
      0.7775,
      1.8325,
      0.835,
      1.89,
      0.89,
      1.945,
      0.945
    ],
    "SoftwareVersions": "syngo_MR_D11",
    "SpacingBetweenSlices": 3,
    "TaskName": "Photographs task",
    "TotalReadoutTime": 0.0207902,
    "TxRefAmp": 323.331,
    "dataset": "ds001847",
    "modality": "bold",
    "run_id": 2,
    "subject_id": "20",
    "task_id": "photo"
  },
  "dummy_trs": 1,
  "dvars_nstd": 33.25802027421876,
  "dvars_std": 1.1115994977734378,
  "dvars_vstd": 0.9932694040234377,
  "efc": 0.6032258374424198,
  "fber": 900.5015869140625,
  "fd_mean": 0.12203294885240082,
  "fd_num": 28,
  "fd_perc": 10.894941634241246,
  "fwhm_avg": 1.6073622222222221,
  "fwhm_x": 1.4970733333333335,
  "fwhm_y": 1.7597699999999998,
  "fwhm_z": 1.5652433333333333,
  "gcor": 0.0233518,
  "gsr_x": -0.0037651422899216413,
  "gsr_y": 0.053470682352781296,
  "provenance": {
    "md5sum": "b783f04fb4477db9867fb8561d1c02c6",
    "settings": {
      "fd_thres": 0.2,
      "testing": false
    },
    "software": "mriqc",
    "version": "22.0.6",
    "webapi_port": null,
    "webapi_url": "https://mriqc.nimh.nih.gov/api/v1"
  },
  "size_t": 257,
  "size_x": 64,
  "size_y": 64,
  "size_z": 37,
  "snr": 6.33012902891198,
  "spacing_tr": 2.0,
  "spacing_x": 3.0,
  "spacing_y": 3.0,
  "spacing_z": 3.0,
  "summary_bg_k": 23.73080521382349,
  "summary_bg_mad": 11.80889861823112,
  "summary_bg_mean": 54.2651252746582,
  "summary_bg_median": 24.828794479370117,
  "summary_bg_n": 78751.0,
  "summary_bg_p05": 14.708170890808105,
  "summary_bg_p95": 199.96692657470703,
  "summary_bg_stdv": 80.59192657470703,
  "summary_fg_k": 4.325507685754923,
  "summary_fg_mad": 107.90111817270768,
  "summary_fg_mean": 773.87548828125,
  "summary_fg_median": 761.5369873046875,
  "summary_fg_n": 38317.0,
  "summary_fg_p05": 621.0933837890625,
  "summary_fg_p95": 965.5486328124999,
  "summary_fg_stdv": 120.3019790649414,
  "tsnr": 46.69925670325756
}