{
  "aor": 0.0011841237113402062,
  "aqi": 0.0163499347766323,
  "bids_meta": {
    "AcquisitionMatrixPE": 64,
    "BandwidthPerPixelPhaseEncode": 47.348,
    "BaseResolution": 64,
    "ConsistencyInfo": "N4_VD11D_LATEST_20110129",
    "ConversionSoftware": "dcm2niix",
    "ConversionSoftwareVersion": "v1.0.20180518 GCC4.8.5",
    "DerivedVendorReportedEchoSpacing": 0.000660007,
    "DwellTime": 4.5e-06,
    "EchoTime": 0.027,
    "EchoTrainLength": 32,
    "EffectiveEchoSpacing": 0.000330003,
    "FlipAngle": 71,
    "ImageOrientationPatientDICOM": [
      0.999639,
      -0.0145184,
      -0.0226153,
      0.0159076,
      0.997918,
      0.062509
    ],
    "ImageType": [
      "ORIGINAL",
      "PRIMARY",
      "M",
      "ND",
      "NORM",
      "MOSAIC"
    ],
    "InPlanePhaseEncodingDirectionDICOM": "COL",
    "MRAcquisitionType": "2D",
    "MagneticFieldStrength": 3,
    "Manufacturer": "Siemens",
    "ManufacturersModelName": "Skyra",
    "Modality": "MR",
    "ParallelReductionFactorInPlane": 2,
    "PartialFourier": 1,
    "PercentPhaseFOV": 100,
    "PhaseEncodingDirection": "j-",
    "PhaseEncodingSteps": 64,
    "PhaseResolution": 1,
    "PixelBandwidth": 1735,
    "PulseSequenceDetails": "%SiemensSeq%_ep2d_bold",
    "ReceiveCoilActiveElements": "HE1-4",
    "ReceiveCoilName": "HeadNeck_20",
    "ReconMatrixPE": 64,
    "RepetitionTime": 2,
    "SAR": 0.108161,
    "ScanOptions": "FS",
    "ScanningSequence": "EP",
    "SequenceName": "_epfid2d1_64",
    "SequenceVariant": "SK",
    "ShimSetting": [
      3239,
      10694,
      9910,
      409,
      161,
      394,
      823,
      -53
    ],
    "SliceThickness": 2,
    "SliceTiming": [
      1,
      0,
      1.055,
      0.0575,
      1.1125,
      0.1125,
      1.1675,
      0.1675,
      1.2225,
      0.2225,
      1.2775,
      0.2775,
      1.335,
      0.335,
      1.39,
      0.39,
      1.445,
      0.445,
      1.5,
      0.5,
      1.555,
      0.5575,
      1.6125,
      0.6125,
      1.6675,
      0.6675,
      1.7225,
      0.7225,
      1.7775,
      0.7775,
      1.8325,
      0.835,
      1.89,
      0.89,
      1.945,
      0.945
    ],
    "SoftwareVersions": "syngo_MR_D11",
    "SpacingBetweenSlices": 3,
    "TaskName": "Photographs task",
    "TotalReadoutTime": 0.0207902,
    "TxRefAmp": 323.331,
    "dataset": "ds001847",
    "modality": "bold",
    "run_id": 4,
    "subject_id": "20",
    "task_id": "photo"
  },
  "dummy_trs": 0,
  "dvars_nstd": 32.3372159297931,
  "dvars_std": 1.1325716511724142,
  "dvars_vstd": 1.007327742034483,
  "efc": 0.6057027841163802,
  "fber": 865.7974243164062,
  "fd_mean": 0.10776742799218746,
  "fd_num": 23,
  "fd_perc": 7.903780068728523,
  "fwhm_avg": 1.605431111111111,
  "fwhm_x": 1.4938233333333333,
  "fwhm_y": 1.7569133333333333,
  "fwhm_z": 1.5655566666666667,
  "gcor": 0.0148307,
  "gsr_x": -0.004666630644351244,
  "gsr_y": 0.05378125235438347,
  "provenance": {
    "md5sum": "a586315a2fe77c76dfa08c560bd4aa0c",
    "settings": {
      "fd_thres": 0.2,
      "testing": false
    },
    "software": "mriqc",
    "version": "22.0.6",
    "webapi_port": null,
    "webapi_url": "https://mriqc.nimh.nih.gov/api/v1"
  },
  "size_t": 291,
  "size_x": 64,
  "size_y": 64,
  "size_z": 37,
  "snr": 6.351164432785333,
  "spacing_tr": 2.0,
  "spacing_x": 3.0,
  "spacing_y": 3.0,
  "spacing_z": 3.0,
  "summary_bg_k": 22.08999641213686,
  "summary_bg_mad": 12.411061549693983,
  "summary_bg_mean": 55.550819396972656,
  "summary_bg_median": 25.24742317199707,
  "summary_bg_n": 78652.0,
  "summary_bg_p05": 14.735395431518555,
  "summary_bg_p95": 203.5472518920898,
  "summary_bg_stdv": 81.22647857666016,
  "summary_fg_k": 4.283788124484936,
  "summary_fg_mad": 106.97408457728041,
  "summary_fg_mean": 773.6333618164062,
  "summary_fg_median": 761.627197265625,
  "summary_fg_n": 38416.0,
  "summary_fg_p05": 621.6297302246094,
  "summary_fg_p95": 964.7629089355469,
  "summary_fg_stdv": 119.91773986816406,
  "tsnr": 47.3924743673997
}