{
  "aor": 0.0011547272727272728,
  "aqi": 0.013646963454545453,
  "bids_meta": {
    "AcquisitionMatrixPE": 64,
    "BandwidthPerPixelPhaseEncode": 47.348,
    "BaseResolution": 64,
    "ConsistencyInfo": "N4_VD11D_LATEST_20110129",
    "ConversionSoftware": "dcm2niix",
    "ConversionSoftwareVersion": "v1.0.20180518 GCC4.8.5",
    "DerivedVendorReportedEchoSpacing": 0.000660007,
    "DwellTime": 4.5e-06,
    "EchoTime": 0.027,
    "EchoTrainLength": 32,
    "EffectiveEchoSpacing": 0.000330003,
    "FlipAngle": 71,
    "ImageOrientationPatientDICOM": [
      0.999639,
      -0.0145184,
      -0.0226153,
      0.0159076,
      0.997918,
      0.062509
    ],
    "ImageType": [
      "ORIGINAL",
      "PRIMARY",
      "M",
      "ND",
      "NORM",
      "MOSAIC"
    ],
    "InPlanePhaseEncodingDirectionDICOM": "COL",
    "MRAcquisitionType": "2D",
    "MagneticFieldStrength": 3,
    "Manufacturer": "Siemens",
    "ManufacturersModelName": "Skyra",
    "Modality": "MR",
    "ParallelReductionFactorInPlane": 2,
    "PartialFourier": 1,
    "PercentPhaseFOV": 100,
    "PhaseEncodingDirection": "j-",
    "PhaseEncodingSteps": 64,
    "PhaseResolution": 1,
    "PixelBandwidth": 1735,
    "PulseSequenceDetails": "%SiemensSeq%_ep2d_bold",
    "ReceiveCoilActiveElements": "HE1-4",
    "ReceiveCoilName": "HeadNeck_20",
    "ReconMatrixPE": 64,
    "RepetitionTime": 2,
    "SAR": 0.108161,
    "ScanOptions": "FS",
    "ScanningSequence": "EP",
    "SequenceName": "_epfid2d1_64",
    "SequenceVariant": "SK",
    "ShimSetting": [
      3239,
      10694,
      9910,
      409,
      161,
      394,
      823,
      -53
    ],
    "SliceThickness": 2,
    "SliceTiming": [
      1,
      0,
      1.055,
      0.0575,
      1.1125,
      0.1125,
      1.1675,
      0.1675,
      1.2225,
      0.2225,
      1.2775,
      0.2775,
      1.335,
      0.335,
      1.39,
      0.39,
      1.445,
      0.445,
      1.5,
      0.5,
      1.555,
      0.5575,
      1.6125,
      0.6125,
      1.6675,
      0.6675,
      1.7225,
      0.7225,
      1.7775,
      0.7775,
      1.8325,
      0.835,
      1.89,
      0.89,
      1.945,
      0.945
    ],
    "SoftwareVersions": "syngo_MR_D11",
    "SpacingBetweenSlices": 3,
    "TaskName": "Photographs task",
    "TotalReadoutTime": 0.0207902,
    "TxRefAmp": 323.331,
    "dataset": "ds001847",
    "modality": "bold",
    "run_id": 3,
    "subject_id": "20",
    "task_id": "photo"
  },
  "dummy_trs": 0,
  "dvars_nstd": 32.844791112810206,
  "dvars_std": 1.14801149120438,
  "dvars_vstd": 1.0127149858029196,
  "efc": 0.6039953553875477,
  "fber": 875.5586547851562,
  "fd_mean": 0.10927670456035951,
  "fd_num": 25,
  "fd_perc": 9.090909090909092,
  "fwhm_avg": 1.5931966666666666,
  "fwhm_x": 1.4796133333333332,
  "fwhm_y": 1.7422266666666666,
  "fwhm_z": 1.5577500000000002,
  "gcor": 0.0252613,
  "gsr_x": -0.0035663400776684284,
  "gsr_y": 0.053203366696834564,
  "provenance": {
    "md5sum": "49736e3753fb7820332d46e61eeeb2be",
    "settings": {
      "fd_thres": 0.2,
      "testing": false
    },
    "software": "mriqc",
    "version": "22.0.6",
    "webapi_port": null,
    "webapi_url": "https://mriqc.nimh.nih.gov/api/v1"
  },
  "size_t": 275,
  "size_x": 64,
  "size_y": 64,
  "size_z": 37,
  "snr": 6.316980160915129,
  "spacing_tr": 2.0,
  "spacing_x": 3.0,
  "spacing_y": 3.0,
  "spacing_z": 3.0,
  "summary_bg_k": 22.78862308964155,
  "summary_bg_mad": 12.017166155902627,
  "summary_bg_mean": 54.800987243652344,
  "summary_bg_median": 25.076364517211914,
  "summary_bg_n": 78746.0,
  "summary_bg_p05": 14.70545482635498,
  "summary_bg_p95": 202.0854606628418,
  "summary_bg_stdv": 80.9739990234375,
  "summary_fg_k": 4.3960369859950115,
  "summary_fg_mad": 107.14090447411971,
  "summary_fg_mean": 772.9415893554688,
  "summary_fg_median": 760.9054565429688,
  "summary_fg_n": 38284.0,
  "summary_fg_p05": 620.4005645751953,
  "summary_fg_p95": 965.4403869628906,
  "summary_fg_stdv": 120.4524154663086,
  "tsnr": 49.40369347552769
}