{
  "aor": 0.00041571895424836607,
  "aqi": 0.013398149869281046,
  "bids_meta": {
    "AcquisitionMatrixPE": 64,
    "BandwidthPerPixelPhaseEncode": 47.348,
    "BaseResolution": 64,
    "ConsistencyInfo": "N4_VD11D_LATEST_20110129",
    "ConversionSoftware": "dcm2niix",
    "ConversionSoftwareVersion": "v1.0.20180518 GCC4.8.5",
    "DerivedVendorReportedEchoSpacing": 0.000660007,
    "DwellTime": 4.5e-06,
    "EchoTime": 0.027,
    "EchoTrainLength": 32,
    "EffectiveEchoSpacing": 0.000330003,
    "FlipAngle": 71,
    "ImageOrientationPatientDICOM": [
      0.999639,
      -0.0145184,
      -0.0226153,
      0.0159076,
      0.997918,
      0.062509
    ],
    "ImageType": [
      "ORIGINAL",
      "PRIMARY",
      "M",
      "ND",
      "NORM",
      "MOSAIC"
    ],
    "InPlanePhaseEncodingDirectionDICOM": "COL",
    "MRAcquisitionType": "2D",
    "MagneticFieldStrength": 3,
    "Manufacturer": "Siemens",
    "ManufacturersModelName": "Skyra",
    "Modality": "MR",
    "ParallelReductionFactorInPlane": 2,
    "PartialFourier": 1,
    "PercentPhaseFOV": 100,
    "PhaseEncodingDirection": "j-",
    "PhaseEncodingSteps": 64,
    "PhaseResolution": 1,
    "PixelBandwidth": 1735,
    "PulseSequenceDetails": "%SiemensSeq%_ep2d_bold",
    "ReceiveCoilActiveElements": "HE1-4",
    "ReceiveCoilName": "HeadNeck_20",
    "ReconMatrixPE": 64,
    "RepetitionTime": 2,
    "SAR": 0.108161,
    "ScanOptions": "FS",
    "ScanningSequence": "EP",
    "SequenceName": "_epfid2d1_64",
    "SequenceVariant": "SK",
    "ShimSetting": [
      3239,
      10694,
      9910,
      409,
      161,
      394,
      823,
      -53
    ],
    "SliceThickness": 2,
    "SliceTiming": [
      1,
      0,
      1.055,
      0.0575,
      1.1125,
      0.1125,
      1.1675,
      0.1675,
      1.2225,
      0.2225,
      1.2775,
      0.2775,
      1.335,
      0.335,
      1.39,
      0.39,
      1.445,
      0.445,
      1.5,
      0.5,
      1.555,
      0.5575,
      1.6125,
      0.6125,
      1.6675,
      0.6675,
      1.7225,
      0.7225,
      1.7775,
      0.7775,
      1.8325,
      0.835,
      1.89,
      0.89,
      1.945,
      0.945
    ],
    "SoftwareVersions": "syngo_MR_D11",
    "SpacingBetweenSlices": 3,
    "TaskName": "Photographs task",
    "TotalReadoutTime": 0.0207902,
    "TxRefAmp": 323.331,
    "dataset": "ds001847",
    "modality": "bold",
    "run_id": 1,
    "subject_id": "20",
    "task_id": "photo"
  },
  "dummy_trs": 0,
  "dvars_nstd": 31.870895998426203,
  "dvars_std": 1.148345738459016,
  "dvars_vstd": 1.0017366033442627,
  "efc": 0.6023394486636496,
  "fber": 904.9807739257812,
  "fd_mean": 0.09358514449471447,
  "fd_num": 10,
  "fd_perc": 3.2679738562091503,
  "fwhm_avg": 1.5911544444444445,
  "fwhm_x": 1.4733366666666667,
  "fwhm_y": 1.7419833333333334,
  "fwhm_z": 1.5581433333333334,
  "gcor": 0.00743757,
  "gsr_x": -0.0035805916413664818,
  "gsr_y": 0.05448249727487564,
  "provenance": {
    "md5sum": "0dacfcd0988c1a8bca8f7ffd8bffe74a",
    "settings": {
      "fd_thres": 0.2,
      "testing": false
    },
    "software": "mriqc",
    "version": "22.0.6",
    "webapi_port": null,
    "webapi_url": "https://mriqc.nimh.nih.gov/api/v1"
  },
  "size_t": 306,
  "size_x": 64,
  "size_y": 64,
  "size_z": 37,
  "snr": 6.345259321227308,
  "spacing_tr": 2.0,
  "spacing_x": 3.0,
  "spacing_y": 3.0,
  "spacing_z": 3.0,
  "summary_bg_k": 24.344940122848637,
  "summary_bg_mad": 11.66701460846683,
  "summary_bg_mean": 53.53382873535156,
  "summary_bg_median": 24.64379119873047,
  "summary_bg_n": 78806.0,
  "summary_bg_p05": 14.48692798614502,
  "summary_bg_p95": 195.13562393188477,
  "summary_bg_stdv": 79.8860855102539,
  "summary_fg_k": 4.484308772417679,
  "summary_fg_mad": 106.66501305156594,
  "summary_fg_mean": 770.5634155273438,
  "summary_fg_median": 758.5784301757812,
  "summary_fg_n": 38233.0,
  "summary_fg_p05": 617.913720703125,
  "summary_fg_p95": 960.2588134765625,
  "summary_fg_stdv": 119.54885864257812,
  "tsnr": 50.971916276961565
}