{
  "aor": 0.0012993258426966293,
  "aqi": 0.012483538876404495,
  "bids_meta": {
    "AcquisitionMatrixPE": 64,
    "BandwidthPerPixelPhaseEncode": 47.348,
    "BaseResolution": 64,
    "ConsistencyInfo": "N4_VD11D_LATEST_20110129",
    "ConversionSoftware": "dcm2niix",
    "ConversionSoftwareVersion": "v1.0.20180518 GCC4.8.5",
    "DerivedVendorReportedEchoSpacing": 0.000660007,
    "DwellTime": 4.5e-06,
    "EchoTime": 0.027,
    "EchoTrainLength": 32,
    "EffectiveEchoSpacing": 0.000330003,
    "FlipAngle": 71,
    "ImageOrientationPatientDICOM": [
      0.999639,
      -0.0145184,
      -0.0226153,
      0.0159076,
      0.997918,
      0.062509
    ],
    "ImageType": [
      "ORIGINAL",
      "PRIMARY",
      "M",
      "ND",
      "NORM",
      "MOSAIC"
    ],
    "InPlanePhaseEncodingDirectionDICOM": "COL",
    "MRAcquisitionType": "2D",
    "MagneticFieldStrength": 3,
    "Manufacturer": "Siemens",
    "ManufacturersModelName": "Skyra",
    "Modality": "MR",
    "ParallelReductionFactorInPlane": 2,
    "PartialFourier": 1,
    "PercentPhaseFOV": 100,
    "PhaseEncodingDirection": "j-",
    "PhaseEncodingSteps": 64,
    "PhaseResolution": 1,
    "PixelBandwidth": 1735,
    "PulseSequenceDetails": "%SiemensSeq%_ep2d_bold",
    "ReceiveCoilActiveElements": "HE1-4",
    "ReceiveCoilName": "HeadNeck_20",
    "ReconMatrixPE": 64,
    "RepetitionTime": 2,
    "SAR": 0.108161,
    "ScanOptions": "FS",
    "ScanningSequence": "EP",
    "SequenceName": "_epfid2d1_64",
    "SequenceVariant": "SK",
    "ShimSetting": [
      3239,
      10694,
      9910,
      409,
      161,
      394,
      823,
      -53
    ],
    "SliceThickness": 2,
    "SliceTiming": [
      1,
      0,
      1.055,
      0.0575,
      1.1125,
      0.1125,
      1.1675,
      0.1675,
      1.2225,
      0.2225,
      1.2775,
      0.2775,
      1.335,
      0.335,
      1.39,
      0.39,
      1.445,
      0.445,
      1.5,
      0.5,
      1.555,
      0.5575,
      1.6125,
      0.6125,
      1.6675,
      0.6675,
      1.7225,
      0.7225,
      1.7775,
      0.7775,
      1.8325,
      0.835,
      1.89,
      0.89,
      1.945,
      0.945
    ],
    "SoftwareVersions": "syngo_MR_D11",
    "SpacingBetweenSlices": 3,
    "TaskName": "Photographs task",
    "TotalReadoutTime": 0.0207902,
    "TxRefAmp": 323.331,
    "dataset": "ds001847",
    "modality": "bold",
    "run_id": 3,
    "subject_id": "09",
    "task_id": "photo"
  },
  "dummy_trs": 0,
  "dvars_nstd": 31.26232838447368,
  "dvars_std": 1.1473635573308278,
  "dvars_vstd": 1.0063666107142843,
  "efc": 0.6235722452053516,
  "fber": 715.4640502929688,
  "fd_mean": 0.061697998518353926,
  "fd_num": 3,
  "fd_perc": 1.1235955056179776,
  "fwhm_avg": 1.5194101207518675,
  "fwhm_x": 1.4645234497232,
  "fwhm_y": 1.602513460689661,
  "fwhm_z": 1.4911934518427414,
  "gcor": 0.0047016,
  "gsr_x": 0.0142550989985466,
  "gsr_y": 0.035124994814395905,
  "provenance": {
    "md5sum": "daa4c79b6713b829bb9d11a6220650b6",
    "settings": {
      "fd_thres": 0.2,
      "testing": false
    },
    "software": "mriqc",
    "version": "22.0.6",
    "webapi_port": null,
    "webapi_url": "https://mriqc.nimh.nih.gov/api/v1"
  },
  "size_t": 267,
  "size_x": 64,
  "size_y": 64,
  "size_z": 37,
  "snr": 5.89601882212863,
  "spacing_tr": 2.0,
  "spacing_x": 2.999999761581421,
  "spacing_y": 2.999999761581421,
  "spacing_z": 2.999999761581421,
  "summary_bg_k": 25.80545199056665,
  "summary_bg_mad": 17.619087559477403,
  "summary_bg_mean": 66.51998138427734,
  "summary_bg_median": 29.47191047668457,
  "summary_bg_n": 75606.0,
  "summary_bg_p05": 14.89513111114502,
  "summary_bg_p95": 256.1067352294922,
  "summary_bg_stdv": 104.45777130126953,
  "summary_fg_k": 3.771684120079911,
  "summary_fg_mad": 123.85004141546854,
  "summary_fg_mean": 809.3746948242188,
  "summary_fg_median": 792.3483276367188,
  "summary_fg_n": 41565.0,
  "summary_fg_p05": 639.7205932617188,
  "summary_fg_p95": 1035.1970214843745,
  "summary_fg_stdv": 134.38539123535156,
  "tsnr": 48.79179757111706
}