{
  "aor": 0.0005605244755244756,
  "aqi": 0.009072878216783216,
  "bids_meta": {
    "AcquisitionMatrixPE": 64,
    "BandwidthPerPixelPhaseEncode": 47.348,
    "BaseResolution": 64,
    "ConsistencyInfo": "N4_VD11D_LATEST_20110129",
    "ConversionSoftware": "dcm2niix",
    "ConversionSoftwareVersion": "v1.0.20180518 GCC4.8.5",
    "DerivedVendorReportedEchoSpacing": 0.000660007,
    "DwellTime": 4.5e-06,
    "EchoTime": 0.027,
    "EchoTrainLength": 32,
    "EffectiveEchoSpacing": 0.000330003,
    "FlipAngle": 71,
    "ImageOrientationPatientDICOM": [
      0.999639,
      -0.0145184,
      -0.0226153,
      0.0159076,
      0.997918,
      0.062509
    ],
    "ImageType": [
      "ORIGINAL",
      "PRIMARY",
      "M",
      "ND",
      "NORM",
      "MOSAIC"
    ],
    "InPlanePhaseEncodingDirectionDICOM": "COL",
    "MRAcquisitionType": "2D",
    "MagneticFieldStrength": 3,
    "Manufacturer": "Siemens",
    "ManufacturersModelName": "Skyra",
    "Modality": "MR",
    "ParallelReductionFactorInPlane": 2,
    "PartialFourier": 1,
    "PercentPhaseFOV": 100,
    "PhaseEncodingDirection": "j-",
    "PhaseEncodingSteps": 64,
    "PhaseResolution": 1,
    "PixelBandwidth": 1735,
    "PulseSequenceDetails": "%SiemensSeq%_ep2d_bold",
    "ReceiveCoilActiveElements": "HE1-4",
    "ReceiveCoilName": "HeadNeck_20",
    "ReconMatrixPE": 64,
    "RepetitionTime": 2,
    "SAR": 0.108161,
    "ScanOptions": "FS",
    "ScanningSequence": "EP",
    "SequenceName": "_epfid2d1_64",
    "SequenceVariant": "SK",
    "ShimSetting": [
      3239,
      10694,
      9910,
      409,
      161,
      394,
      823,
      -53
    ],
    "SliceThickness": 2,
    "SliceTiming": [
      1,
      0,
      1.055,
      0.0575,
      1.1125,
      0.1125,
      1.1675,
      0.1675,
      1.2225,
      0.2225,
      1.2775,
      0.2775,
      1.335,
      0.335,
      1.39,
      0.39,
      1.445,
      0.445,
      1.5,
      0.5,
      1.555,
      0.5575,
      1.6125,
      0.6125,
      1.6675,
      0.6675,
      1.7225,
      0.7225,
      1.7775,
      0.7775,
      1.8325,
      0.835,
      1.89,
      0.89,
      1.945,
      0.945
    ],
    "SoftwareVersions": "syngo_MR_D11",
    "SpacingBetweenSlices": 3,
    "TaskName": "Photographs task",
    "TotalReadoutTime": 0.0207902,
    "TxRefAmp": 323.331,
    "dataset": "ds001847",
    "modality": "bold",
    "run_id": 1,
    "subject_id": "09",
    "task_id": "photo"
  },
  "dummy_trs": 1,
  "dvars_nstd": 30.229706278771936,
  "dvars_std": 1.1427519310526315,
  "dvars_vstd": 1.0107591330526315,
  "efc": 0.6210761092132268,
  "fber": 738.6246948242188,
  "fd_mean": 0.05486785038675667,
  "fd_num": 1,
  "fd_perc": 0.34965034965034963,
  "fwhm_avg": 1.5235334544128938,
  "fwhm_x": 1.4638934496731322,
  "fwhm_y": 1.604686794195715,
  "fwhm_z": 1.5020201193698342,
  "gcor": 0.00686394,
  "gsr_x": 0.011812834069132805,
  "gsr_y": 0.03467138856649399,
  "provenance": {
    "md5sum": "4ec45ce9dfa0789da52356f42e3f00d5",
    "settings": {
      "fd_thres": 0.2,
      "testing": false
    },
    "software": "mriqc",
    "version": "22.0.6",
    "webapi_port": null,
    "webapi_url": "https://mriqc.nimh.nih.gov/api/v1"
  },
  "size_t": 286,
  "size_x": 64,
  "size_y": 64,
  "size_z": 37,
  "snr": 5.9469424040759735,
  "spacing_tr": 2.0,
  "spacing_x": 2.999999761581421,
  "spacing_y": 2.999999761581421,
  "spacing_z": 2.999999761581421,
  "summary_bg_k": 28.492643058986747,
  "summary_bg_mad": 16.23604790755571,
  "summary_bg_mean": 63.58332061767578,
  "summary_bg_median": 28.751747131347656,
  "summary_bg_n": 75540.0,
  "summary_bg_p05": 15.027972221374512,
  "summary_bg_p95": 240.1337326049805,
  "summary_bg_stdv": 100.99868774414062,
  "summary_fg_k": 3.8086482634582923,
  "summary_fg_mad": 123.91130372637726,
  "summary_fg_mean": 809.7850952148438,
  "summary_fg_median": 793.5489501953125,
  "summary_fg_n": 41591.0,
  "summary_fg_p05": 641.7639770507812,
  "summary_fg_p95": 1033.0314331054688,
  "summary_fg_stdv": 133.43653869628906,
  "tsnr": 54.728885907679796
}