{
  "aor": 0.0009632055749128921,
  "aqi": 0.010610477177700348,
  "bids_meta": {
    "AcquisitionMatrixPE": 64,
    "BandwidthPerPixelPhaseEncode": 47.348,
    "BaseResolution": 64,
    "ConsistencyInfo": "N4_VD11D_LATEST_20110129",
    "ConversionSoftware": "dcm2niix",
    "ConversionSoftwareVersion": "v1.0.20180518 GCC4.8.5",
    "DerivedVendorReportedEchoSpacing": 0.000660007,
    "DwellTime": 4.5e-06,
    "EchoTime": 0.027,
    "EchoTrainLength": 32,
    "EffectiveEchoSpacing": 0.000330003,
    "FlipAngle": 71,
    "ImageOrientationPatientDICOM": [
      0.999639,
      -0.0145184,
      -0.0226153,
      0.0159076,
      0.997918,
      0.062509
    ],
    "ImageType": [
      "ORIGINAL",
      "PRIMARY",
      "M",
      "ND",
      "NORM",
      "MOSAIC"
    ],
    "InPlanePhaseEncodingDirectionDICOM": "COL",
    "MRAcquisitionType": "2D",
    "MagneticFieldStrength": 3,
    "Manufacturer": "Siemens",
    "ManufacturersModelName": "Skyra",
    "Modality": "MR",
    "ParallelReductionFactorInPlane": 2,
    "PartialFourier": 1,
    "PercentPhaseFOV": 100,
    "PhaseEncodingDirection": "j-",
    "PhaseEncodingSteps": 64,
    "PhaseResolution": 1,
    "PixelBandwidth": 1735,
    "PulseSequenceDetails": "%SiemensSeq%_ep2d_bold",
    "ReceiveCoilActiveElements": "HE1-4",
    "ReceiveCoilName": "HeadNeck_20",
    "ReconMatrixPE": 64,
    "RepetitionTime": 2,
    "SAR": 0.108161,
    "ScanOptions": "FS",
    "ScanningSequence": "EP",
    "SequenceName": "_epfid2d1_64",
    "SequenceVariant": "SK",
    "ShimSetting": [
      3239,
      10694,
      9910,
      409,
      161,
      394,
      823,
      -53
    ],
    "SliceThickness": 2,
    "SliceTiming": [
      1,
      0,
      1.055,
      0.0575,
      1.1125,
      0.1125,
      1.1675,
      0.1675,
      1.2225,
      0.2225,
      1.2775,
      0.2775,
      1.335,
      0.335,
      1.39,
      0.39,
      1.445,
      0.445,
      1.5,
      0.5,
      1.555,
      0.5575,
      1.6125,
      0.6125,
      1.6675,
      0.6675,
      1.7225,
      0.7225,
      1.7775,
      0.7775,
      1.8325,
      0.835,
      1.89,
      0.89,
      1.945,
      0.945
    ],
    "SoftwareVersions": "syngo_MR_D11",
    "SpacingBetweenSlices": 3,
    "TaskName": "Photographs task",
    "TotalReadoutTime": 0.0207902,
    "TxRefAmp": 323.331,
    "dataset": "ds001847",
    "modality": "bold",
    "run_id": 2,
    "subject_id": "09",
    "task_id": "photo"
  },
  "dummy_trs": 1,
  "dvars_nstd": 30.822473999440568,
  "dvars_std": 1.149984146888112,
  "dvars_vstd": 1.0165580197902093,
  "efc": 0.6218470466421641,
  "fber": 734.5891723632812,
  "fd_mean": 0.07262659362902898,
  "fd_num": 8,
  "fd_perc": 2.7874564459930316,
  "fwhm_avg": 1.5161523427151848,
  "fwhm_x": 1.4610867827834115,
  "fwhm_y": 1.5956334601428874,
  "fwhm_z": 1.491736785219255,
  "gcor": 0.00895013,
  "gsr_x": 0.013221457600593567,
  "gsr_y": 0.03490665555000305,
  "provenance": {
    "md5sum": "8f8b07da20eede47843fa9b70214f485",
    "settings": {
      "fd_thres": 0.2,
      "testing": false
    },
    "software": "mriqc",
    "version": "22.0.6",
    "webapi_port": null,
    "webapi_url": "https://mriqc.nimh.nih.gov/api/v1"
  },
  "size_t": 287,
  "size_x": 64,
  "size_y": 64,
  "size_z": 37,
  "snr": 5.895292909267033,
  "spacing_tr": 2.0,
  "spacing_x": 2.999999761581421,
  "spacing_y": 2.999999761581421,
  "spacing_z": 2.999999761581421,
  "summary_bg_k": 27.67733629692654,
  "summary_bg_mad": 16.78904885253649,
  "summary_bg_mean": 64.77424621582031,
  "summary_bg_median": 28.99651527404785,
  "summary_bg_n": 75594.0,
  "summary_bg_p05": 15.0,
  "summary_bg_p95": 246.41707611083856,
  "summary_bg_stdv": 102.50642395019531,
  "summary_fg_k": 3.787386761427155,
  "summary_fg_mad": 124.4921645442842,
  "summary_fg_mean": 810.6914672851562,
  "summary_fg_median": 793.6167602539062,
  "summary_fg_n": 41555.0,
  "summary_fg_p05": 641.4442443847656,
  "summary_fg_p95": 1038.0003662109375,
  "summary_fg_stdv": 134.61709594726562,
  "tsnr": 51.576004886301234
}