{
  "aor": 0.0014763732394366196,
  "aqi": 0.012088391936619718,
  "bids_meta": {
    "AcquisitionMatrixPE": 64,
    "BandwidthPerPixelPhaseEncode": 47.348,
    "BaseResolution": 64,
    "ConsistencyInfo": "N4_VD11D_LATEST_20110129",
    "ConversionSoftware": "dcm2niix",
    "ConversionSoftwareVersion": "v1.0.20180518 GCC4.8.5",
    "DerivedVendorReportedEchoSpacing": 0.000660007,
    "DwellTime": 4.5e-06,
    "EchoTime": 0.027,
    "EchoTrainLength": 32,
    "EffectiveEchoSpacing": 0.000330003,
    "FlipAngle": 71,
    "ImageOrientationPatientDICOM": [
      0.999639,
      -0.0145184,
      -0.0226153,
      0.0159076,
      0.997918,
      0.062509
    ],
    "ImageType": [
      "ORIGINAL",
      "PRIMARY",
      "M",
      "ND",
      "NORM",
      "MOSAIC"
    ],
    "InPlanePhaseEncodingDirectionDICOM": "COL",
    "MRAcquisitionType": "2D",
    "MagneticFieldStrength": 3,
    "Manufacturer": "Siemens",
    "ManufacturersModelName": "Skyra",
    "Modality": "MR",
    "ParallelReductionFactorInPlane": 2,
    "PartialFourier": 1,
    "PercentPhaseFOV": 100,
    "PhaseEncodingDirection": "j-",
    "PhaseEncodingSteps": 64,
    "PhaseResolution": 1,
    "PixelBandwidth": 1735,
    "PulseSequenceDetails": "%SiemensSeq%_ep2d_bold",
    "ReceiveCoilActiveElements": "HE1-4",
    "ReceiveCoilName": "HeadNeck_20",
    "ReconMatrixPE": 64,
    "RepetitionTime": 2,
    "SAR": 0.108161,
    "ScanOptions": "FS",
    "ScanningSequence": "EP",
    "SequenceName": "_epfid2d1_64",
    "SequenceVariant": "SK",
    "ShimSetting": [
      3239,
      10694,
      9910,
      409,
      161,
      394,
      823,
      -53
    ],
    "SliceThickness": 2,
    "SliceTiming": [
      1,
      0,
      1.055,
      0.0575,
      1.1125,
      0.1125,
      1.1675,
      0.1675,
      1.2225,
      0.2225,
      1.2775,
      0.2775,
      1.335,
      0.335,
      1.39,
      0.39,
      1.445,
      0.445,
      1.5,
      0.5,
      1.555,
      0.5575,
      1.6125,
      0.6125,
      1.6675,
      0.6675,
      1.7225,
      0.7225,
      1.7775,
      0.7775,
      1.8325,
      0.835,
      1.89,
      0.89,
      1.945,
      0.945
    ],
    "SoftwareVersions": "syngo_MR_D11",
    "SpacingBetweenSlices": 3,
    "TaskName": "Photographs task",
    "TotalReadoutTime": 0.0207902,
    "TxRefAmp": 323.331,
    "dataset": "ds001847",
    "modality": "bold",
    "run_id": 1,
    "subject_id": "13",
    "task_id": "photo"
  },
  "dummy_trs": 1,
  "dvars_nstd": 31.123761773710257,
  "dvars_std": 1.123275314275618,
  "dvars_vstd": 0.9989790296819798,
  "efc": 0.6023118475895777,
  "fber": 814.3929443359375,
  "fd_mean": 0.04631244184032373,
  "fd_num": 2,
  "fd_perc": 0.704225352112676,
  "fwhm_avg": 1.6113066666666667,
  "fwhm_x": 1.51739,
  "fwhm_y": 1.7323633333333335,
  "fwhm_z": 1.5841666666666667,
  "gcor": 0.00740869,
  "gsr_x": 0.0013210243778303266,
  "gsr_y": 0.06010540574789047,
  "provenance": {
    "md5sum": "031532202f7bfc56397f8c45285ba605",
    "settings": {
      "fd_thres": 0.2,
      "testing": false
    },
    "software": "mriqc",
    "version": "22.0.6",
    "webapi_port": null,
    "webapi_url": "https://mriqc.nimh.nih.gov/api/v1"
  },
  "size_t": 284,
  "size_x": 64,
  "size_y": 64,
  "size_z": 37,
  "snr": 5.599620292166482,
  "spacing_tr": 2.0,
  "spacing_x": 3.0,
  "spacing_y": 3.0,
  "spacing_z": 3.0,
  "summary_bg_k": 26.13864166716814,
  "summary_bg_mad": 16.04238050426482,
  "summary_bg_mean": 59.51646041870117,
  "summary_bg_median": 27.5669002532959,
  "summary_bg_n": 78099.0,
  "summary_bg_p05": 14.098590850830078,
  "summary_bg_p95": 235.72816925048772,
  "summary_bg_stdv": 98.26886749267578,
  "summary_fg_k": 2.515505400128462,
  "summary_fg_mad": 133.85181497546532,
  "summary_fg_mean": 820.4710083007812,
  "summary_fg_median": 803.44189453125,
  "summary_fg_n": 38444.0,
  "summary_fg_p05": 634.1518981933593,
  "summary_fg_p95": 1072.051531982422,
  "summary_fg_stdv": 143.47962951660156,
  "tsnr": 46.759250215720385
}