{
  "aor": 0.0006227675276752768,
  "aqi": 0.009579303357933578,
  "bids_meta": {
    "AcquisitionMatrixPE": 64,
    "BandwidthPerPixelPhaseEncode": 47.348,
    "BaseResolution": 64,
    "ConsistencyInfo": "N4_VD11D_LATEST_20110129",
    "ConversionSoftware": "dcm2niix",
    "ConversionSoftwareVersion": "v1.0.20180518 GCC4.8.5",
    "DerivedVendorReportedEchoSpacing": 0.000660007,
    "DwellTime": 4.5e-06,
    "EchoTime": 0.027,
    "EchoTrainLength": 32,
    "EffectiveEchoSpacing": 0.000330003,
    "FlipAngle": 71,
    "ImageOrientationPatientDICOM": [
      0.999639,
      -0.0145184,
      -0.0226153,
      0.0159076,
      0.997918,
      0.062509
    ],
    "ImageType": [
      "ORIGINAL",
      "PRIMARY",
      "M",
      "ND",
      "NORM",
      "MOSAIC"
    ],
    "InPlanePhaseEncodingDirectionDICOM": "COL",
    "MRAcquisitionType": "2D",
    "MagneticFieldStrength": 3,
    "Manufacturer": "Siemens",
    "ManufacturersModelName": "Skyra",
    "Modality": "MR",
    "ParallelReductionFactorInPlane": 2,
    "PartialFourier": 1,
    "PercentPhaseFOV": 100,
    "PhaseEncodingDirection": "j-",
    "PhaseEncodingSteps": 64,
    "PhaseResolution": 1,
    "PixelBandwidth": 1735,
    "PulseSequenceDetails": "%SiemensSeq%_ep2d_bold",
    "ReceiveCoilActiveElements": "HE1-4",
    "ReceiveCoilName": "HeadNeck_20",
    "ReconMatrixPE": 64,
    "RepetitionTime": 2,
    "SAR": 0.108161,
    "ScanOptions": "FS",
    "ScanningSequence": "EP",
    "SequenceName": "_epfid2d1_64",
    "SequenceVariant": "SK",
    "ShimSetting": [
      3239,
      10694,
      9910,
      409,
      161,
      394,
      823,
      -53
    ],
    "SliceThickness": 2,
    "SliceTiming": [
      1,
      0,
      1.055,
      0.0575,
      1.1125,
      0.1125,
      1.1675,
      0.1675,
      1.2225,
      0.2225,
      1.2775,
      0.2775,
      1.335,
      0.335,
      1.39,
      0.39,
      1.445,
      0.445,
      1.5,
      0.5,
      1.555,
      0.5575,
      1.6125,
      0.6125,
      1.6675,
      0.6675,
      1.7225,
      0.7225,
      1.7775,
      0.7775,
      1.8325,
      0.835,
      1.89,
      0.89,
      1.945,
      0.945
    ],
    "SoftwareVersions": "syngo_MR_D11",
    "SpacingBetweenSlices": 3,
    "TaskName": "Photographs task",
    "TotalReadoutTime": 0.0207902,
    "TxRefAmp": 323.331,
    "dataset": "ds001847",
    "modality": "bold",
    "run_id": 2,
    "subject_id": "23",
    "task_id": "photo"
  },
  "dummy_trs": 0,
  "dvars_nstd": 33.199147422370345,
  "dvars_std": 1.1755228136666658,
  "dvars_vstd": 1.0069755213703708,
  "efc": 0.6289395237826597,
  "fber": 729.4567260742188,
  "fd_mean": 0.05890867832422843,
  "fd_num": 4,
  "fd_perc": 1.4760147601476015,
  "fwhm_avg": 1.67936,
  "fwhm_x": 1.59619,
  "fwhm_y": 1.7966133333333334,
  "fwhm_z": 1.6452766666666667,
  "gcor": 0.0105798,
  "gsr_x": -0.006504483055323362,
  "gsr_y": 0.04992532357573509,
  "provenance": {
    "md5sum": "580ae17b6fe64ef70a84e26351809f3b",
    "settings": {
      "fd_thres": 0.2,
      "testing": false
    },
    "software": "mriqc",
    "version": "22.0.6",
    "webapi_port": null,
    "webapi_url": "https://mriqc.nimh.nih.gov/api/v1"
  },
  "size_t": 271,
  "size_x": 64,
  "size_y": 64,
  "size_z": 37,
  "snr": 5.2271104289333445,
  "spacing_tr": 2.0,
  "spacing_x": 3.0,
  "spacing_y": 3.0,
  "spacing_z": 3.0,
  "summary_bg_k": 28.439386063372037,
  "summary_bg_mad": 15.296515262358463,
  "summary_bg_mean": 62.89712142944336,
  "summary_bg_median": 28.37269401550293,
  "summary_bg_n": 74136.0,
  "summary_bg_p05": 15.409594535827637,
  "summary_bg_p95": 227.21771240234375,
  "summary_bg_stdv": 97.50562286376953,
  "summary_fg_k": 4.701716341514327,
  "summary_fg_mad": 124.3252089111578,
  "summary_fg_mean": 807.9663696289062,
  "summary_fg_median": 788.9722900390625,
  "summary_fg_n": 42796.0,
  "summary_fg_p05": 628.1881713867188,
  "summary_fg_p95": 1055.6402587890625,
  "summary_fg_stdv": 150.93675231933594,
  "tsnr": 53.750184065429494
}