{
  "aor": 0.008489730769230769,
  "aqi": 0.03444689192307693,
  "bids_meta": {
    "AcquisitionMatrixPE": 64,
    "BandwidthPerPixelPhaseEncode": 47.348,
    "BaseResolution": 64,
    "ConsistencyInfo": "N4_VD11D_LATEST_20110129",
    "ConversionSoftware": "dcm2niix",
    "ConversionSoftwareVersion": "v1.0.20180518 GCC4.8.5",
    "DerivedVendorReportedEchoSpacing": 0.000660007,
    "DwellTime": 4.5e-06,
    "EchoTime": 0.027,
    "EchoTrainLength": 32,
    "EffectiveEchoSpacing": 0.000330003,
    "FlipAngle": 71,
    "ImageOrientationPatientDICOM": [
      0.999639,
      -0.0145184,
      -0.0226153,
      0.0159076,
      0.997918,
      0.062509
    ],
    "ImageType": [
      "ORIGINAL",
      "PRIMARY",
      "M",
      "ND",
      "NORM",
      "MOSAIC"
    ],
    "InPlanePhaseEncodingDirectionDICOM": "COL",
    "MRAcquisitionType": "2D",
    "MagneticFieldStrength": 3,
    "Manufacturer": "Siemens",
    "ManufacturersModelName": "Skyra",
    "Modality": "MR",
    "ParallelReductionFactorInPlane": 2,
    "PartialFourier": 1,
    "PercentPhaseFOV": 100,
    "PhaseEncodingDirection": "j-",
    "PhaseEncodingSteps": 64,
    "PhaseResolution": 1,
    "PixelBandwidth": 1735,
    "PulseSequenceDetails": "%SiemensSeq%_ep2d_bold",
    "ReceiveCoilActiveElements": "HE1-4",
    "ReceiveCoilName": "HeadNeck_20",
    "ReconMatrixPE": 64,
    "RepetitionTime": 2,
    "SAR": 0.108161,
    "ScanOptions": "FS",
    "ScanningSequence": "EP",
    "SequenceName": "_epfid2d1_64",
    "SequenceVariant": "SK",
    "ShimSetting": [
      3239,
      10694,
      9910,
      409,
      161,
      394,
      823,
      -53
    ],
    "SliceThickness": 2,
    "SliceTiming": [
      1,
      0,
      1.055,
      0.0575,
      1.1125,
      0.1125,
      1.1675,
      0.1675,
      1.2225,
      0.2225,
      1.2775,
      0.2775,
      1.335,
      0.335,
      1.39,
      0.39,
      1.445,
      0.445,
      1.5,
      0.5,
      1.555,
      0.5575,
      1.6125,
      0.6125,
      1.6675,
      0.6675,
      1.7225,
      0.7225,
      1.7775,
      0.7775,
      1.8325,
      0.835,
      1.89,
      0.89,
      1.945,
      0.945
    ],
    "SoftwareVersions": "syngo_MR_D11",
    "SpacingBetweenSlices": 3,
    "TaskName": "Photographs task",
    "TotalReadoutTime": 0.0207902,
    "TxRefAmp": 323.331,
    "dataset": "ds001847",
    "modality": "bold",
    "run_id": 4,
    "subject_id": "23",
    "task_id": "photo"
  },
  "dummy_trs": 0,
  "dvars_nstd": 36.26872507498067,
  "dvars_std": 1.1578073652509664,
  "dvars_vstd": 1.0269632932432433,
  "efc": 0.6306786543165692,
  "fber": 715.8924560546875,
  "fd_mean": 0.1082929133327804,
  "fd_num": 24,
  "fd_perc": 9.23076923076923,
  "fwhm_avg": 1.7216177777777777,
  "fwhm_x": 1.62695,
  "fwhm_y": 1.8340966666666667,
  "fwhm_z": 1.7038066666666667,
  "gcor": 0.0153176,
  "gsr_x": -0.0052625383250415325,
  "gsr_y": 0.04983045160770416,
  "provenance": {
    "md5sum": "bc111957d33b7ad3d8838e1400f9bb05",
    "settings": {
      "fd_thres": 0.2,
      "testing": false
    },
    "software": "mriqc",
    "version": "22.0.6",
    "webapi_port": null,
    "webapi_url": "https://mriqc.nimh.nih.gov/api/v1"
  },
  "size_t": 260,
  "size_x": 64,
  "size_y": 64,
  "size_z": 37,
  "snr": 5.260969608788747,
  "spacing_tr": 2.0,
  "spacing_x": 3.0,
  "spacing_y": 3.0,
  "spacing_z": 3.0,
  "summary_bg_k": 27.668284710551124,
  "summary_bg_mad": 15.71558125388793,
  "summary_bg_mean": 63.83517074584961,
  "summary_bg_median": 28.565383911132812,
  "summary_bg_n": 73889.0,
  "summary_bg_p05": 15.380768775939941,
  "summary_bg_p95": 230.533847045898,
  "summary_bg_stdv": 98.36167907714844,
  "summary_fg_k": 4.734786008859696,
  "summary_fg_mad": 123.31831713348984,
  "summary_fg_mean": 808.5293579101562,
  "summary_fg_median": 789.2576904296875,
  "summary_fg_n": 43013.0,
  "summary_fg_p05": 631.0984741210938,
  "summary_fg_p95": 1056.02080078125,
  "summary_fg_stdv": 150.01959228515625,
  "tsnr": 32.775380006525666
}