{
  "aor": 0.00035875,
  "aqi": 0.018453867904411763,
  "bids_meta": {
    "AcquisitionMatrixPE": 64,
    "BandwidthPerPixelPhaseEncode": 47.348,
    "BaseResolution": 64,
    "ConsistencyInfo": "N4_VD11D_LATEST_20110129",
    "ConversionSoftware": "dcm2niix",
    "ConversionSoftwareVersion": "v1.0.20180518 GCC4.8.5",
    "DerivedVendorReportedEchoSpacing": 0.000660007,
    "DwellTime": 4.5e-06,
    "EchoTime": 0.027,
    "EchoTrainLength": 32,
    "EffectiveEchoSpacing": 0.000330003,
    "FlipAngle": 71,
    "ImageOrientationPatientDICOM": [
      0.999639,
      -0.0145184,
      -0.0226153,
      0.0159076,
      0.997918,
      0.062509
    ],
    "ImageType": [
      "ORIGINAL",
      "PRIMARY",
      "M",
      "ND",
      "NORM",
      "MOSAIC"
    ],
    "InPlanePhaseEncodingDirectionDICOM": "COL",
    "MRAcquisitionType": "2D",
    "MagneticFieldStrength": 3,
    "Manufacturer": "Siemens",
    "ManufacturersModelName": "Skyra",
    "Modality": "MR",
    "ParallelReductionFactorInPlane": 2,
    "PartialFourier": 1,
    "PercentPhaseFOV": 100,
    "PhaseEncodingDirection": "j-",
    "PhaseEncodingSteps": 64,
    "PhaseResolution": 1,
    "PixelBandwidth": 1735,
    "PulseSequenceDetails": "%SiemensSeq%_ep2d_bold",
    "ReceiveCoilActiveElements": "HE1-4",
    "ReceiveCoilName": "HeadNeck_20",
    "ReconMatrixPE": 64,
    "RepetitionTime": 2,
    "SAR": 0.108161,
    "ScanOptions": "FS",
    "ScanningSequence": "EP",
    "SequenceName": "_epfid2d1_64",
    "SequenceVariant": "SK",
    "ShimSetting": [
      3239,
      10694,
      9910,
      409,
      161,
      394,
      823,
      -53
    ],
    "SliceThickness": 2,
    "SliceTiming": [
      1,
      0,
      1.055,
      0.0575,
      1.1125,
      0.1125,
      1.1675,
      0.1675,
      1.2225,
      0.2225,
      1.2775,
      0.2775,
      1.335,
      0.335,
      1.39,
      0.39,
      1.445,
      0.445,
      1.5,
      0.5,
      1.555,
      0.5575,
      1.6125,
      0.6125,
      1.6675,
      0.6675,
      1.7225,
      0.7225,
      1.7775,
      0.7775,
      1.8325,
      0.835,
      1.89,
      0.89,
      1.945,
      0.945
    ],
    "SoftwareVersions": "syngo_MR_D11",
    "SpacingBetweenSlices": 3,
    "TaskName": "Photographs task",
    "TotalReadoutTime": 0.0207902,
    "TxRefAmp": 323.331,
    "dataset": "ds001847",
    "modality": "bold",
    "run_id": 4,
    "subject_id": "17",
    "task_id": "photo"
  },
  "dummy_trs": 0,
  "dvars_nstd": 32.031029493542434,
  "dvars_std": 1.0946538579704796,
  "dvars_vstd": 0.9657739704428052,
  "efc": 0.5908756974187876,
  "fber": 896.4009399414062,
  "fd_mean": 0.09854140723203383,
  "fd_num": 15,
  "fd_perc": 5.514705882352941,
  "fwhm_avg": 1.5627733333333333,
  "fwhm_x": 1.4833866666666669,
  "fwhm_y": 1.6923566666666667,
  "fwhm_z": 1.5125766666666667,
  "gcor": 0.00394633,
  "gsr_x": 0.019663238897919655,
  "gsr_y": 0.02172856777906418,
  "provenance": {
    "md5sum": "80f58bbf52594c2f9be9bb32aedd6826",
    "settings": {
      "fd_thres": 0.2,
      "testing": false
    },
    "software": "mriqc",
    "version": "22.0.6",
    "webapi_port": null,
    "webapi_url": "https://mriqc.nimh.nih.gov/api/v1"
  },
  "size_t": 272,
  "size_x": 64,
  "size_y": 64,
  "size_z": 37,
  "snr": 6.548474895275354,
  "spacing_tr": 2.0,
  "spacing_x": 3.0,
  "spacing_y": 3.0,
  "spacing_z": 3.0,
  "summary_bg_k": 22.261128395246416,
  "summary_bg_mad": 14.994994067613632,
  "summary_bg_mean": 57.379512786865234,
  "summary_bg_median": 26.59191131591797,
  "summary_bg_n": 81502.0,
  "summary_bg_p05": 14.569852828979492,
  "summary_bg_p95": 211.77721328735316,
  "summary_bg_stdv": 87.52777099609375,
  "summary_fg_k": 3.350747269543989,
  "summary_fg_mad": 118.11762653888816,
  "summary_fg_mean": 819.0027465820312,
  "summary_fg_median": 807.7977905273438,
  "summary_fg_n": 36071.0,
  "summary_fg_p05": 655.7040405273438,
  "summary_fg_p95": 1016.5606689453125,
  "summary_fg_stdv": 123.35491943359375,
  "tsnr": 44.523823242401704
}