{
  "aor": 0.0005053627760252367,
  "aqi": 0.012262322965299685,
  "bids_meta": {
    "AcquisitionMatrixPE": 64,
    "BandwidthPerPixelPhaseEncode": 47.348,
    "BaseResolution": 64,
    "ConsistencyInfo": "N4_VD11D_LATEST_20110129",
    "ConversionSoftware": "dcm2niix",
    "ConversionSoftwareVersion": "v1.0.20180518 GCC4.8.5",
    "DerivedVendorReportedEchoSpacing": 0.000660007,
    "DwellTime": 4.5e-06,
    "EchoTime": 0.027,
    "EchoTrainLength": 32,
    "EffectiveEchoSpacing": 0.000330003,
    "FlipAngle": 71,
    "ImageOrientationPatientDICOM": [
      0.999639,
      -0.0145184,
      -0.0226153,
      0.0159076,
      0.997918,
      0.062509
    ],
    "ImageType": [
      "ORIGINAL",
      "PRIMARY",
      "M",
      "ND",
      "NORM",
      "MOSAIC"
    ],
    "InPlanePhaseEncodingDirectionDICOM": "COL",
    "MRAcquisitionType": "2D",
    "MagneticFieldStrength": 3,
    "Manufacturer": "Siemens",
    "ManufacturersModelName": "Skyra",
    "Modality": "MR",
    "ParallelReductionFactorInPlane": 2,
    "PartialFourier": 1,
    "PercentPhaseFOV": 100,
    "PhaseEncodingDirection": "j-",
    "PhaseEncodingSteps": 64,
    "PhaseResolution": 1,
    "PixelBandwidth": 1735,
    "PulseSequenceDetails": "%SiemensSeq%_ep2d_bold",
    "ReceiveCoilActiveElements": "HE1-4",
    "ReceiveCoilName": "HeadNeck_20",
    "ReconMatrixPE": 64,
    "RepetitionTime": 2,
    "SAR": 0.108161,
    "ScanOptions": "FS",
    "ScanningSequence": "EP",
    "SequenceName": "_epfid2d1_64",
    "SequenceVariant": "SK",
    "ShimSetting": [
      3239,
      10694,
      9910,
      409,
      161,
      394,
      823,
      -53
    ],
    "SliceThickness": 2,
    "SliceTiming": [
      1,
      0,
      1.055,
      0.0575,
      1.1125,
      0.1125,
      1.1675,
      0.1675,
      1.2225,
      0.2225,
      1.2775,
      0.2775,
      1.335,
      0.335,
      1.39,
      0.39,
      1.445,
      0.445,
      1.5,
      0.5,
      1.555,
      0.5575,
      1.6125,
      0.6125,
      1.6675,
      0.6675,
      1.7225,
      0.7225,
      1.7775,
      0.7775,
      1.8325,
      0.835,
      1.89,
      0.89,
      1.945,
      0.945
    ],
    "SoftwareVersions": "syngo_MR_D11",
    "SpacingBetweenSlices": 3,
    "TaskName": "Photographs task",
    "TotalReadoutTime": 0.0207902,
    "TxRefAmp": 323.331,
    "dataset": "ds001847",
    "modality": "bold",
    "run_id": 1,
    "subject_id": "17",
    "task_id": "photo"
  },
  "dummy_trs": 1,
  "dvars_nstd": 32.757734660727856,
  "dvars_std": 1.1466912030696206,
  "dvars_vstd": 0.993300973987341,
  "efc": 0.5926589896712123,
  "fber": 860.4512939453125,
  "fd_mean": 0.07865987345014291,
  "fd_num": 1,
  "fd_perc": 0.31545741324921134,
  "fwhm_avg": 1.5601744444444445,
  "fwhm_x": 1.4899266666666666,
  "fwhm_y": 1.6914866666666668,
  "fwhm_z": 1.49911,
  "gcor": 0.00419162,
  "gsr_x": 0.016055746003985405,
  "gsr_y": 0.021135522052645683,
  "provenance": {
    "md5sum": "389465d0b54873b01a2ef505fe4c3607",
    "settings": {
      "fd_thres": 0.2,
      "testing": false
    },
    "software": "mriqc",
    "version": "22.0.6",
    "webapi_port": null,
    "webapi_url": "https://mriqc.nimh.nih.gov/api/v1"
  },
  "size_t": 317,
  "size_x": 64,
  "size_y": 64,
  "size_z": 37,
  "snr": 6.452513803017809,
  "spacing_tr": 2.0,
  "spacing_x": 3.0,
  "spacing_y": 3.0,
  "spacing_z": 3.0,
  "summary_bg_k": 21.41542184174444,
  "summary_bg_mad": 15.522892282999845,
  "summary_bg_mean": 58.005985260009766,
  "summary_bg_median": 27.19873809814453,
  "summary_bg_n": 81391.0,
  "summary_bg_p05": 14.52050495147705,
  "summary_bg_p95": 216.50631713867188,
  "summary_bg_stdv": 87.40975189208984,
  "summary_fg_k": 3.3994790791111233,
  "summary_fg_mad": 118.83264005387363,
  "summary_fg_mean": 814.9707641601562,
  "summary_fg_median": 803.62939453125,
  "summary_fg_n": 36466.0,
  "summary_fg_p05": 649.8667449951172,
  "summary_fg_p95": 1014.7200775146484,
  "summary_fg_stdv": 124.54345703125,
  "tsnr": 49.91623975709081
}