{
  "aor": 0.00035458498023715416,
  "aqi": 0.008984534110671936,
  "bids_meta": {
    "AcquisitionMatrixPE": 64,
    "BandwidthPerPixelPhaseEncode": 47.348,
    "BaseResolution": 64,
    "ConsistencyInfo": "N4_VD11D_LATEST_20110129",
    "ConversionSoftware": "dcm2niix",
    "ConversionSoftwareVersion": "v1.0.20180518 GCC4.8.5",
    "DerivedVendorReportedEchoSpacing": 0.000660007,
    "DwellTime": 4.5e-06,
    "EchoTime": 0.027,
    "EchoTrainLength": 32,
    "EffectiveEchoSpacing": 0.000330003,
    "FlipAngle": 71,
    "ImageOrientationPatientDICOM": [
      0.999639,
      -0.0145184,
      -0.0226153,
      0.0159076,
      0.997918,
      0.062509
    ],
    "ImageType": [
      "ORIGINAL",
      "PRIMARY",
      "M",
      "ND",
      "NORM",
      "MOSAIC"
    ],
    "InPlanePhaseEncodingDirectionDICOM": "COL",
    "MRAcquisitionType": "2D",
    "MagneticFieldStrength": 3,
    "Manufacturer": "Siemens",
    "ManufacturersModelName": "Skyra",
    "Modality": "MR",
    "ParallelReductionFactorInPlane": 2,
    "PartialFourier": 1,
    "PercentPhaseFOV": 100,
    "PhaseEncodingDirection": "j-",
    "PhaseEncodingSteps": 64,
    "PhaseResolution": 1,
    "PixelBandwidth": 1735,
    "PulseSequenceDetails": "%SiemensSeq%_ep2d_bold",
    "ReceiveCoilActiveElements": "HE1-4",
    "ReceiveCoilName": "HeadNeck_20",
    "ReconMatrixPE": 64,
    "RepetitionTime": 2,
    "SAR": 0.108161,
    "ScanOptions": "FS",
    "ScanningSequence": "EP",
    "SequenceName": "_epfid2d1_64",
    "SequenceVariant": "SK",
    "ShimSetting": [
      3239,
      10694,
      9910,
      409,
      161,
      394,
      823,
      -53
    ],
    "SliceThickness": 2,
    "SliceTiming": [
      1,
      0,
      1.055,
      0.0575,
      1.1125,
      0.1125,
      1.1675,
      0.1675,
      1.2225,
      0.2225,
      1.2775,
      0.2775,
      1.335,
      0.335,
      1.39,
      0.39,
      1.445,
      0.445,
      1.5,
      0.5,
      1.555,
      0.5575,
      1.6125,
      0.6125,
      1.6675,
      0.6675,
      1.7225,
      0.7225,
      1.7775,
      0.7775,
      1.8325,
      0.835,
      1.89,
      0.89,
      1.945,
      0.945
    ],
    "SoftwareVersions": "syngo_MR_D11",
    "SpacingBetweenSlices": 3,
    "TaskName": "Photographs task",
    "TotalReadoutTime": 0.0207902,
    "TxRefAmp": 323.331,
    "dataset": "ds001847",
    "modality": "bold",
    "run_id": 2,
    "subject_id": "17",
    "task_id": "photo"
  },
  "dummy_trs": 1,
  "dvars_nstd": 32.8956387456746,
  "dvars_std": 1.167996374047618,
  "dvars_vstd": 1.004880348730159,
  "efc": 0.5934278767346473,
  "fber": 838.235595703125,
  "fd_mean": 0.08360992328067923,
  "fd_num": 0,
  "fd_perc": 0.0,
  "fwhm_avg": 1.5447,
  "fwhm_x": 1.4725000000000001,
  "fwhm_y": 1.66842,
  "fwhm_z": 1.49318,
  "gcor": 0.00304567,
  "gsr_x": 0.016629129648208618,
  "gsr_y": 0.020555241033434868,
  "provenance": {
    "md5sum": "d16c883f936ed4f47790480179526f9b",
    "settings": {
      "fd_thres": 0.2,
      "testing": false
    },
    "software": "mriqc",
    "version": "22.0.6",
    "webapi_port": null,
    "webapi_url": "https://mriqc.nimh.nih.gov/api/v1"
  },
  "size_t": 253,
  "size_x": 64,
  "size_y": 64,
  "size_z": 37,
  "snr": 6.474487614618485,
  "spacing_tr": 2.0,
  "spacing_x": 3.0,
  "spacing_y": 3.0,
  "spacing_z": 3.0,
  "summary_bg_k": 21.564932786072024,
  "summary_bg_mad": 15.265527799150485,
  "summary_bg_mean": 58.577430725097656,
  "summary_bg_median": 27.39920997619629,
  "summary_bg_n": 81292.0,
  "summary_bg_p05": 14.948616981506348,
  "summary_bg_p95": 221.0029708862303,
  "summary_bg_stdv": 88.51505279541016,
  "summary_fg_k": 3.373604577851154,
  "summary_fg_mad": 119.0593648987507,
  "summary_fg_mean": 815.9892578125,
  "summary_fg_median": 804.8142700195312,
  "summary_fg_n": 36457.0,
  "summary_fg_p05": 651.0735473632812,
  "summary_fg_p95": 1014.7320434570312,
  "summary_fg_stdv": 124.30377197265625,
  "tsnr": 54.99251111783087
}