{
  "aor": 0.0006812408759124087,
  "aqi": 0.015174394562043794,
  "bids_meta": {
    "AcquisitionMatrixPE": 64,
    "BandwidthPerPixelPhaseEncode": 47.348,
    "BaseResolution": 64,
    "ConsistencyInfo": "N4_VD11D_LATEST_20110129",
    "ConversionSoftware": "dcm2niix",
    "ConversionSoftwareVersion": "v1.0.20180518 GCC4.8.5",
    "DerivedVendorReportedEchoSpacing": 0.000660007,
    "DwellTime": 4.5e-06,
    "EchoTime": 0.027,
    "EchoTrainLength": 32,
    "EffectiveEchoSpacing": 0.000330003,
    "FlipAngle": 71,
    "ImageOrientationPatientDICOM": [
      0.999639,
      -0.0145184,
      -0.0226153,
      0.0159076,
      0.997918,
      0.062509
    ],
    "ImageType": [
      "ORIGINAL",
      "PRIMARY",
      "M",
      "ND",
      "NORM",
      "MOSAIC"
    ],
    "InPlanePhaseEncodingDirectionDICOM": "COL",
    "MRAcquisitionType": "2D",
    "MagneticFieldStrength": 3,
    "Manufacturer": "Siemens",
    "ManufacturersModelName": "Skyra",
    "Modality": "MR",
    "ParallelReductionFactorInPlane": 2,
    "PartialFourier": 1,
    "PercentPhaseFOV": 100,
    "PhaseEncodingDirection": "j-",
    "PhaseEncodingSteps": 64,
    "PhaseResolution": 1,
    "PixelBandwidth": 1735,
    "PulseSequenceDetails": "%SiemensSeq%_ep2d_bold",
    "ReceiveCoilActiveElements": "HE1-4",
    "ReceiveCoilName": "HeadNeck_20",
    "ReconMatrixPE": 64,
    "RepetitionTime": 2,
    "SAR": 0.108161,
    "ScanOptions": "FS",
    "ScanningSequence": "EP",
    "SequenceName": "_epfid2d1_64",
    "SequenceVariant": "SK",
    "ShimSetting": [
      3239,
      10694,
      9910,
      409,
      161,
      394,
      823,
      -53
    ],
    "SliceThickness": 2,
    "SliceTiming": [
      1,
      0,
      1.055,
      0.0575,
      1.1125,
      0.1125,
      1.1675,
      0.1675,
      1.2225,
      0.2225,
      1.2775,
      0.2775,
      1.335,
      0.335,
      1.39,
      0.39,
      1.445,
      0.445,
      1.5,
      0.5,
      1.555,
      0.5575,
      1.6125,
      0.6125,
      1.6675,
      0.6675,
      1.7225,
      0.7225,
      1.7775,
      0.7775,
      1.8325,
      0.835,
      1.89,
      0.89,
      1.945,
      0.945
    ],
    "SoftwareVersions": "syngo_MR_D11",
    "SpacingBetweenSlices": 3,
    "TaskName": "Photographs task",
    "TotalReadoutTime": 0.0207902,
    "TxRefAmp": 323.331,
    "dataset": "ds001847",
    "modality": "bold",
    "run_id": 3,
    "subject_id": "17",
    "task_id": "photo"
  },
  "dummy_trs": 1,
  "dvars_nstd": 32.48681945238098,
  "dvars_std": 1.1293358108424907,
  "dvars_vstd": 0.9808251131501827,
  "efc": 0.5916655612985173,
  "fber": 875.0362548828125,
  "fd_mean": 0.08055692350432886,
  "fd_num": 3,
  "fd_perc": 1.094890510948905,
  "fwhm_avg": 1.5645966666666666,
  "fwhm_x": 1.4874633333333334,
  "fwhm_y": 1.6908966666666665,
  "fwhm_z": 1.51543,
  "gcor": 0.00370398,
  "gsr_x": 0.018010875210165977,
  "gsr_y": 0.02098635956645012,
  "provenance": {
    "md5sum": "9b91cd0ec447878aaceb140097e330fb",
    "settings": {
      "fd_thres": 0.2,
      "testing": false
    },
    "software": "mriqc",
    "version": "22.0.6",
    "webapi_port": null,
    "webapi_url": "https://mriqc.nimh.nih.gov/api/v1"
  },
  "size_t": 274,
  "size_x": 64,
  "size_y": 64,
  "size_z": 37,
  "snr": 6.51503515499691,
  "spacing_tr": 2.0,
  "spacing_x": 3.0,
  "spacing_y": 3.0,
  "spacing_z": 3.0,
  "summary_bg_k": 21.548346795633883,
  "summary_bg_mad": 15.323829362296943,
  "summary_bg_mean": 58.263126373291016,
  "summary_bg_median": 26.937955856323242,
  "summary_bg_n": 81486.0,
  "summary_bg_p05": 14.605839729309082,
  "summary_bg_p95": 219.74361038208008,
  "summary_bg_stdv": 88.86737060546875,
  "summary_fg_k": 3.4819450978440125,
  "summary_fg_mad": 116.95246625046786,
  "summary_fg_mean": 818.1593017578125,
  "summary_fg_median": 807.06201171875,
  "summary_fg_n": 36233.0,
  "summary_fg_p05": 655.0467163085938,
  "summary_fg_p95": 1017.0372314453126,
  "summary_fg_stdv": 123.87513732910156,
  "tsnr": 47.3773764106445
}