{
  "aor": 0.00036912087912087914,
  "aqi": 0.01364242706959707,
  "bids_meta": {
    "AcquisitionMatrixPE": 64,
    "BandwidthPerPixelPhaseEncode": 47.348,
    "BaseResolution": 64,
    "ConsistencyInfo": "N4_VD11D_LATEST_20110129",
    "ConversionSoftware": "dcm2niix",
    "ConversionSoftwareVersion": "v1.0.20180518 GCC4.8.5",
    "DerivedVendorReportedEchoSpacing": 0.000660007,
    "DwellTime": 4.5e-06,
    "EchoTime": 0.027,
    "EchoTrainLength": 32,
    "EffectiveEchoSpacing": 0.000330003,
    "FlipAngle": 71,
    "ImageOrientationPatientDICOM": [
      0.999639,
      -0.0145184,
      -0.0226153,
      0.0159076,
      0.997918,
      0.062509
    ],
    "ImageType": [
      "ORIGINAL",
      "PRIMARY",
      "M",
      "ND",
      "NORM",
      "MOSAIC"
    ],
    "InPlanePhaseEncodingDirectionDICOM": "COL",
    "MRAcquisitionType": "2D",
    "MagneticFieldStrength": 3,
    "Manufacturer": "Siemens",
    "ManufacturersModelName": "Skyra",
    "Modality": "MR",
    "ParallelReductionFactorInPlane": 2,
    "PartialFourier": 1,
    "PercentPhaseFOV": 100,
    "PhaseEncodingDirection": "j-",
    "PhaseEncodingSteps": 64,
    "PhaseResolution": 1,
    "PixelBandwidth": 1735,
    "PulseSequenceDetails": "%SiemensSeq%_ep2d_bold",
    "ReceiveCoilActiveElements": "HE1-4",
    "ReceiveCoilName": "HeadNeck_20",
    "ReconMatrixPE": 64,
    "RepetitionTime": 2,
    "SAR": 0.108161,
    "ScanOptions": "FS",
    "ScanningSequence": "EP",
    "SequenceName": "_epfid2d1_64",
    "SequenceVariant": "SK",
    "ShimSetting": [
      3239,
      10694,
      9910,
      409,
      161,
      394,
      823,
      -53
    ],
    "SliceThickness": 2,
    "SliceTiming": [
      1,
      0,
      1.055,
      0.0575,
      1.1125,
      0.1125,
      1.1675,
      0.1675,
      1.2225,
      0.2225,
      1.2775,
      0.2775,
      1.335,
      0.335,
      1.39,
      0.39,
      1.445,
      0.445,
      1.5,
      0.5,
      1.555,
      0.5575,
      1.6125,
      0.6125,
      1.6675,
      0.6675,
      1.7225,
      0.7225,
      1.7775,
      0.7775,
      1.8325,
      0.835,
      1.89,
      0.89,
      1.945,
      0.945
    ],
    "SoftwareVersions": "syngo_MR_D11",
    "SpacingBetweenSlices": 3,
    "TaskName": "Photographs task",
    "TotalReadoutTime": 0.0207902,
    "TxRefAmp": 323.331,
    "dataset": "ds001847",
    "modality": "bold",
    "run_id": 4,
    "subject_id": "06",
    "task_id": "photo"
  },
  "dummy_trs": 0,
  "dvars_nstd": 30.771632418860303,
  "dvars_std": 1.0977074655514707,
  "dvars_vstd": 0.988417692463235,
  "efc": 0.6133479661934838,
  "fber": 762.8992919921875,
  "fd_mean": 0.12060693145975371,
  "fd_num": 29,
  "fd_perc": 10.622710622710622,
  "fwhm_avg": 1.571963418504757,
  "fwhm_x": 1.5007766666666666,
  "fwhm_y": 1.6337734631739826,
  "fwhm_z": 1.581340125673622,
  "gcor": 0.00357727,
  "gsr_x": 0.012574742548167706,
  "gsr_y": 0.03505386784672737,
  "provenance": {
    "md5sum": "f0440dbd31a89056e71ca5347429c117",
    "settings": {
      "fd_thres": 0.2,
      "testing": false
    },
    "software": "mriqc",
    "version": "22.0.6",
    "webapi_port": null,
    "webapi_url": "https://mriqc.nimh.nih.gov/api/v1"
  },
  "size_t": 273,
  "size_x": 64,
  "size_y": 64,
  "size_z": 37,
  "snr": 6.2666800116250165,
  "spacing_tr": 2.0,
  "spacing_x": 3.0,
  "spacing_y": 2.999999761581421,
  "spacing_z": 2.999999761581421,
  "summary_bg_k": 25.799720733175132,
  "summary_bg_mad": 21.207188645805175,
  "summary_bg_mean": 65.58766174316406,
  "summary_bg_median": 31.659339904785156,
  "summary_bg_n": 77153.0,
  "summary_bg_p05": 14.699633598327637,
  "summary_bg_p95": 232.65274658203097,
  "summary_bg_stdv": 99.809814453125,
  "summary_fg_k": 3.0651577106263304,
  "summary_fg_mad": 140.98846698746866,
  "summary_fg_mean": 909.2943115234375,
  "summary_fg_median": 894.6831665039062,
  "summary_fg_n": 40534.0,
  "summary_fg_p05": 718.2734375,
  "summary_fg_p95": 1138.2996826171875,
  "summary_fg_stdv": 142.7665252685547,
  "tsnr": 49.131709182984196
}