{
  "aor": 0.0004660687022900764,
  "aqi": 0.010351630801526717,
  "bids_meta": {
    "AcquisitionMatrixPE": 64,
    "BandwidthPerPixelPhaseEncode": 47.348,
    "BaseResolution": 64,
    "ConsistencyInfo": "N4_VD11D_LATEST_20110129",
    "ConversionSoftware": "dcm2niix",
    "ConversionSoftwareVersion": "v1.0.20180518 GCC4.8.5",
    "DerivedVendorReportedEchoSpacing": 0.000660007,
    "DwellTime": 4.5e-06,
    "EchoTime": 0.027,
    "EchoTrainLength": 32,
    "EffectiveEchoSpacing": 0.000330003,
    "FlipAngle": 71,
    "ImageOrientationPatientDICOM": [
      0.999639,
      -0.0145184,
      -0.0226153,
      0.0159076,
      0.997918,
      0.062509
    ],
    "ImageType": [
      "ORIGINAL",
      "PRIMARY",
      "M",
      "ND",
      "NORM",
      "MOSAIC"
    ],
    "InPlanePhaseEncodingDirectionDICOM": "COL",
    "MRAcquisitionType": "2D",
    "MagneticFieldStrength": 3,
    "Manufacturer": "Siemens",
    "ManufacturersModelName": "Skyra",
    "Modality": "MR",
    "ParallelReductionFactorInPlane": 2,
    "PartialFourier": 1,
    "PercentPhaseFOV": 100,
    "PhaseEncodingDirection": "j-",
    "PhaseEncodingSteps": 64,
    "PhaseResolution": 1,
    "PixelBandwidth": 1735,
    "PulseSequenceDetails": "%SiemensSeq%_ep2d_bold",
    "ReceiveCoilActiveElements": "HE1-4",
    "ReceiveCoilName": "HeadNeck_20",
    "ReconMatrixPE": 64,
    "RepetitionTime": 2,
    "SAR": 0.108161,
    "ScanOptions": "FS",
    "ScanningSequence": "EP",
    "SequenceName": "_epfid2d1_64",
    "SequenceVariant": "SK",
    "ShimSetting": [
      3239,
      10694,
      9910,
      409,
      161,
      394,
      823,
      -53
    ],
    "SliceThickness": 2,
    "SliceTiming": [
      1,
      0,
      1.055,
      0.0575,
      1.1125,
      0.1125,
      1.1675,
      0.1675,
      1.2225,
      0.2225,
      1.2775,
      0.2775,
      1.335,
      0.335,
      1.39,
      0.39,
      1.445,
      0.445,
      1.5,
      0.5,
      1.555,
      0.5575,
      1.6125,
      0.6125,
      1.6675,
      0.6675,
      1.7225,
      0.7225,
      1.7775,
      0.7775,
      1.8325,
      0.835,
      1.89,
      0.89,
      1.945,
      0.945
    ],
    "SoftwareVersions": "syngo_MR_D11",
    "SpacingBetweenSlices": 3,
    "TaskName": "Photographs task",
    "TotalReadoutTime": 0.0207902,
    "TxRefAmp": 323.331,
    "dataset": "ds001847",
    "modality": "bold",
    "run_id": 2,
    "subject_id": "06",
    "task_id": "photo"
  },
  "dummy_trs": 0,
  "dvars_nstd": 31.19153756482759,
  "dvars_std": 1.1317547293869736,
  "dvars_vstd": 1.0086036703831418,
  "efc": 0.6155330775109228,
  "fber": 755.36328125,
  "fd_mean": 0.12154974337361986,
  "fd_num": 26,
  "fd_perc": 9.923664122137405,
  "fwhm_avg": 1.556735639687739,
  "fwhm_x": 1.4943233333333332,
  "fwhm_y": 1.6149767950134908,
  "fwhm_z": 1.560906790716393,
  "gcor": 0.00433592,
  "gsr_x": 0.010497750714421272,
  "gsr_y": 0.035127606242895126,
  "provenance": {
    "md5sum": "4b6205570e15ca511003e746cdb87651",
    "settings": {
      "fd_thres": 0.2,
      "testing": false
    },
    "software": "mriqc",
    "version": "22.0.6",
    "webapi_port": null,
    "webapi_url": "https://mriqc.nimh.nih.gov/api/v1"
  },
  "size_t": 262,
  "size_x": 64,
  "size_y": 64,
  "size_z": 37,
  "snr": 6.30930384947166,
  "spacing_tr": 2.0,
  "spacing_x": 3.0,
  "spacing_y": 2.999999761581421,
  "spacing_z": 2.999999761581421,
  "summary_bg_k": 22.584882336228283,
  "summary_bg_mad": 20.897902204302806,
  "summary_bg_mean": 65.08619689941406,
  "summary_bg_median": 31.633588790893555,
  "summary_bg_n": 76627.0,
  "summary_bg_p05": 14.82938919067383,
  "summary_bg_p95": 232.33816680908183,
  "summary_bg_stdv": 98.8166732788086,
  "summary_fg_k": 3.0571083787820506,
  "summary_fg_mad": 139.17222497528445,
  "summary_fg_mean": 905.2451782226562,
  "summary_fg_median": 891.5286254882812,
  "summary_fg_n": 40974.0,
  "summary_fg_p05": 716.6223114013671,
  "summary_fg_p95": 1130.7952697753906,
  "summary_fg_stdv": 141.3020782470703,
  "tsnr": 53.231432114262134
}