{
  "aor": 0.005302402826855124,
  "aqi": 0.015998117455830387,
  "bids_meta": {
    "AcquisitionMatrixPE": 64,
    "BandwidthPerPixelPhaseEncode": 47.348,
    "BaseResolution": 64,
    "ConsistencyInfo": "N4_VD11D_LATEST_20110129",
    "ConversionSoftware": "dcm2niix",
    "ConversionSoftwareVersion": "v1.0.20180518 GCC4.8.5",
    "DerivedVendorReportedEchoSpacing": 0.000660007,
    "DwellTime": 4.5e-06,
    "EchoTime": 0.027,
    "EchoTrainLength": 32,
    "EffectiveEchoSpacing": 0.000330003,
    "FlipAngle": 71,
    "ImageOrientationPatientDICOM": [
      0.999639,
      -0.0145184,
      -0.0226153,
      0.0159076,
      0.997918,
      0.062509
    ],
    "ImageType": [
      "ORIGINAL",
      "PRIMARY",
      "M",
      "ND",
      "NORM",
      "MOSAIC"
    ],
    "InPlanePhaseEncodingDirectionDICOM": "COL",
    "MRAcquisitionType": "2D",
    "MagneticFieldStrength": 3,
    "Manufacturer": "Siemens",
    "ManufacturersModelName": "Skyra",
    "Modality": "MR",
    "ParallelReductionFactorInPlane": 2,
    "PartialFourier": 1,
    "PercentPhaseFOV": 100,
    "PhaseEncodingDirection": "j-",
    "PhaseEncodingSteps": 64,
    "PhaseResolution": 1,
    "PixelBandwidth": 1735,
    "PulseSequenceDetails": "%SiemensSeq%_ep2d_bold",
    "ReceiveCoilActiveElements": "HE1-4",
    "ReceiveCoilName": "HeadNeck_20",
    "ReconMatrixPE": 64,
    "RepetitionTime": 2,
    "SAR": 0.108161,
    "ScanOptions": "FS",
    "ScanningSequence": "EP",
    "SequenceName": "_epfid2d1_64",
    "SequenceVariant": "SK",
    "ShimSetting": [
      3239,
      10694,
      9910,
      409,
      161,
      394,
      823,
      -53
    ],
    "SliceThickness": 2,
    "SliceTiming": [
      1,
      0,
      1.055,
      0.0575,
      1.1125,
      0.1125,
      1.1675,
      0.1675,
      1.2225,
      0.2225,
      1.2775,
      0.2775,
      1.335,
      0.335,
      1.39,
      0.39,
      1.445,
      0.445,
      1.5,
      0.5,
      1.555,
      0.5575,
      1.6125,
      0.6125,
      1.6675,
      0.6675,
      1.7225,
      0.7225,
      1.7775,
      0.7775,
      1.8325,
      0.835,
      1.89,
      0.89,
      1.945,
      0.945
    ],
    "SoftwareVersions": "syngo_MR_D11",
    "SpacingBetweenSlices": 3,
    "TaskName": "Photographs task",
    "TotalReadoutTime": 0.0207902,
    "TxRefAmp": 323.331,
    "dataset": "ds001847",
    "modality": "bold",
    "run_id": 1,
    "subject_id": "24",
    "task_id": "photo"
  },
  "dummy_trs": 0,
  "dvars_nstd": 34.56607866592198,
  "dvars_std": 1.2387893556382983,
  "dvars_vstd": 1.0557253354609926,
  "efc": 0.6318527251473814,
  "fber": 824.2291870117188,
  "fd_mean": 0.11278918750306378,
  "fd_num": 33,
  "fd_perc": 11.66077738515901,
  "fwhm_avg": 1.5528922222222221,
  "fwhm_x": 1.4833166666666668,
  "fwhm_y": 1.64883,
  "fwhm_z": 1.52653,
  "gcor": 0.0201047,
  "gsr_x": -0.0021823719143867493,
  "gsr_y": 0.04807301610708237,
  "provenance": {
    "md5sum": "c994091f19795c7da39aab6dab95a0be",
    "settings": {
      "fd_thres": 0.2,
      "testing": false
    },
    "software": "mriqc",
    "version": "22.0.6",
    "webapi_port": null,
    "webapi_url": "https://mriqc.nimh.nih.gov/api/v1"
  },
  "size_t": 283,
  "size_x": 64,
  "size_y": 64,
  "size_z": 37,
  "snr": 6.14501227749594,
  "spacing_tr": 2.0,
  "spacing_x": 3.0,
  "spacing_y": 3.0,
  "spacing_z": 3.0,
  "summary_bg_k": 23.210033502553394,
  "summary_bg_mad": 15.779496078073613,
  "summary_bg_mean": 64.99771881103516,
  "summary_bg_median": 28.116607666015625,
  "summary_bg_n": 73535.0,
  "summary_bg_p05": 13.671378135681152,
  "summary_bg_p95": 261.41837158203145,
  "summary_bg_stdv": 94.8839111328125,
  "summary_fg_k": 4.914345829780254,
  "summary_fg_mad": 119.35735129435244,
  "summary_fg_mean": 829.9627685546875,
  "summary_fg_median": 816.3003540039062,
  "summary_fg_n": 43345.0,
  "summary_fg_p05": 662.3152099609375,
  "summary_fg_p95": 1037.7851562499998,
  "summary_fg_stdv": 132.8379669189453,
  "tsnr": 46.756872333353385
}