{
  "aor": 0.001235259515570934,
  "aqi": 0.012869828269896194,
  "bids_meta": {
    "AcquisitionMatrixPE": 64,
    "BandwidthPerPixelPhaseEncode": 47.348,
    "BaseResolution": 64,
    "ConsistencyInfo": "N4_VD11D_LATEST_20110129",
    "ConversionSoftware": "dcm2niix",
    "ConversionSoftwareVersion": "v1.0.20180518 GCC4.8.5",
    "DerivedVendorReportedEchoSpacing": 0.000660007,
    "DwellTime": 4.5e-06,
    "EchoTime": 0.027,
    "EchoTrainLength": 32,
    "EffectiveEchoSpacing": 0.000330003,
    "FlipAngle": 71,
    "ImageOrientationPatientDICOM": [
      0.999639,
      -0.0145184,
      -0.0226153,
      0.0159076,
      0.997918,
      0.062509
    ],
    "ImageType": [
      "ORIGINAL",
      "PRIMARY",
      "M",
      "ND",
      "NORM",
      "MOSAIC"
    ],
    "InPlanePhaseEncodingDirectionDICOM": "COL",
    "MRAcquisitionType": "2D",
    "MagneticFieldStrength": 3,
    "Manufacturer": "Siemens",
    "ManufacturersModelName": "Skyra",
    "Modality": "MR",
    "ParallelReductionFactorInPlane": 2,
    "PartialFourier": 1,
    "PercentPhaseFOV": 100,
    "PhaseEncodingDirection": "j-",
    "PhaseEncodingSteps": 64,
    "PhaseResolution": 1,
    "PixelBandwidth": 1735,
    "PulseSequenceDetails": "%SiemensSeq%_ep2d_bold",
    "ReceiveCoilActiveElements": "HE1-4",
    "ReceiveCoilName": "HeadNeck_20",
    "ReconMatrixPE": 64,
    "RepetitionTime": 2,
    "SAR": 0.108161,
    "ScanOptions": "FS",
    "ScanningSequence": "EP",
    "SequenceName": "_epfid2d1_64",
    "SequenceVariant": "SK",
    "ShimSetting": [
      3239,
      10694,
      9910,
      409,
      161,
      394,
      823,
      -53
    ],
    "SliceThickness": 2,
    "SliceTiming": [
      1,
      0,
      1.055,
      0.0575,
      1.1125,
      0.1125,
      1.1675,
      0.1675,
      1.2225,
      0.2225,
      1.2775,
      0.2775,
      1.335,
      0.335,
      1.39,
      0.39,
      1.445,
      0.445,
      1.5,
      0.5,
      1.555,
      0.5575,
      1.6125,
      0.6125,
      1.6675,
      0.6675,
      1.7225,
      0.7225,
      1.7775,
      0.7775,
      1.8325,
      0.835,
      1.89,
      0.89,
      1.945,
      0.945
    ],
    "SoftwareVersions": "syngo_MR_D11",
    "SpacingBetweenSlices": 3,
    "TaskName": "Photographs task",
    "TotalReadoutTime": 0.0207902,
    "TxRefAmp": 323.331,
    "dataset": "ds001847",
    "modality": "bold",
    "run_id": 4,
    "subject_id": "24",
    "task_id": "photo"
  },
  "dummy_trs": 0,
  "dvars_nstd": 32.82845206395834,
  "dvars_std": 1.1969838405208328,
  "dvars_vstd": 1.0087533156944444,
  "efc": 0.6330050305597825,
  "fber": 815.6483154296875,
  "fd_mean": 0.0728728195072038,
  "fd_num": 9,
  "fd_perc": 3.114186851211073,
  "fwhm_avg": 1.5514700000000001,
  "fwhm_x": 1.47909,
  "fwhm_y": 1.6249,
  "fwhm_z": 1.55042,
  "gcor": 0.0113305,
  "gsr_x": -0.00020317673624958843,
  "gsr_y": 0.05198867246508598,
  "provenance": {
    "md5sum": "a3442976b971cfa50ce8bc509df57ec0",
    "settings": {
      "fd_thres": 0.2,
      "testing": false
    },
    "software": "mriqc",
    "version": "22.0.6",
    "webapi_port": null,
    "webapi_url": "https://mriqc.nimh.nih.gov/api/v1"
  },
  "size_t": 289,
  "size_x": 64,
  "size_y": 64,
  "size_z": 37,
  "snr": 6.135942310584951,
  "spacing_tr": 2.0,
  "spacing_x": 3.0,
  "spacing_y": 3.0,
  "spacing_z": 3.0,
  "summary_bg_k": 20.155136197497978,
  "summary_bg_mad": 15.331338689596521,
  "summary_bg_mean": 67.3265151977539,
  "summary_bg_median": 28.19204330444336,
  "summary_bg_n": 73750.0,
  "summary_bg_p05": 14.186851501464844,
  "summary_bg_p95": 277.17890930175855,
  "summary_bg_stdv": 98.92839050292969,
  "summary_fg_k": 5.129837531072843,
  "summary_fg_mad": 118.82363621349636,
  "summary_fg_mean": 829.4300537109375,
  "summary_fg_median": 815.6747436523438,
  "summary_fg_n": 43089.0,
  "summary_fg_p05": 662.7280517578125,
  "summary_fg_p95": 1037.22705078125,
  "summary_fg_stdv": 132.93235778808594,
  "tsnr": 51.59257237566635
}