{
  "aor": 0.0021712982456140346,
  "aqi": 0.02035618814035088,
  "bids_meta": {
    "AcquisitionMatrixPE": 64,
    "BandwidthPerPixelPhaseEncode": 47.348,
    "BaseResolution": 64,
    "ConsistencyInfo": "N4_VD11D_LATEST_20110129",
    "ConversionSoftware": "dcm2niix",
    "ConversionSoftwareVersion": "v1.0.20180518 GCC4.8.5",
    "DerivedVendorReportedEchoSpacing": 0.000660007,
    "DwellTime": 4.5e-06,
    "EchoTime": 0.027,
    "EchoTrainLength": 32,
    "EffectiveEchoSpacing": 0.000330003,
    "FlipAngle": 71,
    "ImageOrientationPatientDICOM": [
      0.999639,
      -0.0145184,
      -0.0226153,
      0.0159076,
      0.997918,
      0.062509
    ],
    "ImageType": [
      "ORIGINAL",
      "PRIMARY",
      "M",
      "ND",
      "NORM",
      "MOSAIC"
    ],
    "InPlanePhaseEncodingDirectionDICOM": "COL",
    "MRAcquisitionType": "2D",
    "MagneticFieldStrength": 3,
    "Manufacturer": "Siemens",
    "ManufacturersModelName": "Skyra",
    "Modality": "MR",
    "ParallelReductionFactorInPlane": 2,
    "PartialFourier": 1,
    "PercentPhaseFOV": 100,
    "PhaseEncodingDirection": "j-",
    "PhaseEncodingSteps": 64,
    "PhaseResolution": 1,
    "PixelBandwidth": 1735,
    "PulseSequenceDetails": "%SiemensSeq%_ep2d_bold",
    "ReceiveCoilActiveElements": "HE1-4",
    "ReceiveCoilName": "HeadNeck_20",
    "ReconMatrixPE": 64,
    "RepetitionTime": 2,
    "SAR": 0.108161,
    "ScanOptions": "FS",
    "ScanningSequence": "EP",
    "SequenceName": "_epfid2d1_64",
    "SequenceVariant": "SK",
    "ShimSetting": [
      3239,
      10694,
      9910,
      409,
      161,
      394,
      823,
      -53
    ],
    "SliceThickness": 2,
    "SliceTiming": [
      1,
      0,
      1.055,
      0.0575,
      1.1125,
      0.1125,
      1.1675,
      0.1675,
      1.2225,
      0.2225,
      1.2775,
      0.2775,
      1.335,
      0.335,
      1.39,
      0.39,
      1.445,
      0.445,
      1.5,
      0.5,
      1.555,
      0.5575,
      1.6125,
      0.6125,
      1.6675,
      0.6675,
      1.7225,
      0.7225,
      1.7775,
      0.7775,
      1.8325,
      0.835,
      1.89,
      0.89,
      1.945,
      0.945
    ],
    "SoftwareVersions": "syngo_MR_D11",
    "SpacingBetweenSlices": 3,
    "TaskName": "Photographs task",
    "TotalReadoutTime": 0.0207902,
    "TxRefAmp": 323.331,
    "dataset": "ds001847",
    "modality": "bold",
    "run_id": 2,
    "subject_id": "01",
    "task_id": "photo"
  },
  "dummy_trs": 0,
  "dvars_nstd": 28.777523309577465,
  "dvars_std": 1.0938092180281687,
  "dvars_vstd": 0.9994380296126761,
  "efc": 0.5921282692754405,
  "fber": 925.9329833984375,
  "fd_mean": 0.11088193455402072,
  "fd_num": 24,
  "fd_perc": 8.421052631578947,
  "fwhm_avg": 1.5560812351758553,
  "fwhm_x": 1.4599266666666668,
  "fwhm_y": 1.733346804420694,
  "fwhm_z": 1.474970234440205,
  "gcor": 0.017997,
  "gsr_x": 0.0019272470381110907,
  "gsr_y": 0.053574081510305405,
  "provenance": {
    "md5sum": "9e2a11a35e835e0313ab6bf1d3759193",
    "settings": {
      "fd_thres": 0.2,
      "testing": false
    },
    "software": "mriqc",
    "version": "22.0.6",
    "webapi_port": null,
    "webapi_url": "https://mriqc.nimh.nih.gov/api/v1"
  },
  "size_t": 285,
  "size_x": 64,
  "size_y": 64,
  "size_z": 36,
  "snr": 6.173843188650516,
  "spacing_tr": 2.0,
  "spacing_x": 3.0,
  "spacing_y": 2.999999761581421,
  "spacing_z": 2.999999523162842,
  "summary_bg_k": 21.23547638157854,
  "summary_bg_mad": 18.269822872925285,
  "summary_bg_mean": 61.22209930419922,
  "summary_bg_median": 27.82807159423828,
  "summary_bg_n": 78341.0,
  "summary_bg_p05": 11.512280464172363,
  "summary_bg_p95": 224.9649200439453,
  "summary_bg_stdv": 95.78326416015625,
  "summary_fg_k": 3.526483174382803,
  "summary_fg_mad": 126.70529945993309,
  "summary_fg_mean": 870.8695068359375,
  "summary_fg_median": 855.4298095703125,
  "summary_fg_n": 35716.0,
  "summary_fg_p05": 691.5193176269531,
  "summary_fg_p95": 1099.7473449707031,
  "summary_fg_stdv": 138.55516052246094,
  "tsnr": 42.76231568714138
}