{
  "aor": 0.0008744239631336406,
  "aqi": 0.014355899124423964,
  "bids_meta": {
    "AcquisitionMatrixPE": 64,
    "BandwidthPerPixelPhaseEncode": 47.348,
    "BaseResolution": 64,
    "ConsistencyInfo": "N4_VD11D_LATEST_20110129",
    "ConversionSoftware": "dcm2niix",
    "ConversionSoftwareVersion": "v1.0.20180518 GCC4.8.5",
    "DerivedVendorReportedEchoSpacing": 0.000660007,
    "DwellTime": 4.5e-06,
    "EchoTime": 0.027,
    "EchoTrainLength": 32,
    "EffectiveEchoSpacing": 0.000330003,
    "FlipAngle": 71,
    "ImageOrientationPatientDICOM": [
      0.999639,
      -0.0145184,
      -0.0226153,
      0.0159076,
      0.997918,
      0.062509
    ],
    "ImageType": [
      "ORIGINAL",
      "PRIMARY",
      "M",
      "ND",
      "NORM",
      "MOSAIC"
    ],
    "InPlanePhaseEncodingDirectionDICOM": "COL",
    "MRAcquisitionType": "2D",
    "MagneticFieldStrength": 3,
    "Manufacturer": "Siemens",
    "ManufacturersModelName": "Skyra",
    "Modality": "MR",
    "ParallelReductionFactorInPlane": 2,
    "PartialFourier": 1,
    "PercentPhaseFOV": 100,
    "PhaseEncodingDirection": "j-",
    "PhaseEncodingSteps": 64,
    "PhaseResolution": 1,
    "PixelBandwidth": 1735,
    "PulseSequenceDetails": "%SiemensSeq%_ep2d_bold",
    "ReceiveCoilActiveElements": "HE1-4",
    "ReceiveCoilName": "HeadNeck_20",
    "ReconMatrixPE": 64,
    "RepetitionTime": 2,
    "SAR": 0.108161,
    "ScanOptions": "FS",
    "ScanningSequence": "EP",
    "SequenceName": "_epfid2d1_64",
    "SequenceVariant": "SK",
    "ShimSetting": [
      3239,
      10694,
      9910,
      409,
      161,
      394,
      823,
      -53
    ],
    "SliceThickness": 2,
    "SliceTiming": [
      1,
      0,
      1.055,
      0.0575,
      1.1125,
      0.1125,
      1.1675,
      0.1675,
      1.2225,
      0.2225,
      1.2775,
      0.2775,
      1.335,
      0.335,
      1.39,
      0.39,
      1.445,
      0.445,
      1.5,
      0.5,
      1.555,
      0.5575,
      1.6125,
      0.6125,
      1.6675,
      0.6675,
      1.7225,
      0.7225,
      1.7775,
      0.7775,
      1.8325,
      0.835,
      1.89,
      0.89,
      1.945,
      0.945
    ],
    "SoftwareVersions": "syngo_MR_D11",
    "SpacingBetweenSlices": 3,
    "TaskName": "Photographs task",
    "TotalReadoutTime": 0.0207902,
    "TxRefAmp": 323.331,
    "dataset": "ds001847",
    "modality": "bold",
    "run_id": 3,
    "subject_id": "01",
    "task_id": "photo"
  },
  "dummy_trs": 0,
  "dvars_nstd": 28.158802473888887,
  "dvars_std": 1.0817618645370368,
  "dvars_vstd": 0.9832959652777775,
  "efc": 0.5933648135761483,
  "fber": 906.54052734375,
  "fd_mean": 0.06990367566893235,
  "fd_num": 1,
  "fd_perc": 0.4608294930875576,
  "fwhm_avg": 1.556245680607441,
  "fwhm_x": 1.4520099999999998,
  "fwhm_y": 1.7129034694626704,
  "fwhm_z": 1.503823572359653,
  "gcor": 0.0151069,
  "gsr_x": 0.0011218206491321325,
  "gsr_y": 0.05368984490633011,
  "provenance": {
    "md5sum": "f9397f99849404f75b436af34ed2fe44",
    "settings": {
      "fd_thres": 0.2,
      "testing": false
    },
    "software": "mriqc",
    "version": "22.0.6",
    "webapi_port": null,
    "webapi_url": "https://mriqc.nimh.nih.gov/api/v1"
  },
  "size_t": 217,
  "size_x": 64,
  "size_y": 64,
  "size_z": 36,
  "snr": 6.1831020209844185,
  "spacing_tr": 2.0,
  "spacing_x": 3.0,
  "spacing_y": 2.999999761581421,
  "spacing_z": 2.999999523162842,
  "summary_bg_k": 21.02908617565486,
  "summary_bg_mad": 17.606755352226994,
  "summary_bg_mean": 61.262386322021484,
  "summary_bg_median": 27.811059951782227,
  "summary_bg_n": 78159.0,
  "summary_bg_p05": 12.087557792663574,
  "summary_bg_p95": 225.4156707763667,
  "summary_bg_stdv": 96.19207000732422,
  "summary_fg_k": 3.7240571968685927,
  "summary_fg_mad": 125.22179233284686,
  "summary_fg_mean": 866.7117919921875,
  "summary_fg_median": 851.9400634765625,
  "summary_fg_n": 35809.0,
  "summary_fg_p05": 690.1023193359375,
  "summary_fg_p95": 1092.586181640625,
  "summary_fg_stdv": 137.78329467773438,
  "tsnr": 48.23286518303212
}