{
  "aor": 0.0004651048951048951,
  "aqi": 0.023585659405594404,
  "bids_meta": {
    "AcquisitionMatrixPE": 64,
    "BandwidthPerPixelPhaseEncode": 47.348,
    "BaseResolution": 64,
    "ConsistencyInfo": "N4_VD11D_LATEST_20110129",
    "ConversionSoftware": "dcm2niix",
    "ConversionSoftwareVersion": "v1.0.20180518 GCC4.8.5",
    "DerivedVendorReportedEchoSpacing": 0.000660007,
    "DwellTime": 4.5e-06,
    "EchoTime": 0.027,
    "EchoTrainLength": 32,
    "EffectiveEchoSpacing": 0.000330003,
    "FlipAngle": 71,
    "ImageOrientationPatientDICOM": [
      0.999639,
      -0.0145184,
      -0.0226153,
      0.0159076,
      0.997918,
      0.062509
    ],
    "ImageType": [
      "ORIGINAL",
      "PRIMARY",
      "M",
      "ND",
      "NORM",
      "MOSAIC"
    ],
    "InPlanePhaseEncodingDirectionDICOM": "COL",
    "MRAcquisitionType": "2D",
    "MagneticFieldStrength": 3,
    "Manufacturer": "Siemens",
    "ManufacturersModelName": "Skyra",
    "Modality": "MR",
    "ParallelReductionFactorInPlane": 2,
    "PartialFourier": 1,
    "PercentPhaseFOV": 100,
    "PhaseEncodingDirection": "j-",
    "PhaseEncodingSteps": 64,
    "PhaseResolution": 1,
    "PixelBandwidth": 1735,
    "PulseSequenceDetails": "%SiemensSeq%_ep2d_bold",
    "ReceiveCoilActiveElements": "HE1-4",
    "ReceiveCoilName": "HeadNeck_20",
    "ReconMatrixPE": 64,
    "RepetitionTime": 2,
    "SAR": 0.108161,
    "ScanOptions": "FS",
    "ScanningSequence": "EP",
    "SequenceName": "_epfid2d1_64",
    "SequenceVariant": "SK",
    "ShimSetting": [
      3239,
      10694,
      9910,
      409,
      161,
      394,
      823,
      -53
    ],
    "SliceThickness": 2,
    "SliceTiming": [
      1,
      0,
      1.055,
      0.0575,
      1.1125,
      0.1125,
      1.1675,
      0.1675,
      1.2225,
      0.2225,
      1.2775,
      0.2775,
      1.335,
      0.335,
      1.39,
      0.39,
      1.445,
      0.445,
      1.5,
      0.5,
      1.555,
      0.5575,
      1.6125,
      0.6125,
      1.6675,
      0.6675,
      1.7225,
      0.7225,
      1.7775,
      0.7775,
      1.8325,
      0.835,
      1.89,
      0.89,
      1.945,
      0.945
    ],
    "SoftwareVersions": "syngo_MR_D11",
    "SpacingBetweenSlices": 3,
    "TaskName": "Photographs task",
    "TotalReadoutTime": 0.0207902,
    "TxRefAmp": 323.331,
    "dataset": "ds001847",
    "modality": "bold",
    "run_id": 2,
    "subject_id": "28",
    "task_id": "photo"
  },
  "dummy_trs": 1,
  "dvars_nstd": 26.806043243614027,
  "dvars_std": 0.9944670525263155,
  "dvars_vstd": 0.9416675374736847,
  "efc": 0.6344645753567111,
  "fber": 822.6101684570312,
  "fd_mean": 0.0892936164878903,
  "fd_num": 8,
  "fd_perc": 2.797202797202797,
  "fwhm_avg": 1.6577922222222223,
  "fwhm_x": 1.5588833333333334,
  "fwhm_y": 1.80468,
  "fwhm_z": 1.6098133333333333,
  "gcor": 0.00279907,
  "gsr_x": -0.016975216567516327,
  "gsr_y": 0.0544661320745945,
  "provenance": {
    "md5sum": "9539b50cf2c637d87e5bb89964f12785",
    "settings": {
      "fd_thres": 0.2,
      "testing": false
    },
    "software": "mriqc",
    "version": "22.0.6",
    "webapi_port": null,
    "webapi_url": "https://mriqc.nimh.nih.gov/api/v1"
  },
  "size_t": 286,
  "size_x": 64,
  "size_y": 64,
  "size_z": 37,
  "snr": 6.153507931649948,
  "spacing_tr": 2.0,
  "spacing_x": 3.0,
  "spacing_y": 3.0,
  "spacing_z": 3.0,
  "summary_bg_k": 24.155279864663918,
  "summary_bg_mad": 15.054115704161285,
  "summary_bg_mean": 60.07016372680664,
  "summary_bg_median": 28.573427200317383,
  "summary_bg_n": 72139.0,
  "summary_bg_p05": 15.472027778625488,
  "summary_bg_p95": 215.48111114501813,
  "summary_bg_stdv": 87.31790161132812,
  "summary_fg_k": 4.808926722736243,
  "summary_fg_mad": 118.00944471807375,
  "summary_fg_mean": 854.5031127929688,
  "summary_fg_median": 838.8723754882812,
  "summary_fg_n": 44546.0,
  "summary_fg_p05": 680.1136322021484,
  "summary_fg_p95": 1073.5873413085938,
  "summary_fg_stdv": 136.32272338867188,
  "tsnr": 43.66583912819624
}