{
  "aor": 0.001634375,
  "aqi": 0.018573538125,
  "bids_meta": {
    "AcquisitionMatrixPE": 64,
    "BandwidthPerPixelPhaseEncode": 47.348,
    "BaseResolution": 64,
    "ConsistencyInfo": "N4_VD11D_LATEST_20110129",
    "ConversionSoftware": "dcm2niix",
    "ConversionSoftwareVersion": "v1.0.20180518 GCC4.8.5",
    "DerivedVendorReportedEchoSpacing": 0.000660007,
    "DwellTime": 4.5e-06,
    "EchoTime": 0.027,
    "EchoTrainLength": 32,
    "EffectiveEchoSpacing": 0.000330003,
    "FlipAngle": 71,
    "ImageOrientationPatientDICOM": [
      0.999639,
      -0.0145184,
      -0.0226153,
      0.0159076,
      0.997918,
      0.062509
    ],
    "ImageType": [
      "ORIGINAL",
      "PRIMARY",
      "M",
      "ND",
      "NORM",
      "MOSAIC"
    ],
    "InPlanePhaseEncodingDirectionDICOM": "COL",
    "MRAcquisitionType": "2D",
    "MagneticFieldStrength": 3,
    "Manufacturer": "Siemens",
    "ManufacturersModelName": "Skyra",
    "Modality": "MR",
    "ParallelReductionFactorInPlane": 2,
    "PartialFourier": 1,
    "PercentPhaseFOV": 100,
    "PhaseEncodingDirection": "j-",
    "PhaseEncodingSteps": 64,
    "PhaseResolution": 1,
    "PixelBandwidth": 1735,
    "PulseSequenceDetails": "%SiemensSeq%_ep2d_bold",
    "ReceiveCoilActiveElements": "HE1-4",
    "ReceiveCoilName": "HeadNeck_20",
    "ReconMatrixPE": 64,
    "RepetitionTime": 2,
    "SAR": 0.108161,
    "ScanOptions": "FS",
    "ScanningSequence": "EP",
    "SequenceName": "_epfid2d1_64",
    "SequenceVariant": "SK",
    "ShimSetting": [
      3239,
      10694,
      9910,
      409,
      161,
      394,
      823,
      -53
    ],
    "SliceThickness": 2,
    "SliceTiming": [
      1,
      0,
      1.055,
      0.0575,
      1.1125,
      0.1125,
      1.1675,
      0.1675,
      1.2225,
      0.2225,
      1.2775,
      0.2775,
      1.335,
      0.335,
      1.39,
      0.39,
      1.445,
      0.445,
      1.5,
      0.5,
      1.555,
      0.5575,
      1.6125,
      0.6125,
      1.6675,
      0.6675,
      1.7225,
      0.7225,
      1.7775,
      0.7775,
      1.8325,
      0.835,
      1.89,
      0.89,
      1.945,
      0.945
    ],
    "SoftwareVersions": "syngo_MR_D11",
    "SpacingBetweenSlices": 3,
    "TaskName": "Photographs task",
    "TotalReadoutTime": 0.0207902,
    "TxRefAmp": 323.331,
    "dataset": "ds001847",
    "modality": "bold",
    "run_id": 4,
    "subject_id": "28",
    "task_id": "photo"
  },
  "dummy_trs": 0,
  "dvars_nstd": 28.514408350996337,
  "dvars_std": 1.0625288756826556,
  "dvars_vstd": 0.9814033434317343,
  "efc": 0.6348707054466279,
  "fber": 815.9896240234375,
  "fd_mean": 0.10516700723916013,
  "fd_num": 10,
  "fd_perc": 3.676470588235294,
  "fwhm_avg": 1.648621111111111,
  "fwhm_x": 1.5483066666666667,
  "fwhm_y": 1.80054,
  "fwhm_z": 1.5970166666666668,
  "gcor": 0.00720719,
  "gsr_x": -0.015895647928118706,
  "gsr_y": 0.05500747263431549,
  "provenance": {
    "md5sum": "14d65401de2264d74ab1be6fe4e6590d",
    "settings": {
      "fd_thres": 0.2,
      "testing": false
    },
    "software": "mriqc",
    "version": "22.0.6",
    "webapi_port": null,
    "webapi_url": "https://mriqc.nimh.nih.gov/api/v1"
  },
  "size_t": 272,
  "size_x": 64,
  "size_y": 64,
  "size_z": 37,
  "snr": 6.12822864501903,
  "spacing_tr": 2.0,
  "spacing_x": 3.0,
  "spacing_y": 3.0,
  "spacing_z": 3.0,
  "summary_bg_k": 23.906983640903977,
  "summary_bg_mad": 15.428330750243578,
  "summary_bg_mean": 60.601165771484375,
  "summary_bg_median": 28.693016052246094,
  "summary_bg_n": 72046.0,
  "summary_bg_p05": 15.216912269592285,
  "summary_bg_p95": 219.8860321044922,
  "summary_bg_stdv": 88.18284606933594,
  "summary_fg_k": 4.9362124547667,
  "summary_fg_mad": 118.03039335171535,
  "summary_fg_mean": 855.0802001953125,
  "summary_fg_median": 839.8897094726562,
  "summary_fg_n": 44631.0,
  "summary_fg_p05": 681.5404357910156,
  "summary_fg_p95": 1073.5845947265625,
  "summary_fg_stdv": 137.0510711669922,
  "tsnr": 46.1783131621778
}