{
  "aor": 0.0007938661710037174,
  "aqi": 0.012050960929368028,
  "bids_meta": {
    "AcquisitionMatrixPE": 64,
    "BandwidthPerPixelPhaseEncode": 47.348,
    "BaseResolution": 64,
    "ConsistencyInfo": "N4_VD11D_LATEST_20110129",
    "ConversionSoftware": "dcm2niix",
    "ConversionSoftwareVersion": "v1.0.20180518 GCC4.8.5",
    "DerivedVendorReportedEchoSpacing": 0.000660007,
    "DwellTime": 4.5e-06,
    "EchoTime": 0.027,
    "EchoTrainLength": 32,
    "EffectiveEchoSpacing": 0.000330003,
    "FlipAngle": 71,
    "ImageOrientationPatientDICOM": [
      0.999639,
      -0.0145184,
      -0.0226153,
      0.0159076,
      0.997918,
      0.062509
    ],
    "ImageType": [
      "ORIGINAL",
      "PRIMARY",
      "M",
      "ND",
      "NORM",
      "MOSAIC"
    ],
    "InPlanePhaseEncodingDirectionDICOM": "COL",
    "MRAcquisitionType": "2D",
    "MagneticFieldStrength": 3,
    "Manufacturer": "Siemens",
    "ManufacturersModelName": "Skyra",
    "Modality": "MR",
    "ParallelReductionFactorInPlane": 2,
    "PartialFourier": 1,
    "PercentPhaseFOV": 100,
    "PhaseEncodingDirection": "j-",
    "PhaseEncodingSteps": 64,
    "PhaseResolution": 1,
    "PixelBandwidth": 1735,
    "PulseSequenceDetails": "%SiemensSeq%_ep2d_bold",
    "ReceiveCoilActiveElements": "HE1-4",
    "ReceiveCoilName": "HeadNeck_20",
    "ReconMatrixPE": 64,
    "RepetitionTime": 2,
    "SAR": 0.108161,
    "ScanOptions": "FS",
    "ScanningSequence": "EP",
    "SequenceName": "_epfid2d1_64",
    "SequenceVariant": "SK",
    "ShimSetting": [
      3239,
      10694,
      9910,
      409,
      161,
      394,
      823,
      -53
    ],
    "SliceThickness": 2,
    "SliceTiming": [
      1,
      0,
      1.055,
      0.0575,
      1.1125,
      0.1125,
      1.1675,
      0.1675,
      1.2225,
      0.2225,
      1.2775,
      0.2775,
      1.335,
      0.335,
      1.39,
      0.39,
      1.445,
      0.445,
      1.5,
      0.5,
      1.555,
      0.5575,
      1.6125,
      0.6125,
      1.6675,
      0.6675,
      1.7225,
      0.7225,
      1.7775,
      0.7775,
      1.8325,
      0.835,
      1.89,
      0.89,
      1.945,
      0.945
    ],
    "SoftwareVersions": "syngo_MR_D11",
    "SpacingBetweenSlices": 3,
    "TaskName": "Photographs task",
    "TotalReadoutTime": 0.0207902,
    "TxRefAmp": 323.331,
    "dataset": "ds001847",
    "modality": "bold",
    "run_id": 4,
    "subject_id": "22",
    "task_id": "photo"
  },
  "dummy_trs": 0,
  "dvars_nstd": 35.191240880074645,
  "dvars_std": 1.1888282188805965,
  "dvars_vstd": 0.9897291654477613,
  "efc": 0.6370260601775436,
  "fber": 617.826904296875,
  "fd_mean": 0.06911235887096702,
  "fd_num": 2,
  "fd_perc": 0.7434944237918215,
  "fwhm_avg": 1.6173210644828935,
  "fwhm_x": 1.545903456190702,
  "fwhm_y": 1.6799865331533326,
  "fwhm_z": 1.6260732041046457,
  "gcor": 0.00461306,
  "gsr_x": 0.0008074520155787468,
  "gsr_y": 0.048276953399181366,
  "provenance": {
    "md5sum": "e1950d09730ec00fdd8b7a3145d9f69d",
    "settings": {
      "fd_thres": 0.2,
      "testing": false
    },
    "software": "mriqc",
    "version": "22.0.6",
    "webapi_port": null,
    "webapi_url": "https://mriqc.nimh.nih.gov/api/v1"
  },
  "size_t": 269,
  "size_x": 64,
  "size_y": 64,
  "size_z": 37,
  "snr": 5.388951437906206,
  "spacing_tr": 2.0,
  "spacing_x": 2.999999761581421,
  "spacing_y": 3.000000238418579,
  "spacing_z": 3.000000238418579,
  "summary_bg_k": 21.523022965071963,
  "summary_bg_mad": 19.962769677078875,
  "summary_bg_mean": 73.11798095703125,
  "summary_bg_median": 30.791820526123047,
  "summary_bg_n": 75023.0,
  "summary_bg_p05": 14.64684009552002,
  "summary_bg_p95": 272.60372619628896,
  "summary_bg_stdv": 107.11292266845703,
  "summary_fg_k": 2.7723120971746678,
  "summary_fg_mad": 140.66532413332538,
  "summary_fg_mean": 794.0962524414062,
  "summary_fg_median": 781.1040649414062,
  "summary_fg_n": 42442.0,
  "summary_fg_p05": 607.412841796875,
  "summary_fg_p95": 1029.1140686035153,
  "summary_fg_stdv": 144.94375610351562,
  "tsnr": 45.9791211260017
}