{
  "aor": 0.0003612830188679246,
  "aqi": 0.008264148339622641,
  "bids_meta": {
    "AcquisitionMatrixPE": 64,
    "BandwidthPerPixelPhaseEncode": 47.348,
    "BaseResolution": 64,
    "ConsistencyInfo": "N4_VD11D_LATEST_20110129",
    "ConversionSoftware": "dcm2niix",
    "ConversionSoftwareVersion": "v1.0.20180518 GCC4.8.5",
    "DerivedVendorReportedEchoSpacing": 0.000660007,
    "DwellTime": 4.5e-06,
    "EchoTime": 0.027,
    "EchoTrainLength": 32,
    "EffectiveEchoSpacing": 0.000330003,
    "FlipAngle": 71,
    "ImageOrientationPatientDICOM": [
      0.999639,
      -0.0145184,
      -0.0226153,
      0.0159076,
      0.997918,
      0.062509
    ],
    "ImageType": [
      "ORIGINAL",
      "PRIMARY",
      "M",
      "ND",
      "NORM",
      "MOSAIC"
    ],
    "InPlanePhaseEncodingDirectionDICOM": "COL",
    "MRAcquisitionType": "2D",
    "MagneticFieldStrength": 3,
    "Manufacturer": "Siemens",
    "ManufacturersModelName": "Skyra",
    "Modality": "MR",
    "ParallelReductionFactorInPlane": 2,
    "PartialFourier": 1,
    "PercentPhaseFOV": 100,
    "PhaseEncodingDirection": "j-",
    "PhaseEncodingSteps": 64,
    "PhaseResolution": 1,
    "PixelBandwidth": 1735,
    "PulseSequenceDetails": "%SiemensSeq%_ep2d_bold",
    "ReceiveCoilActiveElements": "HE1-4",
    "ReceiveCoilName": "HeadNeck_20",
    "ReconMatrixPE": 64,
    "RepetitionTime": 2,
    "SAR": 0.108161,
    "ScanOptions": "FS",
    "ScanningSequence": "EP",
    "SequenceName": "_epfid2d1_64",
    "SequenceVariant": "SK",
    "ShimSetting": [
      3239,
      10694,
      9910,
      409,
      161,
      394,
      823,
      -53
    ],
    "SliceThickness": 2,
    "SliceTiming": [
      1,
      0,
      1.055,
      0.0575,
      1.1125,
      0.1125,
      1.1675,
      0.1675,
      1.2225,
      0.2225,
      1.2775,
      0.2775,
      1.335,
      0.335,
      1.39,
      0.39,
      1.445,
      0.445,
      1.5,
      0.5,
      1.555,
      0.5575,
      1.6125,
      0.6125,
      1.6675,
      0.6675,
      1.7225,
      0.7225,
      1.7775,
      0.7775,
      1.8325,
      0.835,
      1.89,
      0.89,
      1.945,
      0.945
    ],
    "SoftwareVersions": "syngo_MR_D11",
    "SpacingBetweenSlices": 3,
    "TaskName": "Photographs task",
    "TotalReadoutTime": 0.0207902,
    "TxRefAmp": 323.331,
    "dataset": "ds001847",
    "modality": "bold",
    "run_id": 3,
    "subject_id": "22",
    "task_id": "photo"
  },
  "dummy_trs": 0,
  "dvars_nstd": 35.22122071026514,
  "dvars_std": 1.2111468759090915,
  "dvars_vstd": 1.0049915549621202,
  "efc": 0.6361426155133412,
  "fber": 612.6994018554688,
  "fd_mean": 0.06502930516687154,
  "fd_num": 1,
  "fd_perc": 0.37735849056603776,
  "fwhm_avg": 1.6085699532644055,
  "fwhm_x": 1.5307501216530897,
  "fwhm_y": 1.659273201466147,
  "fwhm_z": 1.6356865366739801,
  "gcor": 0.00466379,
  "gsr_x": 0.0006983780185692012,
  "gsr_y": 0.048128917813301086,
  "provenance": {
    "md5sum": "805d51030e1a58ac4ac018da4ca31eec",
    "settings": {
      "fd_thres": 0.2,
      "testing": false
    },
    "software": "mriqc",
    "version": "22.0.6",
    "webapi_port": null,
    "webapi_url": "https://mriqc.nimh.nih.gov/api/v1"
  },
  "size_t": 265,
  "size_x": 64,
  "size_y": 64,
  "size_z": 37,
  "snr": 5.383638088167034,
  "spacing_tr": 2.0,
  "spacing_x": 2.999999761581421,
  "spacing_y": 3.000000238418579,
  "spacing_z": 3.000000238418579,
  "summary_bg_k": 22.029243415121424,
  "summary_bg_mad": 19.710218175742742,
  "summary_bg_mean": 72.54108428955078,
  "summary_bg_median": 30.80000114440918,
  "summary_bg_n": 74987.0,
  "summary_bg_p05": 14.724528312683105,
  "summary_bg_p95": 272.1052917480468,
  "summary_bg_stdv": 106.80760955810547,
  "summary_fg_k": 2.8357807618529876,
  "summary_fg_mad": 141.02068173293912,
  "summary_fg_mean": 794.5216064453125,
  "summary_fg_median": 781.9566040039062,
  "summary_fg_n": 42440.0,
  "summary_fg_p05": 606.7837799072265,
  "summary_fg_p95": 1028.4562744140621,
  "summary_fg_stdv": 145.2451629638672,
  "tsnr": 52.22294618282467
}