{
  "aor": 0.0003023508771929824,
  "aqi": 0.010941526280701755,
  "bids_meta": {
    "AcquisitionMatrixPE": 64,
    "BandwidthPerPixelPhaseEncode": 47.348,
    "BaseResolution": 64,
    "ConsistencyInfo": "N4_VD11D_LATEST_20110129",
    "ConversionSoftware": "dcm2niix",
    "ConversionSoftwareVersion": "v1.0.20180518 GCC4.8.5",
    "DerivedVendorReportedEchoSpacing": 0.000660007,
    "DwellTime": 4.5e-06,
    "EchoTime": 0.027,
    "EchoTrainLength": 32,
    "EffectiveEchoSpacing": 0.000330003,
    "FlipAngle": 71,
    "ImageOrientationPatientDICOM": [
      0.999639,
      -0.0145184,
      -0.0226153,
      0.0159076,
      0.997918,
      0.062509
    ],
    "ImageType": [
      "ORIGINAL",
      "PRIMARY",
      "M",
      "ND",
      "NORM",
      "MOSAIC"
    ],
    "InPlanePhaseEncodingDirectionDICOM": "COL",
    "MRAcquisitionType": "2D",
    "MagneticFieldStrength": 3,
    "Manufacturer": "Siemens",
    "ManufacturersModelName": "Skyra",
    "Modality": "MR",
    "ParallelReductionFactorInPlane": 2,
    "PartialFourier": 1,
    "PercentPhaseFOV": 100,
    "PhaseEncodingDirection": "j-",
    "PhaseEncodingSteps": 64,
    "PhaseResolution": 1,
    "PixelBandwidth": 1735,
    "PulseSequenceDetails": "%SiemensSeq%_ep2d_bold",
    "ReceiveCoilActiveElements": "HE1-4",
    "ReceiveCoilName": "HeadNeck_20",
    "ReconMatrixPE": 64,
    "RepetitionTime": 2,
    "SAR": 0.108161,
    "ScanOptions": "FS",
    "ScanningSequence": "EP",
    "SequenceName": "_epfid2d1_64",
    "SequenceVariant": "SK",
    "ShimSetting": [
      3239,
      10694,
      9910,
      409,
      161,
      394,
      823,
      -53
    ],
    "SliceThickness": 2,
    "SliceTiming": [
      1,
      0,
      1.055,
      0.0575,
      1.1125,
      0.1125,
      1.1675,
      0.1675,
      1.2225,
      0.2225,
      1.2775,
      0.2775,
      1.335,
      0.335,
      1.39,
      0.39,
      1.445,
      0.445,
      1.5,
      0.5,
      1.555,
      0.5575,
      1.6125,
      0.6125,
      1.6675,
      0.6675,
      1.7225,
      0.7225,
      1.7775,
      0.7775,
      1.8325,
      0.835,
      1.89,
      0.89,
      1.945,
      0.945
    ],
    "SoftwareVersions": "syngo_MR_D11",
    "SpacingBetweenSlices": 3,
    "TaskName": "Photographs task",
    "TotalReadoutTime": 0.0207902,
    "TxRefAmp": 323.331,
    "dataset": "ds001847",
    "modality": "bold",
    "run_id": 1,
    "subject_id": "22",
    "task_id": "photo"
  },
  "dummy_trs": 0,
  "dvars_nstd": 34.64931064267605,
  "dvars_std": 1.1649181951056335,
  "dvars_vstd": 0.9912985841901408,
  "efc": 0.6341393032704566,
  "fber": 639.3898315429688,
  "fd_mean": 0.07662028291673482,
  "fd_num": 0,
  "fd_perc": 0.0,
  "fwhm_avg": 1.616857730851007,
  "fwhm_x": 1.5395734556876384,
  "fwhm_y": 1.6665598675537214,
  "fwhm_z": 1.644439869311661,
  "gcor": 0.0088182,
  "gsr_x": 0.001918637310154736,
  "gsr_y": 0.04653573036193848,
  "provenance": {
    "md5sum": "0aa5ceba478ae34ff9e5349a3a8462df",
    "settings": {
      "fd_thres": 0.2,
      "testing": false
    },
    "software": "mriqc",
    "version": "22.0.6",
    "webapi_port": null,
    "webapi_url": "https://mriqc.nimh.nih.gov/api/v1"
  },
  "size_t": 285,
  "size_x": 64,
  "size_y": 64,
  "size_z": 37,
  "snr": 5.4563791604084395,
  "spacing_tr": 2.0,
  "spacing_x": 2.999999761581421,
  "spacing_y": 3.000000238418579,
  "spacing_z": 3.000000238418579,
  "summary_bg_k": 22.086431289849344,
  "summary_bg_mad": 18.836851314825495,
  "summary_bg_mean": 70.20816040039062,
  "summary_bg_median": 30.075439453125,
  "summary_bg_n": 75044.0,
  "summary_bg_p05": 14.56140422821045,
  "summary_bg_p95": 263.5835113525385,
  "summary_bg_stdv": 103.15889739990234,
  "summary_fg_k": 2.8880063822181716,
  "summary_fg_mad": 138.7794041604326,
  "summary_fg_mean": 790.0225830078125,
  "summary_fg_median": 777.67724609375,
  "summary_fg_n": 42400.0,
  "summary_fg_p05": 606.2486175537109,
  "summary_fg_p95": 1019.5756164550781,
  "summary_fg_stdv": 142.52456665039062,
  "tsnr": 48.552195957978256
}