{
  "aor": 0.0012184451219512196,
  "aqi": 0.02923239298780488,
  "bids_meta": {
    "AcquisitionMatrixPE": 64,
    "BandwidthPerPixelPhaseEncode": 47.348,
    "BaseResolution": 64,
    "ConsistencyInfo": "N4_VD11D_LATEST_20110129",
    "ConversionSoftware": "dcm2niix",
    "ConversionSoftwareVersion": "v1.0.20180518 GCC4.8.5",
    "DerivedVendorReportedEchoSpacing": 0.000660007,
    "DwellTime": 4.5e-06,
    "EchoTime": 0.027,
    "EchoTrainLength": 32,
    "EffectiveEchoSpacing": 0.000330003,
    "FlipAngle": 71,
    "ImageOrientationPatientDICOM": [
      0.999639,
      -0.0145184,
      -0.0226153,
      0.0159076,
      0.997918,
      0.062509
    ],
    "ImageType": [
      "ORIGINAL",
      "PRIMARY",
      "M",
      "ND",
      "NORM",
      "MOSAIC"
    ],
    "InPlanePhaseEncodingDirectionDICOM": "COL",
    "MRAcquisitionType": "2D",
    "MagneticFieldStrength": 3,
    "Manufacturer": "Siemens",
    "ManufacturersModelName": "Skyra",
    "Modality": "MR",
    "ParallelReductionFactorInPlane": 2,
    "PartialFourier": 1,
    "PercentPhaseFOV": 100,
    "PhaseEncodingDirection": "j-",
    "PhaseEncodingSteps": 64,
    "PhaseResolution": 1,
    "PixelBandwidth": 1735,
    "PulseSequenceDetails": "%SiemensSeq%_ep2d_bold",
    "ReceiveCoilActiveElements": "HE1-4",
    "ReceiveCoilName": "HeadNeck_20",
    "ReconMatrixPE": 64,
    "RepetitionTime": 2,
    "SAR": 0.108161,
    "ScanOptions": "FS",
    "ScanningSequence": "EP",
    "SequenceName": "_epfid2d1_64",
    "SequenceVariant": "SK",
    "ShimSetting": [
      3239,
      10694,
      9910,
      409,
      161,
      394,
      823,
      -53
    ],
    "SliceThickness": 2,
    "SliceTiming": [
      1,
      0,
      1.055,
      0.0575,
      1.1125,
      0.1125,
      1.1675,
      0.1675,
      1.2225,
      0.2225,
      1.2775,
      0.2775,
      1.335,
      0.335,
      1.39,
      0.39,
      1.445,
      0.445,
      1.5,
      0.5,
      1.555,
      0.5575,
      1.6125,
      0.6125,
      1.6675,
      0.6675,
      1.7225,
      0.7225,
      1.7775,
      0.7775,
      1.8325,
      0.835,
      1.89,
      0.89,
      1.945,
      0.945
    ],
    "SoftwareVersions": "syngo_MR_D11",
    "SpacingBetweenSlices": 3,
    "TaskName": "Photographs task",
    "TotalReadoutTime": 0.0207902,
    "TxRefAmp": 323.331,
    "dataset": "ds001847",
    "modality": "bold",
    "run_id": 2,
    "subject_id": "04",
    "task_id": "photo"
  },
  "dummy_trs": 0,
  "dvars_nstd": 34.131833417736985,
  "dvars_std": 1.1422862808256882,
  "dvars_vstd": 0.9641867264525994,
  "efc": 0.5823140019620696,
  "fber": 1009.7423095703125,
  "fd_mean": 0.11665254577217472,
  "fd_num": 32,
  "fd_perc": 9.75609756097561,
  "fwhm_avg": 1.5632522222222223,
  "fwhm_x": 1.4955166666666668,
  "fwhm_y": 1.65385,
  "fwhm_z": 1.5403900000000001,
  "gcor": 0.0150876,
  "gsr_x": 0.00423966720700264,
  "gsr_y": 0.04465522989630699,
  "provenance": {
    "md5sum": "9fc6facd042ed018126dfb9842c663b0",
    "settings": {
      "fd_thres": 0.2,
      "testing": false
    },
    "software": "mriqc",
    "version": "22.0.6",
    "webapi_port": null,
    "webapi_url": "https://mriqc.nimh.nih.gov/api/v1"
  },
  "size_t": 328,
  "size_x": 64,
  "size_y": 64,
  "size_z": 37,
  "snr": 6.637223836740143,
  "spacing_tr": 2.0,
  "spacing_x": 3.0,
  "spacing_y": 3.0,
  "spacing_z": 3.0,
  "summary_bg_k": 48.79366219968263,
  "summary_bg_mad": 12.900447421456409,
  "summary_bg_mean": 53.50772476196289,
  "summary_bg_median": 26.079267501831055,
  "summary_bg_n": 82087.0,
  "summary_bg_p05": 14.289633750915527,
  "summary_bg_p95": 185.4085235595703,
  "summary_bg_stdv": 85.96824645996094,
  "summary_fg_k": 4.790966076510003,
  "summary_fg_mad": 114.23724280885594,
  "summary_fg_mean": 847.8350830078125,
  "summary_fg_median": 835.695068359375,
  "summary_fg_n": 35836.0,
  "summary_fg_p05": 682.8528747558594,
  "summary_fg_p95": 1046.6752319335938,
  "summary_fg_stdv": 125.90857696533203,
  "tsnr": 40.605667064432055
}