{
  "aor": 0.0017136050156739812,
  "aqi": 0.03485881567398119,
  "bids_meta": {
    "AcquisitionMatrixPE": 64,
    "BandwidthPerPixelPhaseEncode": 47.348,
    "BaseResolution": 64,
    "ConsistencyInfo": "N4_VD11D_LATEST_20110129",
    "ConversionSoftware": "dcm2niix",
    "ConversionSoftwareVersion": "v1.0.20180518 GCC4.8.5",
    "DerivedVendorReportedEchoSpacing": 0.000660007,
    "DwellTime": 4.5e-06,
    "EchoTime": 0.027,
    "EchoTrainLength": 32,
    "EffectiveEchoSpacing": 0.000330003,
    "FlipAngle": 71,
    "ImageOrientationPatientDICOM": [
      0.999639,
      -0.0145184,
      -0.0226153,
      0.0159076,
      0.997918,
      0.062509
    ],
    "ImageType": [
      "ORIGINAL",
      "PRIMARY",
      "M",
      "ND",
      "NORM",
      "MOSAIC"
    ],
    "InPlanePhaseEncodingDirectionDICOM": "COL",
    "MRAcquisitionType": "2D",
    "MagneticFieldStrength": 3,
    "Manufacturer": "Siemens",
    "ManufacturersModelName": "Skyra",
    "Modality": "MR",
    "ParallelReductionFactorInPlane": 2,
    "PartialFourier": 1,
    "PercentPhaseFOV": 100,
    "PhaseEncodingDirection": "j-",
    "PhaseEncodingSteps": 64,
    "PhaseResolution": 1,
    "PixelBandwidth": 1735,
    "PulseSequenceDetails": "%SiemensSeq%_ep2d_bold",
    "ReceiveCoilActiveElements": "HE1-4",
    "ReceiveCoilName": "HeadNeck_20",
    "ReconMatrixPE": 64,
    "RepetitionTime": 2,
    "SAR": 0.108161,
    "ScanOptions": "FS",
    "ScanningSequence": "EP",
    "SequenceName": "_epfid2d1_64",
    "SequenceVariant": "SK",
    "ShimSetting": [
      3239,
      10694,
      9910,
      409,
      161,
      394,
      823,
      -53
    ],
    "SliceThickness": 2,
    "SliceTiming": [
      1,
      0,
      1.055,
      0.0575,
      1.1125,
      0.1125,
      1.1675,
      0.1675,
      1.2225,
      0.2225,
      1.2775,
      0.2775,
      1.335,
      0.335,
      1.39,
      0.39,
      1.445,
      0.445,
      1.5,
      0.5,
      1.555,
      0.5575,
      1.6125,
      0.6125,
      1.6675,
      0.6675,
      1.7225,
      0.7225,
      1.7775,
      0.7775,
      1.8325,
      0.835,
      1.89,
      0.89,
      1.945,
      0.945
    ],
    "SoftwareVersions": "syngo_MR_D11",
    "SpacingBetweenSlices": 3,
    "TaskName": "Photographs task",
    "TotalReadoutTime": 0.0207902,
    "TxRefAmp": 323.331,
    "dataset": "ds001847",
    "modality": "bold",
    "run_id": 1,
    "subject_id": "04",
    "task_id": "photo"
  },
  "dummy_trs": 0,
  "dvars_nstd": 35.3132784022956,
  "dvars_std": 1.086776329999999,
  "dvars_vstd": 0.9457020173270441,
  "efc": 0.5827653452399902,
  "fber": 1001.6115112304688,
  "fd_mean": 0.13011068850439267,
  "fd_num": 43,
  "fd_perc": 13.47962382445141,
  "fwhm_avg": 1.5643,
  "fwhm_x": 1.49787,
  "fwhm_y": 1.66287,
  "fwhm_z": 1.53216,
  "gcor": 0.0174824,
  "gsr_x": 0.00251802708953619,
  "gsr_y": 0.04301254823803902,
  "provenance": {
    "md5sum": "17d3556e6e2b26624001c1de18707dbe",
    "settings": {
      "fd_thres": 0.2,
      "testing": false
    },
    "software": "mriqc",
    "version": "22.0.6",
    "webapi_port": null,
    "webapi_url": "https://mriqc.nimh.nih.gov/api/v1"
  },
  "size_t": 319,
  "size_x": 64,
  "size_y": 64,
  "size_z": 37,
  "snr": 6.624594508190639,
  "spacing_tr": 2.0,
  "spacing_x": 3.0,
  "spacing_y": 3.0,
  "spacing_z": 3.0,
  "summary_bg_k": 49.87471189237094,
  "summary_bg_mad": 12.771758109933444,
  "summary_bg_mean": 52.94279098510742,
  "summary_bg_median": 26.09090805053711,
  "summary_bg_n": 81970.0,
  "summary_bg_p05": 14.188087463378906,
  "summary_bg_p95": 182.028518676758,
  "summary_bg_stdv": 84.71810150146484,
  "summary_fg_k": 5.159587702883538,
  "summary_fg_mad": 114.41130197434029,
  "summary_fg_mean": 847.701416015625,
  "summary_fg_median": 834.7021484375,
  "summary_fg_n": 35885.0,
  "summary_fg_p05": 682.7116088867188,
  "summary_fg_p95": 1045.8194335937496,
  "summary_fg_stdv": 125.99873352050781,
  "tsnr": 37.243609759025276
}