{
  "aor": 0.004722425149700599,
  "aqi": 0.03045544640718563,
  "bids_meta": {
    "AcquisitionMatrixPE": 64,
    "BandwidthPerPixelPhaseEncode": 47.348,
    "BaseResolution": 64,
    "ConsistencyInfo": "N4_VD11D_LATEST_20110129",
    "ConversionSoftware": "dcm2niix",
    "ConversionSoftwareVersion": "v1.0.20180518 GCC4.8.5",
    "DerivedVendorReportedEchoSpacing": 0.000660007,
    "DwellTime": 4.5e-06,
    "EchoTime": 0.027,
    "EchoTrainLength": 32,
    "EffectiveEchoSpacing": 0.000330003,
    "FlipAngle": 71,
    "ImageOrientationPatientDICOM": [
      0.999639,
      -0.0145184,
      -0.0226153,
      0.0159076,
      0.997918,
      0.062509
    ],
    "ImageType": [
      "ORIGINAL",
      "PRIMARY",
      "M",
      "ND",
      "NORM",
      "MOSAIC"
    ],
    "InPlanePhaseEncodingDirectionDICOM": "COL",
    "MRAcquisitionType": "2D",
    "MagneticFieldStrength": 3,
    "Manufacturer": "Siemens",
    "ManufacturersModelName": "Skyra",
    "Modality": "MR",
    "ParallelReductionFactorInPlane": 2,
    "PartialFourier": 1,
    "PercentPhaseFOV": 100,
    "PhaseEncodingDirection": "j-",
    "PhaseEncodingSteps": 64,
    "PhaseResolution": 1,
    "PixelBandwidth": 1735,
    "PulseSequenceDetails": "%SiemensSeq%_ep2d_bold",
    "ReceiveCoilActiveElements": "HE1-4",
    "ReceiveCoilName": "HeadNeck_20",
    "ReconMatrixPE": 64,
    "RepetitionTime": 2,
    "SAR": 0.108161,
    "ScanOptions": "FS",
    "ScanningSequence": "EP",
    "SequenceName": "_epfid2d1_64",
    "SequenceVariant": "SK",
    "ShimSetting": [
      3239,
      10694,
      9910,
      409,
      161,
      394,
      823,
      -53
    ],
    "SliceThickness": 2,
    "SliceTiming": [
      1,
      0,
      1.055,
      0.0575,
      1.1125,
      0.1125,
      1.1675,
      0.1675,
      1.2225,
      0.2225,
      1.2775,
      0.2775,
      1.335,
      0.335,
      1.39,
      0.39,
      1.445,
      0.445,
      1.5,
      0.5,
      1.555,
      0.5575,
      1.6125,
      0.6125,
      1.6675,
      0.6675,
      1.7225,
      0.7225,
      1.7775,
      0.7775,
      1.8325,
      0.835,
      1.89,
      0.89,
      1.945,
      0.945
    ],
    "SoftwareVersions": "syngo_MR_D11",
    "SpacingBetweenSlices": 3,
    "TaskName": "Photographs task",
    "TotalReadoutTime": 0.0207902,
    "TxRefAmp": 323.331,
    "dataset": "ds001847",
    "modality": "bold",
    "run_id": 3,
    "subject_id": "04",
    "task_id": "photo"
  },
  "dummy_trs": 0,
  "dvars_nstd": 35.89811166993993,
  "dvars_std": 1.220423435735737,
  "dvars_vstd": 1.0462944203903901,
  "efc": 0.5862775161988121,
  "fber": 961.0629272460938,
  "fd_mean": 0.15566962715425617,
  "fd_num": 67,
  "fd_perc": 20.059880239520957,
  "fwhm_avg": 1.5543266666666666,
  "fwhm_x": 1.49256,
  "fwhm_y": 1.6460166666666665,
  "fwhm_z": 1.5244033333333336,
  "gcor": 0.0254053,
  "gsr_x": 0.0031884871423244476,
  "gsr_y": 0.04198285937309265,
  "provenance": {
    "md5sum": "66fda86f550a115508b8b5305a42fb1f",
    "settings": {
      "fd_thres": 0.2,
      "testing": false
    },
    "software": "mriqc",
    "version": "22.0.6",
    "webapi_port": null,
    "webapi_url": "https://mriqc.nimh.nih.gov/api/v1"
  },
  "size_t": 334,
  "size_x": 64,
  "size_y": 64,
  "size_z": 37,
  "snr": 6.635708029478945,
  "spacing_tr": 2.0,
  "spacing_x": 3.0,
  "spacing_y": 3.0,
  "spacing_z": 3.0,
  "summary_bg_k": 44.36129408449006,
  "summary_bg_mad": 13.374495092777144,
  "summary_bg_mean": 54.67369842529297,
  "summary_bg_median": 26.520959854125977,
  "summary_bg_n": 81704.0,
  "summary_bg_p05": 14.287425994873047,
  "summary_bg_p95": 190.38772735595626,
  "summary_bg_stdv": 86.86799621582031,
  "summary_fg_k": 4.596803145574474,
  "summary_fg_mad": 113.71642267527385,
  "summary_fg_mean": 844.4890747070312,
  "summary_fg_median": 831.4970092773438,
  "summary_fg_n": 36197.0,
  "summary_fg_p05": 679.9772583007813,
  "summary_fg_p95": 1044.80244140625,
  "summary_fg_stdv": 125.30471801757812,
  "tsnr": 37.52970932610333
}