{
  "aor": 0.0006419366197183097,
  "aqi": 0.011882473732394365,
  "bids_meta": {
    "AcquisitionMatrixPE": 64,
    "BandwidthPerPixelPhaseEncode": 47.348,
    "BaseResolution": 64,
    "ConsistencyInfo": "N4_VD11D_LATEST_20110129",
    "ConversionSoftware": "dcm2niix",
    "ConversionSoftwareVersion": "v1.0.20180518 GCC4.8.5",
    "DerivedVendorReportedEchoSpacing": 0.000660007,
    "DwellTime": 4.5e-06,
    "EchoTime": 0.027,
    "EchoTrainLength": 32,
    "EffectiveEchoSpacing": 0.000330003,
    "FlipAngle": 71,
    "ImageOrientationPatientDICOM": [
      0.999639,
      -0.0145184,
      -0.0226153,
      0.0159076,
      0.997918,
      0.062509
    ],
    "ImageType": [
      "ORIGINAL",
      "PRIMARY",
      "M",
      "ND",
      "NORM",
      "MOSAIC"
    ],
    "InPlanePhaseEncodingDirectionDICOM": "COL",
    "MRAcquisitionType": "2D",
    "MagneticFieldStrength": 3,
    "Manufacturer": "Siemens",
    "ManufacturersModelName": "Skyra",
    "Modality": "MR",
    "ParallelReductionFactorInPlane": 2,
    "PartialFourier": 1,
    "PercentPhaseFOV": 100,
    "PhaseEncodingDirection": "j-",
    "PhaseEncodingSteps": 64,
    "PhaseResolution": 1,
    "PixelBandwidth": 1735,
    "PulseSequenceDetails": "%SiemensSeq%_ep2d_bold",
    "ReceiveCoilActiveElements": "HE1-4",
    "ReceiveCoilName": "HeadNeck_20",
    "ReconMatrixPE": 64,
    "RepetitionTime": 2,
    "SAR": 0.108161,
    "ScanOptions": "FS",
    "ScanningSequence": "EP",
    "SequenceName": "_epfid2d1_64",
    "SequenceVariant": "SK",
    "ShimSetting": [
      3239,
      10694,
      9910,
      409,
      161,
      394,
      823,
      -53
    ],
    "SliceThickness": 2,
    "SliceTiming": [
      1,
      0,
      1.055,
      0.0575,
      1.1125,
      0.1125,
      1.1675,
      0.1675,
      1.2225,
      0.2225,
      1.2775,
      0.2775,
      1.335,
      0.335,
      1.39,
      0.39,
      1.445,
      0.445,
      1.5,
      0.5,
      1.555,
      0.5575,
      1.6125,
      0.6125,
      1.6675,
      0.6675,
      1.7225,
      0.7225,
      1.7775,
      0.7775,
      1.8325,
      0.835,
      1.89,
      0.89,
      1.945,
      0.945
    ],
    "SoftwareVersions": "syngo_MR_D11",
    "SpacingBetweenSlices": 3,
    "TaskName": "Photographs task",
    "TotalReadoutTime": 0.0207902,
    "TxRefAmp": 323.331,
    "dataset": "ds001847",
    "modality": "bold",
    "run_id": 4,
    "subject_id": "13",
    "task_id": "photo"
  },
  "dummy_trs": 0,
  "dvars_nstd": 31.399028488445218,
  "dvars_std": 1.1307549911307424,
  "dvars_vstd": 0.9961943777385166,
  "efc": 0.60237130818915,
  "fber": 790.317626953125,
  "fd_mean": 0.0514841193933483,
  "fd_num": 4,
  "fd_perc": 1.408450704225352,
  "fwhm_avg": 1.602077777777778,
  "fwhm_x": 1.5081300000000002,
  "fwhm_y": 1.7291966666666667,
  "fwhm_z": 1.5689066666666667,
  "gcor": 0.00412852,
  "gsr_x": -0.0025284697767347097,
  "gsr_y": 0.06313396990299225,
  "provenance": {
    "md5sum": "299e29ab12d2682bf5e3f01af0859938",
    "settings": {
      "fd_thres": 0.2,
      "testing": false
    },
    "software": "mriqc",
    "version": "22.0.6",
    "webapi_port": null,
    "webapi_url": "https://mriqc.nimh.nih.gov/api/v1"
  },
  "size_t": 284,
  "size_x": 64,
  "size_y": 64,
  "size_z": 37,
  "snr": 5.559195172711838,
  "spacing_tr": 2.0,
  "spacing_x": 3.0,
  "spacing_y": 3.0,
  "spacing_z": 3.0,
  "summary_bg_k": 30.06916376882228,
  "summary_bg_mad": 15.817903791642763,
  "summary_bg_mean": 59.20922088623047,
  "summary_bg_median": 27.753520965576172,
  "summary_bg_n": 78101.0,
  "summary_bg_p05": 14.521126747131348,
  "summary_bg_p95": 232.1443634033203,
  "summary_bg_stdv": 97.34646606445312,
  "summary_fg_k": 2.62803807830832,
  "summary_fg_mad": 132.04552695766805,
  "summary_fg_mean": 820.7025146484375,
  "summary_fg_median": 802.81689453125,
  "summary_fg_n": 38429.0,
  "summary_fg_p05": 632.7563232421875,
  "summary_fg_p95": 1073.824609375,
  "summary_fg_stdv": 144.41055297851562,
  "tsnr": 48.684926237910986
}