{
  "aor": 0.0005758333333333333,
  "aqi": 0.009281143143939392,
  "bids_meta": {
    "AcquisitionMatrixPE": 64,
    "BandwidthPerPixelPhaseEncode": 47.348,
    "BaseResolution": 64,
    "ConsistencyInfo": "N4_VD11D_LATEST_20110129",
    "ConversionSoftware": "dcm2niix",
    "ConversionSoftwareVersion": "v1.0.20180518 GCC4.8.5",
    "DerivedVendorReportedEchoSpacing": 0.000660007,
    "DwellTime": 4.5e-06,
    "EchoTime": 0.027,
    "EchoTrainLength": 32,
    "EffectiveEchoSpacing": 0.000330003,
    "FlipAngle": 71,
    "ImageOrientationPatientDICOM": [
      0.999639,
      -0.0145184,
      -0.0226153,
      0.0159076,
      0.997918,
      0.062509
    ],
    "ImageType": [
      "ORIGINAL",
      "PRIMARY",
      "M",
      "ND",
      "NORM",
      "MOSAIC"
    ],
    "InPlanePhaseEncodingDirectionDICOM": "COL",
    "MRAcquisitionType": "2D",
    "MagneticFieldStrength": 3,
    "Manufacturer": "Siemens",
    "ManufacturersModelName": "Skyra",
    "Modality": "MR",
    "ParallelReductionFactorInPlane": 2,
    "PartialFourier": 1,
    "PercentPhaseFOV": 100,
    "PhaseEncodingDirection": "j-",
    "PhaseEncodingSteps": 64,
    "PhaseResolution": 1,
    "PixelBandwidth": 1735,
    "PulseSequenceDetails": "%SiemensSeq%_ep2d_bold",
    "ReceiveCoilActiveElements": "HE1-4",
    "ReceiveCoilName": "HeadNeck_20",
    "ReconMatrixPE": 64,
    "RepetitionTime": 2,
    "SAR": 0.108161,
    "ScanOptions": "FS",
    "ScanningSequence": "EP",
    "SequenceName": "_epfid2d1_64",
    "SequenceVariant": "SK",
    "ShimSetting": [
      3239,
      10694,
      9910,
      409,
      161,
      394,
      823,
      -53
    ],
    "SliceThickness": 2,
    "SliceTiming": [
      1,
      0,
      1.055,
      0.0575,
      1.1125,
      0.1125,
      1.1675,
      0.1675,
      1.2225,
      0.2225,
      1.2775,
      0.2775,
      1.335,
      0.335,
      1.39,
      0.39,
      1.445,
      0.445,
      1.5,
      0.5,
      1.555,
      0.5575,
      1.6125,
      0.6125,
      1.6675,
      0.6675,
      1.7225,
      0.7225,
      1.7775,
      0.7775,
      1.8325,
      0.835,
      1.89,
      0.89,
      1.945,
      0.945
    ],
    "SoftwareVersions": "syngo_MR_D11",
    "SpacingBetweenSlices": 3,
    "TaskName": "Photographs task",
    "TotalReadoutTime": 0.0207902,
    "TxRefAmp": 323.331,
    "dataset": "ds001847",
    "modality": "bold",
    "run_id": 2,
    "subject_id": "13",
    "task_id": "photo"
  },
  "dummy_trs": 1,
  "dvars_nstd": 31.160887627414446,
  "dvars_std": 1.1424796360836509,
  "dvars_vstd": 1.004855912395437,
  "efc": 0.6024315048173642,
  "fber": 811.5712280273438,
  "fd_mean": 0.043752718276084145,
  "fd_num": 0,
  "fd_perc": 0.0,
  "fwhm_avg": 1.5904411111111114,
  "fwhm_x": 1.4933533333333333,
  "fwhm_y": 1.7125766666666669,
  "fwhm_z": 1.5653933333333334,
  "gcor": 0.00479055,
  "gsr_x": -0.001011818298138678,
  "gsr_y": 0.06002168357372284,
  "provenance": {
    "md5sum": "ae758c8825fe2da163ae214386bda70d",
    "settings": {
      "fd_thres": 0.2,
      "testing": false
    },
    "software": "mriqc",
    "version": "22.0.6",
    "webapi_port": null,
    "webapi_url": "https://mriqc.nimh.nih.gov/api/v1"
  },
  "size_t": 264,
  "size_x": 64,
  "size_y": 64,
  "size_z": 37,
  "snr": 5.575125153795113,
  "spacing_tr": 2.0,
  "spacing_x": 3.0,
  "spacing_y": 3.0,
  "spacing_z": 3.0,
  "summary_bg_k": 29.350201138967975,
  "summary_bg_mad": 15.859351432474972,
  "summary_bg_mean": 59.646934509277344,
  "summary_bg_median": 27.628787994384766,
  "summary_bg_n": 77879.0,
  "summary_bg_p05": 14.386363983154297,
  "summary_bg_p95": 233.07160339355406,
  "summary_bg_stdv": 99.44684600830078,
  "summary_fg_k": 2.5888243599792284,
  "summary_fg_mad": 134.9420488334094,
  "summary_fg_mean": 825.1717529296875,
  "summary_fg_median": 807.9829711914062,
  "summary_fg_n": 38500.0,
  "summary_fg_p05": 636.5731536865235,
  "summary_fg_p95": 1077.2229492187498,
  "summary_fg_stdv": 144.92454528808594,
  "tsnr": 52.64910499751568
}