{
  "aor": 0.0007497735849056603,
  "aqi": 0.010629552075471699,
  "bids_meta": {
    "AcquisitionMatrixPE": 64,
    "BandwidthPerPixelPhaseEncode": 47.348,
    "BaseResolution": 64,
    "ConsistencyInfo": "N4_VD11D_LATEST_20110129",
    "ConversionSoftware": "dcm2niix",
    "ConversionSoftwareVersion": "v1.0.20180518 GCC4.8.5",
    "DerivedVendorReportedEchoSpacing": 0.000660007,
    "DwellTime": 4.5e-06,
    "EchoTime": 0.027,
    "EchoTrainLength": 32,
    "EffectiveEchoSpacing": 0.000330003,
    "FlipAngle": 71,
    "ImageOrientationPatientDICOM": [
      0.999639,
      -0.0145184,
      -0.0226153,
      0.0159076,
      0.997918,
      0.062509
    ],
    "ImageType": [
      "ORIGINAL",
      "PRIMARY",
      "M",
      "ND",
      "NORM",
      "MOSAIC"
    ],
    "InPlanePhaseEncodingDirectionDICOM": "COL",
    "MRAcquisitionType": "2D",
    "MagneticFieldStrength": 3,
    "Manufacturer": "Siemens",
    "ManufacturersModelName": "Skyra",
    "Modality": "MR",
    "ParallelReductionFactorInPlane": 2,
    "PartialFourier": 1,
    "PercentPhaseFOV": 100,
    "PhaseEncodingDirection": "j-",
    "PhaseEncodingSteps": 64,
    "PhaseResolution": 1,
    "PixelBandwidth": 1735,
    "PulseSequenceDetails": "%SiemensSeq%_ep2d_bold",
    "ReceiveCoilActiveElements": "HE1-4",
    "ReceiveCoilName": "HeadNeck_20",
    "ReconMatrixPE": 64,
    "RepetitionTime": 2,
    "SAR": 0.108161,
    "ScanOptions": "FS",
    "ScanningSequence": "EP",
    "SequenceName": "_epfid2d1_64",
    "SequenceVariant": "SK",
    "ShimSetting": [
      3239,
      10694,
      9910,
      409,
      161,
      394,
      823,
      -53
    ],
    "SliceThickness": 2,
    "SliceTiming": [
      1,
      0,
      1.055,
      0.0575,
      1.1125,
      0.1125,
      1.1675,
      0.1675,
      1.2225,
      0.2225,
      1.2775,
      0.2775,
      1.335,
      0.335,
      1.39,
      0.39,
      1.445,
      0.445,
      1.5,
      0.5,
      1.555,
      0.5575,
      1.6125,
      0.6125,
      1.6675,
      0.6675,
      1.7225,
      0.7225,
      1.7775,
      0.7775,
      1.8325,
      0.835,
      1.89,
      0.89,
      1.945,
      0.945
    ],
    "SoftwareVersions": "syngo_MR_D11",
    "SpacingBetweenSlices": 3,
    "TaskName": "Photographs task",
    "TotalReadoutTime": 0.0207902,
    "TxRefAmp": 323.331,
    "dataset": "ds001847",
    "modality": "bold",
    "run_id": 3,
    "subject_id": "13",
    "task_id": "photo"
  },
  "dummy_trs": 0,
  "dvars_nstd": 31.37529810965909,
  "dvars_std": 1.1458654265530304,
  "dvars_vstd": 1.0049102248484845,
  "efc": 0.6027488908824552,
  "fber": 795.0808715820312,
  "fd_mean": 0.04918553238799249,
  "fd_num": 2,
  "fd_perc": 0.7547169811320755,
  "fwhm_avg": 1.5961433333333337,
  "fwhm_x": 1.5025933333333334,
  "fwhm_y": 1.72395,
  "fwhm_z": 1.5618866666666669,
  "gcor": 0.00808492,
  "gsr_x": -0.0016665547154843807,
  "gsr_y": 0.06257647275924683,
  "provenance": {
    "md5sum": "b1a64c00651f96664edb9d740656578f",
    "settings": {
      "fd_thres": 0.2,
      "testing": false
    },
    "software": "mriqc",
    "version": "22.0.6",
    "webapi_port": null,
    "webapi_url": "https://mriqc.nimh.nih.gov/api/v1"
  },
  "size_t": 265,
  "size_x": 64,
  "size_y": 64,
  "size_z": 37,
  "snr": 5.550097186274448,
  "spacing_tr": 2.0,
  "spacing_x": 3.0,
  "spacing_y": 3.0,
  "spacing_z": 3.0,
  "summary_bg_k": 29.206686446057404,
  "summary_bg_mad": 15.8162890953942,
  "summary_bg_mean": 59.68857955932617,
  "summary_bg_median": 27.811321258544922,
  "summary_bg_n": 77965.0,
  "summary_bg_p05": 14.505661010742188,
  "summary_bg_p95": 237.56000366210947,
  "summary_bg_stdv": 98.25335693359375,
  "summary_fg_k": 2.6144767972205614,
  "summary_fg_mad": 133.41460839473353,
  "summary_fg_mean": 823.108642578125,
  "summary_fg_median": 805.6132202148438,
  "summary_fg_n": 38490.0,
  "summary_fg_p05": 633.8186645507812,
  "summary_fg_p95": 1078.125622558593,
  "summary_fg_stdv": 145.15110778808594,
  "tsnr": 50.91819145856425
}