{
  "aor": 0.0008686850152905199,
  "aqi": 0.018066661681957186,
  "bids_meta": {
    "AcquisitionMatrixPE": 64,
    "BandwidthPerPixelPhaseEncode": 47.348,
    "BaseResolution": 64,
    "ConsistencyInfo": "N4_VD11D_LATEST_20110129",
    "ConversionSoftware": "dcm2niix",
    "ConversionSoftwareVersion": "v1.0.20180518 GCC4.8.5",
    "DerivedVendorReportedEchoSpacing": 0.000660007,
    "DwellTime": 4.5e-06,
    "EchoTime": 0.027,
    "EchoTrainLength": 32,
    "EffectiveEchoSpacing": 0.000330003,
    "FlipAngle": 71,
    "ImageOrientationPatientDICOM": [
      0.999639,
      -0.0145184,
      -0.0226153,
      0.0159076,
      0.997918,
      0.062509
    ],
    "ImageType": [
      "ORIGINAL",
      "PRIMARY",
      "M",
      "ND",
      "NORM",
      "MOSAIC"
    ],
    "InPlanePhaseEncodingDirectionDICOM": "COL",
    "MRAcquisitionType": "2D",
    "MagneticFieldStrength": 3,
    "Manufacturer": "Siemens",
    "ManufacturersModelName": "Skyra",
    "Modality": "MR",
    "ParallelReductionFactorInPlane": 2,
    "PartialFourier": 1,
    "PercentPhaseFOV": 100,
    "PhaseEncodingDirection": "j-",
    "PhaseEncodingSteps": 64,
    "PhaseResolution": 1,
    "PixelBandwidth": 1735,
    "PulseSequenceDetails": "%SiemensSeq%_ep2d_bold",
    "ReceiveCoilActiveElements": "HE1-4",
    "ReceiveCoilName": "HeadNeck_20",
    "ReconMatrixPE": 64,
    "RepetitionTime": 2,
    "SAR": 0.108161,
    "ScanOptions": "FS",
    "ScanningSequence": "EP",
    "SequenceName": "_epfid2d1_64",
    "SequenceVariant": "SK",
    "ShimSetting": [
      3239,
      10694,
      9910,
      409,
      161,
      394,
      823,
      -53
    ],
    "SliceThickness": 2,
    "SliceTiming": [
      1,
      0,
      1.055,
      0.0575,
      1.1125,
      0.1125,
      1.1675,
      0.1675,
      1.2225,
      0.2225,
      1.2775,
      0.2775,
      1.335,
      0.335,
      1.39,
      0.39,
      1.445,
      0.445,
      1.5,
      0.5,
      1.555,
      0.5575,
      1.6125,
      0.6125,
      1.6675,
      0.6675,
      1.7225,
      0.7225,
      1.7775,
      0.7775,
      1.8325,
      0.835,
      1.89,
      0.89,
      1.945,
      0.945
    ],
    "SoftwareVersions": "syngo_MR_D11",
    "SpacingBetweenSlices": 3,
    "TaskName": "Photographs task",
    "TotalReadoutTime": 0.0207902,
    "TxRefAmp": 323.331,
    "dataset": "ds001847",
    "modality": "bold",
    "run_id": 1,
    "subject_id": "18",
    "task_id": "photo"
  },
  "dummy_trs": 0,
  "dvars_nstd": 37.11212602294479,
  "dvars_std": 1.2173561220245397,
  "dvars_vstd": 0.9944355152453992,
  "efc": 0.5865058427982307,
  "fber": 947.78173828125,
  "fd_mean": 0.09599454067227446,
  "fd_num": 20,
  "fd_perc": 6.116207951070336,
  "fwhm_avg": 1.5797477777777778,
  "fwhm_x": 1.4769466666666666,
  "fwhm_y": 1.7074166666666668,
  "fwhm_z": 1.55488,
  "gcor": 0.0106811,
  "gsr_x": 0.005783495958894491,
  "gsr_y": 0.03394186124205589,
  "provenance": {
    "md5sum": "a164a2c4566d0c810d157782766ca6f2",
    "settings": {
      "fd_thres": 0.2,
      "testing": false
    },
    "software": "mriqc",
    "version": "22.0.6",
    "webapi_port": null,
    "webapi_url": "https://mriqc.nimh.nih.gov/api/v1"
  },
  "size_t": 327,
  "size_x": 64,
  "size_y": 64,
  "size_z": 37,
  "snr": 6.2765355099258455,
  "spacing_tr": 2.0,
  "spacing_x": 3.0,
  "spacing_y": 3.0,
  "spacing_z": 3.0,
  "summary_bg_k": 24.405787456642102,
  "summary_bg_mad": 13.90109815775733,
  "summary_bg_mean": 51.457427978515625,
  "summary_bg_median": 25.91131591796875,
  "summary_bg_n": 81405.0,
  "summary_bg_p05": 13.675841331481934,
  "summary_bg_p95": 170.99571838378913,
  "summary_bg_stdv": 76.50299835205078,
  "summary_fg_k": 5.458856648701245,
  "summary_fg_mad": 111.66897652073845,
  "summary_fg_mean": 820.7410278320312,
  "summary_fg_median": 806.458740234375,
  "summary_fg_n": 36710.0,
  "summary_fg_p05": 657.9484832763671,
  "summary_fg_p95": 1023.3584381103512,
  "summary_fg_stdv": 128.4861297607422,
  "tsnr": 45.69888384139631
}