{
  "aor": 0.0012958843537414963,
  "aqi": 0.016078331326530613,
  "bids_meta": {
    "AcquisitionMatrixPE": 64,
    "BandwidthPerPixelPhaseEncode": 47.348,
    "BaseResolution": 64,
    "ConsistencyInfo": "N4_VD11D_LATEST_20110129",
    "ConversionSoftware": "dcm2niix",
    "ConversionSoftwareVersion": "v1.0.20180518 GCC4.8.5",
    "DerivedVendorReportedEchoSpacing": 0.000660007,
    "DwellTime": 4.5e-06,
    "EchoTime": 0.027,
    "EchoTrainLength": 32,
    "EffectiveEchoSpacing": 0.000330003,
    "FlipAngle": 71,
    "ImageOrientationPatientDICOM": [
      0.999639,
      -0.0145184,
      -0.0226153,
      0.0159076,
      0.997918,
      0.062509
    ],
    "ImageType": [
      "ORIGINAL",
      "PRIMARY",
      "M",
      "ND",
      "NORM",
      "MOSAIC"
    ],
    "InPlanePhaseEncodingDirectionDICOM": "COL",
    "MRAcquisitionType": "2D",
    "MagneticFieldStrength": 3,
    "Manufacturer": "Siemens",
    "ManufacturersModelName": "Skyra",
    "Modality": "MR",
    "ParallelReductionFactorInPlane": 2,
    "PartialFourier": 1,
    "PercentPhaseFOV": 100,
    "PhaseEncodingDirection": "j-",
    "PhaseEncodingSteps": 64,
    "PhaseResolution": 1,
    "PixelBandwidth": 1735,
    "PulseSequenceDetails": "%SiemensSeq%_ep2d_bold",
    "ReceiveCoilActiveElements": "HE1-4",
    "ReceiveCoilName": "HeadNeck_20",
    "ReconMatrixPE": 64,
    "RepetitionTime": 2,
    "SAR": 0.108161,
    "ScanOptions": "FS",
    "ScanningSequence": "EP",
    "SequenceName": "_epfid2d1_64",
    "SequenceVariant": "SK",
    "ShimSetting": [
      3239,
      10694,
      9910,
      409,
      161,
      394,
      823,
      -53
    ],
    "SliceThickness": 2,
    "SliceTiming": [
      1,
      0,
      1.055,
      0.0575,
      1.1125,
      0.1125,
      1.1675,
      0.1675,
      1.2225,
      0.2225,
      1.2775,
      0.2775,
      1.335,
      0.335,
      1.39,
      0.39,
      1.445,
      0.445,
      1.5,
      0.5,
      1.555,
      0.5575,
      1.6125,
      0.6125,
      1.6675,
      0.6675,
      1.7225,
      0.7225,
      1.7775,
      0.7775,
      1.8325,
      0.835,
      1.89,
      0.89,
      1.945,
      0.945
    ],
    "SoftwareVersions": "syngo_MR_D11",
    "SpacingBetweenSlices": 3,
    "TaskName": "Photographs task",
    "TotalReadoutTime": 0.0207902,
    "TxRefAmp": 323.331,
    "dataset": "ds001847",
    "modality": "bold",
    "run_id": 3,
    "subject_id": "18",
    "task_id": "photo"
  },
  "dummy_trs": 0,
  "dvars_nstd": 36.650471775017074,
  "dvars_std": 1.2147705751877131,
  "dvars_vstd": 1.0107611625255974,
  "efc": 0.588012966589512,
  "fber": 951.8052368164062,
  "fd_mean": 0.1330024812431294,
  "fd_num": 47,
  "fd_perc": 15.986394557823129,
  "fwhm_avg": 1.5657655555555554,
  "fwhm_x": 1.4938933333333333,
  "fwhm_y": 1.6984466666666667,
  "fwhm_z": 1.5049566666666667,
  "gcor": 0.0106166,
  "gsr_x": 0.006668084766715765,
  "gsr_y": 0.03472490236163139,
  "provenance": {
    "md5sum": "a33c0e09fd39fa4328a376785be69dd2",
    "settings": {
      "fd_thres": 0.2,
      "testing": false
    },
    "software": "mriqc",
    "version": "22.0.6",
    "webapi_port": null,
    "webapi_url": "https://mriqc.nimh.nih.gov/api/v1"
  },
  "size_t": 294,
  "size_x": 64,
  "size_y": 64,
  "size_z": 37,
  "snr": 6.237474171516263,
  "spacing_tr": 2.0,
  "spacing_x": 3.0,
  "spacing_y": 3.0,
  "spacing_z": 3.0,
  "summary_bg_k": 22.924589626472162,
  "summary_bg_mad": 13.643470684851724,
  "summary_bg_mean": 52.38801956176758,
  "summary_bg_median": 25.777210235595703,
  "summary_bg_n": 81328.0,
  "summary_bg_p05": 13.766496133804322,
  "summary_bg_p95": 176.86155548095698,
  "summary_bg_stdv": 78.5396499633789,
  "summary_fg_k": 5.258398245303754,
  "summary_fg_mad": 110.79424664127164,
  "summary_fg_mean": 817.6148071289062,
  "summary_fg_median": 803.4931640625,
  "summary_fg_n": 36808.0,
  "summary_fg_p05": 654.8827972412109,
  "summary_fg_p95": 1022.3455780029298,
  "summary_fg_stdv": 128.81532287597656,
  "tsnr": 45.905570445000194
}