{
  "aor": 0.0037984172661870495,
  "aqi": 0.020970546043165467,
  "bids_meta": {
    "AcquisitionMatrixPE": 64,
    "BandwidthPerPixelPhaseEncode": 47.348,
    "BaseResolution": 64,
    "ConsistencyInfo": "N4_VD11D_LATEST_20110129",
    "ConversionSoftware": "dcm2niix",
    "ConversionSoftwareVersion": "v1.0.20180518 GCC4.8.5",
    "DerivedVendorReportedEchoSpacing": 0.000660007,
    "DwellTime": 4.5e-06,
    "EchoTime": 0.027,
    "EchoTrainLength": 32,
    "EffectiveEchoSpacing": 0.000330003,
    "FlipAngle": 71,
    "ImageOrientationPatientDICOM": [
      0.999639,
      -0.0145184,
      -0.0226153,
      0.0159076,
      0.997918,
      0.062509
    ],
    "ImageType": [
      "ORIGINAL",
      "PRIMARY",
      "M",
      "ND",
      "NORM",
      "MOSAIC"
    ],
    "InPlanePhaseEncodingDirectionDICOM": "COL",
    "MRAcquisitionType": "2D",
    "MagneticFieldStrength": 3,
    "Manufacturer": "Siemens",
    "ManufacturersModelName": "Skyra",
    "Modality": "MR",
    "ParallelReductionFactorInPlane": 2,
    "PartialFourier": 1,
    "PercentPhaseFOV": 100,
    "PhaseEncodingDirection": "j-",
    "PhaseEncodingSteps": 64,
    "PhaseResolution": 1,
    "PixelBandwidth": 1735,
    "PulseSequenceDetails": "%SiemensSeq%_ep2d_bold",
    "ReceiveCoilActiveElements": "HE1-4",
    "ReceiveCoilName": "HeadNeck_20",
    "ReconMatrixPE": 64,
    "RepetitionTime": 2,
    "SAR": 0.108161,
    "ScanOptions": "FS",
    "ScanningSequence": "EP",
    "SequenceName": "_epfid2d1_64",
    "SequenceVariant": "SK",
    "ShimSetting": [
      3239,
      10694,
      9910,
      409,
      161,
      394,
      823,
      -53
    ],
    "SliceThickness": 2,
    "SliceTiming": [
      1,
      0,
      1.055,
      0.0575,
      1.1125,
      0.1125,
      1.1675,
      0.1675,
      1.2225,
      0.2225,
      1.2775,
      0.2775,
      1.335,
      0.335,
      1.39,
      0.39,
      1.445,
      0.445,
      1.5,
      0.5,
      1.555,
      0.5575,
      1.6125,
      0.6125,
      1.6675,
      0.6675,
      1.7225,
      0.7225,
      1.7775,
      0.7775,
      1.8325,
      0.835,
      1.89,
      0.89,
      1.945,
      0.945
    ],
    "SoftwareVersions": "syngo_MR_D11",
    "SpacingBetweenSlices": 3,
    "TaskName": "Photographs task",
    "TotalReadoutTime": 0.0207902,
    "TxRefAmp": 323.331,
    "dataset": "ds001847",
    "modality": "bold",
    "run_id": 2,
    "subject_id": "18",
    "task_id": "photo"
  },
  "dummy_trs": 0,
  "dvars_nstd": 36.62724955581225,
  "dvars_std": 1.2492598358483762,
  "dvars_vstd": 1.0399923651624545,
  "efc": 0.5876398000680582,
  "fber": 964.5285034179688,
  "fd_mean": 0.12303427765545501,
  "fd_num": 35,
  "fd_perc": 12.589928057553957,
  "fwhm_avg": 1.5891322222222222,
  "fwhm_x": 1.5049933333333334,
  "fwhm_y": 1.70674,
  "fwhm_z": 1.5556633333333334,
  "gcor": 0.00764121,
  "gsr_x": 0.006190398242324591,
  "gsr_y": 0.03421901538968086,
  "provenance": {
    "md5sum": "12218184e926a42001af9f2e96d6a934",
    "settings": {
      "fd_thres": 0.2,
      "testing": false
    },
    "software": "mriqc",
    "version": "22.0.6",
    "webapi_port": null,
    "webapi_url": "https://mriqc.nimh.nih.gov/api/v1"
  },
  "size_t": 278,
  "size_x": 64,
  "size_y": 64,
  "size_z": 37,
  "snr": 6.226935659756952,
  "spacing_tr": 2.0,
  "spacing_x": 3.0,
  "spacing_y": 3.0,
  "spacing_z": 3.0,
  "summary_bg_k": 23.100234422354543,
  "summary_bg_mad": 13.706070563756178,
  "summary_bg_mean": 52.2591438293457,
  "summary_bg_median": 25.76618766784668,
  "summary_bg_n": 81299.0,
  "summary_bg_p05": 13.712230682373047,
  "summary_bg_p95": 177.90684509277278,
  "summary_bg_stdv": 78.01563262939453,
  "summary_fg_k": 5.553808738811286,
  "summary_fg_mad": 111.55242429555321,
  "summary_fg_mean": 821.000244140625,
  "summary_fg_median": 806.4424438476562,
  "summary_fg_n": 36828.0,
  "summary_fg_p05": 657.9030731201171,
  "summary_fg_p95": 1027.0011047363284,
  "summary_fg_stdv": 129.5069580078125,
  "tsnr": 43.740465869545005
}