{
  "aor": 0.004529357142857142,
  "aqi": 0.038691465714285715,
  "bids_meta": {
    "AcquisitionMatrixPE": 64,
    "BandwidthPerPixelPhaseEncode": 47.348,
    "BaseResolution": 64,
    "ConsistencyInfo": "N4_VD11D_LATEST_20110129",
    "ConversionSoftware": "dcm2niix",
    "ConversionSoftwareVersion": "v1.0.20180518 GCC4.8.5",
    "DerivedVendorReportedEchoSpacing": 0.000660007,
    "DwellTime": 4.5e-06,
    "EchoTime": 0.027,
    "EchoTrainLength": 32,
    "EffectiveEchoSpacing": 0.000330003,
    "FlipAngle": 71,
    "ImageOrientationPatientDICOM": [
      0.999639,
      -0.0145184,
      -0.0226153,
      0.0159076,
      0.997918,
      0.062509
    ],
    "ImageType": [
      "ORIGINAL",
      "PRIMARY",
      "M",
      "ND",
      "NORM",
      "MOSAIC"
    ],
    "InPlanePhaseEncodingDirectionDICOM": "COL",
    "MRAcquisitionType": "2D",
    "MagneticFieldStrength": 3,
    "Manufacturer": "Siemens",
    "ManufacturersModelName": "Skyra",
    "Modality": "MR",
    "ParallelReductionFactorInPlane": 2,
    "PartialFourier": 1,
    "PercentPhaseFOV": 100,
    "PhaseEncodingDirection": "j-",
    "PhaseEncodingSteps": 64,
    "PhaseResolution": 1,
    "PixelBandwidth": 1735,
    "PulseSequenceDetails": "%SiemensSeq%_ep2d_bold",
    "ReceiveCoilActiveElements": "HE1-4",
    "ReceiveCoilName": "HeadNeck_20",
    "ReconMatrixPE": 64,
    "RepetitionTime": 2,
    "SAR": 0.108161,
    "ScanOptions": "FS",
    "ScanningSequence": "EP",
    "SequenceName": "_epfid2d1_64",
    "SequenceVariant": "SK",
    "ShimSetting": [
      3239,
      10694,
      9910,
      409,
      161,
      394,
      823,
      -53
    ],
    "SliceThickness": 2,
    "SliceTiming": [
      1,
      0,
      1.055,
      0.0575,
      1.1125,
      0.1125,
      1.1675,
      0.1675,
      1.2225,
      0.2225,
      1.2775,
      0.2775,
      1.335,
      0.335,
      1.39,
      0.39,
      1.445,
      0.445,
      1.5,
      0.5,
      1.555,
      0.5575,
      1.6125,
      0.6125,
      1.6675,
      0.6675,
      1.7225,
      0.7225,
      1.7775,
      0.7775,
      1.8325,
      0.835,
      1.89,
      0.89,
      1.945,
      0.945
    ],
    "SoftwareVersions": "syngo_MR_D11",
    "SpacingBetweenSlices": 3,
    "TaskName": "Photographs task",
    "TotalReadoutTime": 0.0207902,
    "TxRefAmp": 323.331,
    "dataset": "ds001847",
    "modality": "bold",
    "run_id": 4,
    "subject_id": "18",
    "task_id": "photo"
  },
  "dummy_trs": 0,
  "dvars_nstd": 37.518265584121885,
  "dvars_std": 1.1769765098207896,
  "dvars_vstd": 0.982594555698924,
  "efc": 0.5903248851272589,
  "fber": 899.4117431640625,
  "fd_mean": 0.13050228414893933,
  "fd_num": 47,
  "fd_perc": 16.785714285714285,
  "fwhm_avg": 1.5931744444444444,
  "fwhm_x": 1.5035800000000001,
  "fwhm_y": 1.7364833333333334,
  "fwhm_z": 1.53946,
  "gcor": 0.00824227,
  "gsr_x": 0.005246239248663187,
  "gsr_y": 0.033902719616889954,
  "provenance": {
    "md5sum": "2e050e36f135d09b9abb8bc6ef3bf8b2",
    "settings": {
      "fd_thres": 0.2,
      "testing": false
    },
    "software": "mriqc",
    "version": "22.0.6",
    "webapi_port": null,
    "webapi_url": "https://mriqc.nimh.nih.gov/api/v1"
  },
  "size_t": 280,
  "size_x": 64,
  "size_y": 64,
  "size_z": 37,
  "snr": 6.447071751108446,
  "spacing_tr": 2.0,
  "spacing_x": 3.0,
  "spacing_y": 3.0,
  "spacing_z": 3.0,
  "summary_bg_k": 22.4543406820162,
  "summary_bg_mad": 14.47655214689501,
  "summary_bg_mean": 53.38984680175781,
  "summary_bg_median": 26.496429443359375,
  "summary_bg_n": 81315.0,
  "summary_bg_p05": 13.975000381469727,
  "summary_bg_p95": 181.42214660644535,
  "summary_bg_stdv": 78.84842681884766,
  "summary_fg_k": 5.448292425386992,
  "summary_fg_mad": 109.21481920463853,
  "summary_fg_mean": 816.7570190429688,
  "summary_fg_median": 804.169677734375,
  "summary_fg_n": 36880.0,
  "summary_fg_p05": 658.5096710205078,
  "summary_fg_p95": 1010.5966125488281,
  "summary_fg_stdv": 124.73240661621094,
  "tsnr": 33.99914003536105
}