{
  "aor": 0.0005913235294117647,
  "aqi": 0.01919907308823529,
  "bids_meta": {
    "AcquisitionMatrixPE": 64,
    "BandwidthPerPixelPhaseEncode": 47.348,
    "BaseResolution": 64,
    "ConsistencyInfo": "N4_VD11D_LATEST_20110129",
    "ConversionSoftware": "dcm2niix",
    "ConversionSoftwareVersion": "v1.0.20180518 GCC4.8.5",
    "DerivedVendorReportedEchoSpacing": 0.000660007,
    "DwellTime": 4.5e-06,
    "EchoTime": 0.027,
    "EchoTrainLength": 32,
    "EffectiveEchoSpacing": 0.000330003,
    "FlipAngle": 71,
    "ImageOrientationPatientDICOM": [
      0.999639,
      -0.0145184,
      -0.0226153,
      0.0159076,
      0.997918,
      0.062509
    ],
    "ImageType": [
      "ORIGINAL",
      "PRIMARY",
      "M",
      "ND",
      "NORM",
      "MOSAIC"
    ],
    "InPlanePhaseEncodingDirectionDICOM": "COL",
    "MRAcquisitionType": "2D",
    "MagneticFieldStrength": 3,
    "Manufacturer": "Siemens",
    "ManufacturersModelName": "Skyra",
    "Modality": "MR",
    "ParallelReductionFactorInPlane": 2,
    "PartialFourier": 1,
    "PercentPhaseFOV": 100,
    "PhaseEncodingDirection": "j-",
    "PhaseEncodingSteps": 64,
    "PhaseResolution": 1,
    "PixelBandwidth": 1735,
    "PulseSequenceDetails": "%SiemensSeq%_ep2d_bold",
    "ReceiveCoilActiveElements": "HE1-4",
    "ReceiveCoilName": "HeadNeck_20",
    "ReconMatrixPE": 64,
    "RepetitionTime": 2,
    "SAR": 0.108161,
    "ScanOptions": "FS",
    "ScanningSequence": "EP",
    "SequenceName": "_epfid2d1_64",
    "SequenceVariant": "SK",
    "ShimSetting": [
      3239,
      10694,
      9910,
      409,
      161,
      394,
      823,
      -53
    ],
    "SliceThickness": 2,
    "SliceTiming": [
      1,
      0,
      1.055,
      0.0575,
      1.1125,
      0.1125,
      1.1675,
      0.1675,
      1.2225,
      0.2225,
      1.2775,
      0.2775,
      1.335,
      0.335,
      1.39,
      0.39,
      1.445,
      0.445,
      1.5,
      0.5,
      1.555,
      0.5575,
      1.6125,
      0.6125,
      1.6675,
      0.6675,
      1.7225,
      0.7225,
      1.7775,
      0.7775,
      1.8325,
      0.835,
      1.89,
      0.89,
      1.945,
      0.945
    ],
    "SoftwareVersions": "syngo_MR_D11",
    "SpacingBetweenSlices": 3,
    "TaskName": "Photographs task",
    "TotalReadoutTime": 0.0207902,
    "TxRefAmp": 323.331,
    "dataset": "ds001847",
    "modality": "bold",
    "run_id": 3,
    "subject_id": "15",
    "task_id": "photo"
  },
  "dummy_trs": 1,
  "dvars_nstd": 28.303710536420667,
  "dvars_std": 1.0703970806642065,
  "dvars_vstd": 0.9707075112546125,
  "efc": 0.6011907182475094,
  "fber": 868.5504760742188,
  "fd_mean": 0.08213646676009982,
  "fd_num": 10,
  "fd_perc": 3.676470588235294,
  "fwhm_avg": 1.5712111111111111,
  "fwhm_x": 1.5153366666666666,
  "fwhm_y": 1.6518433333333336,
  "fwhm_z": 1.5464533333333332,
  "gcor": 0.00558852,
  "gsr_x": 0.013576345518231392,
  "gsr_y": 0.025660807266831398,
  "provenance": {
    "md5sum": "9d8560205ef4b92c95f56facff638b6e",
    "settings": {
      "fd_thres": 0.2,
      "testing": false
    },
    "software": "mriqc",
    "version": "22.0.6",
    "webapi_port": null,
    "webapi_url": "https://mriqc.nimh.nih.gov/api/v1"
  },
  "size_t": 272,
  "size_x": 64,
  "size_y": 64,
  "size_z": 37,
  "snr": 6.841338203547095,
  "spacing_tr": 2.0,
  "spacing_x": 3.0,
  "spacing_y": 3.0,
  "spacing_z": 3.0,
  "summary_bg_k": 31.06549799609372,
  "summary_bg_mad": 16.281371102168404,
  "summary_bg_mean": 60.30320739746094,
  "summary_bg_median": 28.428308486938477,
  "summary_bg_n": 78920.0,
  "summary_bg_p05": 14.477941513061523,
  "summary_bg_p95": 229.09210281372071,
  "summary_bg_stdv": 95.65489959716797,
  "summary_fg_k": 6.018835293093488,
  "summary_fg_mad": 107.69307969002065,
  "summary_fg_mean": 866.0403442382812,
  "summary_fg_median": 854.7334594726562,
  "summary_fg_n": 37978.0,
  "summary_fg_p05": 705.7739074707031,
  "summary_fg_p95": 1058.4892944335938,
  "summary_fg_stdv": 124.93494415283203,
  "tsnr": 48.99067101278342
}