{
  "aor": 0.002098069498069498,
  "aqi": 0.024235109691119694,
  "bids_meta": {
    "AcquisitionMatrixPE": 64,
    "BandwidthPerPixelPhaseEncode": 47.348,
    "BaseResolution": 64,
    "ConsistencyInfo": "N4_VD11D_LATEST_20110129",
    "ConversionSoftware": "dcm2niix",
    "ConversionSoftwareVersion": "v1.0.20180518 GCC4.8.5",
    "DerivedVendorReportedEchoSpacing": 0.000660007,
    "DwellTime": 4.5e-06,
    "EchoTime": 0.027,
    "EchoTrainLength": 32,
    "EffectiveEchoSpacing": 0.000330003,
    "FlipAngle": 71,
    "ImageOrientationPatientDICOM": [
      0.999639,
      -0.0145184,
      -0.0226153,
      0.0159076,
      0.997918,
      0.062509
    ],
    "ImageType": [
      "ORIGINAL",
      "PRIMARY",
      "M",
      "ND",
      "NORM",
      "MOSAIC"
    ],
    "InPlanePhaseEncodingDirectionDICOM": "COL",
    "MRAcquisitionType": "2D",
    "MagneticFieldStrength": 3,
    "Manufacturer": "Siemens",
    "ManufacturersModelName": "Skyra",
    "Modality": "MR",
    "ParallelReductionFactorInPlane": 2,
    "PartialFourier": 1,
    "PercentPhaseFOV": 100,
    "PhaseEncodingDirection": "j-",
    "PhaseEncodingSteps": 64,
    "PhaseResolution": 1,
    "PixelBandwidth": 1735,
    "PulseSequenceDetails": "%SiemensSeq%_ep2d_bold",
    "ReceiveCoilActiveElements": "HE1-4",
    "ReceiveCoilName": "HeadNeck_20",
    "ReconMatrixPE": 64,
    "RepetitionTime": 2,
    "SAR": 0.108161,
    "ScanOptions": "FS",
    "ScanningSequence": "EP",
    "SequenceName": "_epfid2d1_64",
    "SequenceVariant": "SK",
    "ShimSetting": [
      3239,
      10694,
      9910,
      409,
      161,
      394,
      823,
      -53
    ],
    "SliceThickness": 2,
    "SliceTiming": [
      1,
      0,
      1.055,
      0.0575,
      1.1125,
      0.1125,
      1.1675,
      0.1675,
      1.2225,
      0.2225,
      1.2775,
      0.2775,
      1.335,
      0.335,
      1.39,
      0.39,
      1.445,
      0.445,
      1.5,
      0.5,
      1.555,
      0.5575,
      1.6125,
      0.6125,
      1.6675,
      0.6675,
      1.7225,
      0.7225,
      1.7775,
      0.7775,
      1.8325,
      0.835,
      1.89,
      0.89,
      1.945,
      0.945
    ],
    "SoftwareVersions": "syngo_MR_D11",
    "SpacingBetweenSlices": 3,
    "TaskName": "Photographs task",
    "TotalReadoutTime": 0.0207902,
    "TxRefAmp": 323.331,
    "dataset": "ds001847",
    "modality": "bold",
    "run_id": 1,
    "subject_id": "15",
    "task_id": "photo"
  },
  "dummy_trs": 0,
  "dvars_nstd": 27.427679542480607,
  "dvars_std": 1.042779718992248,
  "dvars_vstd": 0.9624434842635655,
  "efc": 0.5999516666023105,
  "fber": 890.5308227539062,
  "fd_mean": 0.07453841656291843,
  "fd_num": 7,
  "fd_perc": 2.7027027027027026,
  "fwhm_avg": 1.5764788888888888,
  "fwhm_x": 1.5152033333333332,
  "fwhm_y": 1.6662533333333334,
  "fwhm_z": 1.54798,
  "gcor": 0.00654355,
  "gsr_x": 0.011396611109375954,
  "gsr_y": 0.025766517966985703,
  "provenance": {
    "md5sum": "fadc58fcd3fce618576a49ea132137fc",
    "settings": {
      "fd_thres": 0.2,
      "testing": false
    },
    "software": "mriqc",
    "version": "22.0.6",
    "webapi_port": null,
    "webapi_url": "https://mriqc.nimh.nih.gov/api/v1"
  },
  "size_t": 259,
  "size_x": 64,
  "size_y": 64,
  "size_z": 37,
  "snr": 6.823953075802815,
  "spacing_tr": 2.0,
  "spacing_x": 3.0,
  "spacing_y": 3.0,
  "spacing_z": 3.0,
  "summary_bg_k": 34.47320580887096,
  "summary_bg_mad": 16.19986004784842,
  "summary_bg_mean": 59.16960144042969,
  "summary_bg_median": 28.335906982421875,
  "summary_bg_n": 78876.0,
  "summary_bg_p05": 14.420848846435547,
  "summary_bg_p95": 219.1756706237793,
  "summary_bg_stdv": 93.32923889160156,
  "summary_fg_k": 6.0926024994868495,
  "summary_fg_mad": 109.15161134028148,
  "summary_fg_mean": 868.2140502929688,
  "summary_fg_median": 856.9806518554688,
  "summary_fg_n": 38003.0,
  "summary_fg_p05": 706.8671813964844,
  "summary_fg_p95": 1060.766003417969,
  "summary_fg_stdv": 125.5825424194336,
  "tsnr": 45.90590085473377
}