{
  "aor": 0.0005378694158075602,
  "aqi": 0.015871447422680412,
  "bids_meta": {
    "AcquisitionMatrixPE": 64,
    "BandwidthPerPixelPhaseEncode": 47.348,
    "BaseResolution": 64,
    "ConsistencyInfo": "N4_VD11D_LATEST_20110129",
    "ConversionSoftware": "dcm2niix",
    "ConversionSoftwareVersion": "v1.0.20180518 GCC4.8.5",
    "DerivedVendorReportedEchoSpacing": 0.000660007,
    "DwellTime": 4.5e-06,
    "EchoTime": 0.027,
    "EchoTrainLength": 32,
    "EffectiveEchoSpacing": 0.000330003,
    "FlipAngle": 71,
    "ImageOrientationPatientDICOM": [
      0.999639,
      -0.0145184,
      -0.0226153,
      0.0159076,
      0.997918,
      0.062509
    ],
    "ImageType": [
      "ORIGINAL",
      "PRIMARY",
      "M",
      "ND",
      "NORM",
      "MOSAIC"
    ],
    "InPlanePhaseEncodingDirectionDICOM": "COL",
    "MRAcquisitionType": "2D",
    "MagneticFieldStrength": 3,
    "Manufacturer": "Siemens",
    "ManufacturersModelName": "Skyra",
    "Modality": "MR",
    "ParallelReductionFactorInPlane": 2,
    "PartialFourier": 1,
    "PercentPhaseFOV": 100,
    "PhaseEncodingDirection": "j-",
    "PhaseEncodingSteps": 64,
    "PhaseResolution": 1,
    "PixelBandwidth": 1735,
    "PulseSequenceDetails": "%SiemensSeq%_ep2d_bold",
    "ReceiveCoilActiveElements": "HE1-4",
    "ReceiveCoilName": "HeadNeck_20",
    "ReconMatrixPE": 64,
    "RepetitionTime": 2,
    "SAR": 0.108161,
    "ScanOptions": "FS",
    "ScanningSequence": "EP",
    "SequenceName": "_epfid2d1_64",
    "SequenceVariant": "SK",
    "ShimSetting": [
      3239,
      10694,
      9910,
      409,
      161,
      394,
      823,
      -53
    ],
    "SliceThickness": 2,
    "SliceTiming": [
      1,
      0,
      1.055,
      0.0575,
      1.1125,
      0.1125,
      1.1675,
      0.1675,
      1.2225,
      0.2225,
      1.2775,
      0.2775,
      1.335,
      0.335,
      1.39,
      0.39,
      1.445,
      0.445,
      1.5,
      0.5,
      1.555,
      0.5575,
      1.6125,
      0.6125,
      1.6675,
      0.6675,
      1.7225,
      0.7225,
      1.7775,
      0.7775,
      1.8325,
      0.835,
      1.89,
      0.89,
      1.945,
      0.945
    ],
    "SoftwareVersions": "syngo_MR_D11",
    "SpacingBetweenSlices": 3,
    "TaskName": "Photographs task",
    "TotalReadoutTime": 0.0207902,
    "TxRefAmp": 323.331,
    "dataset": "ds001847",
    "modality": "bold",
    "run_id": 2,
    "subject_id": "15",
    "task_id": "photo"
  },
  "dummy_trs": 0,
  "dvars_nstd": 28.04357323496552,
  "dvars_std": 1.097976421448276,
  "dvars_vstd": 0.991274742137931,
  "efc": 0.6000978208612061,
  "fber": 885.0213012695312,
  "fd_mean": 0.07791446841130208,
  "fd_num": 5,
  "fd_perc": 1.7182130584192439,
  "fwhm_avg": 1.56212,
  "fwhm_x": 1.50837,
  "fwhm_y": 1.6396766666666667,
  "fwhm_z": 1.5383133333333332,
  "gcor": 0.00658011,
  "gsr_x": 0.012919526547193527,
  "gsr_y": 0.025854410603642464,
  "provenance": {
    "md5sum": "9f6ea880440d2552ac04e6b1b4197f26",
    "settings": {
      "fd_thres": 0.2,
      "testing": false
    },
    "software": "mriqc",
    "version": "22.0.6",
    "webapi_port": null,
    "webapi_url": "https://mriqc.nimh.nih.gov/api/v1"
  },
  "size_t": 291,
  "size_x": 64,
  "size_y": 64,
  "size_z": 37,
  "snr": 6.8116821602973685,
  "spacing_tr": 2.0,
  "spacing_x": 3.0,
  "spacing_y": 3.0,
  "spacing_z": 3.0,
  "summary_bg_k": 32.70235886655958,
  "summary_bg_mad": 15.972363202838508,
  "summary_bg_mean": 59.62947082519531,
  "summary_bg_median": 28.254295349121094,
  "summary_bg_n": 78932.0,
  "summary_bg_p05": 14.539519309997559,
  "summary_bg_p95": 225.29553298950157,
  "summary_bg_stdv": 94.86837768554688,
  "summary_fg_k": 6.0402933012028495,
  "summary_fg_mad": 108.58658642253556,
  "summary_fg_mean": 867.814697265625,
  "summary_fg_median": 856.6220092773438,
  "summary_fg_n": 37909.0,
  "summary_fg_p05": 706.6508666992188,
  "summary_fg_p95": 1061.4955078125,
  "summary_fg_stdv": 125.75611877441406,
  "tsnr": 51.06300497695338
}