{
  "aor": 0.0005252218430034129,
  "aqi": 0.008715394709897612,
  "bids_meta": {
    "AcquisitionMatrixPE": 64,
    "BandwidthPerPixelPhaseEncode": 47.348,
    "BaseResolution": 64,
    "ConsistencyInfo": "N4_VD11D_LATEST_20110129",
    "ConversionSoftware": "dcm2niix",
    "ConversionSoftwareVersion": "v1.0.20180518 GCC4.8.5",
    "DerivedVendorReportedEchoSpacing": 0.000660007,
    "DwellTime": 4.5e-06,
    "EchoTime": 0.027,
    "EchoTrainLength": 32,
    "EffectiveEchoSpacing": 0.000330003,
    "FlipAngle": 71,
    "ImageOrientationPatientDICOM": [
      0.999639,
      -0.0145184,
      -0.0226153,
      0.0159076,
      0.997918,
      0.062509
    ],
    "ImageType": [
      "ORIGINAL",
      "PRIMARY",
      "M",
      "ND",
      "NORM",
      "MOSAIC"
    ],
    "InPlanePhaseEncodingDirectionDICOM": "COL",
    "MRAcquisitionType": "2D",
    "MagneticFieldStrength": 3,
    "Manufacturer": "Siemens",
    "ManufacturersModelName": "Skyra",
    "Modality": "MR",
    "ParallelReductionFactorInPlane": 2,
    "PartialFourier": 1,
    "PercentPhaseFOV": 100,
    "PhaseEncodingDirection": "j-",
    "PhaseEncodingSteps": 64,
    "PhaseResolution": 1,
    "PixelBandwidth": 1735,
    "PulseSequenceDetails": "%SiemensSeq%_ep2d_bold",
    "ReceiveCoilActiveElements": "HE1-4",
    "ReceiveCoilName": "HeadNeck_20",
    "ReconMatrixPE": 64,
    "RepetitionTime": 2,
    "SAR": 0.108161,
    "ScanOptions": "FS",
    "ScanningSequence": "EP",
    "SequenceName": "_epfid2d1_64",
    "SequenceVariant": "SK",
    "ShimSetting": [
      3239,
      10694,
      9910,
      409,
      161,
      394,
      823,
      -53
    ],
    "SliceThickness": 2,
    "SliceTiming": [
      1,
      0,
      1.055,
      0.0575,
      1.1125,
      0.1125,
      1.1675,
      0.1675,
      1.2225,
      0.2225,
      1.2775,
      0.2775,
      1.335,
      0.335,
      1.39,
      0.39,
      1.445,
      0.445,
      1.5,
      0.5,
      1.555,
      0.5575,
      1.6125,
      0.6125,
      1.6675,
      0.6675,
      1.7225,
      0.7225,
      1.7775,
      0.7775,
      1.8325,
      0.835,
      1.89,
      0.89,
      1.945,
      0.945
    ],
    "SoftwareVersions": "syngo_MR_D11",
    "SpacingBetweenSlices": 3,
    "TaskName": "Photographs task",
    "TotalReadoutTime": 0.0207902,
    "TxRefAmp": 323.331,
    "dataset": "ds001847",
    "modality": "bold",
    "run_id": 1,
    "subject_id": "21",
    "task_id": "photo"
  },
  "dummy_trs": 1,
  "dvars_nstd": 36.74833187952056,
  "dvars_std": 1.276686488835616,
  "dvars_vstd": 1.0081751131164376,
  "efc": 0.6034173626097423,
  "fber": 905.1869506835938,
  "fd_mean": 0.1089825819532486,
  "fd_num": 3,
  "fd_perc": 1.023890784982935,
  "fwhm_avg": 1.6475055555555558,
  "fwhm_x": 1.55414,
  "fwhm_y": 1.73622,
  "fwhm_z": 1.6521566666666667,
  "gcor": 0.0139602,
  "gsr_x": -0.004999437835067511,
  "gsr_y": 0.04291374608874321,
  "provenance": {
    "md5sum": "8ce846195dfd295e8ed7c9cadb906bd3",
    "settings": {
      "fd_thres": 0.2,
      "testing": false
    },
    "software": "mriqc",
    "version": "22.0.6",
    "webapi_port": null,
    "webapi_url": "https://mriqc.nimh.nih.gov/api/v1"
  },
  "size_t": 293,
  "size_x": 64,
  "size_y": 64,
  "size_z": 37,
  "snr": 5.400558367238915,
  "spacing_tr": 2.0,
  "spacing_x": 3.0,
  "spacing_y": 3.0,
  "spacing_z": 3.0,
  "summary_bg_k": 26.68883668719442,
  "summary_bg_mad": 15.30166758558943,
  "summary_bg_mean": 53.21672821044922,
  "summary_bg_median": 27.730375289916992,
  "summary_bg_n": 76685.0,
  "summary_bg_p05": 14.393173789978029,
  "summary_bg_p95": 182.0068237304688,
  "summary_bg_stdv": 82.25779724121094,
  "summary_fg_k": 4.285387055120114,
  "summary_fg_mad": 141.0496388075193,
  "summary_fg_mean": 868.1860961914062,
  "summary_fg_median": 851.2764282226562,
  "summary_fg_n": 41059.0,
  "summary_fg_p05": 668.7092163085938,
  "summary_fg_p95": 1126.6865966796875,
  "summary_fg_stdv": 157.6255645751953,
  "tsnr": 52.466199742630124
}