{
  "aor": 0.000541768953068592,
  "aqi": 0.009320618483754513,
  "bids_meta": {
    "AcquisitionMatrixPE": 64,
    "BandwidthPerPixelPhaseEncode": 47.348,
    "BaseResolution": 64,
    "ConsistencyInfo": "N4_VD11D_LATEST_20110129",
    "ConversionSoftware": "dcm2niix",
    "ConversionSoftwareVersion": "v1.0.20180518 GCC4.8.5",
    "DerivedVendorReportedEchoSpacing": 0.000660007,
    "DwellTime": 4.5e-06,
    "EchoTime": 0.027,
    "EchoTrainLength": 32,
    "EffectiveEchoSpacing": 0.000330003,
    "FlipAngle": 71,
    "ImageOrientationPatientDICOM": [
      0.999639,
      -0.0145184,
      -0.0226153,
      0.0159076,
      0.997918,
      0.062509
    ],
    "ImageType": [
      "ORIGINAL",
      "PRIMARY",
      "M",
      "ND",
      "NORM",
      "MOSAIC"
    ],
    "InPlanePhaseEncodingDirectionDICOM": "COL",
    "MRAcquisitionType": "2D",
    "MagneticFieldStrength": 3,
    "Manufacturer": "Siemens",
    "ManufacturersModelName": "Skyra",
    "Modality": "MR",
    "ParallelReductionFactorInPlane": 2,
    "PartialFourier": 1,
    "PercentPhaseFOV": 100,
    "PhaseEncodingDirection": "j-",
    "PhaseEncodingSteps": 64,
    "PhaseResolution": 1,
    "PixelBandwidth": 1735,
    "PulseSequenceDetails": "%SiemensSeq%_ep2d_bold",
    "ReceiveCoilActiveElements": "HE1-4",
    "ReceiveCoilName": "HeadNeck_20",
    "ReconMatrixPE": 64,
    "RepetitionTime": 2,
    "SAR": 0.108161,
    "ScanOptions": "FS",
    "ScanningSequence": "EP",
    "SequenceName": "_epfid2d1_64",
    "SequenceVariant": "SK",
    "ShimSetting": [
      3239,
      10694,
      9910,
      409,
      161,
      394,
      823,
      -53
    ],
    "SliceThickness": 2,
    "SliceTiming": [
      1,
      0,
      1.055,
      0.0575,
      1.1125,
      0.1125,
      1.1675,
      0.1675,
      1.2225,
      0.2225,
      1.2775,
      0.2775,
      1.335,
      0.335,
      1.39,
      0.39,
      1.445,
      0.445,
      1.5,
      0.5,
      1.555,
      0.5575,
      1.6125,
      0.6125,
      1.6675,
      0.6675,
      1.7225,
      0.7225,
      1.7775,
      0.7775,
      1.8325,
      0.835,
      1.89,
      0.89,
      1.945,
      0.945
    ],
    "SoftwareVersions": "syngo_MR_D11",
    "SpacingBetweenSlices": 3,
    "TaskName": "Photographs task",
    "TotalReadoutTime": 0.0207902,
    "TxRefAmp": 323.331,
    "dataset": "ds001847",
    "modality": "bold",
    "run_id": 3,
    "subject_id": "21",
    "task_id": "photo"
  },
  "dummy_trs": 0,
  "dvars_nstd": 35.4709226290942,
  "dvars_std": 1.2330287843840566,
  "dvars_vstd": 1.001753101956522,
  "efc": 0.6037218156001254,
  "fber": 887.6266479492188,
  "fd_mean": 0.12208558074710592,
  "fd_num": 20,
  "fd_perc": 7.2202166064981945,
  "fwhm_avg": 1.663916666666667,
  "fwhm_x": 1.5736133333333333,
  "fwhm_y": 1.7518,
  "fwhm_z": 1.6663366666666668,
  "gcor": 0.00803127,
  "gsr_x": -0.004883751273155212,
  "gsr_y": 0.0433676578104496,
  "provenance": {
    "md5sum": "cc836ed4e07ad7c949ab9e74c35463e5",
    "settings": {
      "fd_thres": 0.2,
      "testing": false
    },
    "software": "mriqc",
    "version": "22.0.6",
    "webapi_port": null,
    "webapi_url": "https://mriqc.nimh.nih.gov/api/v1"
  },
  "size_t": 277,
  "size_x": 64,
  "size_y": 64,
  "size_z": 37,
  "snr": 5.345070754383914,
  "spacing_tr": 2.0,
  "spacing_x": 3.0,
  "spacing_y": 3.0,
  "spacing_z": 3.0,
  "summary_bg_k": 27.406140283761303,
  "summary_bg_mad": 15.682399387371921,
  "summary_bg_mean": 53.709678649902344,
  "summary_bg_median": 28.057762145996094,
  "summary_bg_n": 76741.0,
  "summary_bg_p05": 14.411552429199219,
  "summary_bg_p95": 186.95668029785156,
  "summary_bg_stdv": 81.98053741455078,
  "summary_fg_k": 4.298538958732877,
  "summary_fg_mad": 142.982795008321,
  "summary_fg_mean": 871.2715454101562,
  "summary_fg_median": 853.8953247070312,
  "summary_fg_n": 41041.0,
  "summary_fg_p05": 668.9349975585938,
  "summary_fg_p95": 1133.66064453125,
  "summary_fg_stdv": 159.75184631347656,
  "tsnr": 50.934954275377095
}