{
  "aor": 0.00627629893238434,
  "aqi": 0.019156067366548044,
  "bids_meta": {
    "AcquisitionMatrixPE": 64,
    "BandwidthPerPixelPhaseEncode": 47.348,
    "BaseResolution": 64,
    "ConsistencyInfo": "N4_VD11D_LATEST_20110129",
    "ConversionSoftware": "dcm2niix",
    "ConversionSoftwareVersion": "v1.0.20180518 GCC4.8.5",
    "DerivedVendorReportedEchoSpacing": 0.000660007,
    "DwellTime": 4.5e-06,
    "EchoTime": 0.027,
    "EchoTrainLength": 32,
    "EffectiveEchoSpacing": 0.000330003,
    "FlipAngle": 71,
    "ImageOrientationPatientDICOM": [
      0.999639,
      -0.0145184,
      -0.0226153,
      0.0159076,
      0.997918,
      0.062509
    ],
    "ImageType": [
      "ORIGINAL",
      "PRIMARY",
      "M",
      "ND",
      "NORM",
      "MOSAIC"
    ],
    "InPlanePhaseEncodingDirectionDICOM": "COL",
    "MRAcquisitionType": "2D",
    "MagneticFieldStrength": 3,
    "Manufacturer": "Siemens",
    "ManufacturersModelName": "Skyra",
    "Modality": "MR",
    "ParallelReductionFactorInPlane": 2,
    "PartialFourier": 1,
    "PercentPhaseFOV": 100,
    "PhaseEncodingDirection": "j-",
    "PhaseEncodingSteps": 64,
    "PhaseResolution": 1,
    "PixelBandwidth": 1735,
    "PulseSequenceDetails": "%SiemensSeq%_ep2d_bold",
    "ReceiveCoilActiveElements": "HE1-4",
    "ReceiveCoilName": "HeadNeck_20",
    "ReconMatrixPE": 64,
    "RepetitionTime": 2,
    "SAR": 0.108161,
    "ScanOptions": "FS",
    "ScanningSequence": "EP",
    "SequenceName": "_epfid2d1_64",
    "SequenceVariant": "SK",
    "ShimSetting": [
      3239,
      10694,
      9910,
      409,
      161,
      394,
      823,
      -53
    ],
    "SliceThickness": 2,
    "SliceTiming": [
      1,
      0,
      1.055,
      0.0575,
      1.1125,
      0.1125,
      1.1675,
      0.1675,
      1.2225,
      0.2225,
      1.2775,
      0.2775,
      1.335,
      0.335,
      1.39,
      0.39,
      1.445,
      0.445,
      1.5,
      0.5,
      1.555,
      0.5575,
      1.6125,
      0.6125,
      1.6675,
      0.6675,
      1.7225,
      0.7225,
      1.7775,
      0.7775,
      1.8325,
      0.835,
      1.89,
      0.89,
      1.945,
      0.945
    ],
    "SoftwareVersions": "syngo_MR_D11",
    "SpacingBetweenSlices": 3,
    "TaskName": "Photographs task",
    "TotalReadoutTime": 0.0207902,
    "TxRefAmp": 323.331,
    "dataset": "ds001847",
    "modality": "bold",
    "run_id": 3,
    "subject_id": "08",
    "task_id": "photo"
  },
  "dummy_trs": 0,
  "dvars_nstd": 41.70007206375002,
  "dvars_std": 1.183295271178571,
  "dvars_vstd": 1.04695879125,
  "efc": 0.5430072335158914,
  "fber": 1012.2320556640625,
  "fd_mean": 0.29963542127454906,
  "fd_num": 177,
  "fd_perc": 62.98932384341637,
  "fwhm_avg": 1.4494455555555554,
  "fwhm_x": 1.3857,
  "fwhm_y": 1.5432,
  "fwhm_z": 1.4194366666666667,
  "gcor": 0.0627311,
  "gsr_x": -0.004247214645147324,
  "gsr_y": 0.03401539847254753,
  "provenance": {
    "md5sum": "ed442f276af42b047705d18cb8ee4598",
    "settings": {
      "fd_thres": 0.2,
      "testing": false
    },
    "software": "mriqc",
    "version": "22.0.6",
    "webapi_port": null,
    "webapi_url": "https://mriqc.nimh.nih.gov/api/v1"
  },
  "size_t": 281,
  "size_x": 64,
  "size_y": 64,
  "size_z": 37,
  "snr": 6.3750739747360665,
  "spacing_tr": 2.0,
  "spacing_x": 3.0,
  "spacing_y": 3.0,
  "spacing_z": 3.0,
  "summary_bg_k": 54.65040201975863,
  "summary_bg_mad": 10.510120094362733,
  "summary_bg_mean": 41.75632858276367,
  "summary_bg_median": 23.366548538208008,
  "summary_bg_n": 88658.0,
  "summary_bg_p05": 12.256227493286133,
  "summary_bg_p95": 117.0900341033935,
  "summary_bg_stdv": 67.50379180908203,
  "summary_fg_k": 3.193911710303194,
  "summary_fg_mad": 112.96788229737601,
  "summary_fg_mean": 758.4896850585938,
  "summary_fg_median": 747.8220825195312,
  "summary_fg_n": 30241.0,
  "summary_fg_p05": 607.2206420898438,
  "summary_fg_p95": 947.797119140625,
  "summary_fg_stdv": 117.3021240234375,
  "tsnr": 40.70091484079603
}