{
  "aor": 0.0010796641791044777,
  "aqi": 0.01117532817164179,
  "bids_meta": {
    "AcquisitionMatrixPE": 64,
    "BandwidthPerPixelPhaseEncode": 47.348,
    "BaseResolution": 64,
    "ConsistencyInfo": "N4_VD11D_LATEST_20110129",
    "ConversionSoftware": "dcm2niix",
    "ConversionSoftwareVersion": "v1.0.20180518 GCC4.8.5",
    "DerivedVendorReportedEchoSpacing": 0.000660007,
    "DwellTime": 4.5e-06,
    "EchoTime": 0.027,
    "EchoTrainLength": 32,
    "EffectiveEchoSpacing": 0.000330003,
    "FlipAngle": 71,
    "ImageOrientationPatientDICOM": [
      0.999639,
      -0.0145184,
      -0.0226153,
      0.0159076,
      0.997918,
      0.062509
    ],
    "ImageType": [
      "ORIGINAL",
      "PRIMARY",
      "M",
      "ND",
      "NORM",
      "MOSAIC"
    ],
    "InPlanePhaseEncodingDirectionDICOM": "COL",
    "MRAcquisitionType": "2D",
    "MagneticFieldStrength": 3,
    "Manufacturer": "Siemens",
    "ManufacturersModelName": "Skyra",
    "Modality": "MR",
    "ParallelReductionFactorInPlane": 2,
    "PartialFourier": 1,
    "PercentPhaseFOV": 100,
    "PhaseEncodingDirection": "j-",
    "PhaseEncodingSteps": 64,
    "PhaseResolution": 1,
    "PixelBandwidth": 1735,
    "PulseSequenceDetails": "%SiemensSeq%_ep2d_bold",
    "ReceiveCoilActiveElements": "HE1-4",
    "ReceiveCoilName": "HeadNeck_20",
    "ReconMatrixPE": 64,
    "RepetitionTime": 2,
    "SAR": 0.108161,
    "ScanOptions": "FS",
    "ScanningSequence": "EP",
    "SequenceName": "_epfid2d1_64",
    "SequenceVariant": "SK",
    "ShimSetting": [
      3239,
      10694,
      9910,
      409,
      161,
      394,
      823,
      -53
    ],
    "SliceThickness": 2,
    "SliceTiming": [
      1,
      0,
      1.055,
      0.0575,
      1.1125,
      0.1125,
      1.1675,
      0.1675,
      1.2225,
      0.2225,
      1.2775,
      0.2775,
      1.335,
      0.335,
      1.39,
      0.39,
      1.445,
      0.445,
      1.5,
      0.5,
      1.555,
      0.5575,
      1.6125,
      0.6125,
      1.6675,
      0.6675,
      1.7225,
      0.7225,
      1.7775,
      0.7775,
      1.8325,
      0.835,
      1.89,
      0.89,
      1.945,
      0.945
    ],
    "SoftwareVersions": "syngo_MR_D11",
    "SpacingBetweenSlices": 3,
    "TaskName": "Photographs task",
    "TotalReadoutTime": 0.0207902,
    "TxRefAmp": 323.331,
    "dataset": "ds001847",
    "modality": "bold",
    "run_id": 4,
    "subject_id": "02",
    "task_id": "photo"
  },
  "dummy_trs": 0,
  "dvars_nstd": 30.401823529475656,
  "dvars_std": 1.0809303411235958,
  "dvars_vstd": 1.0112797428089884,
  "efc": 0.6465123391571047,
  "fber": 746.7122802734375,
  "fd_mean": 0.05576505445572169,
  "fd_num": 9,
  "fd_perc": 3.3582089552238807,
  "fwhm_avg": 1.519923102087555,
  "fwhm_x": 1.4222466666666669,
  "fwhm_y": 1.68265,
  "fwhm_z": 1.4548726395959986,
  "gcor": 0.0107292,
  "gsr_x": -0.0013677506940439343,
  "gsr_y": 0.06868289411067963,
  "provenance": {
    "md5sum": "9fe097451d7b0ece03dfc270238163d5",
    "settings": {
      "fd_thres": 0.2,
      "testing": false
    },
    "software": "mriqc",
    "version": "22.0.6",
    "webapi_port": null,
    "webapi_url": "https://mriqc.nimh.nih.gov/api/v1"
  },
  "size_t": 268,
  "size_x": 64,
  "size_y": 64,
  "size_z": 36,
  "snr": 5.472760201159298,
  "spacing_tr": 2.0,
  "spacing_x": 3.0,
  "spacing_y": 3.0,
  "spacing_z": 3.0000014305114746,
  "summary_bg_k": 21.179415500311002,
  "summary_bg_mad": 17.000135746004524,
  "summary_bg_mean": 65.79033660888672,
  "summary_bg_median": 28.921640396118164,
  "summary_bg_n": 67967.0,
  "summary_bg_p05": 14.455223083496094,
  "summary_bg_p95": 248.41678619384766,
  "summary_bg_stdv": 100.38821411132812,
  "summary_fg_k": 3.3290412867055448,
  "summary_fg_mad": 138.87224778080534,
  "summary_fg_mean": 839.6176147460938,
  "summary_fg_median": 822.1622924804688,
  "summary_fg_n": 44804.0,
  "summary_fg_p05": 647.6876495361328,
  "summary_fg_p95": 1083.9359741210938,
  "summary_fg_stdv": 150.22640991210938,
  "tsnr": 47.118111935444176
}