{
  "aor": 0.000463125,
  "aqi": 0.015853988455882352,
  "bids_meta": {
    "AcquisitionMatrixPE": 64,
    "BandwidthPerPixelPhaseEncode": 47.348,
    "BaseResolution": 64,
    "ConsistencyInfo": "N4_VD11D_LATEST_20110129",
    "ConversionSoftware": "dcm2niix",
    "ConversionSoftwareVersion": "v1.0.20180518 GCC4.8.5",
    "DerivedVendorReportedEchoSpacing": 0.000660007,
    "DwellTime": 4.5e-06,
    "EchoTime": 0.027,
    "EchoTrainLength": 32,
    "EffectiveEchoSpacing": 0.000330003,
    "FlipAngle": 71,
    "ImageOrientationPatientDICOM": [
      0.999639,
      -0.0145184,
      -0.0226153,
      0.0159076,
      0.997918,
      0.062509
    ],
    "ImageType": [
      "ORIGINAL",
      "PRIMARY",
      "M",
      "ND",
      "NORM",
      "MOSAIC"
    ],
    "InPlanePhaseEncodingDirectionDICOM": "COL",
    "MRAcquisitionType": "2D",
    "MagneticFieldStrength": 3,
    "Manufacturer": "Siemens",
    "ManufacturersModelName": "Skyra",
    "Modality": "MR",
    "ParallelReductionFactorInPlane": 2,
    "PartialFourier": 1,
    "PercentPhaseFOV": 100,
    "PhaseEncodingDirection": "j-",
    "PhaseEncodingSteps": 64,
    "PhaseResolution": 1,
    "PixelBandwidth": 1735,
    "PulseSequenceDetails": "%SiemensSeq%_ep2d_bold",
    "ReceiveCoilActiveElements": "HE1-4",
    "ReceiveCoilName": "HeadNeck_20",
    "ReconMatrixPE": 64,
    "RepetitionTime": 2,
    "SAR": 0.108161,
    "ScanOptions": "FS",
    "ScanningSequence": "EP",
    "SequenceName": "_epfid2d1_64",
    "SequenceVariant": "SK",
    "ShimSetting": [
      3239,
      10694,
      9910,
      409,
      161,
      394,
      823,
      -53
    ],
    "SliceThickness": 2,
    "SliceTiming": [
      1,
      0,
      1.055,
      0.0575,
      1.1125,
      0.1125,
      1.1675,
      0.1675,
      1.2225,
      0.2225,
      1.2775,
      0.2775,
      1.335,
      0.335,
      1.39,
      0.39,
      1.445,
      0.445,
      1.5,
      0.5,
      1.555,
      0.5575,
      1.6125,
      0.6125,
      1.6675,
      0.6675,
      1.7225,
      0.7225,
      1.7775,
      0.7775,
      1.8325,
      0.835,
      1.89,
      0.89,
      1.945,
      0.945
    ],
    "SoftwareVersions": "syngo_MR_D11",
    "SpacingBetweenSlices": 3,
    "TaskName": "Photographs task",
    "TotalReadoutTime": 0.0207902,
    "TxRefAmp": 323.331,
    "dataset": "ds001847",
    "modality": "bold",
    "run_id": 2,
    "subject_id": "14",
    "task_id": "photo"
  },
  "dummy_trs": 0,
  "dvars_nstd": 34.39094705339483,
  "dvars_std": 1.1836710723247232,
  "dvars_vstd": 0.9766264596309959,
  "efc": 0.5854120516628623,
  "fber": 987.5486450195312,
  "fd_mean": 0.09176371192978038,
  "fd_num": 10,
  "fd_perc": 3.676470588235294,
  "fwhm_avg": 1.54151,
  "fwhm_x": 1.4742666666666666,
  "fwhm_y": 1.6374933333333335,
  "fwhm_z": 1.51277,
  "gcor": 0.0105225,
  "gsr_x": 0.004748004022985697,
  "gsr_y": 0.03995286673307419,
  "provenance": {
    "md5sum": "f83aee3ce245efd918f7251cb5992388",
    "settings": {
      "fd_thres": 0.2,
      "testing": false
    },
    "software": "mriqc",
    "version": "22.0.6",
    "webapi_port": null,
    "webapi_url": "https://mriqc.nimh.nih.gov/api/v1"
  },
  "size_t": 272,
  "size_x": 64,
  "size_y": 64,
  "size_z": 37,
  "snr": 5.944066110040408,
  "spacing_tr": 2.0,
  "spacing_x": 3.0,
  "spacing_y": 3.0,
  "spacing_z": 3.0,
  "summary_bg_k": 24.940918388886033,
  "summary_bg_mad": 16.39038289382162,
  "summary_bg_mean": 56.01005935668945,
  "summary_bg_median": 27.676469802856445,
  "summary_bg_n": 80935.0,
  "summary_bg_p05": 13.172794342041016,
  "summary_bg_p95": 187.4040466308594,
  "summary_bg_stdv": 85.44644927978516,
  "summary_fg_k": 4.846888943774137,
  "summary_fg_mad": 130.92407375369223,
  "summary_fg_mean": 892.5342407226562,
  "summary_fg_median": 877.9246215820312,
  "summary_fg_n": 36534.0,
  "summary_fg_p05": 705.138427734375,
  "summary_fg_p95": 1131.4013122558592,
  "summary_fg_stdv": 147.6956329345703,
  "tsnr": 46.95154847134836
}