{
  "aor": 0.0005160820895522387,
  "aqi": 0.016613296753731344,
  "bids_meta": {
    "AcquisitionMatrixPE": 64,
    "BandwidthPerPixelPhaseEncode": 47.348,
    "BaseResolution": 64,
    "ConsistencyInfo": "N4_VD11D_LATEST_20110129",
    "ConversionSoftware": "dcm2niix",
    "ConversionSoftwareVersion": "v1.0.20180518 GCC4.8.5",
    "DerivedVendorReportedEchoSpacing": 0.000660007,
    "DwellTime": 4.5e-06,
    "EchoTime": 0.027,
    "EchoTrainLength": 32,
    "EffectiveEchoSpacing": 0.000330003,
    "FlipAngle": 71,
    "ImageOrientationPatientDICOM": [
      0.999639,
      -0.0145184,
      -0.0226153,
      0.0159076,
      0.997918,
      0.062509
    ],
    "ImageType": [
      "ORIGINAL",
      "PRIMARY",
      "M",
      "ND",
      "NORM",
      "MOSAIC"
    ],
    "InPlanePhaseEncodingDirectionDICOM": "COL",
    "MRAcquisitionType": "2D",
    "MagneticFieldStrength": 3,
    "Manufacturer": "Siemens",
    "ManufacturersModelName": "Skyra",
    "Modality": "MR",
    "ParallelReductionFactorInPlane": 2,
    "PartialFourier": 1,
    "PercentPhaseFOV": 100,
    "PhaseEncodingDirection": "j-",
    "PhaseEncodingSteps": 64,
    "PhaseResolution": 1,
    "PixelBandwidth": 1735,
    "PulseSequenceDetails": "%SiemensSeq%_ep2d_bold",
    "ReceiveCoilActiveElements": "HE1-4",
    "ReceiveCoilName": "HeadNeck_20",
    "ReconMatrixPE": 64,
    "RepetitionTime": 2,
    "SAR": 0.108161,
    "ScanOptions": "FS",
    "ScanningSequence": "EP",
    "SequenceName": "_epfid2d1_64",
    "SequenceVariant": "SK",
    "ShimSetting": [
      3239,
      10694,
      9910,
      409,
      161,
      394,
      823,
      -53
    ],
    "SliceThickness": 2,
    "SliceTiming": [
      1,
      0,
      1.055,
      0.0575,
      1.1125,
      0.1125,
      1.1675,
      0.1675,
      1.2225,
      0.2225,
      1.2775,
      0.2775,
      1.335,
      0.335,
      1.39,
      0.39,
      1.445,
      0.445,
      1.5,
      0.5,
      1.555,
      0.5575,
      1.6125,
      0.6125,
      1.6675,
      0.6675,
      1.7225,
      0.7225,
      1.7775,
      0.7775,
      1.8325,
      0.835,
      1.89,
      0.89,
      1.945,
      0.945
    ],
    "SoftwareVersions": "syngo_MR_D11",
    "SpacingBetweenSlices": 3,
    "TaskName": "Photographs task",
    "TotalReadoutTime": 0.0207902,
    "TxRefAmp": 323.331,
    "dataset": "ds001847",
    "modality": "bold",
    "run_id": 1,
    "subject_id": "14",
    "task_id": "photo"
  },
  "dummy_trs": 0,
  "dvars_nstd": 33.80916694764045,
  "dvars_std": 1.1629088526591762,
  "dvars_vstd": 0.975265414494383,
  "efc": 0.5846391164418968,
  "fber": 991.8574829101562,
  "fd_mean": 0.09283654675945585,
  "fd_num": 6,
  "fd_perc": 2.2388059701492535,
  "fwhm_avg": 1.5405844444444445,
  "fwhm_x": 1.48323,
  "fwhm_y": 1.6324266666666667,
  "fwhm_z": 1.5060966666666669,
  "gcor": 0.00947926,
  "gsr_x": 0.005196128040552139,
  "gsr_y": 0.039237216114997864,
  "provenance": {
    "md5sum": "4e99d8d2bf638f82ed73616f56bb1368",
    "settings": {
      "fd_thres": 0.2,
      "testing": false
    },
    "software": "mriqc",
    "version": "22.0.6",
    "webapi_port": null,
    "webapi_url": "https://mriqc.nimh.nih.gov/api/v1"
  },
  "size_t": 268,
  "size_x": 64,
  "size_y": 64,
  "size_z": 37,
  "snr": 6.041438509801646,
  "spacing_tr": 2.0,
  "spacing_x": 3.0,
  "spacing_y": 3.0,
  "spacing_z": 3.0,
  "summary_bg_k": 24.508075710828123,
  "summary_bg_mad": 15.73881760953494,
  "summary_bg_mean": 54.304317474365234,
  "summary_bg_median": 27.070894241333008,
  "summary_bg_n": 81019.0,
  "summary_bg_p05": 13.220149040222168,
  "summary_bg_p95": 181.29588928222645,
  "summary_bg_stdv": 81.93262481689453,
  "summary_fg_k": 4.999675291788242,
  "summary_fg_mad": 127.29910047054307,
  "summary_fg_mean": 881.7071533203125,
  "summary_fg_median": 867.94775390625,
  "summary_fg_n": 36451.0,
  "summary_fg_p05": 698.8805541992188,
  "summary_fg_p95": 1112.0690307617188,
  "summary_fg_stdv": 143.6637725830078,
  "tsnr": 46.34815097809769
}