{
  "aor": 0.0024721052631578953,
  "aqi": 0.025567100175438597,
  "bids_meta": {
    "AcquisitionMatrixPE": 64,
    "BandwidthPerPixelPhaseEncode": 47.348,
    "BaseResolution": 64,
    "ConsistencyInfo": "N4_VD11D_LATEST_20110129",
    "ConversionSoftware": "dcm2niix",
    "ConversionSoftwareVersion": "v1.0.20180518 GCC4.8.5",
    "DerivedVendorReportedEchoSpacing": 0.000660007,
    "DwellTime": 4.5e-06,
    "EchoTime": 0.027,
    "EchoTrainLength": 32,
    "EffectiveEchoSpacing": 0.000330003,
    "FlipAngle": 71,
    "ImageOrientationPatientDICOM": [
      0.999639,
      -0.0145184,
      -0.0226153,
      0.0159076,
      0.997918,
      0.062509
    ],
    "ImageType": [
      "ORIGINAL",
      "PRIMARY",
      "M",
      "ND",
      "NORM",
      "MOSAIC"
    ],
    "InPlanePhaseEncodingDirectionDICOM": "COL",
    "MRAcquisitionType": "2D",
    "MagneticFieldStrength": 3,
    "Manufacturer": "Siemens",
    "ManufacturersModelName": "Skyra",
    "Modality": "MR",
    "ParallelReductionFactorInPlane": 2,
    "PartialFourier": 1,
    "PercentPhaseFOV": 100,
    "PhaseEncodingDirection": "j-",
    "PhaseEncodingSteps": 64,
    "PhaseResolution": 1,
    "PixelBandwidth": 1735,
    "PulseSequenceDetails": "%SiemensSeq%_ep2d_bold",
    "ReceiveCoilActiveElements": "HE1-4",
    "ReceiveCoilName": "HeadNeck_20",
    "ReconMatrixPE": 64,
    "RepetitionTime": 2,
    "SAR": 0.108161,
    "ScanOptions": "FS",
    "ScanningSequence": "EP",
    "SequenceName": "_epfid2d1_64",
    "SequenceVariant": "SK",
    "ShimSetting": [
      3239,
      10694,
      9910,
      409,
      161,
      394,
      823,
      -53
    ],
    "SliceThickness": 2,
    "SliceTiming": [
      1,
      0,
      1.055,
      0.0575,
      1.1125,
      0.1125,
      1.1675,
      0.1675,
      1.2225,
      0.2225,
      1.2775,
      0.2775,
      1.335,
      0.335,
      1.39,
      0.39,
      1.445,
      0.445,
      1.5,
      0.5,
      1.555,
      0.5575,
      1.6125,
      0.6125,
      1.6675,
      0.6675,
      1.7225,
      0.7225,
      1.7775,
      0.7775,
      1.8325,
      0.835,
      1.89,
      0.89,
      1.945,
      0.945
    ],
    "SoftwareVersions": "syngo_MR_D11",
    "SpacingBetweenSlices": 3,
    "TaskName": "Photographs task",
    "TotalReadoutTime": 0.0207902,
    "TxRefAmp": 323.331,
    "dataset": "ds001847",
    "modality": "bold",
    "run_id": 3,
    "subject_id": "14",
    "task_id": "photo"
  },
  "dummy_trs": 1,
  "dvars_nstd": 33.61232178665492,
  "dvars_std": 1.1523276894014087,
  "dvars_vstd": 0.9757305318309866,
  "efc": 0.586369624926001,
  "fber": 979.6458129882812,
  "fd_mean": 0.10937745123798315,
  "fd_num": 25,
  "fd_perc": 8.771929824561404,
  "fwhm_avg": 1.5529777777777776,
  "fwhm_x": 1.4895766666666665,
  "fwhm_y": 1.6602033333333335,
  "fwhm_z": 1.5091533333333331,
  "gcor": 0.0065859,
  "gsr_x": 0.004492996726185083,
  "gsr_y": 0.03930485621094704,
  "provenance": {
    "md5sum": "d752c1d32b28959854f3b7dc3dfde0c5",
    "settings": {
      "fd_thres": 0.2,
      "testing": false
    },
    "software": "mriqc",
    "version": "22.0.6",
    "webapi_port": null,
    "webapi_url": "https://mriqc.nimh.nih.gov/api/v1"
  },
  "size_t": 285,
  "size_x": 64,
  "size_y": 64,
  "size_z": 37,
  "snr": 5.958893541184901,
  "spacing_tr": 2.0,
  "spacing_x": 3.0,
  "spacing_y": 3.0,
  "spacing_z": 3.0,
  "summary_bg_k": 24.75412788364114,
  "summary_bg_mad": 16.750805153647576,
  "summary_bg_mean": 56.64348602294922,
  "summary_bg_median": 27.870176315307617,
  "summary_bg_n": 80959.0,
  "summary_bg_p05": 13.14385986328125,
  "summary_bg_p95": 188.62878265380823,
  "summary_bg_stdv": 86.41488647460938,
  "summary_fg_k": 4.749490557645569,
  "summary_fg_mad": 131.12966898321156,
  "summary_fg_mean": 892.4979248046875,
  "summary_fg_median": 876.9508666992188,
  "summary_fg_n": 36615.0,
  "summary_fg_p05": 705.5452880859375,
  "summary_fg_p95": 1129.2116333007812,
  "summary_fg_stdv": 147.1647186279297,
  "tsnr": 39.78870533290319
}