{
  "aor": 0.0011955686274509802,
  "aqi": 0.020957524549019606,
  "bids_meta": {
    "AcquisitionMatrixPE": 64,
    "BandwidthPerPixelPhaseEncode": 47.348,
    "BaseResolution": 64,
    "ConsistencyInfo": "N4_VD11D_LATEST_20110129",
    "ConversionSoftware": "dcm2niix",
    "ConversionSoftwareVersion": "v1.0.20180518 GCC4.8.5",
    "DerivedVendorReportedEchoSpacing": 0.000660007,
    "DwellTime": 4.5e-06,
    "EchoTime": 0.027,
    "EchoTrainLength": 32,
    "EffectiveEchoSpacing": 0.000330003,
    "FlipAngle": 71,
    "ImageOrientationPatientDICOM": [
      0.999639,
      -0.0145184,
      -0.0226153,
      0.0159076,
      0.997918,
      0.062509
    ],
    "ImageType": [
      "ORIGINAL",
      "PRIMARY",
      "M",
      "ND",
      "NORM",
      "MOSAIC"
    ],
    "InPlanePhaseEncodingDirectionDICOM": "COL",
    "MRAcquisitionType": "2D",
    "MagneticFieldStrength": 3,
    "Manufacturer": "Siemens",
    "ManufacturersModelName": "Skyra",
    "Modality": "MR",
    "ParallelReductionFactorInPlane": 2,
    "PartialFourier": 1,
    "PercentPhaseFOV": 100,
    "PhaseEncodingDirection": "j-",
    "PhaseEncodingSteps": 64,
    "PhaseResolution": 1,
    "PixelBandwidth": 1735,
    "PulseSequenceDetails": "%SiemensSeq%_ep2d_bold",
    "ReceiveCoilActiveElements": "HE1-4",
    "ReceiveCoilName": "HeadNeck_20",
    "ReconMatrixPE": 64,
    "RepetitionTime": 2,
    "SAR": 0.108161,
    "ScanOptions": "FS",
    "ScanningSequence": "EP",
    "SequenceName": "_epfid2d1_64",
    "SequenceVariant": "SK",
    "ShimSetting": [
      3239,
      10694,
      9910,
      409,
      161,
      394,
      823,
      -53
    ],
    "SliceThickness": 2,
    "SliceTiming": [
      1,
      0,
      1.055,
      0.0575,
      1.1125,
      0.1125,
      1.1675,
      0.1675,
      1.2225,
      0.2225,
      1.2775,
      0.2775,
      1.335,
      0.335,
      1.39,
      0.39,
      1.445,
      0.445,
      1.5,
      0.5,
      1.555,
      0.5575,
      1.6125,
      0.6125,
      1.6675,
      0.6675,
      1.7225,
      0.7225,
      1.7775,
      0.7775,
      1.8325,
      0.835,
      1.89,
      0.89,
      1.945,
      0.945
    ],
    "SoftwareVersions": "syngo_MR_D11",
    "SpacingBetweenSlices": 3,
    "TaskName": "Photographs task",
    "TotalReadoutTime": 0.0207902,
    "TxRefAmp": 323.331,
    "dataset": "ds001847",
    "modality": "bold",
    "run_id": 4,
    "subject_id": "14",
    "task_id": "photo"
  },
  "dummy_trs": 0,
  "dvars_nstd": 32.43004507551181,
  "dvars_std": 1.1158516453543312,
  "dvars_vstd": 0.9816332211811022,
  "efc": 0.585093771848706,
  "fber": 1023.328369140625,
  "fd_mean": 0.15047288097782419,
  "fd_num": 54,
  "fd_perc": 21.176470588235293,
  "fwhm_avg": 1.5354344444444443,
  "fwhm_x": 1.4742133333333334,
  "fwhm_y": 1.6465699999999999,
  "fwhm_z": 1.48552,
  "gcor": 0.00537961,
  "gsr_x": 0.0052041178569197655,
  "gsr_y": 0.03994246944785118,
  "provenance": {
    "md5sum": "761fc5ec80c51c98fcdf9566d625982e",
    "settings": {
      "fd_thres": 0.2,
      "testing": false
    },
    "software": "mriqc",
    "version": "22.0.6",
    "webapi_port": null,
    "webapi_url": "https://mriqc.nimh.nih.gov/api/v1"
  },
  "size_t": 255,
  "size_x": 64,
  "size_y": 64,
  "size_z": 37,
  "snr": 5.996763438358087,
  "spacing_tr": 2.0,
  "spacing_x": 3.0,
  "spacing_y": 3.0,
  "spacing_z": 3.0,
  "summary_bg_k": 24.2115044316861,
  "summary_bg_mad": 17.352259711362166,
  "summary_bg_mean": 55.73823165893555,
  "summary_bg_median": 27.307844161987305,
  "summary_bg_n": 80990.0,
  "summary_bg_p05": 12.396079063415527,
  "summary_bg_p95": 187.4986351013185,
  "summary_bg_stdv": 83.79492950439453,
  "summary_fg_k": 4.450034931983741,
  "summary_fg_mad": 129.03869672594783,
  "summary_fg_mean": 888.2938842773438,
  "summary_fg_median": 873.0157470703125,
  "summary_fg_n": 36536.0,
  "summary_fg_p05": 701.6814270019531,
  "summary_fg_p95": 1122.3519897460938,
  "summary_fg_stdv": 145.57916259765625,
  "tsnr": 42.460537445149384
}