{
  "aor": 0.0004679622641509434,
  "aqi": 0.009334527169811322,
  "bids_meta": {
    "AcquisitionMatrixPE": 64,
    "BandwidthPerPixelPhaseEncode": 47.348,
    "BaseResolution": 64,
    "ConsistencyInfo": "N4_VD11D_LATEST_20110129",
    "ConversionSoftware": "dcm2niix",
    "ConversionSoftwareVersion": "v1.0.20180518 GCC4.8.5",
    "DerivedVendorReportedEchoSpacing": 0.000660007,
    "DwellTime": 4.5e-06,
    "EchoTime": 0.027,
    "EchoTrainLength": 32,
    "EffectiveEchoSpacing": 0.000330003,
    "FlipAngle": 71,
    "ImageOrientationPatientDICOM": [
      0.999639,
      -0.0145184,
      -0.0226153,
      0.0159076,
      0.997918,
      0.062509
    ],
    "ImageType": [
      "ORIGINAL",
      "PRIMARY",
      "M",
      "ND",
      "NORM",
      "MOSAIC"
    ],
    "InPlanePhaseEncodingDirectionDICOM": "COL",
    "MRAcquisitionType": "2D",
    "MagneticFieldStrength": 3,
    "Manufacturer": "Siemens",
    "ManufacturersModelName": "Skyra",
    "Modality": "MR",
    "ParallelReductionFactorInPlane": 2,
    "PartialFourier": 1,
    "PercentPhaseFOV": 100,
    "PhaseEncodingDirection": "j-",
    "PhaseEncodingSteps": 64,
    "PhaseResolution": 1,
    "PixelBandwidth": 1735,
    "PulseSequenceDetails": "%SiemensSeq%_ep2d_bold",
    "ReceiveCoilActiveElements": "HE1-4",
    "ReceiveCoilName": "HeadNeck_20",
    "ReconMatrixPE": 64,
    "RepetitionTime": 2,
    "SAR": 0.108161,
    "ScanOptions": "FS",
    "ScanningSequence": "EP",
    "SequenceName": "_epfid2d1_64",
    "SequenceVariant": "SK",
    "ShimSetting": [
      3239,
      10694,
      9910,
      409,
      161,
      394,
      823,
      -53
    ],
    "SliceThickness": 2,
    "SliceTiming": [
      1,
      0,
      1.055,
      0.0575,
      1.1125,
      0.1125,
      1.1675,
      0.1675,
      1.2225,
      0.2225,
      1.2775,
      0.2775,
      1.335,
      0.335,
      1.39,
      0.39,
      1.445,
      0.445,
      1.5,
      0.5,
      1.555,
      0.5575,
      1.6125,
      0.6125,
      1.6675,
      0.6675,
      1.7225,
      0.7225,
      1.7775,
      0.7775,
      1.8325,
      0.835,
      1.89,
      0.89,
      1.945,
      0.945
    ],
    "SoftwareVersions": "syngo_MR_D11",
    "SpacingBetweenSlices": 3,
    "TaskName": "Photographs task",
    "TotalReadoutTime": 0.0207902,
    "TxRefAmp": 323.331,
    "dataset": "ds001847",
    "modality": "bold",
    "run_id": 4,
    "subject_id": "29",
    "task_id": "photo"
  },
  "dummy_trs": 0,
  "dvars_nstd": 35.60036968469695,
  "dvars_std": 1.2421653821969694,
  "dvars_vstd": 1.0084670945454548,
  "efc": 0.6050303693785113,
  "fber": 892.081298828125,
  "fd_mean": 0.08228428454212827,
  "fd_num": 8,
  "fd_perc": 3.018867924528302,
  "fwhm_avg": 1.6121255555555554,
  "fwhm_x": 1.4974966666666667,
  "fwhm_y": 1.7820633333333333,
  "fwhm_z": 1.5568166666666665,
  "gcor": 0.00613657,
  "gsr_x": -0.011094707995653152,
  "gsr_y": 0.056758373975753784,
  "provenance": {
    "md5sum": "2f4128b6e5e67c4dfb2cd1d6e9f759a9",
    "settings": {
      "fd_thres": 0.2,
      "testing": false
    },
    "software": "mriqc",
    "version": "22.0.6",
    "webapi_port": null,
    "webapi_url": "https://mriqc.nimh.nih.gov/api/v1"
  },
  "size_t": 265,
  "size_x": 64,
  "size_y": 64,
  "size_z": 37,
  "snr": 5.761923858522311,
  "spacing_tr": 2.0,
  "spacing_x": 3.0,
  "spacing_y": 3.0,
  "spacing_z": 3.0,
  "summary_bg_k": 19.792233171118188,
  "summary_bg_mad": 13.572805808222396,
  "summary_bg_mean": 57.270057678222656,
  "summary_bg_median": 27.030189514160156,
  "summary_bg_n": 78002.0,
  "summary_bg_p05": 14.898113250732422,
  "summary_bg_p95": 217.56585159301756,
  "summary_bg_stdv": 87.51724243164062,
  "summary_fg_k": 5.131615291605462,
  "summary_fg_mad": 121.52858894271813,
  "summary_fg_mean": 842.3477172851562,
  "summary_fg_median": 825.4358520507812,
  "summary_fg_n": 39478.0,
  "summary_fg_p05": 669.0203826904296,
  "summary_fg_p95": 1068.3854553222657,
  "summary_fg_stdv": 143.2551727294922,
  "tsnr": 57.06498589273542
}