{
  "aor": 0.0004458870967741936,
  "aqi": 0.011283082661290323,
  "bids_meta": {
    "AcquisitionMatrixPE": 64,
    "BandwidthPerPixelPhaseEncode": 47.348,
    "BaseResolution": 64,
    "ConsistencyInfo": "N4_VD11D_LATEST_20110129",
    "ConversionSoftware": "dcm2niix",
    "ConversionSoftwareVersion": "v1.0.20180518 GCC4.8.5",
    "DerivedVendorReportedEchoSpacing": 0.000660007,
    "DwellTime": 4.5e-06,
    "EchoTime": 0.027,
    "EchoTrainLength": 32,
    "EffectiveEchoSpacing": 0.000330003,
    "FlipAngle": 71,
    "ImageOrientationPatientDICOM": [
      0.999639,
      -0.0145184,
      -0.0226153,
      0.0159076,
      0.997918,
      0.062509
    ],
    "ImageType": [
      "ORIGINAL",
      "PRIMARY",
      "M",
      "ND",
      "NORM",
      "MOSAIC"
    ],
    "InPlanePhaseEncodingDirectionDICOM": "COL",
    "MRAcquisitionType": "2D",
    "MagneticFieldStrength": 3,
    "Manufacturer": "Siemens",
    "ManufacturersModelName": "Skyra",
    "Modality": "MR",
    "ParallelReductionFactorInPlane": 2,
    "PartialFourier": 1,
    "PercentPhaseFOV": 100,
    "PhaseEncodingDirection": "j-",
    "PhaseEncodingSteps": 64,
    "PhaseResolution": 1,
    "PixelBandwidth": 1735,
    "PulseSequenceDetails": "%SiemensSeq%_ep2d_bold",
    "ReceiveCoilActiveElements": "HE1-4",
    "ReceiveCoilName": "HeadNeck_20",
    "ReconMatrixPE": 64,
    "RepetitionTime": 2,
    "SAR": 0.108161,
    "ScanOptions": "FS",
    "ScanningSequence": "EP",
    "SequenceName": "_epfid2d1_64",
    "SequenceVariant": "SK",
    "ShimSetting": [
      3239,
      10694,
      9910,
      409,
      161,
      394,
      823,
      -53
    ],
    "SliceThickness": 2,
    "SliceTiming": [
      1,
      0,
      1.055,
      0.0575,
      1.1125,
      0.1125,
      1.1675,
      0.1675,
      1.2225,
      0.2225,
      1.2775,
      0.2775,
      1.335,
      0.335,
      1.39,
      0.39,
      1.445,
      0.445,
      1.5,
      0.5,
      1.555,
      0.5575,
      1.6125,
      0.6125,
      1.6675,
      0.6675,
      1.7225,
      0.7225,
      1.7775,
      0.7775,
      1.8325,
      0.835,
      1.89,
      0.89,
      1.945,
      0.945
    ],
    "SoftwareVersions": "syngo_MR_D11",
    "SpacingBetweenSlices": 3,
    "TaskName": "Photographs task",
    "TotalReadoutTime": 0.0207902,
    "TxRefAmp": 323.331,
    "dataset": "ds001847",
    "modality": "bold",
    "run_id": 2,
    "subject_id": "29",
    "task_id": "photo"
  },
  "dummy_trs": 5,
  "dvars_nstd": 34.57040855493926,
  "dvars_std": 1.207204357894737,
  "dvars_vstd": 0.9914062682591089,
  "efc": 0.60362118997008,
  "fber": 909.1830444335938,
  "fd_mean": 0.07394481229959873,
  "fd_num": 8,
  "fd_perc": 3.225806451612903,
  "fwhm_avg": 1.6048588888888888,
  "fwhm_x": 1.4874133333333335,
  "fwhm_y": 1.7794766666666666,
  "fwhm_z": 1.5476866666666667,
  "gcor": 0.00618927,
  "gsr_x": -0.010730888694524765,
  "gsr_y": 0.05690067633986473,
  "provenance": {
    "md5sum": "2f85e43f51efd9cc327d63ca9f403ae4",
    "settings": {
      "fd_thres": 0.2,
      "testing": false
    },
    "software": "mriqc",
    "version": "22.0.6",
    "webapi_port": null,
    "webapi_url": "https://mriqc.nimh.nih.gov/api/v1"
  },
  "size_t": 248,
  "size_x": 64,
  "size_y": 64,
  "size_z": 37,
  "snr": 5.743785975194464,
  "spacing_tr": 2.0,
  "spacing_x": 3.0,
  "spacing_y": 3.0,
  "spacing_z": 3.0,
  "summary_bg_k": 21.2150763330649,
  "summary_bg_mad": 13.468961892916377,
  "summary_bg_mean": 56.08612823486328,
  "summary_bg_median": 26.733869552612305,
  "summary_bg_n": 78046.0,
  "summary_bg_p05": 14.633064270019531,
  "summary_bg_p95": 210.54334259033203,
  "summary_bg_stdv": 86.636962890625,
  "summary_fg_k": 5.237686624792461,
  "summary_fg_mad": 120.54513429728851,
  "summary_fg_mean": 837.8563842773438,
  "summary_fg_median": 819.790283203125,
  "summary_fg_n": 39373.0,
  "summary_fg_p05": 665.27900390625,
  "summary_fg_p95": 1061.567724609375,
  "summary_fg_stdv": 142.7246551513672,
  "tsnr": 53.67004686582368
}