{
  "aor": 0.0006344947735191639,
  "aqi": 0.010075911463414635,
  "bids_meta": {
    "AcquisitionMatrixPE": 64,
    "BandwidthPerPixelPhaseEncode": 47.348,
    "BaseResolution": 64,
    "ConsistencyInfo": "N4_VD11D_LATEST_20110129",
    "ConversionSoftware": "dcm2niix",
    "ConversionSoftwareVersion": "v1.0.20180518 GCC4.8.5",
    "DerivedVendorReportedEchoSpacing": 0.000660007,
    "DwellTime": 4.5e-06,
    "EchoTime": 0.027,
    "EchoTrainLength": 32,
    "EffectiveEchoSpacing": 0.000330003,
    "FlipAngle": 71,
    "ImageOrientationPatientDICOM": [
      0.999639,
      -0.0145184,
      -0.0226153,
      0.0159076,
      0.997918,
      0.062509
    ],
    "ImageType": [
      "ORIGINAL",
      "PRIMARY",
      "M",
      "ND",
      "NORM",
      "MOSAIC"
    ],
    "InPlanePhaseEncodingDirectionDICOM": "COL",
    "MRAcquisitionType": "2D",
    "MagneticFieldStrength": 3,
    "Manufacturer": "Siemens",
    "ManufacturersModelName": "Skyra",
    "Modality": "MR",
    "ParallelReductionFactorInPlane": 2,
    "PartialFourier": 1,
    "PercentPhaseFOV": 100,
    "PhaseEncodingDirection": "j-",
    "PhaseEncodingSteps": 64,
    "PhaseResolution": 1,
    "PixelBandwidth": 1735,
    "PulseSequenceDetails": "%SiemensSeq%_ep2d_bold",
    "ReceiveCoilActiveElements": "HE1-4",
    "ReceiveCoilName": "HeadNeck_20",
    "ReconMatrixPE": 64,
    "RepetitionTime": 2,
    "SAR": 0.108161,
    "ScanOptions": "FS",
    "ScanningSequence": "EP",
    "SequenceName": "_epfid2d1_64",
    "SequenceVariant": "SK",
    "ShimSetting": [
      3239,
      10694,
      9910,
      409,
      161,
      394,
      823,
      -53
    ],
    "SliceThickness": 2,
    "SliceTiming": [
      1,
      0,
      1.055,
      0.0575,
      1.1125,
      0.1125,
      1.1675,
      0.1675,
      1.2225,
      0.2225,
      1.2775,
      0.2775,
      1.335,
      0.335,
      1.39,
      0.39,
      1.445,
      0.445,
      1.5,
      0.5,
      1.555,
      0.5575,
      1.6125,
      0.6125,
      1.6675,
      0.6675,
      1.7225,
      0.7225,
      1.7775,
      0.7775,
      1.8325,
      0.835,
      1.89,
      0.89,
      1.945,
      0.945
    ],
    "SoftwareVersions": "syngo_MR_D11",
    "SpacingBetweenSlices": 3,
    "TaskName": "Photographs task",
    "TotalReadoutTime": 0.0207902,
    "TxRefAmp": 323.331,
    "dataset": "ds001847",
    "modality": "bold",
    "run_id": 1,
    "subject_id": "29",
    "task_id": "photo"
  },
  "dummy_trs": 0,
  "dvars_nstd": 33.74882536024474,
  "dvars_std": 1.2047828898251747,
  "dvars_vstd": 1.0092628573426579,
  "efc": 0.6024941723988763,
  "fber": 910.3441162109375,
  "fd_mean": 0.07505028179017902,
  "fd_num": 15,
  "fd_perc": 5.2264808362369335,
  "fwhm_avg": 1.6112877777777779,
  "fwhm_x": 1.4928766666666666,
  "fwhm_y": 1.7926733333333333,
  "fwhm_z": 1.5483133333333334,
  "gcor": 0.0130564,
  "gsr_x": -0.010099576786160469,
  "gsr_y": 0.05402151867747307,
  "provenance": {
    "md5sum": "be2661379d3dc51e71d4efab0ff443a7",
    "settings": {
      "fd_thres": 0.2,
      "testing": false
    },
    "software": "mriqc",
    "version": "22.0.6",
    "webapi_port": null,
    "webapi_url": "https://mriqc.nimh.nih.gov/api/v1"
  },
  "size_t": 287,
  "size_x": 64,
  "size_y": 64,
  "size_z": 37,
  "snr": 5.79960145920061,
  "spacing_tr": 2.0,
  "spacing_x": 3.0,
  "spacing_y": 3.0,
  "spacing_z": 3.0,
  "summary_bg_k": 20.408580561267076,
  "summary_bg_mad": 13.095458048421674,
  "summary_bg_mean": 54.755245208740234,
  "summary_bg_median": 26.536584854125977,
  "summary_bg_n": 78060.0,
  "summary_bg_p05": 14.700348854064941,
  "summary_bg_p95": 203.96864318847656,
  "summary_bg_stdv": 83.78992462158203,
  "summary_fg_k": 5.167876221644969,
  "summary_fg_mad": 119.79374345736167,
  "summary_fg_mean": 834.1074829101562,
  "summary_fg_median": 817.8466796875,
  "summary_fg_n": 39332.0,
  "summary_fg_p05": 663.7777069091796,
  "summary_fg_p95": 1054.428381347656,
  "summary_fg_stdv": 141.0159454345703,
  "tsnr": 54.626436616294086
}