{
  "aor": 0.00107419452887538,
  "aqi": 0.03261345592705167,
  "bids_meta": {
    "AcquisitionMatrixPE": 64,
    "BandwidthPerPixelPhaseEncode": 47.348,
    "BaseResolution": 64,
    "ConsistencyInfo": "N4_VD11D_LATEST_20110129",
    "ConversionSoftware": "dcm2niix",
    "ConversionSoftwareVersion": "v1.0.20180518 GCC4.8.5",
    "DerivedVendorReportedEchoSpacing": 0.000660007,
    "DwellTime": 4.5e-06,
    "EchoTime": 0.027,
    "EchoTrainLength": 32,
    "EffectiveEchoSpacing": 0.000330003,
    "FlipAngle": 71,
    "ImageOrientationPatientDICOM": [
      0.999639,
      -0.0145184,
      -0.0226153,
      0.0159076,
      0.997918,
      0.062509
    ],
    "ImageType": [
      "ORIGINAL",
      "PRIMARY",
      "M",
      "ND",
      "NORM",
      "MOSAIC"
    ],
    "InPlanePhaseEncodingDirectionDICOM": "COL",
    "MRAcquisitionType": "2D",
    "MagneticFieldStrength": 3,
    "Manufacturer": "Siemens",
    "ManufacturersModelName": "Skyra",
    "Modality": "MR",
    "ParallelReductionFactorInPlane": 2,
    "PartialFourier": 1,
    "PercentPhaseFOV": 100,
    "PhaseEncodingDirection": "j-",
    "PhaseEncodingSteps": 64,
    "PhaseResolution": 1,
    "PixelBandwidth": 1735,
    "PulseSequenceDetails": "%SiemensSeq%_ep2d_bold",
    "ReceiveCoilActiveElements": "HE1-4",
    "ReceiveCoilName": "HeadNeck_20",
    "ReconMatrixPE": 64,
    "RepetitionTime": 2,
    "SAR": 0.108161,
    "ScanOptions": "FS",
    "ScanningSequence": "EP",
    "SequenceName": "_epfid2d1_64",
    "SequenceVariant": "SK",
    "ShimSetting": [
      3239,
      10694,
      9910,
      409,
      161,
      394,
      823,
      -53
    ],
    "SliceThickness": 2,
    "SliceTiming": [
      1,
      0,
      1.055,
      0.0575,
      1.1125,
      0.1125,
      1.1675,
      0.1675,
      1.2225,
      0.2225,
      1.2775,
      0.2775,
      1.335,
      0.335,
      1.39,
      0.39,
      1.445,
      0.445,
      1.5,
      0.5,
      1.555,
      0.5575,
      1.6125,
      0.6125,
      1.6675,
      0.6675,
      1.7225,
      0.7225,
      1.7775,
      0.7775,
      1.8325,
      0.835,
      1.89,
      0.89,
      1.945,
      0.945
    ],
    "SoftwareVersions": "syngo_MR_D11",
    "SpacingBetweenSlices": 3,
    "TaskName": "Photographs task",
    "TotalReadoutTime": 0.0207902,
    "TxRefAmp": 323.331,
    "dataset": "ds001847",
    "modality": "bold",
    "run_id": 1,
    "subject_id": "31",
    "task_id": "photo"
  },
  "dummy_trs": 0,
  "dvars_nstd": 29.86743127996953,
  "dvars_std": 1.0273069346341464,
  "dvars_vstd": 0.9435471060365853,
  "efc": 0.5955911700602008,
  "fber": 953.2308959960938,
  "fd_mean": 0.11338156778385404,
  "fd_num": 19,
  "fd_perc": 5.775075987841945,
  "fwhm_avg": 1.61548,
  "fwhm_x": 1.4878133333333334,
  "fwhm_y": 1.76433,
  "fwhm_z": 1.5942966666666667,
  "gcor": 0.0146682,
  "gsr_x": -0.003704720875248313,
  "gsr_y": 0.049716588109731674,
  "provenance": {
    "md5sum": "2a609cd9a384b1364ef2dd2259fbf683",
    "settings": {
      "fd_thres": 0.2,
      "testing": false
    },
    "software": "mriqc",
    "version": "22.0.6",
    "webapi_port": null,
    "webapi_url": "https://mriqc.nimh.nih.gov/api/v1"
  },
  "size_t": 329,
  "size_x": 64,
  "size_y": 64,
  "size_z": 37,
  "snr": 6.49992874151531,
  "spacing_tr": 2.0,
  "spacing_x": 3.0,
  "spacing_y": 3.0,
  "spacing_z": 3.0,
  "summary_bg_k": 27.628092714404026,
  "summary_bg_mad": 12.496219102809976,
  "summary_bg_mean": 50.91360092163086,
  "summary_bg_median": 25.40729522705078,
  "summary_bg_n": 79104.0,
  "summary_bg_p05": 14.279635429382324,
  "summary_bg_p95": 176.36641998290955,
  "summary_bg_stdv": 76.48212432861328,
  "summary_fg_k": 5.57452850846342,
  "summary_fg_mad": 104.81189601472103,
  "summary_fg_mean": 812.4635009765625,
  "summary_fg_median": 798.4635009765625,
  "summary_fg_n": 38048.0,
  "summary_fg_p05": 657.9982086181641,
  "summary_fg_p95": 1007.2779876708985,
  "summary_fg_stdv": 122.84027099609375,
  "tsnr": 39.36951459455304
}