{
  "aor": 0.0008193469387755102,
  "aqi": 0.010359645591836735,
  "bids_meta": {
    "AcquisitionMatrixPE": 64,
    "BandwidthPerPixelPhaseEncode": 47.348,
    "BaseResolution": 64,
    "ConsistencyInfo": "N4_VD11D_LATEST_20110129",
    "ConversionSoftware": "dcm2niix",
    "ConversionSoftwareVersion": "v1.0.20180518 GCC4.8.5",
    "DerivedVendorReportedEchoSpacing": 0.000660007,
    "DwellTime": 4.5e-06,
    "EchoTime": 0.027,
    "EchoTrainLength": 32,
    "EffectiveEchoSpacing": 0.000330003,
    "FlipAngle": 71,
    "ImageOrientationPatientDICOM": [
      0.999639,
      -0.0145184,
      -0.0226153,
      0.0159076,
      0.997918,
      0.062509
    ],
    "ImageType": [
      "ORIGINAL",
      "PRIMARY",
      "M",
      "ND",
      "NORM",
      "MOSAIC"
    ],
    "InPlanePhaseEncodingDirectionDICOM": "COL",
    "MRAcquisitionType": "2D",
    "MagneticFieldStrength": 3,
    "Manufacturer": "Siemens",
    "ManufacturersModelName": "Skyra",
    "Modality": "MR",
    "ParallelReductionFactorInPlane": 2,
    "PartialFourier": 1,
    "PercentPhaseFOV": 100,
    "PhaseEncodingDirection": "j-",
    "PhaseEncodingSteps": 64,
    "PhaseResolution": 1,
    "PixelBandwidth": 1735,
    "PulseSequenceDetails": "%SiemensSeq%_ep2d_bold",
    "ReceiveCoilActiveElements": "HE1-4",
    "ReceiveCoilName": "HeadNeck_20",
    "ReconMatrixPE": 64,
    "RepetitionTime": 2,
    "SAR": 0.108161,
    "ScanOptions": "FS",
    "ScanningSequence": "EP",
    "SequenceName": "_epfid2d1_64",
    "SequenceVariant": "SK",
    "ShimSetting": [
      3239,
      10694,
      9910,
      409,
      161,
      394,
      823,
      -53
    ],
    "SliceThickness": 2,
    "SliceTiming": [
      1,
      0,
      1.055,
      0.0575,
      1.1125,
      0.1125,
      1.1675,
      0.1675,
      1.2225,
      0.2225,
      1.2775,
      0.2775,
      1.335,
      0.335,
      1.39,
      0.39,
      1.445,
      0.445,
      1.5,
      0.5,
      1.555,
      0.5575,
      1.6125,
      0.6125,
      1.6675,
      0.6675,
      1.7225,
      0.7225,
      1.7775,
      0.7775,
      1.8325,
      0.835,
      1.89,
      0.89,
      1.945,
      0.945
    ],
    "SoftwareVersions": "syngo_MR_D11",
    "SpacingBetweenSlices": 3,
    "TaskName": "Photographs task",
    "TotalReadoutTime": 0.0207902,
    "TxRefAmp": 323.331,
    "dataset": "ds001847",
    "modality": "bold",
    "run_id": 3,
    "subject_id": "06",
    "task_id": "photo"
  },
  "dummy_trs": 5,
  "dvars_nstd": 30.82311450450822,
  "dvars_std": 1.1339760201229507,
  "dvars_vstd": 1.0131782138934426,
  "efc": 0.6120055550975695,
  "fber": 786.3468017578125,
  "fd_mean": 0.12657459199757562,
  "fd_num": 28,
  "fd_perc": 11.428571428571429,
  "fwhm_avg": 1.5577000842731152,
  "fwhm_x": 1.4918966666666666,
  "fwhm_y": 1.6157134617387023,
  "fwhm_z": 1.565490124413977,
  "gcor": 0.00936171,
  "gsr_x": 0.0130649758502841,
  "gsr_y": 0.03410699591040611,
  "provenance": {
    "md5sum": "745c402ec68f2e987a68971b6e7b0406",
    "settings": {
      "fd_thres": 0.2,
      "testing": false
    },
    "software": "mriqc",
    "version": "22.0.6",
    "webapi_port": null,
    "webapi_url": "https://mriqc.nimh.nih.gov/api/v1"
  },
  "size_t": 245,
  "size_x": 64,
  "size_y": 64,
  "size_z": 37,
  "snr": 6.286711355693627,
  "spacing_tr": 2.0,
  "spacing_x": 3.0,
  "spacing_y": 2.999999761581421,
  "spacing_z": 2.999999761581421,
  "summary_bg_k": 25.054286800486906,
  "summary_bg_mad": 20.360059891967254,
  "summary_bg_mean": 64.1884994506836,
  "summary_bg_median": 31.14897918701172,
  "summary_bg_n": 77200.0,
  "summary_bg_p05": 14.722448348999023,
  "summary_bg_p95": 224.2738609313965,
  "summary_bg_stdv": 97.44447326660156,
  "summary_fg_k": 3.1806775164779904,
  "summary_fg_mad": 140.06654612552194,
  "summary_fg_mean": 908.4718627929688,
  "summary_fg_median": 894.8856811523438,
  "summary_fg_n": 40544.0,
  "summary_fg_p05": 718.2944366455079,
  "summary_fg_p95": 1135.5628417968749,
  "summary_fg_stdv": 142.34384155273438,
  "tsnr": 52.44762469548732
}