{
  "aor": 0.0006473431734317343,
  "aqi": 0.011483051402214022,
  "bids_meta": {
    "AcquisitionMatrixPE": 64,
    "BandwidthPerPixelPhaseEncode": 47.348,
    "BaseResolution": 64,
    "ConsistencyInfo": "N4_VD11D_LATEST_20110129",
    "ConversionSoftware": "dcm2niix",
    "ConversionSoftwareVersion": "v1.0.20180518 GCC4.8.5",
    "DerivedVendorReportedEchoSpacing": 0.000660007,
    "DwellTime": 4.5e-06,
    "EchoTime": 0.027,
    "EchoTrainLength": 32,
    "EffectiveEchoSpacing": 0.000330003,
    "FlipAngle": 71,
    "ImageOrientationPatientDICOM": [
      0.999639,
      -0.0145184,
      -0.0226153,
      0.0159076,
      0.997918,
      0.062509
    ],
    "ImageType": [
      "ORIGINAL",
      "PRIMARY",
      "M",
      "ND",
      "NORM",
      "MOSAIC"
    ],
    "InPlanePhaseEncodingDirectionDICOM": "COL",
    "MRAcquisitionType": "2D",
    "MagneticFieldStrength": 3,
    "Manufacturer": "Siemens",
    "ManufacturersModelName": "Skyra",
    "Modality": "MR",
    "ParallelReductionFactorInPlane": 2,
    "PartialFourier": 1,
    "PercentPhaseFOV": 100,
    "PhaseEncodingDirection": "j-",
    "PhaseEncodingSteps": 64,
    "PhaseResolution": 1,
    "PixelBandwidth": 1735,
    "PulseSequenceDetails": "%SiemensSeq%_ep2d_bold",
    "ReceiveCoilActiveElements": "HE1-4",
    "ReceiveCoilName": "HeadNeck_20",
    "ReconMatrixPE": 64,
    "RepetitionTime": 2,
    "SAR": 0.108161,
    "ScanOptions": "FS",
    "ScanningSequence": "EP",
    "SequenceName": "_epfid2d1_64",
    "SequenceVariant": "SK",
    "ShimSetting": [
      3239,
      10694,
      9910,
      409,
      161,
      394,
      823,
      -53
    ],
    "SliceThickness": 2,
    "SliceTiming": [
      1,
      0,
      1.055,
      0.0575,
      1.1125,
      0.1125,
      1.1675,
      0.1675,
      1.2225,
      0.2225,
      1.2775,
      0.2775,
      1.335,
      0.335,
      1.39,
      0.39,
      1.445,
      0.445,
      1.5,
      0.5,
      1.555,
      0.5575,
      1.6125,
      0.6125,
      1.6675,
      0.6675,
      1.7225,
      0.7225,
      1.7775,
      0.7775,
      1.8325,
      0.835,
      1.89,
      0.89,
      1.945,
      0.945
    ],
    "SoftwareVersions": "syngo_MR_D11",
    "SpacingBetweenSlices": 3,
    "TaskName": "Photographs task",
    "TotalReadoutTime": 0.0207902,
    "TxRefAmp": 323.331,
    "dataset": "ds001847",
    "modality": "bold",
    "run_id": 1,
    "subject_id": "06",
    "task_id": "photo"
  },
  "dummy_trs": 1,
  "dvars_nstd": 31.6267328051111,
  "dvars_std": 1.135040374111112,
  "dvars_vstd": 1.0029215910370368,
  "efc": 0.6150717452728618,
  "fber": 768.7390747070312,
  "fd_mean": 0.126209849883363,
  "fd_num": 24,
  "fd_perc": 8.85608856088561,
  "fwhm_avg": 1.5740189741713098,
  "fwhm_x": 1.5027533333333334,
  "fwhm_y": 1.6318201296854122,
  "fwhm_z": 1.5874834594951837,
  "gcor": 0.00705523,
  "gsr_x": 0.009148183278739452,
  "gsr_y": 0.03595948591828346,
  "provenance": {
    "md5sum": "9978622369db83d43708a05eac8ff90e",
    "settings": {
      "fd_thres": 0.2,
      "testing": false
    },
    "software": "mriqc",
    "version": "22.0.6",
    "webapi_port": null,
    "webapi_url": "https://mriqc.nimh.nih.gov/api/v1"
  },
  "size_t": 271,
  "size_x": 64,
  "size_y": 64,
  "size_z": 37,
  "snr": 6.259161706872995,
  "spacing_tr": 2.0,
  "spacing_x": 3.0,
  "spacing_y": 2.999999761581421,
  "spacing_z": 2.999999761581421,
  "summary_bg_k": 26.213121555456404,
  "summary_bg_mad": 21.073740080715954,
  "summary_bg_mean": 65.6380615234375,
  "summary_bg_median": 31.708486557006836,
  "summary_bg_n": 76719.0,
  "summary_bg_p05": 14.819188117980957,
  "summary_bg_p95": 232.8996307373038,
  "summary_bg_stdv": 101.21636962890625,
  "summary_fg_k": 3.05035084434697,
  "summary_fg_mad": 141.5475195085824,
  "summary_fg_mean": 911.9586181640625,
  "summary_fg_median": 897.7158813476562,
  "summary_fg_n": 40913.0,
  "summary_fg_p05": 721.0346801757812,
  "summary_fg_p95": 1141.7608886718751,
  "summary_fg_stdv": 143.42254638671875,
  "tsnr": 50.404637202620506
}