{
  "aor": 0.0002763448275862069,
  "aqi": 0.013866837931034484,
  "bids_meta": {
    "AcquisitionMatrixPE": 64,
    "BandwidthPerPixelPhaseEncode": 47.348,
    "BaseResolution": 64,
    "ConsistencyInfo": "N4_VD11D_LATEST_20110129",
    "ConversionSoftware": "dcm2niix",
    "ConversionSoftwareVersion": "v1.0.20180518 GCC4.8.5",
    "DerivedVendorReportedEchoSpacing": 0.000660007,
    "DwellTime": 4.5e-06,
    "EchoTime": 0.027,
    "EchoTrainLength": 32,
    "EffectiveEchoSpacing": 0.000330003,
    "FlipAngle": 71,
    "ImageOrientationPatientDICOM": [
      0.999639,
      -0.0145184,
      -0.0226153,
      0.0159076,
      0.997918,
      0.062509
    ],
    "ImageType": [
      "ORIGINAL",
      "PRIMARY",
      "M",
      "ND",
      "NORM",
      "MOSAIC"
    ],
    "InPlanePhaseEncodingDirectionDICOM": "COL",
    "MRAcquisitionType": "2D",
    "MagneticFieldStrength": 3,
    "Manufacturer": "Siemens",
    "ManufacturersModelName": "Skyra",
    "Modality": "MR",
    "ParallelReductionFactorInPlane": 2,
    "PartialFourier": 1,
    "PercentPhaseFOV": 100,
    "PhaseEncodingDirection": "j-",
    "PhaseEncodingSteps": 64,
    "PhaseResolution": 1,
    "PixelBandwidth": 1735,
    "PulseSequenceDetails": "%SiemensSeq%_ep2d_bold",
    "ReceiveCoilActiveElements": "HE1-4",
    "ReceiveCoilName": "HeadNeck_20",
    "ReconMatrixPE": 64,
    "RepetitionTime": 2,
    "SAR": 0.108161,
    "ScanOptions": "FS",
    "ScanningSequence": "EP",
    "SequenceName": "_epfid2d1_64",
    "SequenceVariant": "SK",
    "ShimSetting": [
      3239,
      10694,
      9910,
      409,
      161,
      394,
      823,
      -53
    ],
    "SliceThickness": 2,
    "SliceTiming": [
      1,
      0,
      1.055,
      0.0575,
      1.1125,
      0.1125,
      1.1675,
      0.1675,
      1.2225,
      0.2225,
      1.2775,
      0.2775,
      1.335,
      0.335,
      1.39,
      0.39,
      1.445,
      0.445,
      1.5,
      0.5,
      1.555,
      0.5575,
      1.6125,
      0.6125,
      1.6675,
      0.6675,
      1.7225,
      0.7225,
      1.7775,
      0.7775,
      1.8325,
      0.835,
      1.89,
      0.89,
      1.945,
      0.945
    ],
    "SoftwareVersions": "syngo_MR_D11",
    "SpacingBetweenSlices": 3,
    "TaskName": "Photographs task",
    "TotalReadoutTime": 0.0207902,
    "TxRefAmp": 323.331,
    "dataset": "ds001847",
    "modality": "bold",
    "run_id": 4,
    "subject_id": "30",
    "task_id": "photo"
  },
  "dummy_trs": 0,
  "dvars_nstd": 30.88026124602076,
  "dvars_std": 1.1424259075778544,
  "dvars_vstd": 0.9737717343598616,
  "efc": 0.5837469445809402,
  "fber": 893.9644165039062,
  "fd_mean": 0.05177290000401703,
  "fd_num": 0,
  "fd_perc": 0.0,
  "fwhm_avg": 1.538311116662827,
  "fwhm_x": 1.4382465523651,
  "fwhm_y": 1.64781679762338,
  "fwhm_z": 1.5288700000000002,
  "gcor": 0.00421285,
  "gsr_x": -0.0015151650877669454,
  "gsr_y": 0.04412864148616791,
  "provenance": {
    "md5sum": "193e07c74c4f3205c98580f430ffb954",
    "settings": {
      "fd_thres": 0.2,
      "testing": false
    },
    "software": "mriqc",
    "version": "22.0.6",
    "webapi_port": null,
    "webapi_url": "https://mriqc.nimh.nih.gov/api/v1"
  },
  "size_t": 290,
  "size_x": 64,
  "size_y": 64,
  "size_z": 37,
  "snr": 6.055404698387138,
  "spacing_tr": 2.0,
  "spacing_x": 3.000000238418579,
  "spacing_y": 2.999999761581421,
  "spacing_z": 3.0,
  "summary_bg_k": 23.85310261377587,
  "summary_bg_mad": 14.585737850666067,
  "summary_bg_mean": 53.25447463989258,
  "summary_bg_median": 26.893102645874023,
  "summary_bg_n": 82159.0,
  "summary_bg_p05": 14.224138259887695,
  "summary_bg_p95": 186.7906921386715,
  "summary_bg_stdv": 79.76768493652344,
  "summary_fg_k": 3.0602999679078247,
  "summary_fg_mad": 128.7409818029203,
  "summary_fg_mean": 825.6572875976562,
  "summary_fg_median": 813.5137939453125,
  "summary_fg_n": 36147.0,
  "summary_fg_p05": 646.5020690917969,
  "summary_fg_p95": 1041.1362060546874,
  "summary_fg_stdv": 134.3432159423828,
  "tsnr": 48.31677108630538
}