{
  "aor": 0.002659591836734694,
  "aqi": 0.015661951020408165,
  "bids_meta": {
    "AcquisitionMatrixPE": 64,
    "BandwidthPerPixelPhaseEncode": 47.348,
    "BaseResolution": 64,
    "ConsistencyInfo": "N4_VD11D_LATEST_20110129",
    "ConversionSoftware": "dcm2niix",
    "ConversionSoftwareVersion": "v1.0.20180518 GCC4.8.5",
    "DerivedVendorReportedEchoSpacing": 0.000660007,
    "DwellTime": 4.5e-06,
    "EchoTime": 0.027,
    "EchoTrainLength": 32,
    "EffectiveEchoSpacing": 0.000330003,
    "FlipAngle": 71,
    "ImageOrientationPatientDICOM": [
      0.999639,
      -0.0145184,
      -0.0226153,
      0.0159076,
      0.997918,
      0.062509
    ],
    "ImageType": [
      "ORIGINAL",
      "PRIMARY",
      "M",
      "ND",
      "NORM",
      "MOSAIC"
    ],
    "InPlanePhaseEncodingDirectionDICOM": "COL",
    "MRAcquisitionType": "2D",
    "MagneticFieldStrength": 3,
    "Manufacturer": "Siemens",
    "ManufacturersModelName": "Skyra",
    "Modality": "MR",
    "ParallelReductionFactorInPlane": 2,
    "PartialFourier": 1,
    "PercentPhaseFOV": 100,
    "PhaseEncodingDirection": "j-",
    "PhaseEncodingSteps": 64,
    "PhaseResolution": 1,
    "PixelBandwidth": 1735,
    "PulseSequenceDetails": "%SiemensSeq%_ep2d_bold",
    "ReceiveCoilActiveElements": "HE1-4",
    "ReceiveCoilName": "HeadNeck_20",
    "ReconMatrixPE": 64,
    "RepetitionTime": 2,
    "SAR": 0.108161,
    "ScanOptions": "FS",
    "ScanningSequence": "EP",
    "SequenceName": "_epfid2d1_64",
    "SequenceVariant": "SK",
    "ShimSetting": [
      3239,
      10694,
      9910,
      409,
      161,
      394,
      823,
      -53
    ],
    "SliceThickness": 2,
    "SliceTiming": [
      1,
      0,
      1.055,
      0.0575,
      1.1125,
      0.1125,
      1.1675,
      0.1675,
      1.2225,
      0.2225,
      1.2775,
      0.2775,
      1.335,
      0.335,
      1.39,
      0.39,
      1.445,
      0.445,
      1.5,
      0.5,
      1.555,
      0.5575,
      1.6125,
      0.6125,
      1.6675,
      0.6675,
      1.7225,
      0.7225,
      1.7775,
      0.7775,
      1.8325,
      0.835,
      1.89,
      0.89,
      1.945,
      0.945
    ],
    "SoftwareVersions": "syngo_MR_D11",
    "SpacingBetweenSlices": 3,
    "TaskName": "Photographs task",
    "TotalReadoutTime": 0.0207902,
    "TxRefAmp": 323.331,
    "dataset": "ds001847",
    "modality": "bold",
    "run_id": 1,
    "subject_id": "01",
    "task_id": "photo"
  },
  "dummy_trs": 0,
  "dvars_nstd": 29.396206260034138,
  "dvars_std": 1.102989052696246,
  "dvars_vstd": 1.0081694837201367,
  "efc": 0.5909370797123358,
  "fber": 944.0580444335938,
  "fd_mean": 0.10736452474167313,
  "fd_num": 19,
  "fd_perc": 6.462585034013605,
  "fwhm_avg": 1.5588201247603966,
  "fwhm_x": 1.4574833333333332,
  "fwhm_y": 1.7284068040280982,
  "fwhm_z": 1.4905702369197587,
  "gcor": 0.0272489,
  "gsr_x": 0.0015744527336210012,
  "gsr_y": 0.053843822330236435,
  "provenance": {
    "md5sum": "b2719fda54f8d6543eefc80af5e4852f",
    "settings": {
      "fd_thres": 0.2,
      "testing": false
    },
    "software": "mriqc",
    "version": "22.0.6",
    "webapi_port": null,
    "webapi_url": "https://mriqc.nimh.nih.gov/api/v1"
  },
  "size_t": 294,
  "size_x": 64,
  "size_y": 64,
  "size_z": 36,
  "snr": 6.180152519076827,
  "spacing_tr": 2.0,
  "spacing_x": 3.0,
  "spacing_y": 2.999999761581421,
  "spacing_z": 2.999999523162842,
  "summary_bg_k": 21.263039205055257,
  "summary_bg_mad": 16.722136518677466,
  "summary_bg_mean": 59.86594772338867,
  "summary_bg_median": 27.299318313598633,
  "summary_bg_n": 78380.0,
  "summary_bg_p05": 12.1732994556427,
  "summary_bg_p95": 219.25611724853522,
  "summary_bg_stdv": 93.97196960449219,
  "summary_fg_k": 3.494922436508223,
  "summary_fg_mad": 126.18760126095418,
  "summary_fg_mean": 869.5326538085938,
  "summary_fg_median": 854.1632690429688,
  "summary_fg_n": 35631.0,
  "summary_fg_p05": 690.5765380859375,
  "summary_fg_p95": 1097.2908325195312,
  "summary_fg_stdv": 138.20877075195312,
  "tsnr": 45.70117029361427
}