{
  "aor": 0.0025869520547945205,
  "aqi": 0.021241451952054798,
  "bids_meta": {
    "AcquisitionMatrixPE": 64,
    "BandwidthPerPixelPhaseEncode": 47.348,
    "BaseResolution": 64,
    "ConsistencyInfo": "N4_VD11D_LATEST_20110129",
    "ConversionSoftware": "dcm2niix",
    "ConversionSoftwareVersion": "v1.0.20180518 GCC4.8.5",
    "DerivedVendorReportedEchoSpacing": 0.000660007,
    "DwellTime": 4.5e-06,
    "EchoTime": 0.027,
    "EchoTrainLength": 32,
    "EffectiveEchoSpacing": 0.000330003,
    "FlipAngle": 71,
    "ImageOrientationPatientDICOM": [
      0.999639,
      -0.0145184,
      -0.0226153,
      0.0159076,
      0.997918,
      0.062509
    ],
    "ImageType": [
      "ORIGINAL",
      "PRIMARY",
      "M",
      "ND",
      "NORM",
      "MOSAIC"
    ],
    "InPlanePhaseEncodingDirectionDICOM": "COL",
    "MRAcquisitionType": "2D",
    "MagneticFieldStrength": 3,
    "Manufacturer": "Siemens",
    "ManufacturersModelName": "Skyra",
    "Modality": "MR",
    "ParallelReductionFactorInPlane": 2,
    "PartialFourier": 1,
    "PercentPhaseFOV": 100,
    "PhaseEncodingDirection": "j-",
    "PhaseEncodingSteps": 64,
    "PhaseResolution": 1,
    "PixelBandwidth": 1735,
    "PulseSequenceDetails": "%SiemensSeq%_ep2d_bold",
    "ReceiveCoilActiveElements": "HE1-4",
    "ReceiveCoilName": "HeadNeck_20",
    "ReconMatrixPE": 64,
    "RepetitionTime": 2,
    "SAR": 0.108161,
    "ScanOptions": "FS",
    "ScanningSequence": "EP",
    "SequenceName": "_epfid2d1_64",
    "SequenceVariant": "SK",
    "ShimSetting": [
      3239,
      10694,
      9910,
      409,
      161,
      394,
      823,
      -53
    ],
    "SliceThickness": 2,
    "SliceTiming": [
      1,
      0,
      1.055,
      0.0575,
      1.1125,
      0.1125,
      1.1675,
      0.1675,
      1.2225,
      0.2225,
      1.2775,
      0.2775,
      1.335,
      0.335,
      1.39,
      0.39,
      1.445,
      0.445,
      1.5,
      0.5,
      1.555,
      0.5575,
      1.6125,
      0.6125,
      1.6675,
      0.6675,
      1.7225,
      0.7225,
      1.7775,
      0.7775,
      1.8325,
      0.835,
      1.89,
      0.89,
      1.945,
      0.945
    ],
    "SoftwareVersions": "syngo_MR_D11",
    "SpacingBetweenSlices": 3,
    "TaskName": "Photographs task",
    "TotalReadoutTime": 0.0207902,
    "TxRefAmp": 323.331,
    "dataset": "ds001847",
    "modality": "bold",
    "run_id": 4,
    "subject_id": "01",
    "task_id": "photo"
  },
  "dummy_trs": 0,
  "dvars_nstd": 28.033144121855674,
  "dvars_std": 1.072390738247423,
  "dvars_vstd": 0.981092150309278,
  "efc": 0.5939741910694811,
  "fber": 903.6488037109375,
  "fd_mean": 0.08237061241751295,
  "fd_num": 8,
  "fd_perc": 2.73972602739726,
  "fwhm_avg": 1.5604201249000924,
  "fwhm_x": 1.4612,
  "fwhm_y": 1.7253001371145358,
  "fwhm_z": 1.4947602375857414,
  "gcor": 0.0154855,
  "gsr_x": 0.0012576127192005515,
  "gsr_y": 0.053863976150751114,
  "provenance": {
    "md5sum": "5892f73a653b2f97d64f0b40b6599a41",
    "settings": {
      "fd_thres": 0.2,
      "testing": false
    },
    "software": "mriqc",
    "version": "22.0.6",
    "webapi_port": null,
    "webapi_url": "https://mriqc.nimh.nih.gov/api/v1"
  },
  "size_t": 292,
  "size_x": 64,
  "size_y": 64,
  "size_z": 36,
  "snr": 6.214234596707872,
  "spacing_tr": 2.0,
  "spacing_x": 3.0,
  "spacing_y": 2.999999761581421,
  "spacing_z": 2.999999523162842,
  "summary_bg_k": 20.74526068232723,
  "summary_bg_mad": 18.329430897835028,
  "summary_bg_mean": 61.83029556274414,
  "summary_bg_median": 27.96917724609375,
  "summary_bg_n": 78201.0,
  "summary_bg_p05": 11.866437911987305,
  "summary_bg_p95": 228.7876739501953,
  "summary_bg_stdv": 96.2596664428711,
  "summary_fg_k": 3.594618619722498,
  "summary_fg_mad": 126.00594086339254,
  "summary_fg_mean": 867.8222045898438,
  "summary_fg_median": 853.011962890625,
  "summary_fg_n": 35764.0,
  "summary_fg_p05": 689.9604614257812,
  "summary_fg_p95": 1094.9116760253905,
  "summary_fg_stdv": 137.2655029296875,
  "tsnr": 42.37018643505871
}