{
  "aor": 0.003438058608058608,
  "aqi": 0.03257233626373626,
  "bids_meta": {
    "AcquisitionMatrixPE": 64,
    "BandwidthPerPixelPhaseEncode": 47.348,
    "BaseResolution": 64,
    "ConsistencyInfo": "N4_VD11D_LATEST_20110129",
    "ConversionSoftware": "dcm2niix",
    "ConversionSoftwareVersion": "v1.0.20180518 GCC4.8.5",
    "DerivedVendorReportedEchoSpacing": 0.000660007,
    "DwellTime": 4.5e-06,
    "EchoTime": 0.027,
    "EchoTrainLength": 32,
    "EffectiveEchoSpacing": 0.000330003,
    "FlipAngle": 71,
    "ImageOrientationPatientDICOM": [
      0.999639,
      -0.0145184,
      -0.0226153,
      0.0159076,
      0.997918,
      0.062509
    ],
    "ImageType": [
      "ORIGINAL",
      "PRIMARY",
      "M",
      "ND",
      "NORM",
      "MOSAIC"
    ],
    "InPlanePhaseEncodingDirectionDICOM": "COL",
    "MRAcquisitionType": "2D",
    "MagneticFieldStrength": 3,
    "Manufacturer": "Siemens",
    "ManufacturersModelName": "Skyra",
    "Modality": "MR",
    "ParallelReductionFactorInPlane": 2,
    "PartialFourier": 1,
    "PercentPhaseFOV": 100,
    "PhaseEncodingDirection": "j-",
    "PhaseEncodingSteps": 64,
    "PhaseResolution": 1,
    "PixelBandwidth": 1735,
    "PulseSequenceDetails": "%SiemensSeq%_ep2d_bold",
    "ReceiveCoilActiveElements": "HE1-4",
    "ReceiveCoilName": "HeadNeck_20",
    "ReconMatrixPE": 64,
    "RepetitionTime": 2,
    "SAR": 0.108161,
    "ScanOptions": "FS",
    "ScanningSequence": "EP",
    "SequenceName": "_epfid2d1_64",
    "SequenceVariant": "SK",
    "ShimSetting": [
      3239,
      10694,
      9910,
      409,
      161,
      394,
      823,
      -53
    ],
    "SliceThickness": 2,
    "SliceTiming": [
      1,
      0,
      1.055,
      0.0575,
      1.1125,
      0.1125,
      1.1675,
      0.1675,
      1.2225,
      0.2225,
      1.2775,
      0.2775,
      1.335,
      0.335,
      1.39,
      0.39,
      1.445,
      0.445,
      1.5,
      0.5,
      1.555,
      0.5575,
      1.6125,
      0.6125,
      1.6675,
      0.6675,
      1.7225,
      0.7225,
      1.7775,
      0.7775,
      1.8325,
      0.835,
      1.89,
      0.89,
      1.945,
      0.945
    ],
    "SoftwareVersions": "syngo_MR_D11",
    "SpacingBetweenSlices": 3,
    "TaskName": "Photographs task",
    "TotalReadoutTime": 0.0207902,
    "TxRefAmp": 323.331,
    "dataset": "ds001847",
    "modality": "bold",
    "run_id": 1,
    "subject_id": "08",
    "task_id": "photo"
  },
  "dummy_trs": 0,
  "dvars_nstd": 40.16243856099268,
  "dvars_std": 1.0337347382720579,
  "dvars_vstd": 0.9637330959926478,
  "efc": 0.5426654007851937,
  "fber": 1054.4951171875,
  "fd_mean": 0.3000845584886626,
  "fd_num": 168,
  "fd_perc": 61.53846153846154,
  "fwhm_avg": 1.4655366666666667,
  "fwhm_x": 1.3995166666666667,
  "fwhm_y": 1.5678733333333332,
  "fwhm_z": 1.42922,
  "gcor": 0.0322977,
  "gsr_x": -0.005002340767532587,
  "gsr_y": 0.03430658206343651,
  "provenance": {
    "md5sum": "7beec61ce07083913956ecc9d49860a9",
    "settings": {
      "fd_thres": 0.2,
      "testing": false
    },
    "software": "mriqc",
    "version": "22.0.6",
    "webapi_port": null,
    "webapi_url": "https://mriqc.nimh.nih.gov/api/v1"
  },
  "size_t": 273,
  "size_x": 64,
  "size_y": 64,
  "size_z": 37,
  "snr": 6.400794104870675,
  "spacing_tr": 2.0,
  "spacing_x": 3.0,
  "spacing_y": 3.0,
  "spacing_z": 3.0,
  "summary_bg_k": 54.194942531187394,
  "summary_bg_mad": 10.84526429855663,
  "summary_bg_mean": 42.238895416259766,
  "summary_bg_median": 23.315017700195312,
  "summary_bg_n": 88644.0,
  "summary_bg_p05": 12.040292739868164,
  "summary_bg_p95": 120.06794738769521,
  "summary_bg_stdv": 69.32192993164062,
  "summary_fg_k": 3.2481147051519947,
  "summary_fg_mad": 114.04092289228808,
  "summary_fg_mean": 765.3648071289062,
  "summary_fg_median": 753.97802734375,
  "summary_fg_n": 30241.0,
  "summary_fg_p05": 613.8095092773438,
  "summary_fg_p95": 956.8131713867188,
  "summary_fg_stdv": 117.7925033569336,
  "tsnr": 34.00114111904986
}