{
  "aor": 0.002854124513618677,
  "aqi": 0.027537861789883267,
  "bids_meta": {
    "AcquisitionMatrixPE": 64,
    "BandwidthPerPixelPhaseEncode": 47.348,
    "BaseResolution": 64,
    "ConsistencyInfo": "N4_VD11D_LATEST_20110129",
    "ConversionSoftware": "dcm2niix",
    "ConversionSoftwareVersion": "v1.0.20180518 GCC4.8.5",
    "DerivedVendorReportedEchoSpacing": 0.000660007,
    "DwellTime": 4.5e-06,
    "EchoTime": 0.027,
    "EchoTrainLength": 32,
    "EffectiveEchoSpacing": 0.000330003,
    "FlipAngle": 71,
    "ImageOrientationPatientDICOM": [
      0.999639,
      -0.0145184,
      -0.0226153,
      0.0159076,
      0.997918,
      0.062509
    ],
    "ImageType": [
      "ORIGINAL",
      "PRIMARY",
      "M",
      "ND",
      "NORM",
      "MOSAIC"
    ],
    "InPlanePhaseEncodingDirectionDICOM": "COL",
    "MRAcquisitionType": "2D",
    "MagneticFieldStrength": 3,
    "Manufacturer": "Siemens",
    "ManufacturersModelName": "Skyra",
    "Modality": "MR",
    "ParallelReductionFactorInPlane": 2,
    "PartialFourier": 1,
    "PercentPhaseFOV": 100,
    "PhaseEncodingDirection": "j-",
    "PhaseEncodingSteps": 64,
    "PhaseResolution": 1,
    "PixelBandwidth": 1735,
    "PulseSequenceDetails": "%SiemensSeq%_ep2d_bold",
    "ReceiveCoilActiveElements": "HE1-4",
    "ReceiveCoilName": "HeadNeck_20",
    "ReconMatrixPE": 64,
    "RepetitionTime": 2,
    "SAR": 0.108161,
    "ScanOptions": "FS",
    "ScanningSequence": "EP",
    "SequenceName": "_epfid2d1_64",
    "SequenceVariant": "SK",
    "ShimSetting": [
      3239,
      10694,
      9910,
      409,
      161,
      394,
      823,
      -53
    ],
    "SliceThickness": 2,
    "SliceTiming": [
      1,
      0,
      1.055,
      0.0575,
      1.1125,
      0.1125,
      1.1675,
      0.1675,
      1.2225,
      0.2225,
      1.2775,
      0.2775,
      1.335,
      0.335,
      1.39,
      0.39,
      1.445,
      0.445,
      1.5,
      0.5,
      1.555,
      0.5575,
      1.6125,
      0.6125,
      1.6675,
      0.6675,
      1.7225,
      0.7225,
      1.7775,
      0.7775,
      1.8325,
      0.835,
      1.89,
      0.89,
      1.945,
      0.945
    ],
    "SoftwareVersions": "syngo_MR_D11",
    "SpacingBetweenSlices": 3,
    "TaskName": "Photographs task",
    "TotalReadoutTime": 0.0207902,
    "TxRefAmp": 323.331,
    "dataset": "ds001847",
    "modality": "bold",
    "run_id": 2,
    "subject_id": "08",
    "task_id": "photo"
  },
  "dummy_trs": 0,
  "dvars_nstd": 38.04791495988283,
  "dvars_std": 1.0809812727734376,
  "dvars_vstd": 0.985624185078125,
  "efc": 0.5423319798104037,
  "fber": 1037.980224609375,
  "fd_mean": 0.2894857324154063,
  "fd_num": 164,
  "fd_perc": 63.81322957198444,
  "fwhm_avg": 1.4589800000000002,
  "fwhm_x": 1.3974933333333333,
  "fwhm_y": 1.56048,
  "fwhm_z": 1.4189666666666667,
  "gcor": 0.0267862,
  "gsr_x": -0.004005673807114363,
  "gsr_y": 0.03476034849882126,
  "provenance": {
    "md5sum": "8d15643eaf8f434e6007636a67efb133",
    "settings": {
      "fd_thres": 0.2,
      "testing": false
    },
    "software": "mriqc",
    "version": "22.0.6",
    "webapi_port": null,
    "webapi_url": "https://mriqc.nimh.nih.gov/api/v1"
  },
  "size_t": 257,
  "size_x": 64,
  "size_y": 64,
  "size_z": 37,
  "snr": 6.399952336520065,
  "spacing_tr": 2.0,
  "spacing_x": 3.0,
  "spacing_y": 3.0,
  "spacing_z": 3.0,
  "summary_bg_k": 55.149568406196586,
  "summary_bg_mad": 10.522438162416572,
  "summary_bg_mean": 41.631858825683594,
  "summary_bg_median": 23.202335357666016,
  "summary_bg_n": 88718.0,
  "summary_bg_p05": 12.2023344039917,
  "summary_bg_p95": 116.22781867980919,
  "summary_bg_stdv": 67.70984649658203,
  "summary_fg_k": 3.276112984360352,
  "summary_fg_mad": 113.012358554114,
  "summary_fg_mean": 759.6076049804688,
  "summary_fg_median": 748.5836181640625,
  "summary_fg_n": 30218.0,
  "summary_fg_p05": 609.0033203125,
  "summary_fg_p95": 948.0214050292968,
  "summary_fg_stdv": 116.96512603759766,
  "tsnr": 36.17429307283601
}