{
  "aor": 0.0017617957746478875,
  "aqi": 0.01573769253521127,
  "bids_meta": {
    "AcquisitionMatrixPE": 64,
    "BandwidthPerPixelPhaseEncode": 47.348,
    "BaseResolution": 64,
    "ConsistencyInfo": "N4_VD11D_LATEST_20110129",
    "ConversionSoftware": "dcm2niix",
    "ConversionSoftwareVersion": "v1.0.20180518 GCC4.8.5",
    "DerivedVendorReportedEchoSpacing": 0.000660007,
    "DwellTime": 4.5e-06,
    "EchoTime": 0.027,
    "EchoTrainLength": 32,
    "EffectiveEchoSpacing": 0.000330003,
    "FlipAngle": 71,
    "ImageOrientationPatientDICOM": [
      0.999639,
      -0.0145184,
      -0.0226153,
      0.0159076,
      0.997918,
      0.062509
    ],
    "ImageType": [
      "ORIGINAL",
      "PRIMARY",
      "M",
      "ND",
      "NORM",
      "MOSAIC"
    ],
    "InPlanePhaseEncodingDirectionDICOM": "COL",
    "MRAcquisitionType": "2D",
    "MagneticFieldStrength": 3,
    "Manufacturer": "Siemens",
    "ManufacturersModelName": "Skyra",
    "Modality": "MR",
    "ParallelReductionFactorInPlane": 2,
    "PartialFourier": 1,
    "PercentPhaseFOV": 100,
    "PhaseEncodingDirection": "j-",
    "PhaseEncodingSteps": 64,
    "PhaseResolution": 1,
    "PixelBandwidth": 1735,
    "PulseSequenceDetails": "%SiemensSeq%_ep2d_bold",
    "ReceiveCoilActiveElements": "HE1-4",
    "ReceiveCoilName": "HeadNeck_20",
    "ReconMatrixPE": 64,
    "RepetitionTime": 2,
    "SAR": 0.108161,
    "ScanOptions": "FS",
    "ScanningSequence": "EP",
    "SequenceName": "_epfid2d1_64",
    "SequenceVariant": "SK",
    "ShimSetting": [
      3239,
      10694,
      9910,
      409,
      161,
      394,
      823,
      -53
    ],
    "SliceThickness": 2,
    "SliceTiming": [
      1,
      0,
      1.055,
      0.0575,
      1.1125,
      0.1125,
      1.1675,
      0.1675,
      1.2225,
      0.2225,
      1.2775,
      0.2775,
      1.335,
      0.335,
      1.39,
      0.39,
      1.445,
      0.445,
      1.5,
      0.5,
      1.555,
      0.5575,
      1.6125,
      0.6125,
      1.6675,
      0.6675,
      1.7225,
      0.7225,
      1.7775,
      0.7775,
      1.8325,
      0.835,
      1.89,
      0.89,
      1.945,
      0.945
    ],
    "SoftwareVersions": "syngo_MR_D11",
    "SpacingBetweenSlices": 3,
    "TaskName": "Photographs task",
    "TotalReadoutTime": 0.0207902,
    "TxRefAmp": 323.331,
    "dataset": "ds001847",
    "modality": "bold",
    "run_id": 4,
    "subject_id": "08",
    "task_id": "photo"
  },
  "dummy_trs": 0,
  "dvars_nstd": 31.566413171696137,
  "dvars_std": 1.0695950709540643,
  "dvars_vstd": 0.9852145456183747,
  "efc": 0.5432929703493798,
  "fber": 1029.69091796875,
  "fd_mean": 0.1966873399521889,
  "fd_num": 112,
  "fd_perc": 39.436619718309856,
  "fwhm_avg": 1.4511966666666665,
  "fwhm_x": 1.3849866666666666,
  "fwhm_y": 1.5438433333333332,
  "fwhm_z": 1.42476,
  "gcor": 0.0143989,
  "gsr_x": -0.004876646213233471,
  "gsr_y": 0.0342438779771328,
  "provenance": {
    "md5sum": "78db0f051b541c1a3d4608cb82be25e1",
    "settings": {
      "fd_thres": 0.2,
      "testing": false
    },
    "software": "mriqc",
    "version": "22.0.6",
    "webapi_port": null,
    "webapi_url": "https://mriqc.nimh.nih.gov/api/v1"
  },
  "size_t": 284,
  "size_x": 64,
  "size_y": 64,
  "size_z": 37,
  "snr": 6.367974671911749,
  "spacing_tr": 2.0,
  "spacing_x": 3.0,
  "spacing_y": 3.0,
  "spacing_z": 3.0,
  "summary_bg_k": 55.75288644580966,
  "summary_bg_mad": 10.524386543704242,
  "summary_bg_mean": 41.7639274597168,
  "summary_bg_median": 23.21830940246582,
  "summary_bg_n": 88591.0,
  "summary_bg_p05": 12.147887229919434,
  "summary_bg_p95": 117.51408386230469,
  "summary_bg_stdv": 67.26365661621094,
  "summary_fg_k": 3.1631539196096936,
  "summary_fg_mad": 113.45820701179083,
  "summary_fg_mean": 759.6561889648438,
  "summary_fg_median": 749.1636962890625,
  "summary_fg_n": 30272.0,
  "summary_fg_p05": 608.9302673339844,
  "summary_fg_p95": 951.1003204345702,
  "summary_fg_stdv": 117.6435775756836,
  "tsnr": 46.25977826304734
}