{
  "aor": 0.0008558032786885247,
  "aqi": 0.01559415170491803,
  "bids_meta": {
    "AcquisitionMatrixPE": 64,
    "BandwidthPerPixelPhaseEncode": 47.348,
    "BaseResolution": 64,
    "ConsistencyInfo": "N4_VD11D_LATEST_20110129",
    "ConversionSoftware": "dcm2niix",
    "ConversionSoftwareVersion": "v1.0.20180518 GCC4.8.5",
    "DerivedVendorReportedEchoSpacing": 0.000660007,
    "DwellTime": 4.5e-06,
    "EchoTime": 0.027,
    "EchoTrainLength": 32,
    "EffectiveEchoSpacing": 0.000330003,
    "FlipAngle": 71,
    "ImageOrientationPatientDICOM": [
      0.999639,
      -0.0145184,
      -0.0226153,
      0.0159076,
      0.997918,
      0.062509
    ],
    "ImageType": [
      "ORIGINAL",
      "PRIMARY",
      "M",
      "ND",
      "NORM",
      "MOSAIC"
    ],
    "InPlanePhaseEncodingDirectionDICOM": "COL",
    "MRAcquisitionType": "2D",
    "MagneticFieldStrength": 3,
    "Manufacturer": "Siemens",
    "ManufacturersModelName": "Skyra",
    "Modality": "MR",
    "ParallelReductionFactorInPlane": 2,
    "PartialFourier": 1,
    "PercentPhaseFOV": 100,
    "PhaseEncodingDirection": "j-",
    "PhaseEncodingSteps": 64,
    "PhaseResolution": 1,
    "PixelBandwidth": 1735,
    "PulseSequenceDetails": "%SiemensSeq%_ep2d_bold",
    "ReceiveCoilActiveElements": "HE1-4",
    "ReceiveCoilName": "HeadNeck_20",
    "ReconMatrixPE": 64,
    "RepetitionTime": 2,
    "SAR": 0.108161,
    "ScanOptions": "FS",
    "ScanningSequence": "EP",
    "SequenceName": "_epfid2d1_64",
    "SequenceVariant": "SK",
    "ShimSetting": [
      3239,
      10694,
      9910,
      409,
      161,
      394,
      823,
      -53
    ],
    "SliceThickness": 2,
    "SliceTiming": [
      1,
      0,
      1.055,
      0.0575,
      1.1125,
      0.1125,
      1.1675,
      0.1675,
      1.2225,
      0.2225,
      1.2775,
      0.2775,
      1.335,
      0.335,
      1.39,
      0.39,
      1.445,
      0.445,
      1.5,
      0.5,
      1.555,
      0.5575,
      1.6125,
      0.6125,
      1.6675,
      0.6675,
      1.7225,
      0.7225,
      1.7775,
      0.7775,
      1.8325,
      0.835,
      1.89,
      0.89,
      1.945,
      0.945
    ],
    "SoftwareVersions": "syngo_MR_D11",
    "SpacingBetweenSlices": 3,
    "TaskName": "Photographs task",
    "TotalReadoutTime": 0.0207902,
    "TxRefAmp": 323.331,
    "dataset": "ds001847",
    "modality": "bold",
    "run_id": 3,
    "subject_id": "10",
    "task_id": "photo"
  },
  "dummy_trs": 1,
  "dvars_nstd": 34.334743035789465,
  "dvars_std": 1.0895614339473685,
  "dvars_vstd": 0.9798629751315785,
  "efc": 0.6668129815956465,
  "fber": 376.6993713378906,
  "fd_mean": 0.15805650388378797,
  "fd_num": 61,
  "fd_perc": 20.0,
  "fwhm_avg": 1.5790022222222222,
  "fwhm_x": 1.47096,
  "fwhm_y": 1.7264633333333332,
  "fwhm_z": 1.5395833333333335,
  "gcor": 0.0113669,
  "gsr_x": 0.010311434976756573,
  "gsr_y": 0.07629871368408203,
  "provenance": {
    "md5sum": "e2c447a087ffe16b35a3728f0d491a77",
    "settings": {
      "fd_thres": 0.2,
      "testing": false
    },
    "software": "mriqc",
    "version": "22.0.6",
    "webapi_port": null,
    "webapi_url": "https://mriqc.nimh.nih.gov/api/v1"
  },
  "size_t": 305,
  "size_x": 64,
  "size_y": 64,
  "size_z": 37,
  "snr": 5.823356369806109,
  "spacing_tr": 2.0,
  "spacing_x": 3.0,
  "spacing_y": 3.0,
  "spacing_z": 3.0,
  "summary_bg_k": 6.3139791007935955,
  "summary_bg_mad": 36.09771950130292,
  "summary_bg_mean": 116.93231964111328,
  "summary_bg_median": 43.488525390625,
  "summary_bg_n": 74453.0,
  "summary_bg_p05": 16.521310806274414,
  "summary_bg_p95": 477.6118103027342,
  "summary_bg_stdv": 153.1451416015625,
  "summary_fg_k": 3.9431877122921755,
  "summary_fg_mad": 145.44568469222403,
  "summary_fg_mean": 888.5831298828125,
  "summary_fg_median": 874.9442749023438,
  "summary_fg_n": 42091.0,
  "summary_fg_p05": 693.9393310546875,
  "summary_fg_p95": 1125.3131103515625,
  "summary_fg_stdv": 150.24563598632812,
  "tsnr": 40.00663386308588
}