{
  "aor": 0.004338439716312056,
  "aqi": 0.015614340070921984,
  "bids_meta": {
    "AcquisitionMatrixPE": 64,
    "BandwidthPerPixelPhaseEncode": 47.348,
    "BaseResolution": 64,
    "ConsistencyInfo": "N4_VD11D_LATEST_20110129",
    "ConversionSoftware": "dcm2niix",
    "ConversionSoftwareVersion": "v1.0.20180518 GCC4.8.5",
    "DerivedVendorReportedEchoSpacing": 0.000660007,
    "DwellTime": 4.5e-06,
    "EchoTime": 0.027,
    "EchoTrainLength": 32,
    "EffectiveEchoSpacing": 0.000330003,
    "FlipAngle": 71,
    "ImageOrientationPatientDICOM": [
      0.999639,
      -0.0145184,
      -0.0226153,
      0.0159076,
      0.997918,
      0.062509
    ],
    "ImageType": [
      "ORIGINAL",
      "PRIMARY",
      "M",
      "ND",
      "NORM",
      "MOSAIC"
    ],
    "InPlanePhaseEncodingDirectionDICOM": "COL",
    "MRAcquisitionType": "2D",
    "MagneticFieldStrength": 3,
    "Manufacturer": "Siemens",
    "ManufacturersModelName": "Skyra",
    "Modality": "MR",
    "ParallelReductionFactorInPlane": 2,
    "PartialFourier": 1,
    "PercentPhaseFOV": 100,
    "PhaseEncodingDirection": "j-",
    "PhaseEncodingSteps": 64,
    "PhaseResolution": 1,
    "PixelBandwidth": 1735,
    "PulseSequenceDetails": "%SiemensSeq%_ep2d_bold",
    "ReceiveCoilActiveElements": "HE1-4",
    "ReceiveCoilName": "HeadNeck_20",
    "ReconMatrixPE": 64,
    "RepetitionTime": 2,
    "SAR": 0.108161,
    "ScanOptions": "FS",
    "ScanningSequence": "EP",
    "SequenceName": "_epfid2d1_64",
    "SequenceVariant": "SK",
    "ShimSetting": [
      3239,
      10694,
      9910,
      409,
      161,
      394,
      823,
      -53
    ],
    "SliceThickness": 2,
    "SliceTiming": [
      1,
      0,
      1.055,
      0.0575,
      1.1125,
      0.1125,
      1.1675,
      0.1675,
      1.2225,
      0.2225,
      1.2775,
      0.2775,
      1.335,
      0.335,
      1.39,
      0.39,
      1.445,
      0.445,
      1.5,
      0.5,
      1.555,
      0.5575,
      1.6125,
      0.6125,
      1.6675,
      0.6675,
      1.7225,
      0.7225,
      1.7775,
      0.7775,
      1.8325,
      0.835,
      1.89,
      0.89,
      1.945,
      0.945
    ],
    "SoftwareVersions": "syngo_MR_D11",
    "SpacingBetweenSlices": 3,
    "TaskName": "Photographs task",
    "TotalReadoutTime": 0.0207902,
    "TxRefAmp": 323.331,
    "dataset": "ds001847",
    "modality": "bold",
    "run_id": 3,
    "subject_id": "12",
    "task_id": "photo"
  },
  "dummy_trs": 1,
  "dvars_nstd": 33.9970583186833,
  "dvars_std": 1.1825290480782915,
  "dvars_vstd": 1.0519270916370098,
  "efc": 0.5971247383091167,
  "fber": 943.953125,
  "fd_mean": 0.09378082157503345,
  "fd_num": 13,
  "fd_perc": 4.609929078014185,
  "fwhm_avg": 1.6073833333333332,
  "fwhm_x": 1.51515,
  "fwhm_y": 1.7474433333333332,
  "fwhm_z": 1.5595566666666667,
  "gcor": 0.0157824,
  "gsr_x": -0.006112906616181135,
  "gsr_y": 0.05321887135505676,
  "provenance": {
    "md5sum": "312cd70c201d9db23328e580735b3043",
    "settings": {
      "fd_thres": 0.2,
      "testing": false
    },
    "software": "mriqc",
    "version": "22.0.6",
    "webapi_port": null,
    "webapi_url": "https://mriqc.nimh.nih.gov/api/v1"
  },
  "size_t": 282,
  "size_x": 64,
  "size_y": 64,
  "size_z": 37,
  "snr": 5.824882033404502,
  "spacing_tr": 2.0,
  "spacing_x": 3.0,
  "spacing_y": 3.0,
  "spacing_z": 3.0,
  "summary_bg_k": 39.950157433653246,
  "summary_bg_mad": 10.612172573463036,
  "summary_bg_mean": 42.8463020324707,
  "summary_bg_median": 24.187942504882812,
  "summary_bg_n": 76980.0,
  "summary_bg_p05": 14.3544322013855,
  "summary_bg_p95": 126.58900070190431,
  "summary_bg_stdv": 58.8004150390625,
  "summary_fg_k": 3.3277060742562945,
  "summary_fg_mad": 123.60277514581117,
  "summary_fg_mean": 776.7199096679688,
  "summary_fg_median": 761.134765625,
  "summary_fg_n": 39570.0,
  "summary_fg_p05": 606.8824310302734,
  "summary_fg_p95": 988.5845245361327,
  "summary_fg_stdv": 130.66790771484375,
  "tsnr": 45.293021213728935
}