{
  "aor": 0.0003700993377483444,
  "aqi": 0.017428611456953645,
  "bids_meta": {
    "AcquisitionMatrixPE": 64,
    "BandwidthPerPixelPhaseEncode": 47.348,
    "BaseResolution": 64,
    "ConsistencyInfo": "N4_VD11D_LATEST_20110129",
    "ConversionSoftware": "dcm2niix",
    "ConversionSoftwareVersion": "v1.0.20180518 GCC4.8.5",
    "DerivedVendorReportedEchoSpacing": 0.000660007,
    "DwellTime": 4.5e-06,
    "EchoTime": 0.027,
    "EchoTrainLength": 32,
    "EffectiveEchoSpacing": 0.000330003,
    "FlipAngle": 71,
    "ImageOrientationPatientDICOM": [
      0.999639,
      -0.0145184,
      -0.0226153,
      0.0159076,
      0.997918,
      0.062509
    ],
    "ImageType": [
      "ORIGINAL",
      "PRIMARY",
      "M",
      "ND",
      "NORM",
      "MOSAIC"
    ],
    "InPlanePhaseEncodingDirectionDICOM": "COL",
    "MRAcquisitionType": "2D",
    "MagneticFieldStrength": 3,
    "Manufacturer": "Siemens",
    "ManufacturersModelName": "Skyra",
    "Modality": "MR",
    "ParallelReductionFactorInPlane": 2,
    "PartialFourier": 1,
    "PercentPhaseFOV": 100,
    "PhaseEncodingDirection": "j-",
    "PhaseEncodingSteps": 64,
    "PhaseResolution": 1,
    "PixelBandwidth": 1735,
    "PulseSequenceDetails": "%SiemensSeq%_ep2d_bold",
    "ReceiveCoilActiveElements": "HE1-4",
    "ReceiveCoilName": "HeadNeck_20",
    "ReconMatrixPE": 64,
    "RepetitionTime": 2,
    "SAR": 0.108161,
    "ScanOptions": "FS",
    "ScanningSequence": "EP",
    "SequenceName": "_epfid2d1_64",
    "SequenceVariant": "SK",
    "ShimSetting": [
      3239,
      10694,
      9910,
      409,
      161,
      394,
      823,
      -53
    ],
    "SliceThickness": 2,
    "SliceTiming": [
      1,
      0,
      1.055,
      0.0575,
      1.1125,
      0.1125,
      1.1675,
      0.1675,
      1.2225,
      0.2225,
      1.2775,
      0.2775,
      1.335,
      0.335,
      1.39,
      0.39,
      1.445,
      0.445,
      1.5,
      0.5,
      1.555,
      0.5575,
      1.6125,
      0.6125,
      1.6675,
      0.6675,
      1.7225,
      0.7225,
      1.7775,
      0.7775,
      1.8325,
      0.835,
      1.89,
      0.89,
      1.945,
      0.945
    ],
    "SoftwareVersions": "syngo_MR_D11",
    "SpacingBetweenSlices": 3,
    "TaskName": "Photographs task",
    "TotalReadoutTime": 0.0207902,
    "TxRefAmp": 323.331,
    "dataset": "ds001847",
    "modality": "bold",
    "run_id": 2,
    "subject_id": "25",
    "task_id": "photo"
  },
  "dummy_trs": 0,
  "dvars_nstd": 29.807839022923606,
  "dvars_std": 1.0462484999667772,
  "dvars_vstd": 0.9667843656146177,
  "efc": 0.5847298582587507,
  "fber": 788.6615600585938,
  "fd_mean": 0.07369526011446136,
  "fd_num": 1,
  "fd_perc": 0.33112582781456956,
  "fwhm_avg": 1.5659044444444445,
  "fwhm_x": 1.46976,
  "fwhm_y": 1.7076566666666666,
  "fwhm_z": 1.5202966666666666,
  "gcor": 0.00422262,
  "gsr_x": -0.0043335407972335815,
  "gsr_y": 0.054018545895814896,
  "provenance": {
    "md5sum": "5a9a5128c1cea7a3cb87970e29af195d",
    "settings": {
      "fd_thres": 0.2,
      "testing": false
    },
    "software": "mriqc",
    "version": "22.0.6",
    "webapi_port": null,
    "webapi_url": "https://mriqc.nimh.nih.gov/api/v1"
  },
  "size_t": 302,
  "size_x": 64,
  "size_y": 64,
  "size_z": 37,
  "snr": 5.86013620192882,
  "spacing_tr": 2.0,
  "spacing_x": 3.0,
  "spacing_y": 3.0,
  "spacing_z": 3.0,
  "summary_bg_k": 27.86393516135197,
  "summary_bg_mad": 14.58056007688127,
  "summary_bg_mean": 52.815834045410156,
  "summary_bg_median": 26.864238739013672,
  "summary_bg_n": 82665.0,
  "summary_bg_p05": 14.284768104553223,
  "summary_bg_p95": 178.72317199707038,
  "summary_bg_stdv": 76.44017028808594,
  "summary_fg_k": 3.1633603000958885,
  "summary_fg_mad": 127.36633517808394,
  "summary_fg_mean": 779.1395874023438,
  "summary_fg_median": 766.9569702148438,
  "summary_fg_n": 35087.0,
  "summary_fg_p05": 609.8834533691406,
  "summary_fg_p95": 987.3874145507812,
  "summary_fg_stdv": 130.8751220703125,
  "tsnr": 43.32869592355564
}