{
  "aor": 0.00036786184210526316,
  "aqi": 0.010216462565789473,
  "bids_meta": {
    "AcquisitionMatrixPE": 64,
    "BandwidthPerPixelPhaseEncode": 47.348,
    "BaseResolution": 64,
    "ConsistencyInfo": "N4_VD11D_LATEST_20110129",
    "ConversionSoftware": "dcm2niix",
    "ConversionSoftwareVersion": "v1.0.20180518 GCC4.8.5",
    "DerivedVendorReportedEchoSpacing": 0.000660007,
    "DwellTime": 4.5e-06,
    "EchoTime": 0.027,
    "EchoTrainLength": 32,
    "EffectiveEchoSpacing": 0.000330003,
    "FlipAngle": 71,
    "ImageOrientationPatientDICOM": [
      0.999639,
      -0.0145184,
      -0.0226153,
      0.0159076,
      0.997918,
      0.062509
    ],
    "ImageType": [
      "ORIGINAL",
      "PRIMARY",
      "M",
      "ND",
      "NORM",
      "MOSAIC"
    ],
    "InPlanePhaseEncodingDirectionDICOM": "COL",
    "MRAcquisitionType": "2D",
    "MagneticFieldStrength": 3,
    "Manufacturer": "Siemens",
    "ManufacturersModelName": "Skyra",
    "Modality": "MR",
    "ParallelReductionFactorInPlane": 2,
    "PartialFourier": 1,
    "PercentPhaseFOV": 100,
    "PhaseEncodingDirection": "j-",
    "PhaseEncodingSteps": 64,
    "PhaseResolution": 1,
    "PixelBandwidth": 1735,
    "PulseSequenceDetails": "%SiemensSeq%_ep2d_bold",
    "ReceiveCoilActiveElements": "HE1-4",
    "ReceiveCoilName": "HeadNeck_20",
    "ReconMatrixPE": 64,
    "RepetitionTime": 2,
    "SAR": 0.108161,
    "ScanOptions": "FS",
    "ScanningSequence": "EP",
    "SequenceName": "_epfid2d1_64",
    "SequenceVariant": "SK",
    "ShimSetting": [
      3239,
      10694,
      9910,
      409,
      161,
      394,
      823,
      -53
    ],
    "SliceThickness": 2,
    "SliceTiming": [
      1,
      0,
      1.055,
      0.0575,
      1.1125,
      0.1125,
      1.1675,
      0.1675,
      1.2225,
      0.2225,
      1.2775,
      0.2775,
      1.335,
      0.335,
      1.39,
      0.39,
      1.445,
      0.445,
      1.5,
      0.5,
      1.555,
      0.5575,
      1.6125,
      0.6125,
      1.6675,
      0.6675,
      1.7225,
      0.7225,
      1.7775,
      0.7775,
      1.8325,
      0.835,
      1.89,
      0.89,
      1.945,
      0.945
    ],
    "SoftwareVersions": "syngo_MR_D11",
    "SpacingBetweenSlices": 3,
    "TaskName": "Photographs task",
    "TotalReadoutTime": 0.0207902,
    "TxRefAmp": 323.331,
    "dataset": "ds001847",
    "modality": "bold",
    "run_id": 1,
    "subject_id": "25",
    "task_id": "photo"
  },
  "dummy_trs": 1,
  "dvars_nstd": 32.068386405214525,
  "dvars_std": 1.1212102488118807,
  "dvars_vstd": 0.9967047257095699,
  "efc": 0.5827412140152302,
  "fber": 791.440673828125,
  "fd_mean": 0.07835019435934985,
  "fd_num": 4,
  "fd_perc": 1.3157894736842106,
  "fwhm_avg": 1.5428155555555556,
  "fwhm_x": 1.4423633333333334,
  "fwhm_y": 1.6816633333333335,
  "fwhm_z": 1.5044199999999999,
  "gcor": 0.00819156,
  "gsr_x": -0.0029483851976692677,
  "gsr_y": 0.05358966439962387,
  "provenance": {
    "md5sum": "75d16c9f0f5fdb2a316fed251a624309",
    "settings": {
      "fd_thres": 0.2,
      "testing": false
    },
    "software": "mriqc",
    "version": "22.0.6",
    "webapi_port": null,
    "webapi_url": "https://mriqc.nimh.nih.gov/api/v1"
  },
  "size_t": 304,
  "size_x": 64,
  "size_y": 64,
  "size_z": 37,
  "snr": 5.82069537443836,
  "spacing_tr": 2.0,
  "spacing_x": 3.0,
  "spacing_y": 3.0,
  "spacing_z": 3.0,
  "summary_bg_k": 28.249600516842747,
  "summary_bg_mad": 13.626285905337681,
  "summary_bg_mean": 51.521602630615234,
  "summary_bg_median": 26.526315689086914,
  "summary_bg_n": 82843.0,
  "summary_bg_p05": 14.651315689086914,
  "summary_bg_p95": 173.0884841918943,
  "summary_bg_stdv": 74.99659729003906,
  "summary_fg_k": 3.3992075143639084,
  "summary_fg_mad": 125.70171059858444,
  "summary_fg_mean": 772.1351928710938,
  "summary_fg_median": 759.88818359375,
  "summary_fg_n": 34980.0,
  "summary_fg_p05": 604.66416015625,
  "summary_fg_p95": 980.9458953857418,
  "summary_fg_stdv": 130.54751586914062,
  "tsnr": 49.872343556256965
}