{
  "aor": 0.00047402061855670094,
  "aqi": 0.010465928865979381,
  "bids_meta": {
    "AcquisitionMatrixPE": 64,
    "BandwidthPerPixelPhaseEncode": 47.348,
    "BaseResolution": 64,
    "ConsistencyInfo": "N4_VD11D_LATEST_20110129",
    "ConversionSoftware": "dcm2niix",
    "ConversionSoftwareVersion": "v1.0.20180518 GCC4.8.5",
    "DerivedVendorReportedEchoSpacing": 0.000660007,
    "DwellTime": 4.5e-06,
    "EchoTime": 0.027,
    "EchoTrainLength": 32,
    "EffectiveEchoSpacing": 0.000330003,
    "FlipAngle": 71,
    "ImageOrientationPatientDICOM": [
      0.999639,
      -0.0145184,
      -0.0226153,
      0.0159076,
      0.997918,
      0.062509
    ],
    "ImageType": [
      "ORIGINAL",
      "PRIMARY",
      "M",
      "ND",
      "NORM",
      "MOSAIC"
    ],
    "InPlanePhaseEncodingDirectionDICOM": "COL",
    "MRAcquisitionType": "2D",
    "MagneticFieldStrength": 3,
    "Manufacturer": "Siemens",
    "ManufacturersModelName": "Skyra",
    "Modality": "MR",
    "ParallelReductionFactorInPlane": 2,
    "PartialFourier": 1,
    "PercentPhaseFOV": 100,
    "PhaseEncodingDirection": "j-",
    "PhaseEncodingSteps": 64,
    "PhaseResolution": 1,
    "PixelBandwidth": 1735,
    "PulseSequenceDetails": "%SiemensSeq%_ep2d_bold",
    "ReceiveCoilActiveElements": "HE1-4",
    "ReceiveCoilName": "HeadNeck_20",
    "ReconMatrixPE": 64,
    "RepetitionTime": 2,
    "SAR": 0.108161,
    "ScanOptions": "FS",
    "ScanningSequence": "EP",
    "SequenceName": "_epfid2d1_64",
    "SequenceVariant": "SK",
    "ShimSetting": [
      3239,
      10694,
      9910,
      409,
      161,
      394,
      823,
      -53
    ],
    "SliceThickness": 2,
    "SliceTiming": [
      1,
      0,
      1.055,
      0.0575,
      1.1125,
      0.1125,
      1.1675,
      0.1675,
      1.2225,
      0.2225,
      1.2775,
      0.2775,
      1.335,
      0.335,
      1.39,
      0.39,
      1.445,
      0.445,
      1.5,
      0.5,
      1.555,
      0.5575,
      1.6125,
      0.6125,
      1.6675,
      0.6675,
      1.7225,
      0.7225,
      1.7775,
      0.7775,
      1.8325,
      0.835,
      1.89,
      0.89,
      1.945,
      0.945
    ],
    "SoftwareVersions": "syngo_MR_D11",
    "SpacingBetweenSlices": 3,
    "TaskName": "Photographs task",
    "TotalReadoutTime": 0.0207902,
    "TxRefAmp": 323.331,
    "dataset": "ds001847",
    "modality": "bold",
    "run_id": 3,
    "subject_id": "25",
    "task_id": "photo"
  },
  "dummy_trs": 0,
  "dvars_nstd": 30.32626547968966,
  "dvars_std": 1.1009725356551718,
  "dvars_vstd": 0.9985143839310338,
  "efc": 0.5855786570033085,
  "fber": 775.4974365234375,
  "fd_mean": 0.06661832193728266,
  "fd_num": 3,
  "fd_perc": 1.0309278350515463,
  "fwhm_avg": 1.5479155555555557,
  "fwhm_x": 1.4433933333333335,
  "fwhm_y": 1.68468,
  "fwhm_z": 1.5156733333333332,
  "gcor": 0.00557218,
  "gsr_x": -0.004085050895810127,
  "gsr_y": 0.05405932292342186,
  "provenance": {
    "md5sum": "1db821af5f8564d43528a4cf31b82590",
    "settings": {
      "fd_thres": 0.2,
      "testing": false
    },
    "software": "mriqc",
    "version": "22.0.6",
    "webapi_port": null,
    "webapi_url": "https://mriqc.nimh.nih.gov/api/v1"
  },
  "size_t": 291,
  "size_x": 64,
  "size_y": 64,
  "size_z": 37,
  "snr": 5.828836599620482,
  "spacing_tr": 2.0,
  "spacing_x": 3.0,
  "spacing_y": 3.0,
  "spacing_z": 3.0,
  "summary_bg_k": 27.18986345062292,
  "summary_bg_mad": 14.349652857658103,
  "summary_bg_mean": 53.30293273925781,
  "summary_bg_median": 26.977663040161133,
  "summary_bg_n": 82640.0,
  "summary_bg_p05": 14.7044677734375,
  "summary_bg_p95": 180.93230514526374,
  "summary_bg_stdv": 77.02791595458984,
  "summary_fg_k": 3.2553546385432517,
  "summary_fg_mad": 126.52305087179404,
  "summary_fg_mean": 777.3199462890625,
  "summary_fg_median": 765.365966796875,
  "summary_fg_n": 35152.0,
  "summary_fg_p05": 608.5280120849609,
  "summary_fg_p95": 986.8134216308594,
  "summary_fg_stdv": 131.30494689941406,
  "tsnr": 49.34593592584133
}