{
  "aor": 0.000584828897338403,
  "aqi": 0.010096894980988593,
  "bids_meta": {
    "AcquisitionMatrixPE": 64,
    "BandwidthPerPixelPhaseEncode": 47.348,
    "BaseResolution": 64,
    "ConsistencyInfo": "N4_VD11D_LATEST_20110129",
    "ConversionSoftware": "dcm2niix",
    "ConversionSoftwareVersion": "v1.0.20180518 GCC4.8.5",
    "DerivedVendorReportedEchoSpacing": 0.000660007,
    "DwellTime": 4.5e-06,
    "EchoTime": 0.027,
    "EchoTrainLength": 32,
    "EffectiveEchoSpacing": 0.000330003,
    "FlipAngle": 71,
    "ImageOrientationPatientDICOM": [
      0.999639,
      -0.0145184,
      -0.0226153,
      0.0159076,
      0.997918,
      0.062509
    ],
    "ImageType": [
      "ORIGINAL",
      "PRIMARY",
      "M",
      "ND",
      "NORM",
      "MOSAIC"
    ],
    "InPlanePhaseEncodingDirectionDICOM": "COL",
    "MRAcquisitionType": "2D",
    "MagneticFieldStrength": 3,
    "Manufacturer": "Siemens",
    "ManufacturersModelName": "Skyra",
    "Modality": "MR",
    "ParallelReductionFactorInPlane": 2,
    "PartialFourier": 1,
    "PercentPhaseFOV": 100,
    "PhaseEncodingDirection": "j-",
    "PhaseEncodingSteps": 64,
    "PhaseResolution": 1,
    "PixelBandwidth": 1735,
    "PulseSequenceDetails": "%SiemensSeq%_ep2d_bold",
    "ReceiveCoilActiveElements": "HE1-4",
    "ReceiveCoilName": "HeadNeck_20",
    "ReconMatrixPE": 64,
    "RepetitionTime": 2,
    "SAR": 0.108161,
    "ScanOptions": "FS",
    "ScanningSequence": "EP",
    "SequenceName": "_epfid2d1_64",
    "SequenceVariant": "SK",
    "ShimSetting": [
      3239,
      10694,
      9910,
      409,
      161,
      394,
      823,
      -53
    ],
    "SliceThickness": 2,
    "SliceTiming": [
      1,
      0,
      1.055,
      0.0575,
      1.1125,
      0.1125,
      1.1675,
      0.1675,
      1.2225,
      0.2225,
      1.2775,
      0.2775,
      1.335,
      0.335,
      1.39,
      0.39,
      1.445,
      0.445,
      1.5,
      0.5,
      1.555,
      0.5575,
      1.6125,
      0.6125,
      1.6675,
      0.6675,
      1.7225,
      0.7225,
      1.7775,
      0.7775,
      1.8325,
      0.835,
      1.89,
      0.89,
      1.945,
      0.945
    ],
    "SoftwareVersions": "syngo_MR_D11",
    "SpacingBetweenSlices": 3,
    "TaskName": "Photographs task",
    "TotalReadoutTime": 0.0207902,
    "TxRefAmp": 323.331,
    "dataset": "ds001847",
    "modality": "bold",
    "run_id": 4,
    "subject_id": "25",
    "task_id": "photo"
  },
  "dummy_trs": 0,
  "dvars_nstd": 30.316464817290086,
  "dvars_std": 1.1015731064503818,
  "dvars_vstd": 1.0015754459160313,
  "efc": 0.5866548885982196,
  "fber": 756.0982055664062,
  "fd_mean": 0.0699547500666317,
  "fd_num": 2,
  "fd_perc": 0.7604562737642585,
  "fwhm_avg": 1.5502344444444445,
  "fwhm_x": 1.4452833333333333,
  "fwhm_y": 1.6836433333333334,
  "fwhm_z": 1.5217766666666668,
  "gcor": 0.007017,
  "gsr_x": -0.0036555356346070766,
  "gsr_y": 0.05325068533420563,
  "provenance": {
    "md5sum": "71dedbc5d1acc778cd0db04739eb5780",
    "settings": {
      "fd_thres": 0.2,
      "testing": false
    },
    "software": "mriqc",
    "version": "22.0.6",
    "webapi_port": null,
    "webapi_url": "https://mriqc.nimh.nih.gov/api/v1"
  },
  "size_t": 263,
  "size_x": 64,
  "size_y": 64,
  "size_z": 37,
  "snr": 5.840907582341962,
  "spacing_tr": 2.0,
  "spacing_x": 3.0,
  "spacing_y": 3.0,
  "spacing_z": 3.0,
  "summary_bg_k": 26.802022252384592,
  "summary_bg_mad": 14.61744358505992,
  "summary_bg_mean": 53.83890914916992,
  "summary_bg_median": 27.262357711791992,
  "summary_bg_n": 82653.0,
  "summary_bg_p05": 14.709505271911622,
  "summary_bg_p95": 185.223577880859,
  "summary_bg_stdv": 77.33623504638672,
  "summary_fg_k": 3.150775288015782,
  "summary_fg_mad": 126.00707199911832,
  "summary_fg_mean": 775.7089233398438,
  "summary_fg_median": 763.6444702148438,
  "summary_fg_n": 35142.0,
  "summary_fg_p05": 607.8370574951172,
  "summary_fg_p95": 985.2760650634765,
  "summary_fg_stdv": 130.73886108398438,
  "tsnr": 50.18470343388617
}