{
  "aor": 0.0003879377431906615,
  "aqi": 0.01109768420233463,
  "bids_meta": {
    "AcquisitionMatrixPE": 64,
    "BandwidthPerPixelPhaseEncode": 47.348,
    "BaseResolution": 64,
    "ConsistencyInfo": "N4_VD11D_LATEST_20110129",
    "ConversionSoftware": "dcm2niix",
    "ConversionSoftwareVersion": "v1.0.20180518 GCC4.8.5",
    "DerivedVendorReportedEchoSpacing": 0.000660007,
    "DwellTime": 4.5e-06,
    "EchoTime": 0.027,
    "EchoTrainLength": 32,
    "EffectiveEchoSpacing": 0.000330003,
    "FlipAngle": 71,
    "ImageOrientationPatientDICOM": [
      0.999639,
      -0.0145184,
      -0.0226153,
      0.0159076,
      0.997918,
      0.062509
    ],
    "ImageType": [
      "ORIGINAL",
      "PRIMARY",
      "M",
      "ND",
      "NORM",
      "MOSAIC"
    ],
    "InPlanePhaseEncodingDirectionDICOM": "COL",
    "MRAcquisitionType": "2D",
    "MagneticFieldStrength": 3,
    "Manufacturer": "Siemens",
    "ManufacturersModelName": "Skyra",
    "Modality": "MR",
    "ParallelReductionFactorInPlane": 2,
    "PartialFourier": 1,
    "PercentPhaseFOV": 100,
    "PhaseEncodingDirection": "j-",
    "PhaseEncodingSteps": 64,
    "PhaseResolution": 1,
    "PixelBandwidth": 1735,
    "PulseSequenceDetails": "%SiemensSeq%_ep2d_bold",
    "ReceiveCoilActiveElements": "HE1-4",
    "ReceiveCoilName": "HeadNeck_20",
    "ReconMatrixPE": 64,
    "RepetitionTime": 2,
    "SAR": 0.108161,
    "ScanOptions": "FS",
    "ScanningSequence": "EP",
    "SequenceName": "_epfid2d1_64",
    "SequenceVariant": "SK",
    "ShimSetting": [
      3239,
      10694,
      9910,
      409,
      161,
      394,
      823,
      -53
    ],
    "SliceThickness": 2,
    "SliceTiming": [
      1,
      0,
      1.055,
      0.0575,
      1.1125,
      0.1125,
      1.1675,
      0.1675,
      1.2225,
      0.2225,
      1.2775,
      0.2775,
      1.335,
      0.335,
      1.39,
      0.39,
      1.445,
      0.445,
      1.5,
      0.5,
      1.555,
      0.5575,
      1.6125,
      0.6125,
      1.6675,
      0.6675,
      1.7225,
      0.7225,
      1.7775,
      0.7775,
      1.8325,
      0.835,
      1.89,
      0.89,
      1.945,
      0.945
    ],
    "SoftwareVersions": "syngo_MR_D11",
    "SpacingBetweenSlices": 3,
    "TaskName": "Photographs task",
    "TotalReadoutTime": 0.0207902,
    "TxRefAmp": 323.331,
    "dataset": "ds001847",
    "modality": "bold",
    "run_id": 1,
    "subject_id": "23",
    "task_id": "photo"
  },
  "dummy_trs": 0,
  "dvars_nstd": 33.54980967921873,
  "dvars_std": 1.165837994140625,
  "dvars_vstd": 0.9953426690625,
  "efc": 0.6282503906799244,
  "fber": 745.1802368164062,
  "fd_mean": 0.06470759009323654,
  "fd_num": 1,
  "fd_perc": 0.38910505836575876,
  "fwhm_avg": 1.6778911111111112,
  "fwhm_x": 1.5910433333333334,
  "fwhm_y": 1.7940433333333334,
  "fwhm_z": 1.6485866666666666,
  "gcor": 0.0135398,
  "gsr_x": -0.007098045200109482,
  "gsr_y": 0.050349220633506775,
  "provenance": {
    "md5sum": "721b3e85cb7977a3a9067177d8315f35",
    "settings": {
      "fd_thres": 0.2,
      "testing": false
    },
    "software": "mriqc",
    "version": "22.0.6",
    "webapi_port": null,
    "webapi_url": "https://mriqc.nimh.nih.gov/api/v1"
  },
  "size_t": 257,
  "size_x": 64,
  "size_y": 64,
  "size_z": 37,
  "snr": 5.224131341203345,
  "spacing_tr": 2.0,
  "spacing_x": 3.0,
  "spacing_y": 3.0,
  "spacing_z": 3.0,
  "summary_bg_k": 30.057426645017948,
  "summary_bg_mad": 15.151964600120627,
  "summary_bg_mean": 62.44643783569336,
  "summary_bg_median": 28.250972747802734,
  "summary_bg_n": 74010.0,
  "summary_bg_p05": 15.346303939819336,
  "summary_bg_p95": 224.7937774658203,
  "summary_bg_stdv": 97.83432006835938,
  "summary_fg_k": 4.6384232361130655,
  "summary_fg_mad": 125.50778868975524,
  "summary_fg_mean": 812.361328125,
  "summary_fg_median": 793.7120361328125,
  "summary_fg_n": 42942.0,
  "summary_fg_p05": 630.7484313964844,
  "summary_fg_p95": 1063.0497619628907,
  "summary_fg_stdv": 151.9300994873047,
  "tsnr": 50.42794676637277
}