{
  "aor": 0.0011606271777003484,
  "aqi": 0.02788427839721255,
  "bids_meta": {
    "AcquisitionMatrixPE": 64,
    "BandwidthPerPixelPhaseEncode": 47.348,
    "BaseResolution": 64,
    "ConsistencyInfo": "N4_VD11D_LATEST_20110129",
    "ConversionSoftware": "dcm2niix",
    "ConversionSoftwareVersion": "v1.0.20180518 GCC4.8.5",
    "DerivedVendorReportedEchoSpacing": 0.000660007,
    "DwellTime": 4.5e-06,
    "EchoTime": 0.027,
    "EchoTrainLength": 32,
    "EffectiveEchoSpacing": 0.000330003,
    "FlipAngle": 71,
    "ImageOrientationPatientDICOM": [
      0.999639,
      -0.0145184,
      -0.0226153,
      0.0159076,
      0.997918,
      0.062509
    ],
    "ImageType": [
      "ORIGINAL",
      "PRIMARY",
      "M",
      "ND",
      "NORM",
      "MOSAIC"
    ],
    "InPlanePhaseEncodingDirectionDICOM": "COL",
    "MRAcquisitionType": "2D",
    "MagneticFieldStrength": 3,
    "Manufacturer": "Siemens",
    "ManufacturersModelName": "Skyra",
    "Modality": "MR",
    "ParallelReductionFactorInPlane": 2,
    "PartialFourier": 1,
    "PercentPhaseFOV": 100,
    "PhaseEncodingDirection": "j-",
    "PhaseEncodingSteps": 64,
    "PhaseResolution": 1,
    "PixelBandwidth": 1735,
    "PulseSequenceDetails": "%SiemensSeq%_ep2d_bold",
    "ReceiveCoilActiveElements": "HE1-4",
    "ReceiveCoilName": "HeadNeck_20",
    "ReconMatrixPE": 64,
    "RepetitionTime": 2,
    "SAR": 0.108161,
    "ScanOptions": "FS",
    "ScanningSequence": "EP",
    "SequenceName": "_epfid2d1_64",
    "SequenceVariant": "SK",
    "ShimSetting": [
      3239,
      10694,
      9910,
      409,
      161,
      394,
      823,
      -53
    ],
    "SliceThickness": 2,
    "SliceTiming": [
      1,
      0,
      1.055,
      0.0575,
      1.1125,
      0.1125,
      1.1675,
      0.1675,
      1.2225,
      0.2225,
      1.2775,
      0.2775,
      1.335,
      0.335,
      1.39,
      0.39,
      1.445,
      0.445,
      1.5,
      0.5,
      1.555,
      0.5575,
      1.6125,
      0.6125,
      1.6675,
      0.6675,
      1.7225,
      0.7225,
      1.7775,
      0.7775,
      1.8325,
      0.835,
      1.89,
      0.89,
      1.945,
      0.945
    ],
    "SoftwareVersions": "syngo_MR_D11",
    "SpacingBetweenSlices": 3,
    "TaskName": "Photographs task",
    "TotalReadoutTime": 0.0207902,
    "TxRefAmp": 323.331,
    "dataset": "ds001847",
    "modality": "bold",
    "run_id": 3,
    "subject_id": "23",
    "task_id": "photo"
  },
  "dummy_trs": 0,
  "dvars_nstd": 35.79869460416085,
  "dvars_std": 1.059555603636363,
  "dvars_vstd": 0.935450766713287,
  "efc": 0.6301316798886734,
  "fber": 720.2910766601562,
  "fd_mean": 0.09948879889764825,
  "fd_num": 28,
  "fd_perc": 9.75609756097561,
  "fwhm_avg": 1.707291111111111,
  "fwhm_x": 1.61355,
  "fwhm_y": 1.82623,
  "fwhm_z": 1.6820933333333334,
  "gcor": 0.0126014,
  "gsr_x": -0.006004841532558203,
  "gsr_y": 0.050132617354393005,
  "provenance": {
    "md5sum": "ecb38ed133c019817d54397114010db7",
    "settings": {
      "fd_thres": 0.2,
      "testing": false
    },
    "software": "mriqc",
    "version": "22.0.6",
    "webapi_port": null,
    "webapi_url": "https://mriqc.nimh.nih.gov/api/v1"
  },
  "size_t": 287,
  "size_x": 64,
  "size_y": 64,
  "size_z": 37,
  "snr": 5.271562201527587,
  "spacing_tr": 2.0,
  "spacing_x": 3.0,
  "spacing_y": 3.0,
  "spacing_z": 3.0,
  "summary_bg_k": 28.008882316666355,
  "summary_bg_mad": 15.755877964119147,
  "summary_bg_mean": 63.5915412902832,
  "summary_bg_median": 28.61324119567871,
  "summary_bg_n": 74136.0,
  "summary_bg_p05": 15.383275032043457,
  "summary_bg_p95": 230.15854263305664,
  "summary_bg_stdv": 97.46324157714844,
  "summary_fg_k": 4.798448198905103,
  "summary_fg_mad": 122.394767436098,
  "summary_fg_mean": 806.5824584960938,
  "summary_fg_median": 787.6585693359375,
  "summary_fg_n": 42882.0,
  "summary_fg_p05": 630.0142669677734,
  "summary_fg_p95": 1052.2275390624998,
  "summary_fg_stdv": 149.414794921875,
  "tsnr": 36.82771912775934
}