{
  "aor": 0.0024457627118644066,
  "aqi": 0.012673404745762711,
  "bids_meta": {
    "AcquisitionMatrixPE": 64,
    "BandwidthPerPixelPhaseEncode": 47.348,
    "BaseResolution": 64,
    "ConsistencyInfo": "N4_VD11D_LATEST_20110129",
    "ConversionSoftware": "dcm2niix",
    "ConversionSoftwareVersion": "v1.0.20180518 GCC4.8.5",
    "DerivedVendorReportedEchoSpacing": 0.000660007,
    "DwellTime": 4.5e-06,
    "EchoTime": 0.027,
    "EchoTrainLength": 32,
    "EffectiveEchoSpacing": 0.000330003,
    "FlipAngle": 71,
    "ImageOrientationPatientDICOM": [
      0.999639,
      -0.0145184,
      -0.0226153,
      0.0159076,
      0.997918,
      0.062509
    ],
    "ImageType": [
      "ORIGINAL",
      "PRIMARY",
      "M",
      "ND",
      "NORM",
      "MOSAIC"
    ],
    "InPlanePhaseEncodingDirectionDICOM": "COL",
    "MRAcquisitionType": "2D",
    "MagneticFieldStrength": 3,
    "Manufacturer": "Siemens",
    "ManufacturersModelName": "Skyra",
    "Modality": "MR",
    "ParallelReductionFactorInPlane": 2,
    "PartialFourier": 1,
    "PercentPhaseFOV": 100,
    "PhaseEncodingDirection": "j-",
    "PhaseEncodingSteps": 64,
    "PhaseResolution": 1,
    "PixelBandwidth": 1735,
    "PulseSequenceDetails": "%SiemensSeq%_ep2d_bold",
    "ReceiveCoilActiveElements": "HE1-4",
    "ReceiveCoilName": "HeadNeck_20",
    "ReconMatrixPE": 64,
    "RepetitionTime": 2,
    "SAR": 0.108161,
    "ScanOptions": "FS",
    "ScanningSequence": "EP",
    "SequenceName": "_epfid2d1_64",
    "SequenceVariant": "SK",
    "ShimSetting": [
      3239,
      10694,
      9910,
      409,
      161,
      394,
      823,
      -53
    ],
    "SliceThickness": 2,
    "SliceTiming": [
      1,
      0,
      1.055,
      0.0575,
      1.1125,
      0.1125,
      1.1675,
      0.1675,
      1.2225,
      0.2225,
      1.2775,
      0.2775,
      1.335,
      0.335,
      1.39,
      0.39,
      1.445,
      0.445,
      1.5,
      0.5,
      1.555,
      0.5575,
      1.6125,
      0.6125,
      1.6675,
      0.6675,
      1.7225,
      0.7225,
      1.7775,
      0.7775,
      1.8325,
      0.835,
      1.89,
      0.89,
      1.945,
      0.945
    ],
    "SoftwareVersions": "syngo_MR_D11",
    "SpacingBetweenSlices": 3,
    "TaskName": "Photographs task",
    "TotalReadoutTime": 0.0207902,
    "TxRefAmp": 323.331,
    "dataset": "ds001847",
    "modality": "bold",
    "run_id": 4,
    "subject_id": "10",
    "task_id": "photo"
  },
  "dummy_trs": 0,
  "dvars_nstd": 37.567981606255316,
  "dvars_std": 1.165325273319149,
  "dvars_vstd": 1.024845130595744,
  "efc": 0.6655949593402168,
  "fber": 392.1190490722656,
  "fd_mean": 0.18419177327778324,
  "fd_num": 63,
  "fd_perc": 26.694915254237287,
  "fwhm_avg": 1.5726255555555555,
  "fwhm_x": 1.4601566666666665,
  "fwhm_y": 1.71092,
  "fwhm_z": 1.5468,
  "gcor": 0.0128511,
  "gsr_x": 0.015111620537936687,
  "gsr_y": 0.07289786636829376,
  "provenance": {
    "md5sum": "0062097aaf679c3a13df56faf7de1683",
    "settings": {
      "fd_thres": 0.2,
      "testing": false
    },
    "software": "mriqc",
    "version": "22.0.6",
    "webapi_port": null,
    "webapi_url": "https://mriqc.nimh.nih.gov/api/v1"
  },
  "size_t": 236,
  "size_x": 64,
  "size_y": 64,
  "size_z": 37,
  "snr": 5.835406339678205,
  "spacing_tr": 2.0,
  "spacing_x": 3.0,
  "spacing_y": 3.0,
  "spacing_z": 3.0,
  "summary_bg_k": 4.796009011185122,
  "summary_bg_mad": 34.074717189801824,
  "summary_bg_mean": 116.205810546875,
  "summary_bg_median": 42.444915771484375,
  "summary_bg_n": 74407.0,
  "summary_bg_p05": 17.06779670715332,
  "summary_bg_p95": 482.5461944580076,
  "summary_bg_stdv": 152.0352783203125,
  "summary_fg_k": 4.063906903749802,
  "summary_fg_mad": 143.06170303655202,
  "summary_fg_mean": 887.8966674804688,
  "summary_fg_median": 874.4428100585938,
  "summary_fg_n": 41924.0,
  "summary_fg_p05": 693.6084930419922,
  "summary_fg_p95": 1123.6516662597655,
  "summary_fg_stdv": 149.8494415283203,
  "tsnr": 41.56600869412068
}