{
  "aor": 0.0013479710144927537,
  "aqi": 0.01186266597826087,
  "bids_meta": {
    "AcquisitionMatrixPE": 64,
    "BandwidthPerPixelPhaseEncode": 47.348,
    "BaseResolution": 64,
    "ConsistencyInfo": "N4_VD11D_LATEST_20110129",
    "ConversionSoftware": "dcm2niix",
    "ConversionSoftwareVersion": "v1.0.20180518 GCC4.8.5",
    "DerivedVendorReportedEchoSpacing": 0.000660007,
    "DwellTime": 4.5e-06,
    "EchoTime": 0.027,
    "EchoTrainLength": 32,
    "EffectiveEchoSpacing": 0.000330003,
    "FlipAngle": 71,
    "ImageOrientationPatientDICOM": [
      0.999639,
      -0.0145184,
      -0.0226153,
      0.0159076,
      0.997918,
      0.062509
    ],
    "ImageType": [
      "ORIGINAL",
      "PRIMARY",
      "M",
      "ND",
      "NORM",
      "MOSAIC"
    ],
    "InPlanePhaseEncodingDirectionDICOM": "COL",
    "MRAcquisitionType": "2D",
    "MagneticFieldStrength": 3,
    "Manufacturer": "Siemens",
    "ManufacturersModelName": "Skyra",
    "Modality": "MR",
    "ParallelReductionFactorInPlane": 2,
    "PartialFourier": 1,
    "PercentPhaseFOV": 100,
    "PhaseEncodingDirection": "j-",
    "PhaseEncodingSteps": 64,
    "PhaseResolution": 1,
    "PixelBandwidth": 1735,
    "PulseSequenceDetails": "%SiemensSeq%_ep2d_bold",
    "ReceiveCoilActiveElements": "HE1-4",
    "ReceiveCoilName": "HeadNeck_20",
    "ReconMatrixPE": 64,
    "RepetitionTime": 2,
    "SAR": 0.108161,
    "ScanOptions": "FS",
    "ScanningSequence": "EP",
    "SequenceName": "_epfid2d1_64",
    "SequenceVariant": "SK",
    "ShimSetting": [
      3239,
      10694,
      9910,
      409,
      161,
      394,
      823,
      -53
    ],
    "SliceThickness": 2,
    "SliceTiming": [
      1,
      0,
      1.055,
      0.0575,
      1.1125,
      0.1125,
      1.1675,
      0.1675,
      1.2225,
      0.2225,
      1.2775,
      0.2775,
      1.335,
      0.335,
      1.39,
      0.39,
      1.445,
      0.445,
      1.5,
      0.5,
      1.555,
      0.5575,
      1.6125,
      0.6125,
      1.6675,
      0.6675,
      1.7225,
      0.7225,
      1.7775,
      0.7775,
      1.8325,
      0.835,
      1.89,
      0.89,
      1.945,
      0.945
    ],
    "SoftwareVersions": "syngo_MR_D11",
    "SpacingBetweenSlices": 3,
    "TaskName": "Photographs task",
    "TotalReadoutTime": 0.0207902,
    "TxRefAmp": 323.331,
    "dataset": "ds001847",
    "modality": "bold",
    "run_id": 2,
    "subject_id": "10",
    "task_id": "photo"
  },
  "dummy_trs": 0,
  "dvars_nstd": 34.627290323490904,
  "dvars_std": 1.126899334836363,
  "dvars_vstd": 1.0073700407272728,
  "efc": 0.6653804069910969,
  "fber": 389.170166015625,
  "fd_mean": 0.15032668501754934,
  "fd_num": 49,
  "fd_perc": 17.753623188405797,
  "fwhm_avg": 1.5893122222222222,
  "fwhm_x": 1.4741,
  "fwhm_y": 1.7310833333333333,
  "fwhm_z": 1.5627533333333332,
  "gcor": 0.0150657,
  "gsr_x": 0.010637705214321613,
  "gsr_y": 0.07595065236091614,
  "provenance": {
    "md5sum": "c553a8c70bac3bcdc5dd19eb9056361a",
    "settings": {
      "fd_thres": 0.2,
      "testing": false
    },
    "software": "mriqc",
    "version": "22.0.6",
    "webapi_port": null,
    "webapi_url": "https://mriqc.nimh.nih.gov/api/v1"
  },
  "size_t": 276,
  "size_x": 64,
  "size_y": 64,
  "size_z": 37,
  "snr": 5.763194589121729,
  "spacing_tr": 2.0,
  "spacing_x": 3.0,
  "spacing_y": 3.0,
  "spacing_z": 3.0,
  "summary_bg_k": 5.852625733899558,
  "summary_bg_mad": 34.25026379876558,
  "summary_bg_mean": 115.92830657958984,
  "summary_bg_median": 42.724639892578125,
  "summary_bg_n": 74487.0,
  "summary_bg_p05": 17.231884002685547,
  "summary_bg_p95": 476.39166870117185,
  "summary_bg_stdv": 152.12521362304688,
  "summary_fg_k": 3.914610908922252,
  "summary_fg_mad": 147.24500491395042,
  "summary_fg_mean": 891.2225952148438,
  "summary_fg_median": 877.297119140625,
  "summary_fg_n": 42013.0,
  "summary_fg_p05": 695.302197265625,
  "summary_fg_p95": 1132.7486083984375,
  "summary_fg_stdv": 152.2222900390625,
  "tsnr": 43.914818478166126
}