{
  "aor": 0.0008251263537906137,
  "aqi": 0.011530808158844764,
  "bids_meta": {
    "AcquisitionMatrixPE": 64,
    "BandwidthPerPixelPhaseEncode": 47.348,
    "BaseResolution": 64,
    "ConsistencyInfo": "N4_VD11D_LATEST_20110129",
    "ConversionSoftware": "dcm2niix",
    "ConversionSoftwareVersion": "v1.0.20180518 GCC4.8.5",
    "DerivedVendorReportedEchoSpacing": 0.000660007,
    "DwellTime": 4.5e-06,
    "EchoTime": 0.027,
    "EchoTrainLength": 32,
    "EffectiveEchoSpacing": 0.000330003,
    "FlipAngle": 71,
    "ImageOrientationPatientDICOM": [
      0.999639,
      -0.0145184,
      -0.0226153,
      0.0159076,
      0.997918,
      0.062509
    ],
    "ImageType": [
      "ORIGINAL",
      "PRIMARY",
      "M",
      "ND",
      "NORM",
      "MOSAIC"
    ],
    "InPlanePhaseEncodingDirectionDICOM": "COL",
    "MRAcquisitionType": "2D",
    "MagneticFieldStrength": 3,
    "Manufacturer": "Siemens",
    "ManufacturersModelName": "Skyra",
    "Modality": "MR",
    "ParallelReductionFactorInPlane": 2,
    "PartialFourier": 1,
    "PercentPhaseFOV": 100,
    "PhaseEncodingDirection": "j-",
    "PhaseEncodingSteps": 64,
    "PhaseResolution": 1,
    "PixelBandwidth": 1735,
    "PulseSequenceDetails": "%SiemensSeq%_ep2d_bold",
    "ReceiveCoilActiveElements": "HE1-4",
    "ReceiveCoilName": "HeadNeck_20",
    "ReconMatrixPE": 64,
    "RepetitionTime": 2,
    "SAR": 0.108161,
    "ScanOptions": "FS",
    "ScanningSequence": "EP",
    "SequenceName": "_epfid2d1_64",
    "SequenceVariant": "SK",
    "ShimSetting": [
      3239,
      10694,
      9910,
      409,
      161,
      394,
      823,
      -53
    ],
    "SliceThickness": 2,
    "SliceTiming": [
      1,
      0,
      1.055,
      0.0575,
      1.1125,
      0.1125,
      1.1675,
      0.1675,
      1.2225,
      0.2225,
      1.2775,
      0.2775,
      1.335,
      0.335,
      1.39,
      0.39,
      1.445,
      0.445,
      1.5,
      0.5,
      1.555,
      0.5575,
      1.6125,
      0.6125,
      1.6675,
      0.6675,
      1.7225,
      0.7225,
      1.7775,
      0.7775,
      1.8325,
      0.835,
      1.89,
      0.89,
      1.945,
      0.945
    ],
    "SoftwareVersions": "syngo_MR_D11",
    "SpacingBetweenSlices": 3,
    "TaskName": "Photographs task",
    "TotalReadoutTime": 0.0207902,
    "TxRefAmp": 323.331,
    "dataset": "ds001847",
    "modality": "bold",
    "run_id": 1,
    "subject_id": "10",
    "task_id": "photo"
  },
  "dummy_trs": 0,
  "dvars_nstd": 33.74890540971014,
  "dvars_std": 1.1253993275724636,
  "dvars_vstd": 1.0039751491666662,
  "efc": 0.6639587150957529,
  "fber": 418.0099792480469,
  "fd_mean": 0.14519342702932347,
  "fd_num": 36,
  "fd_perc": 12.99638989169675,
  "fwhm_avg": 1.5790544444444448,
  "fwhm_x": 1.4754033333333334,
  "fwhm_y": 1.7222533333333334,
  "fwhm_z": 1.5395066666666668,
  "gcor": 0.0103763,
  "gsr_x": 0.011700964532792568,
  "gsr_y": 0.07424791902303696,
  "provenance": {
    "md5sum": "792bf94a587aa31ea676130e66066f1c",
    "settings": {
      "fd_thres": 0.2,
      "testing": false
    },
    "software": "mriqc",
    "version": "22.0.6",
    "webapi_port": null,
    "webapi_url": "https://mriqc.nimh.nih.gov/api/v1"
  },
  "size_t": 277,
  "size_x": 64,
  "size_y": 64,
  "size_z": 37,
  "snr": 5.747405570819362,
  "spacing_tr": 2.0,
  "spacing_x": 3.0,
  "spacing_y": 3.0,
  "spacing_z": 3.0,
  "summary_bg_k": 6.078041765138167,
  "summary_bg_mad": 33.46827573745617,
  "summary_bg_mean": 114.63703155517578,
  "summary_bg_median": 41.40794372558594,
  "summary_bg_n": 74486.0,
  "summary_bg_p05": 16.473825931549072,
  "summary_bg_p95": 476.67508697509766,
  "summary_bg_stdv": 151.37840270996094,
  "summary_fg_k": 3.9882056981332763,
  "summary_fg_mad": 146.55017086031302,
  "summary_fg_mean": 892.3364868164062,
  "summary_fg_median": 877.693115234375,
  "summary_fg_n": 41974.0,
  "summary_fg_p05": 694.5037902832031,
  "summary_fg_p95": 1135.7979919433594,
  "summary_fg_stdv": 152.70936584472656,
  "tsnr": 43.91746605746448
}