{
  "aor": 0.0005985614035087719,
  "aqi": 0.009889917052631578,
  "bids_meta": {
    "AcquisitionMatrixPE": 64,
    "BandwidthPerPixelPhaseEncode": 47.348,
    "BaseResolution": 64,
    "ConsistencyInfo": "N4_VD11D_LATEST_20110129",
    "ConversionSoftware": "dcm2niix",
    "ConversionSoftwareVersion": "v1.0.20180518 GCC4.8.5",
    "DerivedVendorReportedEchoSpacing": 0.000660007,
    "DwellTime": 4.5e-06,
    "EchoTime": 0.027,
    "EchoTrainLength": 32,
    "EffectiveEchoSpacing": 0.000330003,
    "FlipAngle": 71,
    "ImageOrientationPatientDICOM": [
      0.999639,
      -0.0145184,
      -0.0226153,
      0.0159076,
      0.997918,
      0.062509
    ],
    "ImageType": [
      "ORIGINAL",
      "PRIMARY",
      "M",
      "ND",
      "NORM",
      "MOSAIC"
    ],
    "InPlanePhaseEncodingDirectionDICOM": "COL",
    "MRAcquisitionType": "2D",
    "MagneticFieldStrength": 3,
    "Manufacturer": "Siemens",
    "ManufacturersModelName": "Skyra",
    "Modality": "MR",
    "ParallelReductionFactorInPlane": 2,
    "PartialFourier": 1,
    "PercentPhaseFOV": 100,
    "PhaseEncodingDirection": "j-",
    "PhaseEncodingSteps": 64,
    "PhaseResolution": 1,
    "PixelBandwidth": 1735,
    "PulseSequenceDetails": "%SiemensSeq%_ep2d_bold",
    "ReceiveCoilActiveElements": "HE1-4",
    "ReceiveCoilName": "HeadNeck_20",
    "ReconMatrixPE": 64,
    "RepetitionTime": 2,
    "SAR": 0.108161,
    "ScanOptions": "FS",
    "ScanningSequence": "EP",
    "SequenceName": "_epfid2d1_64",
    "SequenceVariant": "SK",
    "ShimSetting": [
      3239,
      10694,
      9910,
      409,
      161,
      394,
      823,
      -53
    ],
    "SliceThickness": 2,
    "SliceTiming": [
      1,
      0,
      1.055,
      0.0575,
      1.1125,
      0.1125,
      1.1675,
      0.1675,
      1.2225,
      0.2225,
      1.2775,
      0.2775,
      1.335,
      0.335,
      1.39,
      0.39,
      1.445,
      0.445,
      1.5,
      0.5,
      1.555,
      0.5575,
      1.6125,
      0.6125,
      1.6675,
      0.6675,
      1.7225,
      0.7225,
      1.7775,
      0.7775,
      1.8325,
      0.835,
      1.89,
      0.89,
      1.945,
      0.945
    ],
    "SoftwareVersions": "syngo_MR_D11",
    "SpacingBetweenSlices": 3,
    "TaskName": "Photographs task",
    "TotalReadoutTime": 0.0207902,
    "TxRefAmp": 323.331,
    "dataset": "ds001847",
    "modality": "bold",
    "run_id": 4,
    "subject_id": "26",
    "task_id": "photo"
  },
  "dummy_trs": 0,
  "dvars_nstd": 31.147392259577476,
  "dvars_std": 1.1481633939788725,
  "dvars_vstd": 0.9975126084154928,
  "efc": 0.6026971060101487,
  "fber": 867.3876953125,
  "fd_mean": 0.03656672164921683,
  "fd_num": 1,
  "fd_perc": 0.3508771929824561,
  "fwhm_avg": 1.549609959347781,
  "fwhm_x": 1.4359666666666666,
  "fwhm_y": 1.6782933333333334,
  "fwhm_z": 1.5345698780433434,
  "gcor": 0.00614901,
  "gsr_x": 0.0008495703805238008,
  "gsr_y": 0.04334080219268799,
  "provenance": {
    "md5sum": "f4ff0b8ab6f4eb83b5b177cb8cc60c08",
    "settings": {
      "fd_thres": 0.2,
      "testing": false
    },
    "software": "mriqc",
    "version": "22.0.6",
    "webapi_port": null,
    "webapi_url": "https://mriqc.nimh.nih.gov/api/v1"
  },
  "size_t": 285,
  "size_x": 64,
  "size_y": 64,
  "size_z": 37,
  "snr": 6.30440187457999,
  "spacing_tr": 2.0,
  "spacing_x": 3.0,
  "spacing_y": 3.0,
  "spacing_z": 3.000000238418579,
  "summary_bg_k": 22.47875489534,
  "summary_bg_mad": 13.671152403901084,
  "summary_bg_mean": 54.247650146484375,
  "summary_bg_median": 27.073684692382812,
  "summary_bg_n": 77833.0,
  "summary_bg_p05": 14.09473705291748,
  "summary_bg_p95": 192.15368957519487,
  "summary_bg_stdv": 79.4332275390625,
  "summary_fg_k": 4.013314425216376,
  "summary_fg_mad": 119.56792352106524,
  "summary_fg_mean": 825.0631713867188,
  "summary_fg_median": 814.0614013671875,
  "summary_fg_n": 39080.0,
  "summary_fg_p05": 657.1085906982422,
  "summary_fg_p95": 1027.921417236328,
  "summary_fg_stdv": 129.1242218017578,
  "tsnr": 55.02998313261196
}