{
  "aor": 0.0013059448818897638,
  "aqi": 0.013251190354330708,
  "bids_meta": {
    "AcquisitionMatrixPE": 64,
    "BandwidthPerPixelPhaseEncode": 47.348,
    "BaseResolution": 64,
    "ConsistencyInfo": "N4_VD11D_LATEST_20110129",
    "ConversionSoftware": "dcm2niix",
    "ConversionSoftwareVersion": "v1.0.20180518 GCC4.8.5",
    "DerivedVendorReportedEchoSpacing": 0.000660007,
    "DwellTime": 4.5e-06,
    "EchoTime": 0.027,
    "EchoTrainLength": 32,
    "EffectiveEchoSpacing": 0.000330003,
    "FlipAngle": 71,
    "ImageOrientationPatientDICOM": [
      0.999639,
      -0.0145184,
      -0.0226153,
      0.0159076,
      0.997918,
      0.062509
    ],
    "ImageType": [
      "ORIGINAL",
      "PRIMARY",
      "M",
      "ND",
      "NORM",
      "MOSAIC"
    ],
    "InPlanePhaseEncodingDirectionDICOM": "COL",
    "MRAcquisitionType": "2D",
    "MagneticFieldStrength": 3,
    "Manufacturer": "Siemens",
    "ManufacturersModelName": "Skyra",
    "Modality": "MR",
    "ParallelReductionFactorInPlane": 2,
    "PartialFourier": 1,
    "PercentPhaseFOV": 100,
    "PhaseEncodingDirection": "j-",
    "PhaseEncodingSteps": 64,
    "PhaseResolution": 1,
    "PixelBandwidth": 1735,
    "PulseSequenceDetails": "%SiemensSeq%_ep2d_bold",
    "ReceiveCoilActiveElements": "HE1-4",
    "ReceiveCoilName": "HeadNeck_20",
    "ReconMatrixPE": 64,
    "RepetitionTime": 2,
    "SAR": 0.108161,
    "ScanOptions": "FS",
    "ScanningSequence": "EP",
    "SequenceName": "_epfid2d1_64",
    "SequenceVariant": "SK",
    "ShimSetting": [
      3239,
      10694,
      9910,
      409,
      161,
      394,
      823,
      -53
    ],
    "SliceThickness": 2,
    "SliceTiming": [
      1,
      0,
      1.055,
      0.0575,
      1.1125,
      0.1125,
      1.1675,
      0.1675,
      1.2225,
      0.2225,
      1.2775,
      0.2775,
      1.335,
      0.335,
      1.39,
      0.39,
      1.445,
      0.445,
      1.5,
      0.5,
      1.555,
      0.5575,
      1.6125,
      0.6125,
      1.6675,
      0.6675,
      1.7225,
      0.7225,
      1.7775,
      0.7775,
      1.8325,
      0.835,
      1.89,
      0.89,
      1.945,
      0.945
    ],
    "SoftwareVersions": "syngo_MR_D11",
    "SpacingBetweenSlices": 3,
    "TaskName": "Photographs task",
    "TotalReadoutTime": 0.0207902,
    "TxRefAmp": 323.331,
    "dataset": "ds001847",
    "modality": "bold",
    "run_id": 1,
    "subject_id": "26",
    "task_id": "photo"
  },
  "dummy_trs": 0,
  "dvars_nstd": 30.028439058063235,
  "dvars_std": 1.1107033542687745,
  "dvars_vstd": 0.9942069044664027,
  "efc": 0.6020277405337963,
  "fber": 879.4745483398438,
  "fd_mean": 0.04127992496393242,
  "fd_num": 2,
  "fd_perc": 0.7874015748031497,
  "fwhm_avg": 1.5527521815972005,
  "fwhm_x": 1.4336133333333334,
  "fwhm_y": 1.6910999999999998,
  "fwhm_z": 1.5335432114582688,
  "gcor": 0.00614283,
  "gsr_x": -0.00030929321656003594,
  "gsr_y": 0.04378994554281235,
  "provenance": {
    "md5sum": "ee3d4fc3b9d8c896d295541a3ce1dd01",
    "settings": {
      "fd_thres": 0.2,
      "testing": false
    },
    "software": "mriqc",
    "version": "22.0.6",
    "webapi_port": null,
    "webapi_url": "https://mriqc.nimh.nih.gov/api/v1"
  },
  "size_t": 254,
  "size_x": 64,
  "size_y": 64,
  "size_z": 37,
  "snr": 6.31142877070279,
  "spacing_tr": 2.0,
  "spacing_x": 3.0,
  "spacing_y": 3.0,
  "spacing_z": 3.000000238418579,
  "summary_bg_k": 22.082513142044437,
  "summary_bg_mad": 13.600247160930028,
  "summary_bg_mean": 53.40262222290039,
  "summary_bg_median": 26.917322158813477,
  "summary_bg_n": 77787.0,
  "summary_bg_p05": 13.94094467163086,
  "summary_bg_p95": 187.46889953613277,
  "summary_bg_stdv": 78.38704681396484,
  "summary_fg_k": 3.980298878384523,
  "summary_fg_mad": 120.31257279206638,
  "summary_fg_mean": 827.6444702148438,
  "summary_fg_median": 816.9802856445312,
  "summary_fg_n": 39129.0,
  "summary_fg_p05": 658.8692993164062,
  "summary_fg_p95": 1033.3345947265625,
  "summary_fg_stdv": 129.44293212890625,
  "tsnr": 50.594124684110284
}