{
  "aor": 0.0021856989247311825,
  "aqi": 0.010041082007168458,
  "bids_meta": {
    "AcquisitionMatrixPE": 64,
    "BandwidthPerPixelPhaseEncode": 47.348,
    "BaseResolution": 64,
    "ConsistencyInfo": "N4_VD11D_LATEST_20110129",
    "ConversionSoftware": "dcm2niix",
    "ConversionSoftwareVersion": "v1.0.20180518 GCC4.8.5",
    "DerivedVendorReportedEchoSpacing": 0.000660007,
    "DwellTime": 4.5e-06,
    "EchoTime": 0.027,
    "EchoTrainLength": 32,
    "EffectiveEchoSpacing": 0.000330003,
    "FlipAngle": 71,
    "ImageOrientationPatientDICOM": [
      0.999639,
      -0.0145184,
      -0.0226153,
      0.0159076,
      0.997918,
      0.062509
    ],
    "ImageType": [
      "ORIGINAL",
      "PRIMARY",
      "M",
      "ND",
      "NORM",
      "MOSAIC"
    ],
    "InPlanePhaseEncodingDirectionDICOM": "COL",
    "MRAcquisitionType": "2D",
    "MagneticFieldStrength": 3,
    "Manufacturer": "Siemens",
    "ManufacturersModelName": "Skyra",
    "Modality": "MR",
    "ParallelReductionFactorInPlane": 2,
    "PartialFourier": 1,
    "PercentPhaseFOV": 100,
    "PhaseEncodingDirection": "j-",
    "PhaseEncodingSteps": 64,
    "PhaseResolution": 1,
    "PixelBandwidth": 1735,
    "PulseSequenceDetails": "%SiemensSeq%_ep2d_bold",
    "ReceiveCoilActiveElements": "HE1-4",
    "ReceiveCoilName": "HeadNeck_20",
    "ReconMatrixPE": 64,
    "RepetitionTime": 2,
    "SAR": 0.108161,
    "ScanOptions": "FS",
    "ScanningSequence": "EP",
    "SequenceName": "_epfid2d1_64",
    "SequenceVariant": "SK",
    "ShimSetting": [
      3239,
      10694,
      9910,
      409,
      161,
      394,
      823,
      -53
    ],
    "SliceThickness": 2,
    "SliceTiming": [
      1,
      0,
      1.055,
      0.0575,
      1.1125,
      0.1125,
      1.1675,
      0.1675,
      1.2225,
      0.2225,
      1.2775,
      0.2775,
      1.335,
      0.335,
      1.39,
      0.39,
      1.445,
      0.445,
      1.5,
      0.5,
      1.555,
      0.5575,
      1.6125,
      0.6125,
      1.6675,
      0.6675,
      1.7225,
      0.7225,
      1.7775,
      0.7775,
      1.8325,
      0.835,
      1.89,
      0.89,
      1.945,
      0.945
    ],
    "SoftwareVersions": "syngo_MR_D11",
    "SpacingBetweenSlices": 3,
    "TaskName": "Photographs task",
    "TotalReadoutTime": 0.0207902,
    "TxRefAmp": 323.331,
    "dataset": "ds001847",
    "modality": "bold",
    "run_id": 3,
    "subject_id": "26",
    "task_id": "photo"
  },
  "dummy_trs": 1,
  "dvars_nstd": 31.321944778884873,
  "dvars_std": 1.1661789947841725,
  "dvars_vstd": 1.023934337841726,
  "efc": 0.6023601626125723,
  "fber": 874.6995239257812,
  "fd_mean": 0.0512890045129468,
  "fd_num": 5,
  "fd_perc": 1.7921146953405018,
  "fwhm_avg": 1.5479488482400257,
  "fwhm_x": 1.4344833333333333,
  "fwhm_y": 1.67492,
  "fwhm_z": 1.5344432113867432,
  "gcor": 0.0117125,
  "gsr_x": 0.00014704617206007242,
  "gsr_y": 0.04377102479338646,
  "provenance": {
    "md5sum": "9084123cc4dcf91dfc52104927eea580",
    "settings": {
      "fd_thres": 0.2,
      "testing": false
    },
    "software": "mriqc",
    "version": "22.0.6",
    "webapi_port": null,
    "webapi_url": "https://mriqc.nimh.nih.gov/api/v1"
  },
  "size_t": 279,
  "size_x": 64,
  "size_y": 64,
  "size_z": 37,
  "snr": 6.311125704069283,
  "spacing_tr": 2.0,
  "spacing_x": 3.0,
  "spacing_y": 3.0,
  "spacing_z": 3.000000238418579,
  "summary_bg_k": 22.78360954807724,
  "summary_bg_mad": 13.603804582787633,
  "summary_bg_mean": 54.000579833984375,
  "summary_bg_median": 27.064516067504883,
  "summary_bg_n": 77817.0,
  "summary_bg_p05": 14.025089263916016,
  "summary_bg_p95": 191.4014282226562,
  "summary_bg_stdv": 78.93814849853516,
  "summary_fg_k": 4.0000169931841,
  "summary_fg_mad": 119.93138005247563,
  "summary_fg_mean": 827.6080322265625,
  "summary_fg_median": 816.62548828125,
  "summary_fg_n": 39082.0,
  "summary_fg_p05": 659.0073211669921,
  "summary_fg_p95": 1031.2684387207032,
  "summary_fg_stdv": 129.39292907714844,
  "tsnr": 53.57630884484388
}