{
  "aor": 0.0014884098939929328,
  "aqi": 0.009750683180212015,
  "bids_meta": {
    "AcquisitionMatrixPE": 64,
    "BandwidthPerPixelPhaseEncode": 47.348,
    "BaseResolution": 64,
    "ConsistencyInfo": "N4_VD11D_LATEST_20110129",
    "ConversionSoftware": "dcm2niix",
    "ConversionSoftwareVersion": "v1.0.20180518 GCC4.8.5",
    "DerivedVendorReportedEchoSpacing": 0.000660007,
    "DwellTime": 4.5e-06,
    "EchoTime": 0.027,
    "EchoTrainLength": 32,
    "EffectiveEchoSpacing": 0.000330003,
    "FlipAngle": 71,
    "ImageOrientationPatientDICOM": [
      0.999639,
      -0.0145184,
      -0.0226153,
      0.0159076,
      0.997918,
      0.062509
    ],
    "ImageType": [
      "ORIGINAL",
      "PRIMARY",
      "M",
      "ND",
      "NORM",
      "MOSAIC"
    ],
    "InPlanePhaseEncodingDirectionDICOM": "COL",
    "MRAcquisitionType": "2D",
    "MagneticFieldStrength": 3,
    "Manufacturer": "Siemens",
    "ManufacturersModelName": "Skyra",
    "Modality": "MR",
    "ParallelReductionFactorInPlane": 2,
    "PartialFourier": 1,
    "PercentPhaseFOV": 100,
    "PhaseEncodingDirection": "j-",
    "PhaseEncodingSteps": 64,
    "PhaseResolution": 1,
    "PixelBandwidth": 1735,
    "PulseSequenceDetails": "%SiemensSeq%_ep2d_bold",
    "ReceiveCoilActiveElements": "HE1-4",
    "ReceiveCoilName": "HeadNeck_20",
    "ReconMatrixPE": 64,
    "RepetitionTime": 2,
    "SAR": 0.108161,
    "ScanOptions": "FS",
    "ScanningSequence": "EP",
    "SequenceName": "_epfid2d1_64",
    "SequenceVariant": "SK",
    "ShimSetting": [
      3239,
      10694,
      9910,
      409,
      161,
      394,
      823,
      -53
    ],
    "SliceThickness": 2,
    "SliceTiming": [
      1,
      0,
      1.055,
      0.0575,
      1.1125,
      0.1125,
      1.1675,
      0.1675,
      1.2225,
      0.2225,
      1.2775,
      0.2775,
      1.335,
      0.335,
      1.39,
      0.39,
      1.445,
      0.445,
      1.5,
      0.5,
      1.555,
      0.5575,
      1.6125,
      0.6125,
      1.6675,
      0.6675,
      1.7225,
      0.7225,
      1.7775,
      0.7775,
      1.8325,
      0.835,
      1.89,
      0.89,
      1.945,
      0.945
    ],
    "SoftwareVersions": "syngo_MR_D11",
    "SpacingBetweenSlices": 3,
    "TaskName": "Photographs task",
    "TotalReadoutTime": 0.0207902,
    "TxRefAmp": 323.331,
    "dataset": "ds001847",
    "modality": "bold",
    "run_id": 2,
    "subject_id": "26",
    "task_id": "photo"
  },
  "dummy_trs": 0,
  "dvars_nstd": 30.530291861524805,
  "dvars_std": 1.1536284082624106,
  "dvars_vstd": 1.021043413475178,
  "efc": 0.6017986779057357,
  "fber": 888.3992309570312,
  "fd_mean": 0.045007925960568886,
  "fd_num": 4,
  "fd_perc": 1.4134275618374559,
  "fwhm_avg": 1.5565399592359892,
  "fwhm_x": 1.4396266666666666,
  "fwhm_y": 1.6912033333333334,
  "fwhm_z": 1.5387898777079678,
  "gcor": 0.00942005,
  "gsr_x": -0.00011431089660618454,
  "gsr_y": 0.04437646269798279,
  "provenance": {
    "md5sum": "fd5ee69199e0ff0a31d015c124f35b06",
    "settings": {
      "fd_thres": 0.2,
      "testing": false
    },
    "software": "mriqc",
    "version": "22.0.6",
    "webapi_port": null,
    "webapi_url": "https://mriqc.nimh.nih.gov/api/v1"
  },
  "size_t": 283,
  "size_x": 64,
  "size_y": 64,
  "size_z": 37,
  "snr": 6.25080059574708,
  "spacing_tr": 2.0,
  "spacing_x": 3.0,
  "spacing_y": 3.0,
  "spacing_z": 3.000000238418579,
  "summary_bg_k": 22.799364192288845,
  "summary_bg_mad": 13.657751273389804,
  "summary_bg_mean": 53.77324295043945,
  "summary_bg_median": 26.989398956298828,
  "summary_bg_n": 77835.0,
  "summary_bg_p05": 14.007067680358887,
  "summary_bg_p95": 190.3522949218752,
  "summary_bg_stdv": 78.64138793945312,
  "summary_fg_k": 4.0367419703633045,
  "summary_fg_mad": 121.518363475757,
  "summary_fg_mean": 831.4810180664062,
  "summary_fg_median": 819.932861328125,
  "summary_fg_n": 39066.0,
  "summary_fg_p05": 660.7031860351562,
  "summary_fg_p95": 1040.57861328125,
  "summary_fg_stdv": 131.1707763671875,
  "tsnr": 54.890385712496936
}