{
  "aor": 0.0013810629921259842,
  "aqi": 0.009088800196850395,
  "bids_meta": {
    "AcquisitionMatrixPE": 64,
    "BandwidthPerPixelPhaseEncode": 47.348,
    "BaseResolution": 64,
    "ConsistencyInfo": "N4_VD11D_LATEST_20110129",
    "ConversionSoftware": "dcm2niix",
    "ConversionSoftwareVersion": "v1.0.20180518 GCC4.8.5",
    "DerivedVendorReportedEchoSpacing": 0.000660007,
    "DwellTime": 4.5e-06,
    "EchoTime": 0.027,
    "EchoTrainLength": 32,
    "EffectiveEchoSpacing": 0.000330003,
    "FlipAngle": 71,
    "ImageOrientationPatientDICOM": [
      0.999639,
      -0.0145184,
      -0.0226153,
      0.0159076,
      0.997918,
      0.062509
    ],
    "ImageType": [
      "ORIGINAL",
      "PRIMARY",
      "M",
      "ND",
      "NORM",
      "MOSAIC"
    ],
    "InPlanePhaseEncodingDirectionDICOM": "COL",
    "MRAcquisitionType": "2D",
    "MagneticFieldStrength": 3,
    "Manufacturer": "Siemens",
    "ManufacturersModelName": "Skyra",
    "Modality": "MR",
    "ParallelReductionFactorInPlane": 2,
    "PartialFourier": 1,
    "PercentPhaseFOV": 100,
    "PhaseEncodingDirection": "j-",
    "PhaseEncodingSteps": 64,
    "PhaseResolution": 1,
    "PixelBandwidth": 1735,
    "PulseSequenceDetails": "%SiemensSeq%_ep2d_bold",
    "ReceiveCoilActiveElements": "HE1-4",
    "ReceiveCoilName": "HeadNeck_20",
    "ReconMatrixPE": 64,
    "RepetitionTime": 2,
    "SAR": 0.108161,
    "ScanOptions": "FS",
    "ScanningSequence": "EP",
    "SequenceName": "_epfid2d1_64",
    "SequenceVariant": "SK",
    "ShimSetting": [
      3239,
      10694,
      9910,
      409,
      161,
      394,
      823,
      -53
    ],
    "SliceThickness": 2,
    "SliceTiming": [
      1,
      0,
      1.055,
      0.0575,
      1.1125,
      0.1125,
      1.1675,
      0.1675,
      1.2225,
      0.2225,
      1.2775,
      0.2775,
      1.335,
      0.335,
      1.39,
      0.39,
      1.445,
      0.445,
      1.5,
      0.5,
      1.555,
      0.5575,
      1.6125,
      0.6125,
      1.6675,
      0.6675,
      1.7225,
      0.7225,
      1.7775,
      0.7775,
      1.8325,
      0.835,
      1.89,
      0.89,
      1.945,
      0.945
    ],
    "SoftwareVersions": "syngo_MR_D11",
    "SpacingBetweenSlices": 3,
    "TaskName": "Photographs task",
    "TotalReadoutTime": 0.0207902,
    "TxRefAmp": 323.331,
    "dataset": "ds001847",
    "modality": "bold",
    "run_id": 4,
    "subject_id": "21",
    "task_id": "photo"
  },
  "dummy_trs": 1,
  "dvars_nstd": 35.06140650142295,
  "dvars_std": 1.24973968,
  "dvars_vstd": 1.0203459089328064,
  "efc": 0.6045555257575237,
  "fber": 884.6928100585938,
  "fd_mean": 0.11591526794009431,
  "fd_num": 4,
  "fd_perc": 1.5748031496062993,
  "fwhm_avg": 1.6508644444444445,
  "fwhm_x": 1.5626766666666667,
  "fwhm_y": 1.7421766666666667,
  "fwhm_z": 1.64774,
  "gcor": 0.0079587,
  "gsr_x": -0.005327288527041674,
  "gsr_y": 0.042984236031770706,
  "provenance": {
    "md5sum": "5f0c4a5a085eb2af1bafd2d269369297",
    "settings": {
      "fd_thres": 0.2,
      "testing": false
    },
    "software": "mriqc",
    "version": "22.0.6",
    "webapi_port": null,
    "webapi_url": "https://mriqc.nimh.nih.gov/api/v1"
  },
  "size_t": 254,
  "size_x": 64,
  "size_y": 64,
  "size_z": 37,
  "snr": 5.376494352888248,
  "spacing_tr": 2.0,
  "spacing_x": 3.0,
  "spacing_y": 3.0,
  "spacing_z": 3.0,
  "summary_bg_k": 25.361579328371377,
  "summary_bg_mad": 15.929218858417617,
  "summary_bg_mean": 54.26922607421875,
  "summary_bg_median": 28.13385772705078,
  "summary_bg_n": 76881.0,
  "summary_bg_p05": 14.45275592803955,
  "summary_bg_p95": 189.405517578125,
  "summary_bg_stdv": 82.24237060546875,
  "summary_fg_k": 4.316142821810583,
  "summary_fg_mad": 142.1547131661857,
  "summary_fg_mean": 864.3390502929688,
  "summary_fg_median": 848.0866088867188,
  "summary_fg_n": 41019.0,
  "summary_fg_p05": 663.8070678710938,
  "summary_fg_p95": 1121.9460327148436,
  "summary_fg_stdv": 157.73777770996094,
  "tsnr": 52.116396202822216
}