{
  "aor": 0.0004284615384615384,
  "aqi": 0.008122678178137652,
  "bids_meta": {
    "AcquisitionMatrixPE": 64,
    "BandwidthPerPixelPhaseEncode": 47.348,
    "BaseResolution": 64,
    "ConsistencyInfo": "N4_VD11D_LATEST_20110129",
    "ConversionSoftware": "dcm2niix",
    "ConversionSoftwareVersion": "v1.0.20180518 GCC4.8.5",
    "DerivedVendorReportedEchoSpacing": 0.000660007,
    "DwellTime": 4.5e-06,
    "EchoTime": 0.027,
    "EchoTrainLength": 32,
    "EffectiveEchoSpacing": 0.000330003,
    "FlipAngle": 71,
    "ImageOrientationPatientDICOM": [
      0.999639,
      -0.0145184,
      -0.0226153,
      0.0159076,
      0.997918,
      0.062509
    ],
    "ImageType": [
      "ORIGINAL",
      "PRIMARY",
      "M",
      "ND",
      "NORM",
      "MOSAIC"
    ],
    "InPlanePhaseEncodingDirectionDICOM": "COL",
    "MRAcquisitionType": "2D",
    "MagneticFieldStrength": 3,
    "Manufacturer": "Siemens",
    "ManufacturersModelName": "Skyra",
    "Modality": "MR",
    "ParallelReductionFactorInPlane": 2,
    "PartialFourier": 1,
    "PercentPhaseFOV": 100,
    "PhaseEncodingDirection": "j-",
    "PhaseEncodingSteps": 64,
    "PhaseResolution": 1,
    "PixelBandwidth": 1735,
    "PulseSequenceDetails": "%SiemensSeq%_ep2d_bold",
    "ReceiveCoilActiveElements": "HE1-4",
    "ReceiveCoilName": "HeadNeck_20",
    "ReconMatrixPE": 64,
    "RepetitionTime": 2,
    "SAR": 0.108161,
    "ScanOptions": "FS",
    "ScanningSequence": "EP",
    "SequenceName": "_epfid2d1_64",
    "SequenceVariant": "SK",
    "ShimSetting": [
      3239,
      10694,
      9910,
      409,
      161,
      394,
      823,
      -53
    ],
    "SliceThickness": 2,
    "SliceTiming": [
      1,
      0,
      1.055,
      0.0575,
      1.1125,
      0.1125,
      1.1675,
      0.1675,
      1.2225,
      0.2225,
      1.2775,
      0.2775,
      1.335,
      0.335,
      1.39,
      0.39,
      1.445,
      0.445,
      1.5,
      0.5,
      1.555,
      0.5575,
      1.6125,
      0.6125,
      1.6675,
      0.6675,
      1.7225,
      0.7225,
      1.7775,
      0.7775,
      1.8325,
      0.835,
      1.89,
      0.89,
      1.945,
      0.945
    ],
    "SoftwareVersions": "syngo_MR_D11",
    "SpacingBetweenSlices": 3,
    "TaskName": "Photographs task",
    "TotalReadoutTime": 0.0207902,
    "TxRefAmp": 323.331,
    "dataset": "ds001847",
    "modality": "bold",
    "run_id": 2,
    "subject_id": "21",
    "task_id": "photo"
  },
  "dummy_trs": 1,
  "dvars_nstd": 35.57245230504066,
  "dvars_std": 1.2506304128861796,
  "dvars_vstd": 1.0046830658130084,
  "efc": 0.6040027682474414,
  "fber": 885.8195190429688,
  "fd_mean": 0.10651070475407842,
  "fd_num": 5,
  "fd_perc": 2.0242914979757085,
  "fwhm_avg": 1.6483355555555554,
  "fwhm_x": 1.55786,
  "fwhm_y": 1.7322633333333333,
  "fwhm_z": 1.6548833333333333,
  "gcor": 0.00730783,
  "gsr_x": -0.005222547799348831,
  "gsr_y": 0.042807091027498245,
  "provenance": {
    "md5sum": "850e612bb8056e4911319e4255511a19",
    "settings": {
      "fd_thres": 0.2,
      "testing": false
    },
    "software": "mriqc",
    "version": "22.0.6",
    "webapi_port": null,
    "webapi_url": "https://mriqc.nimh.nih.gov/api/v1"
  },
  "size_t": 247,
  "size_x": 64,
  "size_y": 64,
  "size_z": 37,
  "snr": 5.408931458319495,
  "spacing_tr": 2.0,
  "spacing_x": 3.0,
  "spacing_y": 3.0,
  "spacing_z": 3.0,
  "summary_bg_k": 26.08984925881204,
  "summary_bg_mad": 15.510299914532505,
  "summary_bg_mean": 53.224456787109375,
  "summary_bg_median": 27.971660614013672,
  "summary_bg_n": 76699.0,
  "summary_bg_p05": 14.421052932739258,
  "summary_bg_p95": 183.77490844726512,
  "summary_bg_stdv": 80.5559310913086,
  "summary_fg_k": 4.268900880149888,
  "summary_fg_mad": 141.1893566923687,
  "summary_fg_mean": 866.013671875,
  "summary_fg_median": 849.7733154296875,
  "summary_fg_n": 41083.0,
  "summary_fg_p05": 666.3219055175781,
  "summary_fg_p95": 1122.870458984375,
  "summary_fg_stdv": 157.10366821289062,
  "tsnr": 53.669912193436176
}