{
  "aor": 0.001172108843537415,
  "aqi": 0.01467201275510204,
  "bids_meta": {
    "AcquisitionMatrixPE": 64,
    "BandwidthPerPixelPhaseEncode": 47.348,
    "BaseResolution": 64,
    "ConsistencyInfo": "N4_VD11D_LATEST_20110129",
    "ConversionSoftware": "dcm2niix",
    "ConversionSoftwareVersion": "v1.0.20180518 GCC4.8.5",
    "DerivedVendorReportedEchoSpacing": 0.000660007,
    "DwellTime": 4.5e-06,
    "EchoTime": 0.027,
    "EchoTrainLength": 32,
    "EffectiveEchoSpacing": 0.000330003,
    "FlipAngle": 71,
    "ImageOrientationPatientDICOM": [
      0.999639,
      -0.0145184,
      -0.0226153,
      0.0159076,
      0.997918,
      0.062509
    ],
    "ImageType": [
      "ORIGINAL",
      "PRIMARY",
      "M",
      "ND",
      "NORM",
      "MOSAIC"
    ],
    "InPlanePhaseEncodingDirectionDICOM": "COL",
    "MRAcquisitionType": "2D",
    "MagneticFieldStrength": 3,
    "Manufacturer": "Siemens",
    "ManufacturersModelName": "Skyra",
    "Modality": "MR",
    "ParallelReductionFactorInPlane": 2,
    "PartialFourier": 1,
    "PercentPhaseFOV": 100,
    "PhaseEncodingDirection": "j-",
    "PhaseEncodingSteps": 64,
    "PhaseResolution": 1,
    "PixelBandwidth": 1735,
    "PulseSequenceDetails": "%SiemensSeq%_ep2d_bold",
    "ReceiveCoilActiveElements": "HE1-4",
    "ReceiveCoilName": "HeadNeck_20",
    "ReconMatrixPE": 64,
    "RepetitionTime": 2,
    "SAR": 0.108161,
    "ScanOptions": "FS",
    "ScanningSequence": "EP",
    "SequenceName": "_epfid2d1_64",
    "SequenceVariant": "SK",
    "ShimSetting": [
      3239,
      10694,
      9910,
      409,
      161,
      394,
      823,
      -53
    ],
    "SliceThickness": 2,
    "SliceTiming": [
      1,
      0,
      1.055,
      0.0575,
      1.1125,
      0.1125,
      1.1675,
      0.1675,
      1.2225,
      0.2225,
      1.2775,
      0.2775,
      1.335,
      0.335,
      1.39,
      0.39,
      1.445,
      0.445,
      1.5,
      0.5,
      1.555,
      0.5575,
      1.6125,
      0.6125,
      1.6675,
      0.6675,
      1.7225,
      0.7225,
      1.7775,
      0.7775,
      1.8325,
      0.835,
      1.89,
      0.89,
      1.945,
      0.945
    ],
    "SoftwareVersions": "syngo_MR_D11",
    "SpacingBetweenSlices": 3,
    "TaskName": "Photographs task",
    "TotalReadoutTime": 0.0207902,
    "TxRefAmp": 323.331,
    "dataset": "ds001847",
    "modality": "bold",
    "run_id": 4,
    "subject_id": "27",
    "task_id": "photo"
  },
  "dummy_trs": 1,
  "dvars_nstd": 32.578405816416364,
  "dvars_std": 1.12528376122867,
  "dvars_vstd": 1.004129455085323,
  "efc": 0.6556867520565796,
  "fber": 639.3256225585938,
  "fd_mean": 0.09942474726320913,
  "fd_num": 15,
  "fd_perc": 5.1020408163265305,
  "fwhm_avg": 1.8168055555555556,
  "fwhm_x": 1.7094533333333333,
  "fwhm_y": 2.0288666666666666,
  "fwhm_z": 1.7120966666666666,
  "gcor": 0.00568351,
  "gsr_x": -0.0003866034676320851,
  "gsr_y": 0.05321445316076279,
  "provenance": {
    "md5sum": "4b8cba6ffff73ff647549737a8a0b48d",
    "settings": {
      "fd_thres": 0.2,
      "testing": false
    },
    "software": "mriqc",
    "version": "22.0.6",
    "webapi_port": null,
    "webapi_url": "https://mriqc.nimh.nih.gov/api/v1"
  },
  "size_t": 294,
  "size_x": 64,
  "size_y": 64,
  "size_z": 37,
  "snr": 5.078393232942324,
  "spacing_tr": 2.0,
  "spacing_x": 3.0,
  "spacing_y": 3.0,
  "spacing_z": 3.0,
  "summary_bg_k": 15.927717269949419,
  "summary_bg_mad": 17.27685113428281,
  "summary_bg_mean": 68.13703155517578,
  "summary_bg_median": 30.01360511779785,
  "summary_bg_n": 68610.0,
  "summary_bg_p05": 15.554421424865723,
  "summary_bg_p95": 278.59266967773414,
  "summary_bg_stdv": 98.03699493408203,
  "summary_fg_k": 5.699788907883601,
  "summary_fg_mad": 115.88752458735243,
  "summary_fg_mean": 812.3592529296875,
  "summary_fg_median": 789.5731201171875,
  "summary_fg_n": 47272.0,
  "summary_fg_p05": 637.3045806884766,
  "summary_fg_p95": 1061.9960815429686,
  "summary_fg_stdv": 155.47531127929688,
  "tsnr": 46.75186101876898
}