{
  "aor": 0.00044452830188679244,
  "aqi": 0.010839724377358488,
  "bids_meta": {
    "AcquisitionMatrixPE": 64,
    "BandwidthPerPixelPhaseEncode": 47.348,
    "BaseResolution": 64,
    "ConsistencyInfo": "N4_VD11D_LATEST_20110129",
    "ConversionSoftware": "dcm2niix",
    "ConversionSoftwareVersion": "v1.0.20180518 GCC4.8.5",
    "DerivedVendorReportedEchoSpacing": 0.000660007,
    "DwellTime": 4.5e-06,
    "EchoTime": 0.027,
    "EchoTrainLength": 32,
    "EffectiveEchoSpacing": 0.000330003,
    "FlipAngle": 71,
    "ImageOrientationPatientDICOM": [
      0.999639,
      -0.0145184,
      -0.0226153,
      0.0159076,
      0.997918,
      0.062509
    ],
    "ImageType": [
      "ORIGINAL",
      "PRIMARY",
      "M",
      "ND",
      "NORM",
      "MOSAIC"
    ],
    "InPlanePhaseEncodingDirectionDICOM": "COL",
    "MRAcquisitionType": "2D",
    "MagneticFieldStrength": 3,
    "Manufacturer": "Siemens",
    "ManufacturersModelName": "Skyra",
    "Modality": "MR",
    "ParallelReductionFactorInPlane": 2,
    "PartialFourier": 1,
    "PercentPhaseFOV": 100,
    "PhaseEncodingDirection": "j-",
    "PhaseEncodingSteps": 64,
    "PhaseResolution": 1,
    "PixelBandwidth": 1735,
    "PulseSequenceDetails": "%SiemensSeq%_ep2d_bold",
    "ReceiveCoilActiveElements": "HE1-4",
    "ReceiveCoilName": "HeadNeck_20",
    "ReconMatrixPE": 64,
    "RepetitionTime": 2,
    "SAR": 0.108161,
    "ScanOptions": "FS",
    "ScanningSequence": "EP",
    "SequenceName": "_epfid2d1_64",
    "SequenceVariant": "SK",
    "ShimSetting": [
      3239,
      10694,
      9910,
      409,
      161,
      394,
      823,
      -53
    ],
    "SliceThickness": 2,
    "SliceTiming": [
      1,
      0,
      1.055,
      0.0575,
      1.1125,
      0.1125,
      1.1675,
      0.1675,
      1.2225,
      0.2225,
      1.2775,
      0.2775,
      1.335,
      0.335,
      1.39,
      0.39,
      1.445,
      0.445,
      1.5,
      0.5,
      1.555,
      0.5575,
      1.6125,
      0.6125,
      1.6675,
      0.6675,
      1.7225,
      0.7225,
      1.7775,
      0.7775,
      1.8325,
      0.835,
      1.89,
      0.89,
      1.945,
      0.945
    ],
    "SoftwareVersions": "syngo_MR_D11",
    "SpacingBetweenSlices": 3,
    "TaskName": "Photographs task",
    "TotalReadoutTime": 0.0207902,
    "TxRefAmp": 323.331,
    "dataset": "ds001847",
    "modality": "bold",
    "run_id": 2,
    "subject_id": "27",
    "task_id": "photo"
  },
  "dummy_trs": 0,
  "dvars_nstd": 31.48532384090909,
  "dvars_std": 1.114552728787879,
  "dvars_vstd": 1.0006042623484845,
  "efc": 0.6550408343498197,
  "fber": 633.75341796875,
  "fd_mean": 0.08549211539060061,
  "fd_num": 6,
  "fd_perc": 2.2641509433962264,
  "fwhm_avg": 1.8170044444444444,
  "fwhm_x": 1.7015900000000002,
  "fwhm_y": 2.0298166666666666,
  "fwhm_z": 1.7196066666666667,
  "gcor": 0.00739953,
  "gsr_x": -0.0006420227000489831,
  "gsr_y": 0.05166954547166824,
  "provenance": {
    "md5sum": "bf803a64322d59a2763d85c72d1a7956",
    "settings": {
      "fd_thres": 0.2,
      "testing": false
    },
    "software": "mriqc",
    "version": "22.0.6",
    "webapi_port": null,
    "webapi_url": "https://mriqc.nimh.nih.gov/api/v1"
  },
  "size_t": 265,
  "size_x": 64,
  "size_y": 64,
  "size_z": 37,
  "snr": 5.092818904291333,
  "spacing_tr": 2.0,
  "spacing_x": 3.0,
  "spacing_y": 3.0,
  "spacing_z": 3.0,
  "summary_bg_k": 15.893045062637402,
  "summary_bg_mad": 17.05831571206046,
  "summary_bg_mean": 67.59489440917969,
  "summary_bg_median": 30.139623641967773,
  "summary_bg_n": 68679.0,
  "summary_bg_p05": 15.686792373657227,
  "summary_bg_p95": 278.3966156005858,
  "summary_bg_stdv": 97.61222076416016,
  "summary_fg_k": 5.63518506360435,
  "summary_fg_mad": 117.30741664122033,
  "summary_fg_mean": 814.7157592773438,
  "summary_fg_median": 791.9811401367188,
  "summary_fg_n": 47134.0,
  "summary_fg_p05": 640.221142578125,
  "summary_fg_p95": 1066.3260131835937,
  "summary_fg_stdv": 155.5077362060547,
  "tsnr": 50.77968567260541
}