{
  "aor": 0.001025984251968504,
  "aqi": 0.011970759685039372,
  "bids_meta": {
    "AcquisitionMatrixPE": 64,
    "BandwidthPerPixelPhaseEncode": 47.348,
    "BaseResolution": 64,
    "ConsistencyInfo": "N4_VD11D_LATEST_20110129",
    "ConversionSoftware": "dcm2niix",
    "ConversionSoftwareVersion": "v1.0.20180518 GCC4.8.5",
    "DerivedVendorReportedEchoSpacing": 0.000660007,
    "DwellTime": 4.5e-06,
    "EchoTime": 0.027,
    "EchoTrainLength": 32,
    "EffectiveEchoSpacing": 0.000330003,
    "FlipAngle": 71,
    "ImageOrientationPatientDICOM": [
      0.999639,
      -0.0145184,
      -0.0226153,
      0.0159076,
      0.997918,
      0.062509
    ],
    "ImageType": [
      "ORIGINAL",
      "PRIMARY",
      "M",
      "ND",
      "NORM",
      "MOSAIC"
    ],
    "InPlanePhaseEncodingDirectionDICOM": "COL",
    "MRAcquisitionType": "2D",
    "MagneticFieldStrength": 3,
    "Manufacturer": "Siemens",
    "ManufacturersModelName": "Skyra",
    "Modality": "MR",
    "ParallelReductionFactorInPlane": 2,
    "PartialFourier": 1,
    "PercentPhaseFOV": 100,
    "PhaseEncodingDirection": "j-",
    "PhaseEncodingSteps": 64,
    "PhaseResolution": 1,
    "PixelBandwidth": 1735,
    "PulseSequenceDetails": "%SiemensSeq%_ep2d_bold",
    "ReceiveCoilActiveElements": "HE1-4",
    "ReceiveCoilName": "HeadNeck_20",
    "ReconMatrixPE": 64,
    "RepetitionTime": 2,
    "SAR": 0.108161,
    "ScanOptions": "FS",
    "ScanningSequence": "EP",
    "SequenceName": "_epfid2d1_64",
    "SequenceVariant": "SK",
    "ShimSetting": [
      3239,
      10694,
      9910,
      409,
      161,
      394,
      823,
      -53
    ],
    "SliceThickness": 2,
    "SliceTiming": [
      1,
      0,
      1.055,
      0.0575,
      1.1125,
      0.1125,
      1.1675,
      0.1675,
      1.2225,
      0.2225,
      1.2775,
      0.2775,
      1.335,
      0.335,
      1.39,
      0.39,
      1.445,
      0.445,
      1.5,
      0.5,
      1.555,
      0.5575,
      1.6125,
      0.6125,
      1.6675,
      0.6675,
      1.7225,
      0.7225,
      1.7775,
      0.7775,
      1.8325,
      0.835,
      1.89,
      0.89,
      1.945,
      0.945
    ],
    "SoftwareVersions": "syngo_MR_D11",
    "SpacingBetweenSlices": 3,
    "TaskName": "Photographs task",
    "TotalReadoutTime": 0.0207902,
    "TxRefAmp": 323.331,
    "dataset": "ds001847",
    "modality": "bold",
    "run_id": 3,
    "subject_id": "27",
    "task_id": "photo"
  },
  "dummy_trs": 0,
  "dvars_nstd": 31.470595906758888,
  "dvars_std": 1.1180443542687757,
  "dvars_vstd": 1.0128607552569164,
  "efc": 0.655887582728875,
  "fber": 631.2381591796875,
  "fd_mean": 0.09753889935364042,
  "fd_num": 8,
  "fd_perc": 3.1496062992125986,
  "fwhm_avg": 1.8039777777777777,
  "fwhm_x": 1.7040300000000002,
  "fwhm_y": 2.011223333333333,
  "fwhm_z": 1.69668,
  "gcor": 0.00564308,
  "gsr_x": -0.0009528921218588948,
  "gsr_y": 0.05299551039934158,
  "provenance": {
    "md5sum": "c9243aae5257cd3c1bc4c3bacd5e5e4c",
    "settings": {
      "fd_thres": 0.2,
      "testing": false
    },
    "software": "mriqc",
    "version": "22.0.6",
    "webapi_port": null,
    "webapi_url": "https://mriqc.nimh.nih.gov/api/v1"
  },
  "size_t": 254,
  "size_x": 64,
  "size_y": 64,
  "size_z": 37,
  "snr": 5.113384968375138,
  "spacing_tr": 2.0,
  "spacing_x": 3.0,
  "spacing_y": 3.0,
  "spacing_z": 3.0,
  "summary_bg_k": 15.429818045395063,
  "summary_bg_mad": 17.11413443228881,
  "summary_bg_mean": 67.69100189208984,
  "summary_bg_median": 29.964567184448242,
  "summary_bg_n": 68630.0,
  "summary_bg_p05": 15.629920959472656,
  "summary_bg_p95": 277.01633758544864,
  "summary_bg_stdv": 96.93218231201172,
  "summary_fg_k": 5.676348762341441,
  "summary_fg_mad": 115.65758731701413,
  "summary_fg_mean": 808.7379150390625,
  "summary_fg_median": 786.405517578125,
  "summary_fg_n": 47234.0,
  "summary_fg_p05": 635.9840362548828,
  "summary_fg_p95": 1056.0606079101562,
  "summary_fg_stdv": 153.79190063476562,
  "tsnr": 49.4401655877009
}