{
  "aor": 0.001481258741258741,
  "aqi": 0.015914925874125872,
  "bids_meta": {
    "AcquisitionMatrixPE": 64,
    "BandwidthPerPixelPhaseEncode": 47.348,
    "BaseResolution": 64,
    "ConsistencyInfo": "N4_VD11D_LATEST_20110129",
    "ConversionSoftware": "dcm2niix",
    "ConversionSoftwareVersion": "v1.0.20180518 GCC4.8.5",
    "DerivedVendorReportedEchoSpacing": 0.000660007,
    "DwellTime": 4.5e-06,
    "EchoTime": 0.027,
    "EchoTrainLength": 32,
    "EffectiveEchoSpacing": 0.000330003,
    "FlipAngle": 71,
    "ImageOrientationPatientDICOM": [
      0.999639,
      -0.0145184,
      -0.0226153,
      0.0159076,
      0.997918,
      0.062509
    ],
    "ImageType": [
      "ORIGINAL",
      "PRIMARY",
      "M",
      "ND",
      "NORM",
      "MOSAIC"
    ],
    "InPlanePhaseEncodingDirectionDICOM": "COL",
    "MRAcquisitionType": "2D",
    "MagneticFieldStrength": 3,
    "Manufacturer": "Siemens",
    "ManufacturersModelName": "Skyra",
    "Modality": "MR",
    "ParallelReductionFactorInPlane": 2,
    "PartialFourier": 1,
    "PercentPhaseFOV": 100,
    "PhaseEncodingDirection": "j-",
    "PhaseEncodingSteps": 64,
    "PhaseResolution": 1,
    "PixelBandwidth": 1735,
    "PulseSequenceDetails": "%SiemensSeq%_ep2d_bold",
    "ReceiveCoilActiveElements": "HE1-4",
    "ReceiveCoilName": "HeadNeck_20",
    "ReconMatrixPE": 64,
    "RepetitionTime": 2,
    "SAR": 0.108161,
    "ScanOptions": "FS",
    "ScanningSequence": "EP",
    "SequenceName": "_epfid2d1_64",
    "SequenceVariant": "SK",
    "ShimSetting": [
      3239,
      10694,
      9910,
      409,
      161,
      394,
      823,
      -53
    ],
    "SliceThickness": 2,
    "SliceTiming": [
      1,
      0,
      1.055,
      0.0575,
      1.1125,
      0.1125,
      1.1675,
      0.1675,
      1.2225,
      0.2225,
      1.2775,
      0.2775,
      1.335,
      0.335,
      1.39,
      0.39,
      1.445,
      0.445,
      1.5,
      0.5,
      1.555,
      0.5575,
      1.6125,
      0.6125,
      1.6675,
      0.6675,
      1.7225,
      0.7225,
      1.7775,
      0.7775,
      1.8325,
      0.835,
      1.89,
      0.89,
      1.945,
      0.945
    ],
    "SoftwareVersions": "syngo_MR_D11",
    "SpacingBetweenSlices": 3,
    "TaskName": "Photographs task",
    "TotalReadoutTime": 0.0207902,
    "TxRefAmp": 323.331,
    "dataset": "ds001847",
    "modality": "bold",
    "run_id": 1,
    "subject_id": "27",
    "task_id": "photo"
  },
  "dummy_trs": 0,
  "dvars_nstd": 32.03537832540351,
  "dvars_std": 1.0994461848421055,
  "dvars_vstd": 0.9994298848421064,
  "efc": 0.6541342573568714,
  "fber": 645.2105712890625,
  "fd_mean": 0.10456598600068114,
  "fd_num": 14,
  "fd_perc": 4.895104895104895,
  "fwhm_avg": 1.8314122222222222,
  "fwhm_x": 1.71364,
  "fwhm_y": 2.04942,
  "fwhm_z": 1.7311766666666666,
  "gcor": 0.0155029,
  "gsr_x": -0.0007936186157166958,
  "gsr_y": 0.051350027322769165,
  "provenance": {
    "md5sum": "0981cd3f466059be9fa87b87fe4343da",
    "settings": {
      "fd_thres": 0.2,
      "testing": false
    },
    "software": "mriqc",
    "version": "22.0.6",
    "webapi_port": null,
    "webapi_url": "https://mriqc.nimh.nih.gov/api/v1"
  },
  "size_t": 286,
  "size_x": 64,
  "size_y": 64,
  "size_z": 37,
  "snr": 5.0848086525083,
  "spacing_tr": 2.0,
  "spacing_x": 3.0,
  "spacing_y": 3.0,
  "spacing_z": 3.0,
  "summary_bg_k": 16.185472492012035,
  "summary_bg_mad": 17.07066205850744,
  "summary_bg_mean": 66.98052215576172,
  "summary_bg_median": 30.118881225585938,
  "summary_bg_n": 68793.0,
  "summary_bg_p05": 15.510489463806152,
  "summary_bg_p95": 270.0181762695312,
  "summary_bg_stdv": 96.50054931640625,
  "summary_fg_k": 5.7633291582149795,
  "summary_fg_mad": 116.75230047243232,
  "summary_fg_mean": 814.7969970703125,
  "summary_fg_median": 792.2342529296875,
  "summary_fg_n": 47143.0,
  "summary_fg_p05": 639.3115112304688,
  "summary_fg_p95": 1065.7307617187503,
  "summary_fg_stdv": 155.802490234375,
  "tsnr": 44.57266360957874
}