{
  "aor": 0.01017248299319728,
  "aqi": 0.010227639965986395,
  "bids_meta": {
    "AcquisitionMatrixPE": 64,
    "BandwidthPerPixelPhaseEncode": 47.348,
    "BaseResolution": 64,
    "ConsistencyInfo": "N4_VD11D_LATEST_20110129",
    "ConversionSoftware": "dcm2niix",
    "ConversionSoftwareVersion": "v1.0.20180518 GCC4.8.5",
    "DerivedVendorReportedEchoSpacing": 0.000660007,
    "DwellTime": 4.5e-06,
    "EchoTime": 0.027,
    "EchoTrainLength": 32,
    "EffectiveEchoSpacing": 0.000330003,
    "FlipAngle": 71,
    "ImageOrientationPatientDICOM": [
      0.999639,
      -0.0145184,
      -0.0226153,
      0.0159076,
      0.997918,
      0.062509
    ],
    "ImageType": [
      "ORIGINAL",
      "PRIMARY",
      "M",
      "ND",
      "NORM",
      "MOSAIC"
    ],
    "InPlanePhaseEncodingDirectionDICOM": "COL",
    "MRAcquisitionType": "2D",
    "MagneticFieldStrength": 3,
    "Manufacturer": "Siemens",
    "ManufacturersModelName": "Skyra",
    "Modality": "MR",
    "ParallelReductionFactorInPlane": 2,
    "PartialFourier": 1,
    "PercentPhaseFOV": 100,
    "PhaseEncodingDirection": "j-",
    "PhaseEncodingSteps": 64,
    "PhaseResolution": 1,
    "PixelBandwidth": 1735,
    "PulseSequenceDetails": "%SiemensSeq%_ep2d_bold",
    "ReceiveCoilActiveElements": "HE1-4",
    "ReceiveCoilName": "HeadNeck_20",
    "ReconMatrixPE": 64,
    "RepetitionTime": 2,
    "SAR": 0.108161,
    "ScanOptions": "FS",
    "ScanningSequence": "EP",
    "SequenceName": "_epfid2d1_64",
    "SequenceVariant": "SK",
    "ShimSetting": [
      3239,
      10694,
      9910,
      409,
      161,
      394,
      823,
      -53
    ],
    "SliceThickness": 2,
    "SliceTiming": [
      1,
      0,
      1.055,
      0.0575,
      1.1125,
      0.1125,
      1.1675,
      0.1675,
      1.2225,
      0.2225,
      1.2775,
      0.2775,
      1.335,
      0.335,
      1.39,
      0.39,
      1.445,
      0.445,
      1.5,
      0.5,
      1.555,
      0.5575,
      1.6125,
      0.6125,
      1.6675,
      0.6675,
      1.7225,
      0.7225,
      1.7775,
      0.7775,
      1.8325,
      0.835,
      1.89,
      0.89,
      1.945,
      0.945
    ],
    "SoftwareVersions": "syngo_MR_D11",
    "SpacingBetweenSlices": 3,
    "TaskName": "Photographs task",
    "TotalReadoutTime": 0.0207902,
    "TxRefAmp": 323.331,
    "dataset": "ds001847",
    "modality": "bold",
    "run_id": 2,
    "subject_id": "11",
    "task_id": "photo"
  },
  "dummy_trs": 1,
  "dvars_nstd": 35.21302971843002,
  "dvars_std": 1.3699207841979533,
  "dvars_vstd": 1.122952514232081,
  "efc": 0.5734401252142285,
  "fber": 1074.7884521484375,
  "fd_mean": 0.11441439070766736,
  "fd_num": 27,
  "fd_perc": 9.183673469387756,
  "fwhm_avg": 1.70597,
  "fwhm_x": 1.6479233333333332,
  "fwhm_y": 1.7661566666666666,
  "fwhm_z": 1.70383,
  "gcor": 0.0101481,
  "gsr_x": 0.007978050038218498,
  "gsr_y": 0.02763286978006363,
  "provenance": {
    "md5sum": "3ef4b839331af3370c00dd69894b3101",
    "settings": {
      "fd_thres": 0.2,
      "testing": false
    },
    "software": "mriqc",
    "version": "22.0.6",
    "webapi_port": null,
    "webapi_url": "https://mriqc.nimh.nih.gov/api/v1"
  },
  "size_t": 294,
  "size_x": 64,
  "size_y": 64,
  "size_z": 37,
  "snr": 4.769819336425379,
  "spacing_tr": 2.0,
  "spacing_x": 3.0,
  "spacing_y": 3.0,
  "spacing_z": 3.0,
  "summary_bg_k": 18.14701180560744,
  "summary_bg_mad": 13.97377645597856,
  "summary_bg_mean": 57.41749954223633,
  "summary_bg_median": 27.517005920410156,
  "summary_bg_n": 82813.0,
  "summary_bg_p05": 14.877551078796387,
  "summary_bg_p95": 222.63061218261706,
  "summary_bg_stdv": 86.36701202392578,
  "summary_fg_k": 2.947508611188832,
  "summary_fg_mad": 164.05956370494278,
  "summary_fg_mean": 943.2097778320312,
  "summary_fg_median": 911.840087890625,
  "summary_fg_n": 35611.0,
  "summary_fg_p05": 713.8843383789062,
  "summary_fg_p95": 1301.7533569335938,
  "summary_fg_stdv": 191.16600036621094,
  "tsnr": 48.7170724873431
}