{
  "aor": 0.01214024561403509,
  "aqi": 0.0378101343508772,
  "bids_meta": {
    "AcquisitionMatrixPE": 64,
    "BandwidthPerPixelPhaseEncode": 47.348,
    "BaseResolution": 64,
    "ConsistencyInfo": "N4_VD11D_LATEST_20110129",
    "ConversionSoftware": "dcm2niix",
    "ConversionSoftwareVersion": "v1.0.20180518 GCC4.8.5",
    "DerivedVendorReportedEchoSpacing": 0.000660007,
    "DwellTime": 4.5e-06,
    "EchoTime": 0.027,
    "EchoTrainLength": 32,
    "EffectiveEchoSpacing": 0.000330003,
    "FlipAngle": 71,
    "ImageOrientationPatientDICOM": [
      0.999639,
      -0.0145184,
      -0.0226153,
      0.0159076,
      0.997918,
      0.062509
    ],
    "ImageType": [
      "ORIGINAL",
      "PRIMARY",
      "M",
      "ND",
      "NORM",
      "MOSAIC"
    ],
    "InPlanePhaseEncodingDirectionDICOM": "COL",
    "MRAcquisitionType": "2D",
    "MagneticFieldStrength": 3,
    "Manufacturer": "Siemens",
    "ManufacturersModelName": "Skyra",
    "Modality": "MR",
    "ParallelReductionFactorInPlane": 2,
    "PartialFourier": 1,
    "PercentPhaseFOV": 100,
    "PhaseEncodingDirection": "j-",
    "PhaseEncodingSteps": 64,
    "PhaseResolution": 1,
    "PixelBandwidth": 1735,
    "PulseSequenceDetails": "%SiemensSeq%_ep2d_bold",
    "ReceiveCoilActiveElements": "HE1-4",
    "ReceiveCoilName": "HeadNeck_20",
    "ReconMatrixPE": 64,
    "RepetitionTime": 2,
    "SAR": 0.108161,
    "ScanOptions": "FS",
    "ScanningSequence": "EP",
    "SequenceName": "_epfid2d1_64",
    "SequenceVariant": "SK",
    "ShimSetting": [
      3239,
      10694,
      9910,
      409,
      161,
      394,
      823,
      -53
    ],
    "SliceThickness": 2,
    "SliceTiming": [
      1,
      0,
      1.055,
      0.0575,
      1.1125,
      0.1125,
      1.1675,
      0.1675,
      1.2225,
      0.2225,
      1.2775,
      0.2775,
      1.335,
      0.335,
      1.39,
      0.39,
      1.445,
      0.445,
      1.5,
      0.5,
      1.555,
      0.5575,
      1.6125,
      0.6125,
      1.6675,
      0.6675,
      1.7225,
      0.7225,
      1.7775,
      0.7775,
      1.8325,
      0.835,
      1.89,
      0.89,
      1.945,
      0.945
    ],
    "SoftwareVersions": "syngo_MR_D11",
    "SpacingBetweenSlices": 3,
    "TaskName": "Photographs task",
    "TotalReadoutTime": 0.0207902,
    "TxRefAmp": 323.331,
    "dataset": "ds001847",
    "modality": "bold",
    "run_id": 3,
    "subject_id": "11",
    "task_id": "photo"
  },
  "dummy_trs": 2,
  "dvars_nstd": 37.298788916549306,
  "dvars_std": 1.0963770300352107,
  "dvars_vstd": 0.9582911854225351,
  "efc": 0.5747566701607267,
  "fber": 1065.6337890625,
  "fd_mean": 0.18258826871188197,
  "fd_num": 38,
  "fd_perc": 13.333333333333334,
  "fwhm_avg": 1.7453422222222221,
  "fwhm_x": 1.6946733333333333,
  "fwhm_y": 1.8143399999999998,
  "fwhm_z": 1.7270133333333335,
  "gcor": 0.0109692,
  "gsr_x": 0.008316285908222198,
  "gsr_y": 0.02839469350874424,
  "provenance": {
    "md5sum": "a7d542e38ec4d2b44d87b6d7f4fdf246",
    "settings": {
      "fd_thres": 0.2,
      "testing": false
    },
    "software": "mriqc",
    "version": "22.0.6",
    "webapi_port": null,
    "webapi_url": "https://mriqc.nimh.nih.gov/api/v1"
  },
  "size_t": 285,
  "size_x": 64,
  "size_y": 64,
  "size_z": 37,
  "snr": 4.82503622714149,
  "spacing_tr": 2.0,
  "spacing_x": 3.0,
  "spacing_y": 3.0,
  "spacing_z": 3.0,
  "summary_bg_k": 17.6859319290971,
  "summary_bg_mad": 14.555513904072996,
  "summary_bg_mean": 57.88689041137695,
  "summary_bg_median": 27.645614624023438,
  "summary_bg_n": 82669.0,
  "summary_bg_p05": 14.736842155456543,
  "summary_bg_p95": 223.60912170410091,
  "summary_bg_stdv": 86.41947937011719,
  "summary_fg_k": 2.9470563930126072,
  "summary_fg_mad": 164.3867786476989,
  "summary_fg_mean": 942.5263061523438,
  "summary_fg_median": 912.0772094726562,
  "summary_fg_n": 35725.0,
  "summary_fg_p05": 714.4863525390625,
  "summary_fg_p95": 1295.5592773437497,
  "summary_fg_stdv": 189.02748107910156,
  "tsnr": 30.243874276522547
}