{
  "aor": 0.0007330031948881788,
  "aqi": 0.009878234249201279,
  "bids_meta": {
    "AcquisitionMatrixPE": 64,
    "BandwidthPerPixelPhaseEncode": 47.348,
    "BaseResolution": 64,
    "ConsistencyInfo": "N4_VD11D_LATEST_20110129",
    "ConversionSoftware": "dcm2niix",
    "ConversionSoftwareVersion": "v1.0.20180518 GCC4.8.5",
    "DerivedVendorReportedEchoSpacing": 0.000660007,
    "DwellTime": 4.5e-06,
    "EchoTime": 0.027,
    "EchoTrainLength": 32,
    "EffectiveEchoSpacing": 0.000330003,
    "FlipAngle": 71,
    "ImageOrientationPatientDICOM": [
      0.999639,
      -0.0145184,
      -0.0226153,
      0.0159076,
      0.997918,
      0.062509
    ],
    "ImageType": [
      "ORIGINAL",
      "PRIMARY",
      "M",
      "ND",
      "NORM",
      "MOSAIC"
    ],
    "InPlanePhaseEncodingDirectionDICOM": "COL",
    "MRAcquisitionType": "2D",
    "MagneticFieldStrength": 3,
    "Manufacturer": "Siemens",
    "ManufacturersModelName": "Skyra",
    "Modality": "MR",
    "ParallelReductionFactorInPlane": 2,
    "PartialFourier": 1,
    "PercentPhaseFOV": 100,
    "PhaseEncodingDirection": "j-",
    "PhaseEncodingSteps": 64,
    "PhaseResolution": 1,
    "PixelBandwidth": 1735,
    "PulseSequenceDetails": "%SiemensSeq%_ep2d_bold",
    "ReceiveCoilActiveElements": "HE1-4",
    "ReceiveCoilName": "HeadNeck_20",
    "ReconMatrixPE": 64,
    "RepetitionTime": 2,
    "SAR": 0.108161,
    "ScanOptions": "FS",
    "ScanningSequence": "EP",
    "SequenceName": "_epfid2d1_64",
    "SequenceVariant": "SK",
    "ShimSetting": [
      3239,
      10694,
      9910,
      409,
      161,
      394,
      823,
      -53
    ],
    "SliceThickness": 2,
    "SliceTiming": [
      1,
      0,
      1.055,
      0.0575,
      1.1125,
      0.1125,
      1.1675,
      0.1675,
      1.2225,
      0.2225,
      1.2775,
      0.2775,
      1.335,
      0.335,
      1.39,
      0.39,
      1.445,
      0.445,
      1.5,
      0.5,
      1.555,
      0.5575,
      1.6125,
      0.6125,
      1.6675,
      0.6675,
      1.7225,
      0.7225,
      1.7775,
      0.7775,
      1.8325,
      0.835,
      1.89,
      0.89,
      1.945,
      0.945
    ],
    "SoftwareVersions": "syngo_MR_D11",
    "SpacingBetweenSlices": 3,
    "TaskName": "Photographs task",
    "TotalReadoutTime": 0.0207902,
    "TxRefAmp": 323.331,
    "dataset": "ds001847",
    "modality": "bold",
    "run_id": 1,
    "subject_id": "11",
    "task_id": "photo"
  },
  "dummy_trs": 1,
  "dvars_nstd": 34.545114694294874,
  "dvars_std": 1.2114127063141038,
  "dvars_vstd": 0.9748402321794877,
  "efc": 0.5730755807425801,
  "fber": 1073.800048828125,
  "fd_mean": 0.11638130472836974,
  "fd_num": 23,
  "fd_perc": 7.348242811501597,
  "fwhm_avg": 1.7151444444444444,
  "fwhm_x": 1.64928,
  "fwhm_y": 1.7829966666666666,
  "fwhm_z": 1.7131566666666667,
  "gcor": 0.0115514,
  "gsr_x": 0.008140888065099716,
  "gsr_y": 0.026863494887948036,
  "provenance": {
    "md5sum": "1dc0a52fa1f024fbfb0906c90a0acf14",
    "settings": {
      "fd_thres": 0.2,
      "testing": false
    },
    "software": "mriqc",
    "version": "22.0.6",
    "webapi_port": null,
    "webapi_url": "https://mriqc.nimh.nih.gov/api/v1"
  },
  "size_t": 313,
  "size_x": 64,
  "size_y": 64,
  "size_z": 37,
  "snr": 4.774421424946219,
  "spacing_tr": 2.0,
  "spacing_x": 3.0,
  "spacing_y": 3.0,
  "spacing_z": 3.0,
  "summary_bg_k": 17.82381606762214,
  "summary_bg_mad": 14.271822236205907,
  "summary_bg_mean": 56.86315155029297,
  "summary_bg_median": 27.54632568359375,
  "summary_bg_n": 82773.0,
  "summary_bg_p05": 14.50159740447998,
  "summary_bg_p95": 219.72332458496055,
  "summary_bg_stdv": 85.4026870727539,
  "summary_fg_k": 3.0107261366206552,
  "summary_fg_mad": 165.16807671621558,
  "summary_fg_mean": 941.4138793945312,
  "summary_fg_median": 910.4344482421875,
  "summary_fg_n": 35664.0,
  "summary_fg_p05": 711.9918548583985,
  "summary_fg_p95": 1293.4890014648433,
  "summary_fg_stdv": 190.6873321533203,
  "tsnr": 49.48267726879567
}