{
  "aor": 0.004538239202657807,
  "aqi": 0.028948423920265778,
  "bids_meta": {
    "AcquisitionMatrixPE": 64,
    "BandwidthPerPixelPhaseEncode": 47.348,
    "BaseResolution": 64,
    "ConsistencyInfo": "N4_VD11D_LATEST_20110129",
    "ConversionSoftware": "dcm2niix",
    "ConversionSoftwareVersion": "v1.0.20180518 GCC4.8.5",
    "DerivedVendorReportedEchoSpacing": 0.000660007,
    "DwellTime": 4.5e-06,
    "EchoTime": 0.027,
    "EchoTrainLength": 32,
    "EffectiveEchoSpacing": 0.000330003,
    "FlipAngle": 71,
    "ImageOrientationPatientDICOM": [
      0.999639,
      -0.0145184,
      -0.0226153,
      0.0159076,
      0.997918,
      0.062509
    ],
    "ImageType": [
      "ORIGINAL",
      "PRIMARY",
      "M",
      "ND",
      "NORM",
      "MOSAIC"
    ],
    "InPlanePhaseEncodingDirectionDICOM": "COL",
    "MRAcquisitionType": "2D",
    "MagneticFieldStrength": 3,
    "Manufacturer": "Siemens",
    "ManufacturersModelName": "Skyra",
    "Modality": "MR",
    "ParallelReductionFactorInPlane": 2,
    "PartialFourier": 1,
    "PercentPhaseFOV": 100,
    "PhaseEncodingDirection": "j-",
    "PhaseEncodingSteps": 64,
    "PhaseResolution": 1,
    "PixelBandwidth": 1735,
    "PulseSequenceDetails": "%SiemensSeq%_ep2d_bold",
    "ReceiveCoilActiveElements": "HE1-4",
    "ReceiveCoilName": "HeadNeck_20",
    "ReconMatrixPE": 64,
    "RepetitionTime": 2,
    "SAR": 0.108161,
    "ScanOptions": "FS",
    "ScanningSequence": "EP",
    "SequenceName": "_epfid2d1_64",
    "SequenceVariant": "SK",
    "ShimSetting": [
      3239,
      10694,
      9910,
      409,
      161,
      394,
      823,
      -53
    ],
    "SliceThickness": 2,
    "SliceTiming": [
      1,
      0,
      1.055,
      0.0575,
      1.1125,
      0.1125,
      1.1675,
      0.1675,
      1.2225,
      0.2225,
      1.2775,
      0.2775,
      1.335,
      0.335,
      1.39,
      0.39,
      1.445,
      0.445,
      1.5,
      0.5,
      1.555,
      0.5575,
      1.6125,
      0.6125,
      1.6675,
      0.6675,
      1.7225,
      0.7225,
      1.7775,
      0.7775,
      1.8325,
      0.835,
      1.89,
      0.89,
      1.945,
      0.945
    ],
    "SoftwareVersions": "syngo_MR_D11",
    "SpacingBetweenSlices": 3,
    "TaskName": "Photographs task",
    "TotalReadoutTime": 0.0207902,
    "TxRefAmp": 323.331,
    "dataset": "ds001847",
    "modality": "bold",
    "run_id": 4,
    "subject_id": "11",
    "task_id": "photo"
  },
  "dummy_trs": 8,
  "dvars_nstd": 40.623740704966686,
  "dvars_std": 1.0169641118000006,
  "dvars_vstd": 0.9196883300333335,
  "efc": 0.5640376747545395,
  "fber": 1214.53515625,
  "fd_mean": 0.2610655637650812,
  "fd_num": 111,
  "fd_perc": 36.87707641196013,
  "fwhm_avg": 1.781962222222222,
  "fwhm_x": 1.7081099999999998,
  "fwhm_y": 1.8621766666666666,
  "fwhm_z": 1.7756,
  "gcor": 0.0295781,
  "gsr_x": 0.01730905845761299,
  "gsr_y": 0.03432481363415718,
  "provenance": {
    "md5sum": "4f77bd9c40826c400ee7f7b329fc2daf",
    "settings": {
      "fd_thres": 0.2,
      "testing": false
    },
    "software": "mriqc",
    "version": "22.0.6",
    "webapi_port": null,
    "webapi_url": "https://mriqc.nimh.nih.gov/api/v1"
  },
  "size_t": 301,
  "size_x": 64,
  "size_y": 64,
  "size_z": 37,
  "snr": 4.741960172685765,
  "spacing_tr": 2.0,
  "spacing_x": 3.0,
  "spacing_y": 3.0,
  "spacing_z": 3.0,
  "summary_bg_k": 18.55914615711731,
  "summary_bg_mad": 14.131513332939777,
  "summary_bg_mean": 55.469051361083984,
  "summary_bg_median": 26.23587989807129,
  "summary_bg_n": 84088.0,
  "summary_bg_p05": 12.774085998535156,
  "summary_bg_p95": 207.02424240112302,
  "summary_bg_stdv": 86.21894073486328,
  "summary_fg_k": 2.9614626884372814,
  "summary_fg_mad": 165.61302026531177,
  "summary_fg_mean": 945.4735717773438,
  "summary_fg_median": 913.6212158203125,
  "summary_fg_n": 34725.0,
  "summary_fg_p05": 710.5508178710937,
  "summary_fg_p95": 1299.701611328124,
  "summary_fg_stdv": 192.66464233398438,
  "tsnr": 27.952288179658353
}