{
  "aor": 0.0005661776061776061,
  "aqi": 0.011848552007722009,
  "bids_meta": {
    "AcquisitionMatrixPE": 64,
    "BandwidthPerPixelPhaseEncode": 47.348,
    "BaseResolution": 64,
    "ConsistencyInfo": "N4_VD11D_LATEST_20110129",
    "ConversionSoftware": "dcm2niix",
    "ConversionSoftwareVersion": "v1.0.20180518 GCC4.8.5",
    "DerivedVendorReportedEchoSpacing": 0.000660007,
    "DwellTime": 4.5e-06,
    "EchoTime": 0.027,
    "EchoTrainLength": 32,
    "EffectiveEchoSpacing": 0.000330003,
    "FlipAngle": 71,
    "ImageOrientationPatientDICOM": [
      0.999639,
      -0.0145184,
      -0.0226153,
      0.0159076,
      0.997918,
      0.062509
    ],
    "ImageType": [
      "ORIGINAL",
      "PRIMARY",
      "M",
      "ND",
      "NORM",
      "MOSAIC"
    ],
    "InPlanePhaseEncodingDirectionDICOM": "COL",
    "MRAcquisitionType": "2D",
    "MagneticFieldStrength": 3,
    "Manufacturer": "Siemens",
    "ManufacturersModelName": "Skyra",
    "Modality": "MR",
    "ParallelReductionFactorInPlane": 2,
    "PartialFourier": 1,
    "PercentPhaseFOV": 100,
    "PhaseEncodingDirection": "j-",
    "PhaseEncodingSteps": 64,
    "PhaseResolution": 1,
    "PixelBandwidth": 1735,
    "PulseSequenceDetails": "%SiemensSeq%_ep2d_bold",
    "ReceiveCoilActiveElements": "HE1-4",
    "ReceiveCoilName": "HeadNeck_20",
    "ReconMatrixPE": 64,
    "RepetitionTime": 2,
    "SAR": 0.108161,
    "ScanOptions": "FS",
    "ScanningSequence": "EP",
    "SequenceName": "_epfid2d1_64",
    "SequenceVariant": "SK",
    "ShimSetting": [
      3239,
      10694,
      9910,
      409,
      161,
      394,
      823,
      -53
    ],
    "SliceThickness": 2,
    "SliceTiming": [
      1,
      0,
      1.055,
      0.0575,
      1.1125,
      0.1125,
      1.1675,
      0.1675,
      1.2225,
      0.2225,
      1.2775,
      0.2775,
      1.335,
      0.335,
      1.39,
      0.39,
      1.445,
      0.445,
      1.5,
      0.5,
      1.555,
      0.5575,
      1.6125,
      0.6125,
      1.6675,
      0.6675,
      1.7225,
      0.7225,
      1.7775,
      0.7775,
      1.8325,
      0.835,
      1.89,
      0.89,
      1.945,
      0.945
    ],
    "SoftwareVersions": "syngo_MR_D11",
    "SpacingBetweenSlices": 3,
    "TaskName": "Photographs task",
    "TotalReadoutTime": 0.0207902,
    "TxRefAmp": 323.331,
    "dataset": "ds001847",
    "modality": "bold",
    "run_id": 3,
    "subject_id": "07",
    "task_id": "photo"
  },
  "dummy_trs": 0,
  "dvars_nstd": 34.64142759449613,
  "dvars_std": 1.2409264974418606,
  "dvars_vstd": 1.0069214830620155,
  "efc": 0.6065966383285184,
  "fber": 1093.7801513671875,
  "fd_mean": 0.05754833864155156,
  "fd_num": 3,
  "fd_perc": 1.1583011583011582,
  "fwhm_avg": 1.5531288482770247,
  "fwhm_x": 1.4504400000000002,
  "fwhm_y": 1.6759000000000002,
  "fwhm_z": 1.5330465448310737,
  "gcor": 0.00498943,
  "gsr_x": -0.012027440592646599,
  "gsr_y": 0.05679379776120186,
  "provenance": {
    "md5sum": "ca70104578e0d3e2cdfe0ba8642e9432",
    "settings": {
      "fd_thres": 0.2,
      "testing": false
    },
    "software": "mriqc",
    "version": "22.0.6",
    "webapi_port": null,
    "webapi_url": "https://mriqc.nimh.nih.gov/api/v1"
  },
  "size_t": 259,
  "size_x": 64,
  "size_y": 64,
  "size_z": 37,
  "snr": 5.824400503178976,
  "spacing_tr": 2.0,
  "spacing_x": 3.0,
  "spacing_y": 3.0,
  "spacing_z": 3.000000238418579,
  "summary_bg_k": 63.172809646949915,
  "summary_bg_mad": 10.916302449975468,
  "summary_bg_mean": 45.21986770629883,
  "summary_bg_median": 24.571428298950195,
  "summary_bg_n": 74276.0,
  "summary_bg_p05": 14.23552131652832,
  "summary_bg_p95": 135.94593811035156,
  "summary_bg_stdv": 70.63919830322266,
  "summary_fg_k": 5.768113959554382,
  "summary_fg_mad": 111.22955291398412,
  "summary_fg_mean": 848.7960205078125,
  "summary_fg_median": 828.8995971679688,
  "summary_fg_n": 42285.0,
  "summary_fg_p05": 679.563720703125,
  "summary_fg_p95": 1081.1606445312498,
  "summary_fg_stdv": 142.31332397460938,
  "tsnr": 55.13966182572767
}