{
  "aor": 0.0004744630872483222,
  "aqi": 0.010428786979865773,
  "bids_meta": {
    "AcquisitionMatrixPE": 64,
    "BandwidthPerPixelPhaseEncode": 47.348,
    "BaseResolution": 64,
    "ConsistencyInfo": "N4_VD11D_LATEST_20110129",
    "ConversionSoftware": "dcm2niix",
    "ConversionSoftwareVersion": "v1.0.20180518 GCC4.8.5",
    "DerivedVendorReportedEchoSpacing": 0.000660007,
    "DwellTime": 4.5e-06,
    "EchoTime": 0.027,
    "EchoTrainLength": 32,
    "EffectiveEchoSpacing": 0.000330003,
    "FlipAngle": 71,
    "ImageOrientationPatientDICOM": [
      0.999639,
      -0.0145184,
      -0.0226153,
      0.0159076,
      0.997918,
      0.062509
    ],
    "ImageType": [
      "ORIGINAL",
      "PRIMARY",
      "M",
      "ND",
      "NORM",
      "MOSAIC"
    ],
    "InPlanePhaseEncodingDirectionDICOM": "COL",
    "MRAcquisitionType": "2D",
    "MagneticFieldStrength": 3,
    "Manufacturer": "Siemens",
    "ManufacturersModelName": "Skyra",
    "Modality": "MR",
    "ParallelReductionFactorInPlane": 2,
    "PartialFourier": 1,
    "PercentPhaseFOV": 100,
    "PhaseEncodingDirection": "j-",
    "PhaseEncodingSteps": 64,
    "PhaseResolution": 1,
    "PixelBandwidth": 1735,
    "PulseSequenceDetails": "%SiemensSeq%_ep2d_bold",
    "ReceiveCoilActiveElements": "HE1-4",
    "ReceiveCoilName": "HeadNeck_20",
    "ReconMatrixPE": 64,
    "RepetitionTime": 2,
    "SAR": 0.108161,
    "ScanOptions": "FS",
    "ScanningSequence": "EP",
    "SequenceName": "_epfid2d1_64",
    "SequenceVariant": "SK",
    "ShimSetting": [
      3239,
      10694,
      9910,
      409,
      161,
      394,
      823,
      -53
    ],
    "SliceThickness": 2,
    "SliceTiming": [
      1,
      0,
      1.055,
      0.0575,
      1.1125,
      0.1125,
      1.1675,
      0.1675,
      1.2225,
      0.2225,
      1.2775,
      0.2775,
      1.335,
      0.335,
      1.39,
      0.39,
      1.445,
      0.445,
      1.5,
      0.5,
      1.555,
      0.5575,
      1.6125,
      0.6125,
      1.6675,
      0.6675,
      1.7225,
      0.7225,
      1.7775,
      0.7775,
      1.8325,
      0.835,
      1.89,
      0.89,
      1.945,
      0.945
    ],
    "SoftwareVersions": "syngo_MR_D11",
    "SpacingBetweenSlices": 3,
    "TaskName": "Photographs task",
    "TotalReadoutTime": 0.0207902,
    "TxRefAmp": 323.331,
    "dataset": "ds001847",
    "modality": "bold",
    "run_id": 4,
    "subject_id": "07",
    "task_id": "photo"
  },
  "dummy_trs": 2,
  "dvars_nstd": 34.343591259595996,
  "dvars_std": 1.241895866262626,
  "dvars_vstd": 1.009511830303031,
  "efc": 0.6068858450113187,
  "fber": 1086.0643310546875,
  "fd_mean": 0.044915807636357934,
  "fd_num": 2,
  "fd_perc": 0.6711409395973155,
  "fwhm_avg": 1.5523655148516793,
  "fwhm_x": 1.4487766666666666,
  "fwhm_y": 1.6718,
  "fwhm_z": 1.5365198778883713,
  "gcor": 0.00451955,
  "gsr_x": -0.011693124659359455,
  "gsr_y": 0.05703335255384445,
  "provenance": {
    "md5sum": "ba25c08af68839d868930b7cdb73bca2",
    "settings": {
      "fd_thres": 0.2,
      "testing": false
    },
    "software": "mriqc",
    "version": "22.0.6",
    "webapi_port": null,
    "webapi_url": "https://mriqc.nimh.nih.gov/api/v1"
  },
  "size_t": 298,
  "size_x": 64,
  "size_y": 64,
  "size_z": 37,
  "snr": 5.814481399099616,
  "spacing_tr": 2.0,
  "spacing_x": 3.0,
  "spacing_y": 3.0,
  "spacing_z": 3.000000238418579,
  "summary_bg_k": 62.66404370471639,
  "summary_bg_mad": 10.806081757015315,
  "summary_bg_mean": 45.44947052001953,
  "summary_bg_median": 24.600671768188477,
  "summary_bg_n": 74264.0,
  "summary_bg_p05": 14.312080383300781,
  "summary_bg_p95": 138.0281852722167,
  "summary_bg_stdv": 70.90677642822266,
  "summary_fg_k": 5.75463859227918,
  "summary_fg_mad": 111.41655227217149,
  "summary_fg_mean": 848.4774169921875,
  "summary_fg_median": 828.6275024414062,
  "summary_fg_n": 42352.0,
  "summary_fg_p05": 679.0221557617188,
  "summary_fg_p95": 1081.9245300292969,
  "summary_fg_stdv": 142.50930786132812,
  "tsnr": 57.45536654256284
}