{
  "aor": 0.00039488549618320616,
  "aqi": 0.009765299465648856,
  "bids_meta": {
    "AcquisitionMatrixPE": 64,
    "BandwidthPerPixelPhaseEncode": 47.348,
    "BaseResolution": 64,
    "ConsistencyInfo": "N4_VD11D_LATEST_20110129",
    "ConversionSoftware": "dcm2niix",
    "ConversionSoftwareVersion": "v1.0.20180518 GCC4.8.5",
    "DerivedVendorReportedEchoSpacing": 0.000660007,
    "DwellTime": 4.5e-06,
    "EchoTime": 0.027,
    "EchoTrainLength": 32,
    "EffectiveEchoSpacing": 0.000330003,
    "FlipAngle": 71,
    "ImageOrientationPatientDICOM": [
      0.999639,
      -0.0145184,
      -0.0226153,
      0.0159076,
      0.997918,
      0.062509
    ],
    "ImageType": [
      "ORIGINAL",
      "PRIMARY",
      "M",
      "ND",
      "NORM",
      "MOSAIC"
    ],
    "InPlanePhaseEncodingDirectionDICOM": "COL",
    "MRAcquisitionType": "2D",
    "MagneticFieldStrength": 3,
    "Manufacturer": "Siemens",
    "ManufacturersModelName": "Skyra",
    "Modality": "MR",
    "ParallelReductionFactorInPlane": 2,
    "PartialFourier": 1,
    "PercentPhaseFOV": 100,
    "PhaseEncodingDirection": "j-",
    "PhaseEncodingSteps": 64,
    "PhaseResolution": 1,
    "PixelBandwidth": 1735,
    "PulseSequenceDetails": "%SiemensSeq%_ep2d_bold",
    "ReceiveCoilActiveElements": "HE1-4",
    "ReceiveCoilName": "HeadNeck_20",
    "ReconMatrixPE": 64,
    "RepetitionTime": 2,
    "SAR": 0.108161,
    "ScanOptions": "FS",
    "ScanningSequence": "EP",
    "SequenceName": "_epfid2d1_64",
    "SequenceVariant": "SK",
    "ShimSetting": [
      3239,
      10694,
      9910,
      409,
      161,
      394,
      823,
      -53
    ],
    "SliceThickness": 2,
    "SliceTiming": [
      1,
      0,
      1.055,
      0.0575,
      1.1125,
      0.1125,
      1.1675,
      0.1675,
      1.2225,
      0.2225,
      1.2775,
      0.2775,
      1.335,
      0.335,
      1.39,
      0.39,
      1.445,
      0.445,
      1.5,
      0.5,
      1.555,
      0.5575,
      1.6125,
      0.6125,
      1.6675,
      0.6675,
      1.7225,
      0.7225,
      1.7775,
      0.7775,
      1.8325,
      0.835,
      1.89,
      0.89,
      1.945,
      0.945
    ],
    "SoftwareVersions": "syngo_MR_D11",
    "SpacingBetweenSlices": 3,
    "TaskName": "Photographs task",
    "TotalReadoutTime": 0.0207902,
    "TxRefAmp": 323.331,
    "dataset": "ds001847",
    "modality": "bold",
    "run_id": 1,
    "subject_id": "07",
    "task_id": "photo"
  },
  "dummy_trs": 1,
  "dvars_nstd": 34.682105755057464,
  "dvars_std": 1.2621974355938688,
  "dvars_vstd": 1.0101908083908044,
  "efc": 0.6056687690784286,
  "fber": 1097.9349365234375,
  "fd_mean": 0.04571326320684734,
  "fd_num": 0,
  "fd_perc": 0.0,
  "fwhm_avg": 1.561968848113222,
  "fwhm_x": 1.4582266666666666,
  "fwhm_y": 1.6884499999999998,
  "fwhm_z": 1.5392298776729998,
  "gcor": 0.00788346,
  "gsr_x": -0.011889060959219933,
  "gsr_y": 0.05575059726834297,
  "provenance": {
    "md5sum": "60ee3836f41cd71b5ce8c7fc03126a9f",
    "settings": {
      "fd_thres": 0.2,
      "testing": false
    },
    "software": "mriqc",
    "version": "22.0.6",
    "webapi_port": null,
    "webapi_url": "https://mriqc.nimh.nih.gov/api/v1"
  },
  "size_t": 262,
  "size_x": 64,
  "size_y": 64,
  "size_z": 37,
  "snr": 5.783662502178294,
  "spacing_tr": 2.0,
  "spacing_x": 3.0,
  "spacing_y": 3.0,
  "spacing_z": 3.000000238418579,
  "summary_bg_k": 63.17704254513764,
  "summary_bg_mad": 10.830918669714316,
  "summary_bg_mean": 44.45572280883789,
  "summary_bg_median": 24.56106948852539,
  "summary_bg_n": 74189.0,
  "summary_bg_p05": 14.251908302307129,
  "summary_bg_p95": 131.60763549804682,
  "summary_bg_stdv": 69.31399536132812,
  "summary_fg_k": 5.7962290059084545,
  "summary_fg_mad": 112.3043128351994,
  "summary_fg_mean": 852.2220458984375,
  "summary_fg_median": 831.8358764648438,
  "summary_fg_n": 42385.0,
  "summary_fg_p05": 680.8572631835938,
  "summary_fg_p95": 1087.7984863281247,
  "summary_fg_stdv": 143.8234100341797,
  "tsnr": 58.247986840317026
}