{
  "aor": 0.00047833935018050546,
  "aqi": 0.008840838122743682,
  "bids_meta": {
    "AcquisitionMatrixPE": 64,
    "BandwidthPerPixelPhaseEncode": 47.348,
    "BaseResolution": 64,
    "ConsistencyInfo": "N4_VD11D_LATEST_20110129",
    "ConversionSoftware": "dcm2niix",
    "ConversionSoftwareVersion": "v1.0.20180518 GCC4.8.5",
    "DerivedVendorReportedEchoSpacing": 0.000660007,
    "DwellTime": 4.5e-06,
    "EchoTime": 0.027,
    "EchoTrainLength": 32,
    "EffectiveEchoSpacing": 0.000330003,
    "FlipAngle": 71,
    "ImageOrientationPatientDICOM": [
      0.999639,
      -0.0145184,
      -0.0226153,
      0.0159076,
      0.997918,
      0.062509
    ],
    "ImageType": [
      "ORIGINAL",
      "PRIMARY",
      "M",
      "ND",
      "NORM",
      "MOSAIC"
    ],
    "InPlanePhaseEncodingDirectionDICOM": "COL",
    "MRAcquisitionType": "2D",
    "MagneticFieldStrength": 3,
    "Manufacturer": "Siemens",
    "ManufacturersModelName": "Skyra",
    "Modality": "MR",
    "ParallelReductionFactorInPlane": 2,
    "PartialFourier": 1,
    "PercentPhaseFOV": 100,
    "PhaseEncodingDirection": "j-",
    "PhaseEncodingSteps": 64,
    "PhaseResolution": 1,
    "PixelBandwidth": 1735,
    "PulseSequenceDetails": "%SiemensSeq%_ep2d_bold",
    "ReceiveCoilActiveElements": "HE1-4",
    "ReceiveCoilName": "HeadNeck_20",
    "ReconMatrixPE": 64,
    "RepetitionTime": 2,
    "SAR": 0.108161,
    "ScanOptions": "FS",
    "ScanningSequence": "EP",
    "SequenceName": "_epfid2d1_64",
    "SequenceVariant": "SK",
    "ShimSetting": [
      3239,
      10694,
      9910,
      409,
      161,
      394,
      823,
      -53
    ],
    "SliceThickness": 2,
    "SliceTiming": [
      1,
      0,
      1.055,
      0.0575,
      1.1125,
      0.1125,
      1.1675,
      0.1675,
      1.2225,
      0.2225,
      1.2775,
      0.2775,
      1.335,
      0.335,
      1.39,
      0.39,
      1.445,
      0.445,
      1.5,
      0.5,
      1.555,
      0.5575,
      1.6125,
      0.6125,
      1.6675,
      0.6675,
      1.7225,
      0.7225,
      1.7775,
      0.7775,
      1.8325,
      0.835,
      1.89,
      0.89,
      1.945,
      0.945
    ],
    "SoftwareVersions": "syngo_MR_D11",
    "SpacingBetweenSlices": 3,
    "TaskName": "Photographs task",
    "TotalReadoutTime": 0.0207902,
    "TxRefAmp": 323.331,
    "dataset": "ds001847",
    "modality": "bold",
    "run_id": 2,
    "subject_id": "22",
    "task_id": "photo"
  },
  "dummy_trs": 0,
  "dvars_nstd": 35.10816819405798,
  "dvars_std": 1.209565875760869,
  "dvars_vstd": 1.007186930688406,
  "efc": 0.6354692544529327,
  "fber": 626.18310546875,
  "fd_mean": 0.06590404854819987,
  "fd_num": 0,
  "fd_perc": 0.0,
  "fwhm_avg": 1.5990755093828941,
  "fwhm_x": 1.5271334546989963,
  "fwhm_y": 1.64433653598654,
  "fwhm_z": 1.6257565374631455,
  "gcor": 0.0062563,
  "gsr_x": 0.0010615221690386534,
  "gsr_y": 0.04842235893011093,
  "provenance": {
    "md5sum": "323ebfd81250ef19a9aa93cd0c3fb78b",
    "settings": {
      "fd_thres": 0.2,
      "testing": false
    },
    "software": "mriqc",
    "version": "22.0.6",
    "webapi_port": null,
    "webapi_url": "https://mriqc.nimh.nih.gov/api/v1"
  },
  "size_t": 277,
  "size_x": 64,
  "size_y": 64,
  "size_z": 37,
  "snr": 5.423300206827614,
  "spacing_tr": 2.0,
  "spacing_x": 2.999999761581421,
  "spacing_y": 3.000000238418579,
  "spacing_z": 3.000000238418579,
  "summary_bg_k": 22.04346925200473,
  "summary_bg_mad": 19.573560013031596,
  "summary_bg_mean": 71.93692779541016,
  "summary_bg_median": 30.516244888305664,
  "summary_bg_n": 74988.0,
  "summary_bg_p05": 14.596931219100954,
  "summary_bg_p95": 269.9285186767568,
  "summary_bg_stdv": 106.37769317626953,
  "summary_fg_k": 2.8895454389139594,
  "summary_fg_mad": 139.93732518020786,
  "summary_fg_mean": 793.2546997070312,
  "summary_fg_median": 780.812255859375,
  "summary_fg_n": 42395.0,
  "summary_fg_p05": 607.7606384277344,
  "summary_fg_p95": 1024.813037109375,
  "summary_fg_stdv": 143.97193908691406,
  "tsnr": 51.211940145120025
}