{
  "aor": 0.0004483534136546185,
  "aqi": 0.010973307108433738,
  "bids_meta": {
    "AcquisitionMatrixPE": 64,
    "BandwidthPerPixelPhaseEncode": 47.348,
    "BaseResolution": 64,
    "ConsistencyInfo": "N4_VD11D_LATEST_20110129",
    "ConversionSoftware": "dcm2niix",
    "ConversionSoftwareVersion": "v1.0.20180518 GCC4.8.5",
    "DerivedVendorReportedEchoSpacing": 0.000660007,
    "DwellTime": 4.5e-06,
    "EchoTime": 0.027,
    "EchoTrainLength": 32,
    "EffectiveEchoSpacing": 0.000330003,
    "FlipAngle": 71,
    "ImageOrientationPatientDICOM": [
      0.999639,
      -0.0145184,
      -0.0226153,
      0.0159076,
      0.997918,
      0.062509
    ],
    "ImageType": [
      "ORIGINAL",
      "PRIMARY",
      "M",
      "ND",
      "NORM",
      "MOSAIC"
    ],
    "InPlanePhaseEncodingDirectionDICOM": "COL",
    "MRAcquisitionType": "2D",
    "MagneticFieldStrength": 3,
    "Manufacturer": "Siemens",
    "ManufacturersModelName": "Skyra",
    "Modality": "MR",
    "ParallelReductionFactorInPlane": 2,
    "PartialFourier": 1,
    "PercentPhaseFOV": 100,
    "PhaseEncodingDirection": "j-",
    "PhaseEncodingSteps": 64,
    "PhaseResolution": 1,
    "PixelBandwidth": 1735,
    "PulseSequenceDetails": "%SiemensSeq%_ep2d_bold",
    "ReceiveCoilActiveElements": "HE1-4",
    "ReceiveCoilName": "HeadNeck_20",
    "ReconMatrixPE": 64,
    "RepetitionTime": 2,
    "SAR": 0.108161,
    "ScanOptions": "FS",
    "ScanningSequence": "EP",
    "SequenceName": "_epfid2d1_64",
    "SequenceVariant": "SK",
    "ShimSetting": [
      3239,
      10694,
      9910,
      409,
      161,
      394,
      823,
      -53
    ],
    "SliceThickness": 2,
    "SliceTiming": [
      1,
      0,
      1.055,
      0.0575,
      1.1125,
      0.1125,
      1.1675,
      0.1675,
      1.2225,
      0.2225,
      1.2775,
      0.2775,
      1.335,
      0.335,
      1.39,
      0.39,
      1.445,
      0.445,
      1.5,
      0.5,
      1.555,
      0.5575,
      1.6125,
      0.6125,
      1.6675,
      0.6675,
      1.7225,
      0.7225,
      1.7775,
      0.7775,
      1.8325,
      0.835,
      1.89,
      0.89,
      1.945,
      0.945
    ],
    "SoftwareVersions": "syngo_MR_D11",
    "SpacingBetweenSlices": 3,
    "TaskName": "Photographs task",
    "TotalReadoutTime": 0.0207902,
    "TxRefAmp": 323.331,
    "dataset": "ds001847",
    "modality": "bold",
    "run_id": 2,
    "subject_id": "07",
    "task_id": "photo"
  },
  "dummy_trs": 0,
  "dvars_nstd": 34.22241796209678,
  "dvars_std": 1.2398002626209674,
  "dvars_vstd": 1.0018788168951607,
  "efc": 0.6063287239028593,
  "fber": 1097.1231689453125,
  "fd_mean": 0.04185405595644489,
  "fd_num": 0,
  "fd_perc": 0.0,
  "fwhm_avg": 1.5582599592932098,
  "fwhm_x": 1.4522233333333334,
  "fwhm_y": 1.6859266666666668,
  "fwhm_z": 1.5366298778796292,
  "gcor": 0.00440278,
  "gsr_x": -0.012421514838933945,
  "gsr_y": 0.05691996589303017,
  "provenance": {
    "md5sum": "e50e3da038b64b4fae29c1b21cb8758f",
    "settings": {
      "fd_thres": 0.2,
      "testing": false
    },
    "software": "mriqc",
    "version": "22.0.6",
    "webapi_port": null,
    "webapi_url": "https://mriqc.nimh.nih.gov/api/v1"
  },
  "size_t": 249,
  "size_x": 64,
  "size_y": 64,
  "size_z": 37,
  "snr": 5.777475227963106,
  "spacing_tr": 2.0,
  "spacing_x": 3.0,
  "spacing_y": 3.0,
  "spacing_z": 3.000000238418579,
  "summary_bg_k": 64.11028147939089,
  "summary_bg_mad": 10.842645719351431,
  "summary_bg_mean": 45.09181594848633,
  "summary_bg_median": 24.570280075073242,
  "summary_bg_n": 74201.0,
  "summary_bg_p05": 14.240962982177734,
  "summary_bg_p95": 135.1044158935547,
  "summary_bg_stdv": 70.86964416503906,
  "summary_fg_k": 5.757838655818334,
  "summary_fg_mad": 112.56759598673395,
  "summary_fg_mean": 852.7078857421875,
  "summary_fg_median": 832.2308959960938,
  "summary_fg_n": 42396.0,
  "summary_fg_p05": 681.4417114257812,
  "summary_fg_p95": 1087.6526184082031,
  "summary_fg_stdv": 144.04580688476562,
  "tsnr": 56.15507173235528
}