{
  "aor": 0.000633457249070632,
  "aqi": 0.012019093048327137,
  "bids_meta": {
    "AcquisitionMatrixPE": 64,
    "BandwidthPerPixelPhaseEncode": 47.348,
    "BaseResolution": 64,
    "ConsistencyInfo": "N4_VD11D_LATEST_20110129",
    "ConversionSoftware": "dcm2niix",
    "ConversionSoftwareVersion": "v1.0.20180518 GCC4.8.5",
    "DerivedVendorReportedEchoSpacing": 0.000660007,
    "DwellTime": 4.5e-06,
    "EchoTime": 0.027,
    "EchoTrainLength": 32,
    "EffectiveEchoSpacing": 0.000330003,
    "FlipAngle": 71,
    "ImageOrientationPatientDICOM": [
      0.999639,
      -0.0145184,
      -0.0226153,
      0.0159076,
      0.997918,
      0.062509
    ],
    "ImageType": [
      "ORIGINAL",
      "PRIMARY",
      "M",
      "ND",
      "NORM",
      "MOSAIC"
    ],
    "InPlanePhaseEncodingDirectionDICOM": "COL",
    "MRAcquisitionType": "2D",
    "MagneticFieldStrength": 3,
    "Manufacturer": "Siemens",
    "ManufacturersModelName": "Skyra",
    "Modality": "MR",
    "ParallelReductionFactorInPlane": 2,
    "PartialFourier": 1,
    "PercentPhaseFOV": 100,
    "PhaseEncodingDirection": "j-",
    "PhaseEncodingSteps": 64,
    "PhaseResolution": 1,
    "PixelBandwidth": 1735,
    "PulseSequenceDetails": "%SiemensSeq%_ep2d_bold",
    "ReceiveCoilActiveElements": "HE1-4",
    "ReceiveCoilName": "HeadNeck_20",
    "ReconMatrixPE": 64,
    "RepetitionTime": 2,
    "SAR": 0.108161,
    "ScanOptions": "FS",
    "ScanningSequence": "EP",
    "SequenceName": "_epfid2d1_64",
    "SequenceVariant": "SK",
    "ShimSetting": [
      3239,
      10694,
      9910,
      409,
      161,
      394,
      823,
      -53
    ],
    "SliceThickness": 2,
    "SliceTiming": [
      1,
      0,
      1.055,
      0.0575,
      1.1125,
      0.1125,
      1.1675,
      0.1675,
      1.2225,
      0.2225,
      1.2775,
      0.2775,
      1.335,
      0.335,
      1.39,
      0.39,
      1.445,
      0.445,
      1.5,
      0.5,
      1.555,
      0.5575,
      1.6125,
      0.6125,
      1.6675,
      0.6675,
      1.7225,
      0.7225,
      1.7775,
      0.7775,
      1.8325,
      0.835,
      1.89,
      0.89,
      1.945,
      0.945
    ],
    "SoftwareVersions": "syngo_MR_D11",
    "SpacingBetweenSlices": 3,
    "TaskName": "Photographs task",
    "TotalReadoutTime": 0.0207902,
    "TxRefAmp": 323.331,
    "dataset": "ds001847",
    "modality": "bold",
    "run_id": 1,
    "subject_id": "12",
    "task_id": "photo"
  },
  "dummy_trs": 1,
  "dvars_nstd": 32.31996163347015,
  "dvars_std": 1.1282569238059703,
  "dvars_vstd": 0.9907275050746267,
  "efc": 0.6013661559316585,
  "fber": 921.6370849609375,
  "fd_mean": 0.07000198346942176,
  "fd_num": 5,
  "fd_perc": 1.858736059479554,
  "fwhm_avg": 1.5852333333333333,
  "fwhm_x": 1.4967166666666667,
  "fwhm_y": 1.7241600000000001,
  "fwhm_z": 1.5348233333333334,
  "gcor": 0.00930137,
  "gsr_x": -0.008250820450484753,
  "gsr_y": 0.050705522298812866,
  "provenance": {
    "md5sum": "c7354a5ff74ffa1a8a1393115e671c27",
    "settings": {
      "fd_thres": 0.2,
      "testing": false
    },
    "software": "mriqc",
    "version": "22.0.6",
    "webapi_port": null,
    "webapi_url": "https://mriqc.nimh.nih.gov/api/v1"
  },
  "size_t": 269,
  "size_x": 64,
  "size_y": 64,
  "size_z": 37,
  "snr": 5.8966701360519975,
  "spacing_tr": 2.0,
  "spacing_x": 3.0,
  "spacing_y": 3.0,
  "spacing_z": 3.0,
  "summary_bg_k": 30.736427776419,
  "summary_bg_mad": 11.149828248403834,
  "summary_bg_mean": 44.01466369628906,
  "summary_bg_median": 24.47955322265625,
  "summary_bg_n": 76199.0,
  "summary_bg_p05": 14.259850692749025,
  "summary_bg_p95": 132.11895751953125,
  "summary_bg_stdv": 60.30311965942383,
  "summary_fg_k": 3.1855445960787465,
  "summary_fg_mad": 122.74189036762799,
  "summary_fg_mean": 776.7127685546875,
  "summary_fg_median": 762.3271484375,
  "summary_fg_n": 40083.0,
  "summary_fg_p05": 606.5617126464844,
  "summary_fg_p95": 987.4063293457032,
  "summary_fg_stdv": 129.2793426513672,
  "tsnr": 49.58171051857062
}