{
  "aor": 0.001072183908045977,
  "aqi": 0.013602258505747125,
  "bids_meta": {
    "AcquisitionMatrixPE": 64,
    "BandwidthPerPixelPhaseEncode": 47.348,
    "BaseResolution": 64,
    "ConsistencyInfo": "N4_VD11D_LATEST_20110129",
    "ConversionSoftware": "dcm2niix",
    "ConversionSoftwareVersion": "v1.0.20180518 GCC4.8.5",
    "DerivedVendorReportedEchoSpacing": 0.000660007,
    "DwellTime": 4.5e-06,
    "EchoTime": 0.027,
    "EchoTrainLength": 32,
    "EffectiveEchoSpacing": 0.000330003,
    "FlipAngle": 71,
    "ImageOrientationPatientDICOM": [
      0.999639,
      -0.0145184,
      -0.0226153,
      0.0159076,
      0.997918,
      0.062509
    ],
    "ImageType": [
      "ORIGINAL",
      "PRIMARY",
      "M",
      "ND",
      "NORM",
      "MOSAIC"
    ],
    "InPlanePhaseEncodingDirectionDICOM": "COL",
    "MRAcquisitionType": "2D",
    "MagneticFieldStrength": 3,
    "Manufacturer": "Siemens",
    "ManufacturersModelName": "Skyra",
    "Modality": "MR",
    "ParallelReductionFactorInPlane": 2,
    "PartialFourier": 1,
    "PercentPhaseFOV": 100,
    "PhaseEncodingDirection": "j-",
    "PhaseEncodingSteps": 64,
    "PhaseResolution": 1,
    "PixelBandwidth": 1735,
    "PulseSequenceDetails": "%SiemensSeq%_ep2d_bold",
    "ReceiveCoilActiveElements": "HE1-4",
    "ReceiveCoilName": "HeadNeck_20",
    "ReconMatrixPE": 64,
    "RepetitionTime": 2,
    "SAR": 0.108161,
    "ScanOptions": "FS",
    "ScanningSequence": "EP",
    "SequenceName": "_epfid2d1_64",
    "SequenceVariant": "SK",
    "ShimSetting": [
      3239,
      10694,
      9910,
      409,
      161,
      394,
      823,
      -53
    ],
    "SliceThickness": 2,
    "SliceTiming": [
      1,
      0,
      1.055,
      0.0575,
      1.1125,
      0.1125,
      1.1675,
      0.1675,
      1.2225,
      0.2225,
      1.2775,
      0.2775,
      1.335,
      0.335,
      1.39,
      0.39,
      1.445,
      0.445,
      1.5,
      0.5,
      1.555,
      0.5575,
      1.6125,
      0.6125,
      1.6675,
      0.6675,
      1.7225,
      0.7225,
      1.7775,
      0.7775,
      1.8325,
      0.835,
      1.89,
      0.89,
      1.945,
      0.945
    ],
    "SoftwareVersions": "syngo_MR_D11",
    "SpacingBetweenSlices": 3,
    "TaskName": "Photographs task",
    "TotalReadoutTime": 0.0207902,
    "TxRefAmp": 323.331,
    "dataset": "ds001847",
    "modality": "bold",
    "run_id": 4,
    "subject_id": "12",
    "task_id": "photo"
  },
  "dummy_trs": 0,
  "dvars_nstd": 34.806071538115404,
  "dvars_std": 1.1441760590384615,
  "dvars_vstd": 1.0012043978461542,
  "efc": 0.5929459356946126,
  "fber": 947.1385498046875,
  "fd_mean": 0.10283778388552642,
  "fd_num": 21,
  "fd_perc": 8.045977011494253,
  "fwhm_avg": 1.6037188888888887,
  "fwhm_x": 1.50783,
  "fwhm_y": 1.7427866666666667,
  "fwhm_z": 1.5605399999999998,
  "gcor": 0.0177441,
  "gsr_x": -0.0027623253408819437,
  "gsr_y": 0.057929761707782745,
  "provenance": {
    "md5sum": "147755ca265c7305bb53b2a39e7fb23f",
    "settings": {
      "fd_thres": 0.2,
      "testing": false
    },
    "software": "mriqc",
    "version": "22.0.6",
    "webapi_port": null,
    "webapi_url": "https://mriqc.nimh.nih.gov/api/v1"
  },
  "size_t": 261,
  "size_x": 64,
  "size_y": 64,
  "size_z": 37,
  "snr": 5.85270578606834,
  "spacing_tr": 2.0,
  "spacing_x": 3.0,
  "spacing_y": 3.0,
  "spacing_z": 3.0,
  "summary_bg_k": 36.64867847945548,
  "summary_bg_mad": 10.452061725397321,
  "summary_bg_mean": 41.87101745605469,
  "summary_bg_median": 23.957853317260742,
  "summary_bg_n": 78033.0,
  "summary_bg_p05": 14.164751052856445,
  "summary_bg_p95": 124.63677978515585,
  "summary_bg_stdv": 55.7257080078125,
  "summary_fg_k": 3.335246288924563,
  "summary_fg_mad": 121.2268924219358,
  "summary_fg_mean": 766.385498046875,
  "summary_fg_median": 751.5210571289062,
  "summary_fg_n": 38952.0,
  "summary_fg_p05": 595.9394561767579,
  "summary_fg_p95": 975.7898284912109,
  "summary_fg_stdv": 128.4040985107422,
  "tsnr": 46.027673297561705
}