{
  "aor": 0.0004249122807017543,
  "aqi": 0.009972274666666668,
  "bids_meta": {
    "AcquisitionMatrixPE": 64,
    "BandwidthPerPixelPhaseEncode": 47.348,
    "BaseResolution": 64,
    "ConsistencyInfo": "N4_VD11D_LATEST_20110129",
    "ConversionSoftware": "dcm2niix",
    "ConversionSoftwareVersion": "v1.0.20180518 GCC4.8.5",
    "DerivedVendorReportedEchoSpacing": 0.000660007,
    "DwellTime": 4.5e-06,
    "EchoTime": 0.027,
    "EchoTrainLength": 32,
    "EffectiveEchoSpacing": 0.000330003,
    "FlipAngle": 71,
    "ImageOrientationPatientDICOM": [
      0.999639,
      -0.0145184,
      -0.0226153,
      0.0159076,
      0.997918,
      0.062509
    ],
    "ImageType": [
      "ORIGINAL",
      "PRIMARY",
      "M",
      "ND",
      "NORM",
      "MOSAIC"
    ],
    "InPlanePhaseEncodingDirectionDICOM": "COL",
    "MRAcquisitionType": "2D",
    "MagneticFieldStrength": 3,
    "Manufacturer": "Siemens",
    "ManufacturersModelName": "Skyra",
    "Modality": "MR",
    "ParallelReductionFactorInPlane": 2,
    "PartialFourier": 1,
    "PercentPhaseFOV": 100,
    "PhaseEncodingDirection": "j-",
    "PhaseEncodingSteps": 64,
    "PhaseResolution": 1,
    "PixelBandwidth": 1735,
    "PulseSequenceDetails": "%SiemensSeq%_ep2d_bold",
    "ReceiveCoilActiveElements": "HE1-4",
    "ReceiveCoilName": "HeadNeck_20",
    "ReconMatrixPE": 64,
    "RepetitionTime": 2,
    "SAR": 0.108161,
    "ScanOptions": "FS",
    "ScanningSequence": "EP",
    "SequenceName": "_epfid2d1_64",
    "SequenceVariant": "SK",
    "ShimSetting": [
      3239,
      10694,
      9910,
      409,
      161,
      394,
      823,
      -53
    ],
    "SliceThickness": 2,
    "SliceTiming": [
      1,
      0,
      1.055,
      0.0575,
      1.1125,
      0.1125,
      1.1675,
      0.1675,
      1.2225,
      0.2225,
      1.2775,
      0.2775,
      1.335,
      0.335,
      1.39,
      0.39,
      1.445,
      0.445,
      1.5,
      0.5,
      1.555,
      0.5575,
      1.6125,
      0.6125,
      1.6675,
      0.6675,
      1.7225,
      0.7225,
      1.7775,
      0.7775,
      1.8325,
      0.835,
      1.89,
      0.89,
      1.945,
      0.945
    ],
    "SoftwareVersions": "syngo_MR_D11",
    "SpacingBetweenSlices": 3,
    "TaskName": "Photographs task",
    "TotalReadoutTime": 0.0207902,
    "TxRefAmp": 323.331,
    "dataset": "ds001847",
    "modality": "bold",
    "run_id": 2,
    "subject_id": "12",
    "task_id": "photo"
  },
  "dummy_trs": 0,
  "dvars_nstd": 32.642969023943664,
  "dvars_std": 1.1399467536971821,
  "dvars_vstd": 1.0009090269718308,
  "efc": 0.5995392802689372,
  "fber": 933.0743408203125,
  "fd_mean": 0.07592264802128187,
  "fd_num": 5,
  "fd_perc": 1.7543859649122806,
  "fwhm_avg": 1.5757255555555554,
  "fwhm_x": 1.4966833333333334,
  "fwhm_y": 1.7173299999999998,
  "fwhm_z": 1.5131633333333332,
  "gcor": 0.00874571,
  "gsr_x": -0.007724603172391653,
  "gsr_y": 0.05245659872889519,
  "provenance": {
    "md5sum": "f88c12c1e35dbd3348a3513ff5ed98cf",
    "settings": {
      "fd_thres": 0.2,
      "testing": false
    },
    "software": "mriqc",
    "version": "22.0.6",
    "webapi_port": null,
    "webapi_url": "https://mriqc.nimh.nih.gov/api/v1"
  },
  "size_t": 285,
  "size_x": 64,
  "size_y": 64,
  "size_z": 37,
  "snr": 5.88391868493043,
  "spacing_tr": 2.0,
  "spacing_x": 3.0,
  "spacing_y": 3.0,
  "spacing_z": 3.0,
  "summary_bg_k": 35.786809182459244,
  "summary_bg_mad": 10.747568105920271,
  "summary_bg_mean": 43.551025390625,
  "summary_bg_median": 24.231578826904297,
  "summary_bg_n": 76552.0,
  "summary_bg_p05": 14.310701799392701,
  "summary_bg_p95": 131.20211105346672,
  "summary_bg_stdv": 60.08832550048828,
  "summary_fg_k": 3.3267136042855876,
  "summary_fg_mad": 121.98430090392384,
  "summary_fg_mean": 772.3382568359375,
  "summary_fg_median": 758.1017456054688,
  "summary_fg_n": 39843.0,
  "summary_fg_p05": 603.1298217773438,
  "summary_fg_p95": 979.4312316894533,
  "summary_fg_stdv": 128.8413848876953,
  "tsnr": 51.27797248552088
}