{
  "aor": 0.0003842753623188406,
  "aqi": 0.008811049818840578,
  "bids_meta": {
    "AcquisitionMatrixPE": 64,
    "BandwidthPerPixelPhaseEncode": 47.348,
    "BaseResolution": 64,
    "ConsistencyInfo": "N4_VD11D_LATEST_20110129",
    "ConversionSoftware": "dcm2niix",
    "ConversionSoftwareVersion": "v1.0.20180518 GCC4.8.5",
    "DerivedVendorReportedEchoSpacing": 0.000660007,
    "DwellTime": 4.5e-06,
    "EchoTime": 0.027,
    "EchoTrainLength": 32,
    "EffectiveEchoSpacing": 0.000330003,
    "FlipAngle": 71,
    "ImageOrientationPatientDICOM": [
      0.999639,
      -0.0145184,
      -0.0226153,
      0.0159076,
      0.997918,
      0.062509
    ],
    "ImageType": [
      "ORIGINAL",
      "PRIMARY",
      "M",
      "ND",
      "NORM",
      "MOSAIC"
    ],
    "InPlanePhaseEncodingDirectionDICOM": "COL",
    "MRAcquisitionType": "2D",
    "MagneticFieldStrength": 3,
    "Manufacturer": "Siemens",
    "ManufacturersModelName": "Skyra",
    "Modality": "MR",
    "ParallelReductionFactorInPlane": 2,
    "PartialFourier": 1,
    "PercentPhaseFOV": 100,
    "PhaseEncodingDirection": "j-",
    "PhaseEncodingSteps": 64,
    "PhaseResolution": 1,
    "PixelBandwidth": 1735,
    "PulseSequenceDetails": "%SiemensSeq%_ep2d_bold",
    "ReceiveCoilActiveElements": "HE1-4",
    "ReceiveCoilName": "HeadNeck_20",
    "ReconMatrixPE": 64,
    "RepetitionTime": 2,
    "SAR": 0.108161,
    "ScanOptions": "FS",
    "ScanningSequence": "EP",
    "SequenceName": "_epfid2d1_64",
    "SequenceVariant": "SK",
    "ShimSetting": [
      3239,
      10694,
      9910,
      409,
      161,
      394,
      823,
      -53
    ],
    "SliceThickness": 2,
    "SliceTiming": [
      1,
      0,
      1.055,
      0.0575,
      1.1125,
      0.1125,
      1.1675,
      0.1675,
      1.2225,
      0.2225,
      1.2775,
      0.2775,
      1.335,
      0.335,
      1.39,
      0.39,
      1.445,
      0.445,
      1.5,
      0.5,
      1.555,
      0.5575,
      1.6125,
      0.6125,
      1.6675,
      0.6675,
      1.7225,
      0.7225,
      1.7775,
      0.7775,
      1.8325,
      0.835,
      1.89,
      0.89,
      1.945,
      0.945
    ],
    "SoftwareVersions": "syngo_MR_D11",
    "SpacingBetweenSlices": 3,
    "TaskName": "Photographs task",
    "TotalReadoutTime": 0.0207902,
    "TxRefAmp": 323.331,
    "dataset": "ds001847",
    "modality": "bold",
    "run_id": 3,
    "subject_id": "30",
    "task_id": "photo"
  },
  "dummy_trs": 0,
  "dvars_nstd": 31.044865833527286,
  "dvars_std": 1.1774311752000002,
  "dvars_vstd": 1.001021225309091,
  "efc": 0.5824323448529957,
  "fber": 912.5570678710938,
  "fd_mean": 0.05547609416838721,
  "fd_num": 1,
  "fd_perc": 0.36231884057971014,
  "fwhm_avg": 1.5292011171716295,
  "fwhm_x": 1.418819887242326,
  "fwhm_y": 1.6475967976058956,
  "fwhm_z": 1.5211866666666667,
  "gcor": 0.00512776,
  "gsr_x": -0.0015786094591021538,
  "gsr_y": 0.04410431161522865,
  "provenance": {
    "md5sum": "6dcf0cd2a59efccc82709ca1b64d0cf9",
    "settings": {
      "fd_thres": 0.2,
      "testing": false
    },
    "software": "mriqc",
    "version": "22.0.6",
    "webapi_port": null,
    "webapi_url": "https://mriqc.nimh.nih.gov/api/v1"
  },
  "size_t": 276,
  "size_x": 64,
  "size_y": 64,
  "size_z": 37,
  "snr": 6.024008509583138,
  "spacing_tr": 2.0,
  "spacing_x": 3.000000238418579,
  "spacing_y": 2.999999761581421,
  "spacing_z": 3.0,
  "summary_bg_k": 24.54077727251297,
  "summary_bg_mad": 14.090093970500714,
  "summary_bg_mean": 52.83030700683594,
  "summary_bg_median": 26.630435943603516,
  "summary_bg_n": 82183.0,
  "summary_bg_p05": 14.242753982543945,
  "summary_bg_p95": 184.42283325195265,
  "summary_bg_stdv": 80.07981872558594,
  "summary_fg_k": 3.0283703069396584,
  "summary_fg_mad": 128.82255931146415,
  "summary_fg_mean": 826.9614868164062,
  "summary_fg_median": 814.9945678710938,
  "summary_fg_n": 36136.0,
  "summary_fg_p05": 645.4402465820312,
  "summary_fg_p95": 1044.7608337402344,
  "summary_fg_stdv": 135.28919982910156,
  "tsnr": 54.86196175124496
}