{
  "aor": 0.000665761316872428,
  "aqi": 0.008845021934156379,
  "bids_meta": {
    "AcquisitionMatrixPE": 64,
    "BandwidthPerPixelPhaseEncode": 47.348,
    "BaseResolution": 64,
    "ConsistencyInfo": "N4_VD11D_LATEST_20110129",
    "ConversionSoftware": "dcm2niix",
    "ConversionSoftwareVersion": "v1.0.20180518 GCC4.8.5",
    "DerivedVendorReportedEchoSpacing": 0.000660007,
    "DwellTime": 4.5e-06,
    "EchoTime": 0.027,
    "EchoTrainLength": 32,
    "EffectiveEchoSpacing": 0.000330003,
    "FlipAngle": 71,
    "ImageOrientationPatientDICOM": [
      0.999639,
      -0.0145184,
      -0.0226153,
      0.0159076,
      0.997918,
      0.062509
    ],
    "ImageType": [
      "ORIGINAL",
      "PRIMARY",
      "M",
      "ND",
      "NORM",
      "MOSAIC"
    ],
    "InPlanePhaseEncodingDirectionDICOM": "COL",
    "MRAcquisitionType": "2D",
    "MagneticFieldStrength": 3,
    "Manufacturer": "Siemens",
    "ManufacturersModelName": "Skyra",
    "Modality": "MR",
    "ParallelReductionFactorInPlane": 2,
    "PartialFourier": 1,
    "PercentPhaseFOV": 100,
    "PhaseEncodingDirection": "j-",
    "PhaseEncodingSteps": 64,
    "PhaseResolution": 1,
    "PixelBandwidth": 1735,
    "PulseSequenceDetails": "%SiemensSeq%_ep2d_bold",
    "ReceiveCoilActiveElements": "HE1-4",
    "ReceiveCoilName": "HeadNeck_20",
    "ReconMatrixPE": 64,
    "RepetitionTime": 2,
    "SAR": 0.108161,
    "ScanOptions": "FS",
    "ScanningSequence": "EP",
    "SequenceName": "_epfid2d1_64",
    "SequenceVariant": "SK",
    "ShimSetting": [
      3239,
      10694,
      9910,
      409,
      161,
      394,
      823,
      -53
    ],
    "SliceThickness": 2,
    "SliceTiming": [
      1,
      0,
      1.055,
      0.0575,
      1.1125,
      0.1125,
      1.1675,
      0.1675,
      1.2225,
      0.2225,
      1.2775,
      0.2775,
      1.335,
      0.335,
      1.39,
      0.39,
      1.445,
      0.445,
      1.5,
      0.5,
      1.555,
      0.5575,
      1.6125,
      0.6125,
      1.6675,
      0.6675,
      1.7225,
      0.7225,
      1.7775,
      0.7775,
      1.8325,
      0.835,
      1.89,
      0.89,
      1.945,
      0.945
    ],
    "SoftwareVersions": "syngo_MR_D11",
    "SpacingBetweenSlices": 3,
    "TaskName": "Photographs task",
    "TotalReadoutTime": 0.0207902,
    "TxRefAmp": 323.331,
    "dataset": "ds001847",
    "modality": "bold",
    "run_id": 1,
    "subject_id": "30",
    "task_id": "photo"
  },
  "dummy_trs": 0,
  "dvars_nstd": 31.171617996652888,
  "dvars_std": 1.180441724710744,
  "dvars_vstd": 1.0092826072314047,
  "efc": 0.5806371184218768,
  "fber": 957.637451171875,
  "fd_mean": 0.06364784918693839,
  "fd_num": 3,
  "fd_perc": 1.2345679012345678,
  "fwhm_avg": 1.530413339570723,
  "fwhm_x": 1.4218765536660707,
  "fwhm_y": 1.657330131712765,
  "fwhm_z": 1.5120333333333333,
  "gcor": 0.00714672,
  "gsr_x": -0.0006403197185136378,
  "gsr_y": 0.04474644362926483,
  "provenance": {
    "md5sum": "4fd2a80ada1cfd38b03837728912b353",
    "settings": {
      "fd_thres": 0.2,
      "testing": false
    },
    "software": "mriqc",
    "version": "22.0.6",
    "webapi_port": null,
    "webapi_url": "https://mriqc.nimh.nih.gov/api/v1"
  },
  "size_t": 243,
  "size_x": 64,
  "size_y": 64,
  "size_z": 37,
  "snr": 5.996253952447873,
  "spacing_tr": 2.0,
  "spacing_x": 3.000000238418579,
  "spacing_y": 2.999999761581421,
  "spacing_z": 3.0,
  "summary_bg_k": 24.276457142473117,
  "summary_bg_mad": 14.246399960768809,
  "summary_bg_mean": 52.306671142578125,
  "summary_bg_median": 26.226337432861328,
  "summary_bg_n": 82269.0,
  "summary_bg_p05": 13.73250961303711,
  "summary_bg_p95": 182.8526733398435,
  "summary_bg_stdv": 80.27442932128906,
  "summary_fg_k": 2.9755938726868836,
  "summary_fg_mad": 130.9448414056177,
  "summary_fg_mean": 832.2285766601562,
  "summary_fg_median": 819.543212890625,
  "summary_fg_n": 35922.0,
  "summary_fg_p05": 650.2841400146484,
  "summary_fg_p95": 1052.8388916015622,
  "summary_fg_stdv": 136.67396545410156,
  "tsnr": 54.53287761542015
}