{
  "aor": 0.0003236200716845878,
  "aqi": 0.00918594053763441,
  "bids_meta": {
    "AcquisitionMatrixPE": 64,
    "BandwidthPerPixelPhaseEncode": 47.348,
    "BaseResolution": 64,
    "ConsistencyInfo": "N4_VD11D_LATEST_20110129",
    "ConversionSoftware": "dcm2niix",
    "ConversionSoftwareVersion": "v1.0.20180518 GCC4.8.5",
    "DerivedVendorReportedEchoSpacing": 0.000660007,
    "DwellTime": 4.5e-06,
    "EchoTime": 0.027,
    "EchoTrainLength": 32,
    "EffectiveEchoSpacing": 0.000330003,
    "FlipAngle": 71,
    "ImageOrientationPatientDICOM": [
      0.999639,
      -0.0145184,
      -0.0226153,
      0.0159076,
      0.997918,
      0.062509
    ],
    "ImageType": [
      "ORIGINAL",
      "PRIMARY",
      "M",
      "ND",
      "NORM",
      "MOSAIC"
    ],
    "InPlanePhaseEncodingDirectionDICOM": "COL",
    "MRAcquisitionType": "2D",
    "MagneticFieldStrength": 3,
    "Manufacturer": "Siemens",
    "ManufacturersModelName": "Skyra",
    "Modality": "MR",
    "ParallelReductionFactorInPlane": 2,
    "PartialFourier": 1,
    "PercentPhaseFOV": 100,
    "PhaseEncodingDirection": "j-",
    "PhaseEncodingSteps": 64,
    "PhaseResolution": 1,
    "PixelBandwidth": 1735,
    "PulseSequenceDetails": "%SiemensSeq%_ep2d_bold",
    "ReceiveCoilActiveElements": "HE1-4",
    "ReceiveCoilName": "HeadNeck_20",
    "ReconMatrixPE": 64,
    "RepetitionTime": 2,
    "SAR": 0.108161,
    "ScanOptions": "FS",
    "ScanningSequence": "EP",
    "SequenceName": "_epfid2d1_64",
    "SequenceVariant": "SK",
    "ShimSetting": [
      3239,
      10694,
      9910,
      409,
      161,
      394,
      823,
      -53
    ],
    "SliceThickness": 2,
    "SliceTiming": [
      1,
      0,
      1.055,
      0.0575,
      1.1125,
      0.1125,
      1.1675,
      0.1675,
      1.2225,
      0.2225,
      1.2775,
      0.2775,
      1.335,
      0.335,
      1.39,
      0.39,
      1.445,
      0.445,
      1.5,
      0.5,
      1.555,
      0.5575,
      1.6125,
      0.6125,
      1.6675,
      0.6675,
      1.7225,
      0.7225,
      1.7775,
      0.7775,
      1.8325,
      0.835,
      1.89,
      0.89,
      1.945,
      0.945
    ],
    "SoftwareVersions": "syngo_MR_D11",
    "SpacingBetweenSlices": 3,
    "TaskName": "Photographs task",
    "TotalReadoutTime": 0.0207902,
    "TxRefAmp": 323.331,
    "dataset": "ds001847",
    "modality": "bold",
    "run_id": 2,
    "subject_id": "30",
    "task_id": "photo"
  },
  "dummy_trs": 0,
  "dvars_nstd": 31.07331857741007,
  "dvars_std": 1.16947769086331,
  "dvars_vstd": 0.9950791920143889,
  "efc": 0.5816832254159437,
  "fber": 931.157470703125,
  "fd_mean": 0.054665243097484384,
  "fd_num": 0,
  "fd_perc": 0.0,
  "fwhm_avg": 1.5277300059400731,
  "fwhm_x": 1.422483220284524,
  "fwhm_y": 1.6467134642023615,
  "fwhm_z": 1.5139933333333333,
  "gcor": 0.00450388,
  "gsr_x": -0.001014741719700396,
  "gsr_y": 0.04396899789571762,
  "provenance": {
    "md5sum": "8805b2f7ac9ca8c403bdb62122afc396",
    "settings": {
      "fd_thres": 0.2,
      "testing": false
    },
    "software": "mriqc",
    "version": "22.0.6",
    "webapi_port": null,
    "webapi_url": "https://mriqc.nimh.nih.gov/api/v1"
  },
  "size_t": 279,
  "size_x": 64,
  "size_y": 64,
  "size_z": 37,
  "snr": 6.025772125010068,
  "spacing_tr": 2.0,
  "spacing_x": 3.000000238418579,
  "spacing_y": 2.999999761581421,
  "spacing_z": 3.0,
  "summary_bg_k": 24.760131441481278,
  "summary_bg_mad": 14.039551998433167,
  "summary_bg_mean": 52.604042053222656,
  "summary_bg_median": 26.419355392456055,
  "summary_bg_n": 82249.0,
  "summary_bg_p05": 14.175626754760742,
  "summary_bg_p95": 182.62796020507807,
  "summary_bg_stdv": 80.18714141845703,
  "summary_fg_k": 3.0334643995787376,
  "summary_fg_mad": 129.66127382942187,
  "summary_fg_mean": 828.3350219726562,
  "summary_fg_median": 815.8673706054688,
  "summary_fg_n": 36005.0,
  "summary_fg_p05": 647.4351196289062,
  "summary_fg_p95": 1045.992846679687,
  "summary_fg_stdv": 135.39443969726562,
  "tsnr": 54.181954613886774
}