{
  "aor": 0.0006097665369649806,
  "aqi": 0.01047754653696498,
  "bids_meta": {
    "AcquisitionMatrixPE": 64,
    "BandwidthPerPixelPhaseEncode": 47.348,
    "BaseResolution": 64,
    "ConsistencyInfo": "N4_VD11D_LATEST_20110129",
    "ConversionSoftware": "dcm2niix",
    "ConversionSoftwareVersion": "v1.0.20180518 GCC4.8.5",
    "DerivedVendorReportedEchoSpacing": 0.000660007,
    "DwellTime": 4.5e-06,
    "EchoTime": 0.027,
    "EchoTrainLength": 32,
    "EffectiveEchoSpacing": 0.000330003,
    "FlipAngle": 71,
    "ImageOrientationPatientDICOM": [
      0.999639,
      -0.0145184,
      -0.0226153,
      0.0159076,
      0.997918,
      0.062509
    ],
    "ImageType": [
      "ORIGINAL",
      "PRIMARY",
      "M",
      "ND",
      "NORM",
      "MOSAIC"
    ],
    "InPlanePhaseEncodingDirectionDICOM": "COL",
    "MRAcquisitionType": "2D",
    "MagneticFieldStrength": 3,
    "Manufacturer": "Siemens",
    "ManufacturersModelName": "Skyra",
    "Modality": "MR",
    "ParallelReductionFactorInPlane": 2,
    "PartialFourier": 1,
    "PercentPhaseFOV": 100,
    "PhaseEncodingDirection": "j-",
    "PhaseEncodingSteps": 64,
    "PhaseResolution": 1,
    "PixelBandwidth": 1735,
    "PulseSequenceDetails": "%SiemensSeq%_ep2d_bold",
    "ReceiveCoilActiveElements": "HE1-4",
    "ReceiveCoilName": "HeadNeck_20",
    "ReconMatrixPE": 64,
    "RepetitionTime": 2,
    "SAR": 0.108161,
    "ScanOptions": "FS",
    "ScanningSequence": "EP",
    "SequenceName": "_epfid2d1_64",
    "SequenceVariant": "SK",
    "ShimSetting": [
      3239,
      10694,
      9910,
      409,
      161,
      394,
      823,
      -53
    ],
    "SliceThickness": 2,
    "SliceTiming": [
      1,
      0,
      1.055,
      0.0575,
      1.1125,
      0.1125,
      1.1675,
      0.1675,
      1.2225,
      0.2225,
      1.2775,
      0.2775,
      1.335,
      0.335,
      1.39,
      0.39,
      1.445,
      0.445,
      1.5,
      0.5,
      1.555,
      0.5575,
      1.6125,
      0.6125,
      1.6675,
      0.6675,
      1.7225,
      0.7225,
      1.7775,
      0.7775,
      1.8325,
      0.835,
      1.89,
      0.89,
      1.945,
      0.945
    ],
    "SoftwareVersions": "syngo_MR_D11",
    "SpacingBetweenSlices": 3,
    "TaskName": "Photographs task",
    "TotalReadoutTime": 0.0207902,
    "TxRefAmp": 323.331,
    "dataset": "ds001847",
    "modality": "bold",
    "run_id": 3,
    "subject_id": "29",
    "task_id": "photo"
  },
  "dummy_trs": 1,
  "dvars_nstd": 34.52866803109375,
  "dvars_std": 1.2169478908593747,
  "dvars_vstd": 1.0079627868359375,
  "efc": 0.6043007021269959,
  "fber": 902.8673706054688,
  "fd_mean": 0.08403752824194896,
  "fd_num": 15,
  "fd_perc": 5.836575875486381,
  "fwhm_avg": 1.6064355555555556,
  "fwhm_x": 1.4923566666666668,
  "fwhm_y": 1.7803366666666667,
  "fwhm_z": 1.5466133333333334,
  "gcor": 0.00751752,
  "gsr_x": -0.01098774466663599,
  "gsr_y": 0.056684739887714386,
  "provenance": {
    "md5sum": "1a7a8ee54c95a72e91613c2e1e6b44b4",
    "settings": {
      "fd_thres": 0.2,
      "testing": false
    },
    "software": "mriqc",
    "version": "22.0.6",
    "webapi_port": null,
    "webapi_url": "https://mriqc.nimh.nih.gov/api/v1"
  },
  "size_t": 257,
  "size_x": 64,
  "size_y": 64,
  "size_z": 37,
  "snr": 5.77218007183065,
  "spacing_tr": 2.0,
  "spacing_x": 3.0,
  "spacing_y": 3.0,
  "spacing_z": 3.0,
  "summary_bg_k": 20.37308999726905,
  "summary_bg_mad": 13.868388540406839,
  "summary_bg_mean": 56.68522644042969,
  "summary_bg_median": 26.93385124206543,
  "summary_bg_n": 78002.0,
  "summary_bg_p05": 14.649999618530273,
  "summary_bg_p95": 214.60992813110346,
  "summary_bg_stdv": 87.03771209716797,
  "summary_fg_k": 5.212189461746265,
  "summary_fg_mad": 121.54451533373724,
  "summary_fg_mean": 841.9795532226562,
  "summary_fg_median": 824.5486450195312,
  "summary_fg_n": 39347.0,
  "summary_fg_p05": 669.2684936523438,
  "summary_fg_p95": 1066.7264892578125,
  "summary_fg_stdv": 142.846923828125,
  "tsnr": 54.019680405268446
}