{
  "aor": 0.002860533807829182,
  "aqi": 0.011519740249110318,
  "bids_meta": {
    "AcquisitionMatrixPE": 64,
    "BandwidthPerPixelPhaseEncode": 47.348,
    "BaseResolution": 64,
    "ConsistencyInfo": "N4_VD11D_LATEST_20110129",
    "ConversionSoftware": "dcm2niix",
    "ConversionSoftwareVersion": "v1.0.20180518 GCC4.8.5",
    "DerivedVendorReportedEchoSpacing": 0.000660007,
    "DwellTime": 4.5e-06,
    "EchoTime": 0.027,
    "EchoTrainLength": 32,
    "EffectiveEchoSpacing": 0.000330003,
    "FlipAngle": 71,
    "ImageOrientationPatientDICOM": [
      0.999639,
      -0.0145184,
      -0.0226153,
      0.0159076,
      0.997918,
      0.062509
    ],
    "ImageType": [
      "ORIGINAL",
      "PRIMARY",
      "M",
      "ND",
      "NORM",
      "MOSAIC"
    ],
    "InPlanePhaseEncodingDirectionDICOM": "COL",
    "MRAcquisitionType": "2D",
    "MagneticFieldStrength": 3,
    "Manufacturer": "Siemens",
    "ManufacturersModelName": "Skyra",
    "Modality": "MR",
    "ParallelReductionFactorInPlane": 2,
    "PartialFourier": 1,
    "PercentPhaseFOV": 100,
    "PhaseEncodingDirection": "j-",
    "PhaseEncodingSteps": 64,
    "PhaseResolution": 1,
    "PixelBandwidth": 1735,
    "PulseSequenceDetails": "%SiemensSeq%_ep2d_bold",
    "ReceiveCoilActiveElements": "HE1-4",
    "ReceiveCoilName": "HeadNeck_20",
    "ReconMatrixPE": 64,
    "RepetitionTime": 2,
    "SAR": 0.108161,
    "ScanOptions": "FS",
    "ScanningSequence": "EP",
    "SequenceName": "_epfid2d1_64",
    "SequenceVariant": "SK",
    "ShimSetting": [
      3239,
      10694,
      9910,
      409,
      161,
      394,
      823,
      -53
    ],
    "SliceThickness": 2,
    "SliceTiming": [
      1,
      0,
      1.055,
      0.0575,
      1.1125,
      0.1125,
      1.1675,
      0.1675,
      1.2225,
      0.2225,
      1.2775,
      0.2775,
      1.335,
      0.335,
      1.39,
      0.39,
      1.445,
      0.445,
      1.5,
      0.5,
      1.555,
      0.5575,
      1.6125,
      0.6125,
      1.6675,
      0.6675,
      1.7225,
      0.7225,
      1.7775,
      0.7775,
      1.8325,
      0.835,
      1.89,
      0.89,
      1.945,
      0.945
    ],
    "SoftwareVersions": "syngo_MR_D11",
    "SpacingBetweenSlices": 3,
    "TaskName": "Photographs task",
    "TotalReadoutTime": 0.0207902,
    "TxRefAmp": 323.331,
    "dataset": "ds001847",
    "modality": "bold",
    "run_id": 3,
    "subject_id": "32",
    "task_id": "photo"
  },
  "dummy_trs": 0,
  "dvars_nstd": 39.02768301292853,
  "dvars_std": 1.304825223285714,
  "dvars_vstd": 1.040406711821428,
  "efc": 0.6691683783967413,
  "fber": 452.430908203125,
  "fd_mean": 0.06846113356893986,
  "fd_num": 13,
  "fd_perc": 4.6263345195729535,
  "fwhm_avg": 1.702881111111111,
  "fwhm_x": 1.6198499999999998,
  "fwhm_y": 1.7995333333333334,
  "fwhm_z": 1.68926,
  "gcor": 0.0107265,
  "gsr_x": 0.016933726146817207,
  "gsr_y": 0.03071623481810093,
  "provenance": {
    "md5sum": "284677d2dd1e097522759d5ab2b4d008",
    "settings": {
      "fd_thres": 0.2,
      "testing": false
    },
    "software": "mriqc",
    "version": "22.0.6",
    "webapi_port": null,
    "webapi_url": "https://mriqc.nimh.nih.gov/api/v1"
  },
  "size_t": 281,
  "size_x": 64,
  "size_y": 64,
  "size_z": 37,
  "snr": 4.914333181801033,
  "spacing_tr": 2.0,
  "spacing_x": 3.0,
  "spacing_y": 3.0,
  "spacing_z": 3.0,
  "summary_bg_k": 12.572241495092412,
  "summary_bg_mad": 27.1511428701439,
  "summary_bg_mean": 80.29717254638672,
  "summary_bg_median": 37.935943603515625,
  "summary_bg_n": 67114.0,
  "summary_bg_p05": 16.6512451171875,
  "summary_bg_p95": 320.52507324218743,
  "summary_bg_stdv": 107.13622283935547,
  "summary_fg_k": 5.124215189528552,
  "summary_fg_mad": 130.47691317857348,
  "summary_fg_mean": 855.581787109375,
  "summary_fg_median": 829.41455078125,
  "summary_fg_n": 49246.0,
  "summary_fg_p05": 657.7117462158203,
  "summary_fg_p95": 1139.9350280761719,
  "summary_fg_stdv": 168.7728729248047,
  "tsnr": 47.606983749428764
}