{
  "aor": 0.002674022988505747,
  "aqi": 0.009776808237547892,
  "bids_meta": {
    "AcquisitionMatrixPE": 64,
    "BandwidthPerPixelPhaseEncode": 47.348,
    "BaseResolution": 64,
    "ConsistencyInfo": "N4_VD11D_LATEST_20110129",
    "ConversionSoftware": "dcm2niix",
    "ConversionSoftwareVersion": "v1.0.20180518 GCC4.8.5",
    "DerivedVendorReportedEchoSpacing": 0.000660007,
    "DwellTime": 4.5e-06,
    "EchoTime": 0.027,
    "EchoTrainLength": 32,
    "EffectiveEchoSpacing": 0.000330003,
    "FlipAngle": 71,
    "ImageOrientationPatientDICOM": [
      0.999639,
      -0.0145184,
      -0.0226153,
      0.0159076,
      0.997918,
      0.062509
    ],
    "ImageType": [
      "ORIGINAL",
      "PRIMARY",
      "M",
      "ND",
      "NORM",
      "MOSAIC"
    ],
    "InPlanePhaseEncodingDirectionDICOM": "COL",
    "MRAcquisitionType": "2D",
    "MagneticFieldStrength": 3,
    "Manufacturer": "Siemens",
    "ManufacturersModelName": "Skyra",
    "Modality": "MR",
    "ParallelReductionFactorInPlane": 2,
    "PartialFourier": 1,
    "PercentPhaseFOV": 100,
    "PhaseEncodingDirection": "j-",
    "PhaseEncodingSteps": 64,
    "PhaseResolution": 1,
    "PixelBandwidth": 1735,
    "PulseSequenceDetails": "%SiemensSeq%_ep2d_bold",
    "ReceiveCoilActiveElements": "HE1-4",
    "ReceiveCoilName": "HeadNeck_20",
    "ReconMatrixPE": 64,
    "RepetitionTime": 2,
    "SAR": 0.108161,
    "ScanOptions": "FS",
    "ScanningSequence": "EP",
    "SequenceName": "_epfid2d1_64",
    "SequenceVariant": "SK",
    "ShimSetting": [
      3239,
      10694,
      9910,
      409,
      161,
      394,
      823,
      -53
    ],
    "SliceThickness": 2,
    "SliceTiming": [
      1,
      0,
      1.055,
      0.0575,
      1.1125,
      0.1125,
      1.1675,
      0.1675,
      1.2225,
      0.2225,
      1.2775,
      0.2775,
      1.335,
      0.335,
      1.39,
      0.39,
      1.445,
      0.445,
      1.5,
      0.5,
      1.555,
      0.5575,
      1.6125,
      0.6125,
      1.6675,
      0.6675,
      1.7225,
      0.7225,
      1.7775,
      0.7775,
      1.8325,
      0.835,
      1.89,
      0.89,
      1.945,
      0.945
    ],
    "SoftwareVersions": "syngo_MR_D11",
    "SpacingBetweenSlices": 3,
    "TaskName": "Photographs task",
    "TotalReadoutTime": 0.0207902,
    "TxRefAmp": 323.331,
    "dataset": "ds001847",
    "modality": "bold",
    "run_id": 4,
    "subject_id": "32",
    "task_id": "photo"
  },
  "dummy_trs": 0,
  "dvars_nstd": 39.08942224069233,
  "dvars_std": 1.3140797063076926,
  "dvars_vstd": 1.0390820004230772,
  "efc": 0.669789060835778,
  "fber": 443.4839172363281,
  "fd_mean": 0.07450210779392676,
  "fd_num": 12,
  "fd_perc": 4.597701149425287,
  "fwhm_avg": 1.7093066666666668,
  "fwhm_x": 1.6352933333333333,
  "fwhm_y": 1.8119800000000001,
  "fwhm_z": 1.6806466666666668,
  "gcor": 0.00843892,
  "gsr_x": 0.016786953434348106,
  "gsr_y": 0.030013814568519592,
  "provenance": {
    "md5sum": "1dd97699fe4fe4d96c8e7241d1aa0c6a",
    "settings": {
      "fd_thres": 0.2,
      "testing": false
    },
    "software": "mriqc",
    "version": "22.0.6",
    "webapi_port": null,
    "webapi_url": "https://mriqc.nimh.nih.gov/api/v1"
  },
  "size_t": 261,
  "size_x": 64,
  "size_y": 64,
  "size_z": 37,
  "snr": 4.879568659411355,
  "spacing_tr": 2.0,
  "spacing_x": 3.0,
  "spacing_y": 3.0,
  "spacing_z": 3.0,
  "summary_bg_k": 12.246382157677024,
  "summary_bg_mad": 27.70932441674879,
  "summary_bg_mean": 81.4423599243164,
  "summary_bg_median": 38.44061279296875,
  "summary_bg_n": 67170.0,
  "summary_bg_p05": 16.754789352416992,
  "summary_bg_p95": 326.2319869995117,
  "summary_bg_stdv": 108.3443374633789,
  "summary_fg_k": 5.076073557805662,
  "summary_fg_mad": 132.0737601053837,
  "summary_fg_mean": 858.1161499023438,
  "summary_fg_median": 831.5172119140625,
  "summary_fg_n": 49270.0,
  "summary_fg_p05": 659.0973083496094,
  "summary_fg_p95": 1147.0938354492187,
  "summary_fg_stdv": 170.4062042236328,
  "tsnr": 49.953650523442775
}