{
  "aor": 0.0008879562043795621,
  "aqi": 0.009991387481751825,
  "bids_meta": {
    "AcquisitionMatrixPE": 64,
    "BandwidthPerPixelPhaseEncode": 47.348,
    "BaseResolution": 64,
    "ConsistencyInfo": "N4_VD11D_LATEST_20110129",
    "ConversionSoftware": "dcm2niix",
    "ConversionSoftwareVersion": "v1.0.20180518 GCC4.8.5",
    "DerivedVendorReportedEchoSpacing": 0.000660007,
    "DwellTime": 4.5e-06,
    "EchoTime": 0.027,
    "EchoTrainLength": 32,
    "EffectiveEchoSpacing": 0.000330003,
    "FlipAngle": 71,
    "ImageOrientationPatientDICOM": [
      0.999639,
      -0.0145184,
      -0.0226153,
      0.0159076,
      0.997918,
      0.062509
    ],
    "ImageType": [
      "ORIGINAL",
      "PRIMARY",
      "M",
      "ND",
      "NORM",
      "MOSAIC"
    ],
    "InPlanePhaseEncodingDirectionDICOM": "COL",
    "MRAcquisitionType": "2D",
    "MagneticFieldStrength": 3,
    "Manufacturer": "Siemens",
    "ManufacturersModelName": "Skyra",
    "Modality": "MR",
    "ParallelReductionFactorInPlane": 2,
    "PartialFourier": 1,
    "PercentPhaseFOV": 100,
    "PhaseEncodingDirection": "j-",
    "PhaseEncodingSteps": 64,
    "PhaseResolution": 1,
    "PixelBandwidth": 1735,
    "PulseSequenceDetails": "%SiemensSeq%_ep2d_bold",
    "ReceiveCoilActiveElements": "HE1-4",
    "ReceiveCoilName": "HeadNeck_20",
    "ReconMatrixPE": 64,
    "RepetitionTime": 2,
    "SAR": 0.108161,
    "ScanOptions": "FS",
    "ScanningSequence": "EP",
    "SequenceName": "_epfid2d1_64",
    "SequenceVariant": "SK",
    "ShimSetting": [
      3239,
      10694,
      9910,
      409,
      161,
      394,
      823,
      -53
    ],
    "SliceThickness": 2,
    "SliceTiming": [
      1,
      0,
      1.055,
      0.0575,
      1.1125,
      0.1125,
      1.1675,
      0.1675,
      1.2225,
      0.2225,
      1.2775,
      0.2775,
      1.335,
      0.335,
      1.39,
      0.39,
      1.445,
      0.445,
      1.5,
      0.5,
      1.555,
      0.5575,
      1.6125,
      0.6125,
      1.6675,
      0.6675,
      1.7225,
      0.7225,
      1.7775,
      0.7775,
      1.8325,
      0.835,
      1.89,
      0.89,
      1.945,
      0.945
    ],
    "SoftwareVersions": "syngo_MR_D11",
    "SpacingBetweenSlices": 3,
    "TaskName": "Photographs task",
    "TotalReadoutTime": 0.0207902,
    "TxRefAmp": 323.331,
    "dataset": "ds001847",
    "modality": "bold",
    "run_id": 1,
    "subject_id": "32",
    "task_id": "photo"
  },
  "dummy_trs": 0,
  "dvars_nstd": 39.72830684384614,
  "dvars_std": 1.2971842646520149,
  "dvars_vstd": 1.0091055016849815,
  "efc": 0.6672051797148414,
  "fber": 475.6141052246094,
  "fd_mean": 0.05969294341476985,
  "fd_num": 4,
  "fd_perc": 1.4598540145985401,
  "fwhm_avg": 1.7120133333333334,
  "fwhm_x": 1.6354066666666667,
  "fwhm_y": 1.80651,
  "fwhm_z": 1.6941233333333334,
  "gcor": 0.0150766,
  "gsr_x": 0.016784124076366425,
  "gsr_y": 0.02909523993730545,
  "provenance": {
    "md5sum": "ec1de11487810f696752928816bf8818",
    "settings": {
      "fd_thres": 0.2,
      "testing": false
    },
    "software": "mriqc",
    "version": "22.0.6",
    "webapi_port": null,
    "webapi_url": "https://mriqc.nimh.nih.gov/api/v1"
  },
  "size_t": 274,
  "size_x": 64,
  "size_y": 64,
  "size_z": 37,
  "snr": 4.878896155473574,
  "spacing_tr": 2.0,
  "spacing_x": 3.0,
  "spacing_y": 3.0,
  "spacing_z": 3.0,
  "summary_bg_k": 13.20215929571507,
  "summary_bg_mad": 26.15656350485115,
  "summary_bg_mean": 78.91767120361328,
  "summary_bg_median": 37.142333984375,
  "summary_bg_n": 67133.0,
  "summary_bg_p05": 16.597079849243165,
  "summary_bg_p95": 320.1291870117186,
  "summary_bg_stdv": 106.54446411132812,
  "summary_fg_k": 5.13752484672392,
  "summary_fg_mad": 132.79298144526913,
  "summary_fg_mean": 859.9429931640625,
  "summary_fg_median": 833.1550903320312,
  "summary_fg_n": 49266.0,
  "summary_fg_p05": 660.5018310546875,
  "summary_fg_p95": 1149.9972839355469,
  "summary_fg_stdv": 170.76539611816406,
  "tsnr": 50.15723212668672
}