{
  "aor": 0.0029428057553956837,
  "aqi": 0.009733532877697843,
  "bids_meta": {
    "AcquisitionMatrixPE": 64,
    "BandwidthPerPixelPhaseEncode": 47.348,
    "BaseResolution": 64,
    "ConsistencyInfo": "N4_VD11D_LATEST_20110129",
    "ConversionSoftware": "dcm2niix",
    "ConversionSoftwareVersion": "v1.0.20180518 GCC4.8.5",
    "DerivedVendorReportedEchoSpacing": 0.000660007,
    "DwellTime": 4.5e-06,
    "EchoTime": 0.027,
    "EchoTrainLength": 32,
    "EffectiveEchoSpacing": 0.000330003,
    "FlipAngle": 71,
    "ImageOrientationPatientDICOM": [
      0.999639,
      -0.0145184,
      -0.0226153,
      0.0159076,
      0.997918,
      0.062509
    ],
    "ImageType": [
      "ORIGINAL",
      "PRIMARY",
      "M",
      "ND",
      "NORM",
      "MOSAIC"
    ],
    "InPlanePhaseEncodingDirectionDICOM": "COL",
    "MRAcquisitionType": "2D",
    "MagneticFieldStrength": 3,
    "Manufacturer": "Siemens",
    "ManufacturersModelName": "Skyra",
    "Modality": "MR",
    "ParallelReductionFactorInPlane": 2,
    "PartialFourier": 1,
    "PercentPhaseFOV": 100,
    "PhaseEncodingDirection": "j-",
    "PhaseEncodingSteps": 64,
    "PhaseResolution": 1,
    "PixelBandwidth": 1735,
    "PulseSequenceDetails": "%SiemensSeq%_ep2d_bold",
    "ReceiveCoilActiveElements": "HE1-4",
    "ReceiveCoilName": "HeadNeck_20",
    "ReconMatrixPE": 64,
    "RepetitionTime": 2,
    "SAR": 0.108161,
    "ScanOptions": "FS",
    "ScanningSequence": "EP",
    "SequenceName": "_epfid2d1_64",
    "SequenceVariant": "SK",
    "ShimSetting": [
      3239,
      10694,
      9910,
      409,
      161,
      394,
      823,
      -53
    ],
    "SliceThickness": 2,
    "SliceTiming": [
      1,
      0,
      1.055,
      0.0575,
      1.1125,
      0.1125,
      1.1675,
      0.1675,
      1.2225,
      0.2225,
      1.2775,
      0.2775,
      1.335,
      0.335,
      1.39,
      0.39,
      1.445,
      0.445,
      1.5,
      0.5,
      1.555,
      0.5575,
      1.6125,
      0.6125,
      1.6675,
      0.6675,
      1.7225,
      0.7225,
      1.7775,
      0.7775,
      1.8325,
      0.835,
      1.89,
      0.89,
      1.945,
      0.945
    ],
    "SoftwareVersions": "syngo_MR_D11",
    "SpacingBetweenSlices": 3,
    "TaskName": "Photographs task",
    "TotalReadoutTime": 0.0207902,
    "TxRefAmp": 323.331,
    "dataset": "ds001847",
    "modality": "bold",
    "run_id": 2,
    "subject_id": "32",
    "task_id": "photo"
  },
  "dummy_trs": 1,
  "dvars_nstd": 40.728297099386296,
  "dvars_std": 1.3201230593862816,
  "dvars_vstd": 1.0345972909747294,
  "efc": 0.6682522856049222,
  "fber": 466.02044677734375,
  "fd_mean": 0.07767377121716225,
  "fd_num": 16,
  "fd_perc": 5.755395683453237,
  "fwhm_avg": 1.7115888888888888,
  "fwhm_x": 1.6311900000000001,
  "fwhm_y": 1.80222,
  "fwhm_z": 1.7013566666666666,
  "gcor": 0.0225108,
  "gsr_x": 0.016899455338716507,
  "gsr_y": 0.03025718592107296,
  "provenance": {
    "md5sum": "662476d481a5c9a57de0ae72ef25cb0f",
    "settings": {
      "fd_thres": 0.2,
      "testing": false
    },
    "software": "mriqc",
    "version": "22.0.6",
    "webapi_port": null,
    "webapi_url": "https://mriqc.nimh.nih.gov/api/v1"
  },
  "size_t": 278,
  "size_x": 64,
  "size_y": 64,
  "size_z": 37,
  "snr": 4.898997875007038,
  "spacing_tr": 2.0,
  "spacing_x": 3.0,
  "spacing_y": 3.0,
  "spacing_z": 3.0,
  "summary_bg_k": 13.17370371451058,
  "summary_bg_mad": 26.217531720471154,
  "summary_bg_mean": 79.33643341064453,
  "summary_bg_median": 37.09712219238281,
  "summary_bg_n": 66973.0,
  "summary_bg_p05": 16.474821090698242,
  "summary_bg_p95": 320.34246215820286,
  "summary_bg_stdv": 107.3221206665039,
  "summary_fg_k": 5.129739351442515,
  "summary_fg_mad": 131.56230577561118,
  "summary_fg_mean": 856.9398803710938,
  "summary_fg_median": 830.5252075195312,
  "summary_fg_n": 49321.0,
  "summary_fg_p05": 659.4568481445312,
  "summary_fg_p95": 1147.866943359375,
  "summary_fg_stdv": 169.52789306640625,
  "tsnr": 49.12575138034299
}