{
  "aor": 0.0008650602409638554,
  "aqi": 0.01439887730923695,
  "bids_meta": {
    "AcquisitionMatrixPE": 64,
    "BandwidthPerPixelPhaseEncode": 47.348,
    "BaseResolution": 64,
    "ConsistencyInfo": "N4_VD11D_LATEST_20110129",
    "ConversionSoftware": "dcm2niix",
    "ConversionSoftwareVersion": "v1.0.20180518 GCC4.8.5",
    "DerivedVendorReportedEchoSpacing": 0.000660007,
    "DwellTime": 4.5e-06,
    "EchoTime": 0.027,
    "EchoTrainLength": 32,
    "EffectiveEchoSpacing": 0.000330003,
    "FlipAngle": 71,
    "ImageOrientationPatientDICOM": [
      0.999639,
      -0.0145184,
      -0.0226153,
      0.0159076,
      0.997918,
      0.062509
    ],
    "ImageType": [
      "ORIGINAL",
      "PRIMARY",
      "M",
      "ND",
      "NORM",
      "MOSAIC"
    ],
    "InPlanePhaseEncodingDirectionDICOM": "COL",
    "MRAcquisitionType": "2D",
    "MagneticFieldStrength": 3,
    "Manufacturer": "Siemens",
    "ManufacturersModelName": "Skyra",
    "Modality": "MR",
    "ParallelReductionFactorInPlane": 2,
    "PartialFourier": 1,
    "PercentPhaseFOV": 100,
    "PhaseEncodingDirection": "j-",
    "PhaseEncodingSteps": 64,
    "PhaseResolution": 1,
    "PixelBandwidth": 1735,
    "PulseSequenceDetails": "%SiemensSeq%_ep2d_bold",
    "ReceiveCoilActiveElements": "HE1-4",
    "ReceiveCoilName": "HeadNeck_20",
    "ReconMatrixPE": 64,
    "RepetitionTime": 2,
    "SAR": 0.108161,
    "ScanOptions": "FS",
    "ScanningSequence": "EP",
    "SequenceName": "_epfid2d1_64",
    "SequenceVariant": "SK",
    "ShimSetting": [
      3239,
      10694,
      9910,
      409,
      161,
      394,
      823,
      -53
    ],
    "SliceThickness": 2,
    "SliceTiming": [
      1,
      0,
      1.055,
      0.0575,
      1.1125,
      0.1125,
      1.1675,
      0.1675,
      1.2225,
      0.2225,
      1.2775,
      0.2775,
      1.335,
      0.335,
      1.39,
      0.39,
      1.445,
      0.445,
      1.5,
      0.5,
      1.555,
      0.5575,
      1.6125,
      0.6125,
      1.6675,
      0.6675,
      1.7225,
      0.7225,
      1.7775,
      0.7775,
      1.8325,
      0.835,
      1.89,
      0.89,
      1.945,
      0.945
    ],
    "SoftwareVersions": "syngo_MR_D11",
    "SpacingBetweenSlices": 3,
    "TaskName": "Photographs task",
    "TotalReadoutTime": 0.0207902,
    "TxRefAmp": 323.331,
    "dataset": "ds001847",
    "modality": "bold",
    "run_id": 4,
    "subject_id": "05",
    "task_id": "photo"
  },
  "dummy_trs": 0,
  "dvars_nstd": 29.422016759032275,
  "dvars_std": 1.1172386612499996,
  "dvars_vstd": 0.991892159919355,
  "efc": 0.5993430760623909,
  "fber": 914.0849609375,
  "fd_mean": 0.11606986439194514,
  "fd_num": 11,
  "fd_perc": 4.417670682730924,
  "fwhm_avg": 1.519722222222222,
  "fwhm_x": 1.44379,
  "fwhm_y": 1.6333399999999998,
  "fwhm_z": 1.4820366666666667,
  "gcor": 0.00401099,
  "gsr_x": -0.008780857548117638,
  "gsr_y": 0.05178312584757805,
  "provenance": {
    "md5sum": "d4671d82e1383110fb4fd7d25956e57e",
    "settings": {
      "fd_thres": 0.2,
      "testing": false
    },
    "software": "mriqc",
    "version": "22.0.6",
    "webapi_port": null,
    "webapi_url": "https://mriqc.nimh.nih.gov/api/v1"
  },
  "size_t": 249,
  "size_x": 64,
  "size_y": 64,
  "size_z": 37,
  "snr": 6.151161179560156,
  "spacing_tr": 2.0,
  "spacing_x": 3.0,
  "spacing_y": 3.0,
  "spacing_z": 3.0,
  "summary_bg_k": 29.23216279579703,
  "summary_bg_mad": 11.682188794228283,
  "summary_bg_mean": 48.96433639526367,
  "summary_bg_median": 25.160640716552734,
  "summary_bg_n": 77964.0,
  "summary_bg_p05": 13.75100326538086,
  "summary_bg_p95": 153.02810668945312,
  "summary_bg_stdv": 75.02984619140625,
  "summary_fg_k": 5.105946528155743,
  "summary_fg_mad": 102.04952683605823,
  "summary_fg_mean": 791.4041137695312,
  "summary_fg_median": 774.8152465820312,
  "summary_fg_n": 39047.0,
  "summary_fg_p05": 640.8232421875,
  "summary_fg_p95": 995.3565734863281,
  "summary_fg_stdv": 125.96082305908203,
  "tsnr": 51.143218324519694
}