{
  "aor": 0.0017414028776978419,
  "aqi": 0.01524686949640288,
  "bids_meta": {
    "AcquisitionMatrixPE": 64,
    "BandwidthPerPixelPhaseEncode": 47.348,
    "BaseResolution": 64,
    "ConsistencyInfo": "N4_VD11D_LATEST_20110129",
    "ConversionSoftware": "dcm2niix",
    "ConversionSoftwareVersion": "v1.0.20180518 GCC4.8.5",
    "DerivedVendorReportedEchoSpacing": 0.000660007,
    "DwellTime": 4.5e-06,
    "EchoTime": 0.027,
    "EchoTrainLength": 32,
    "EffectiveEchoSpacing": 0.000330003,
    "FlipAngle": 71,
    "ImageOrientationPatientDICOM": [
      0.999639,
      -0.0145184,
      -0.0226153,
      0.0159076,
      0.997918,
      0.062509
    ],
    "ImageType": [
      "ORIGINAL",
      "PRIMARY",
      "M",
      "ND",
      "NORM",
      "MOSAIC"
    ],
    "InPlanePhaseEncodingDirectionDICOM": "COL",
    "MRAcquisitionType": "2D",
    "MagneticFieldStrength": 3,
    "Manufacturer": "Siemens",
    "ManufacturersModelName": "Skyra",
    "Modality": "MR",
    "ParallelReductionFactorInPlane": 2,
    "PartialFourier": 1,
    "PercentPhaseFOV": 100,
    "PhaseEncodingDirection": "j-",
    "PhaseEncodingSteps": 64,
    "PhaseResolution": 1,
    "PixelBandwidth": 1735,
    "PulseSequenceDetails": "%SiemensSeq%_ep2d_bold",
    "ReceiveCoilActiveElements": "HE1-4",
    "ReceiveCoilName": "HeadNeck_20",
    "ReconMatrixPE": 64,
    "RepetitionTime": 2,
    "SAR": 0.108161,
    "ScanOptions": "FS",
    "ScanningSequence": "EP",
    "SequenceName": "_epfid2d1_64",
    "SequenceVariant": "SK",
    "ShimSetting": [
      3239,
      10694,
      9910,
      409,
      161,
      394,
      823,
      -53
    ],
    "SliceThickness": 2,
    "SliceTiming": [
      1,
      0,
      1.055,
      0.0575,
      1.1125,
      0.1125,
      1.1675,
      0.1675,
      1.2225,
      0.2225,
      1.2775,
      0.2775,
      1.335,
      0.335,
      1.39,
      0.39,
      1.445,
      0.445,
      1.5,
      0.5,
      1.555,
      0.5575,
      1.6125,
      0.6125,
      1.6675,
      0.6675,
      1.7225,
      0.7225,
      1.7775,
      0.7775,
      1.8325,
      0.835,
      1.89,
      0.89,
      1.945,
      0.945
    ],
    "SoftwareVersions": "syngo_MR_D11",
    "SpacingBetweenSlices": 3,
    "TaskName": "Photographs task",
    "TotalReadoutTime": 0.0207902,
    "TxRefAmp": 323.331,
    "dataset": "ds001847",
    "modality": "bold",
    "run_id": 3,
    "subject_id": "05",
    "task_id": "photo"
  },
  "dummy_trs": 1,
  "dvars_nstd": 29.860967698375465,
  "dvars_std": 1.1325171354151617,
  "dvars_vstd": 1.0004729015523464,
  "efc": 0.5991010803596224,
  "fber": 914.9299926757812,
  "fd_mean": 0.11898105876497675,
  "fd_num": 6,
  "fd_perc": 2.158273381294964,
  "fwhm_avg": 1.528797777777778,
  "fwhm_x": 1.4442233333333334,
  "fwhm_y": 1.6511333333333333,
  "fwhm_z": 1.4910366666666668,
  "gcor": 0.00369365,
  "gsr_x": -0.009814463555812836,
  "gsr_y": 0.05220327153801918,
  "provenance": {
    "md5sum": "97dc0d4b45f8b422f29b4818894c93fa",
    "settings": {
      "fd_thres": 0.2,
      "testing": false
    },
    "software": "mriqc",
    "version": "22.0.6",
    "webapi_port": null,
    "webapi_url": "https://mriqc.nimh.nih.gov/api/v1"
  },
  "size_t": 278,
  "size_x": 64,
  "size_y": 64,
  "size_z": 37,
  "snr": 6.136541957851238,
  "spacing_tr": 2.0,
  "spacing_x": 3.0,
  "spacing_y": 3.0,
  "spacing_z": 3.0,
  "summary_bg_k": 29.307916901989813,
  "summary_bg_mad": 11.59949711699451,
  "summary_bg_mean": 48.8901252746582,
  "summary_bg_median": 25.122303009033203,
  "summary_bg_n": 77876.0,
  "summary_bg_p05": 13.7805757522583,
  "summary_bg_p95": 151.95953750610352,
  "summary_bg_stdv": 75.46662139892578,
  "summary_fg_k": 5.019681795689889,
  "summary_fg_mad": 102.58758547810133,
  "summary_fg_mean": 791.768310546875,
  "summary_fg_median": 775.4963989257812,
  "summary_fg_n": 39099.0,
  "summary_fg_p05": 640.8305725097656,
  "summary_fg_p95": 996.7953369140624,
  "summary_fg_stdv": 126.37190246582031,
  "tsnr": 49.644658187637106
}