{
  "aor": 0.00024302721088435375,
  "aqi": 0.01336729282312925,
  "bids_meta": {
    "AcquisitionMatrixPE": 64,
    "BandwidthPerPixelPhaseEncode": 47.348,
    "BaseResolution": 64,
    "ConsistencyInfo": "N4_VD11D_LATEST_20110129",
    "ConversionSoftware": "dcm2niix",
    "ConversionSoftwareVersion": "v1.0.20180518 GCC4.8.5",
    "DerivedVendorReportedEchoSpacing": 0.000660007,
    "DwellTime": 4.5e-06,
    "EchoTime": 0.027,
    "EchoTrainLength": 32,
    "EffectiveEchoSpacing": 0.000330003,
    "FlipAngle": 71,
    "ImageOrientationPatientDICOM": [
      0.999639,
      -0.0145184,
      -0.0226153,
      0.0159076,
      0.997918,
      0.062509
    ],
    "ImageType": [
      "ORIGINAL",
      "PRIMARY",
      "M",
      "ND",
      "NORM",
      "MOSAIC"
    ],
    "InPlanePhaseEncodingDirectionDICOM": "COL",
    "MRAcquisitionType": "2D",
    "MagneticFieldStrength": 3,
    "Manufacturer": "Siemens",
    "ManufacturersModelName": "Skyra",
    "Modality": "MR",
    "ParallelReductionFactorInPlane": 2,
    "PartialFourier": 1,
    "PercentPhaseFOV": 100,
    "PhaseEncodingDirection": "j-",
    "PhaseEncodingSteps": 64,
    "PhaseResolution": 1,
    "PixelBandwidth": 1735,
    "PulseSequenceDetails": "%SiemensSeq%_ep2d_bold",
    "ReceiveCoilActiveElements": "HE1-4",
    "ReceiveCoilName": "HeadNeck_20",
    "ReconMatrixPE": 64,
    "RepetitionTime": 2,
    "SAR": 0.108161,
    "ScanOptions": "FS",
    "ScanningSequence": "EP",
    "SequenceName": "_epfid2d1_64",
    "SequenceVariant": "SK",
    "ShimSetting": [
      3239,
      10694,
      9910,
      409,
      161,
      394,
      823,
      -53
    ],
    "SliceThickness": 2,
    "SliceTiming": [
      1,
      0,
      1.055,
      0.0575,
      1.1125,
      0.1125,
      1.1675,
      0.1675,
      1.2225,
      0.2225,
      1.2775,
      0.2775,
      1.335,
      0.335,
      1.39,
      0.39,
      1.445,
      0.445,
      1.5,
      0.5,
      1.555,
      0.5575,
      1.6125,
      0.6125,
      1.6675,
      0.6675,
      1.7225,
      0.7225,
      1.7775,
      0.7775,
      1.8325,
      0.835,
      1.89,
      0.89,
      1.945,
      0.945
    ],
    "SoftwareVersions": "syngo_MR_D11",
    "SpacingBetweenSlices": 3,
    "TaskName": "Photographs task",
    "TotalReadoutTime": 0.0207902,
    "TxRefAmp": 323.331,
    "dataset": "ds001847",
    "modality": "bold",
    "run_id": 1,
    "subject_id": "05",
    "task_id": "photo"
  },
  "dummy_trs": 0,
  "dvars_nstd": 29.906761462252547,
  "dvars_std": 1.1040773233105803,
  "dvars_vstd": 0.9804901186006821,
  "efc": 0.5978479915967525,
  "fber": 949.3341064453125,
  "fd_mean": 0.1283969850201129,
  "fd_num": 11,
  "fd_perc": 3.741496598639456,
  "fwhm_avg": 1.5254044444444446,
  "fwhm_x": 1.4413799999999999,
  "fwhm_y": 1.64564,
  "fwhm_z": 1.4891933333333334,
  "gcor": 0.00646421,
  "gsr_x": -0.010198905132710934,
  "gsr_y": 0.052971936762332916,
  "provenance": {
    "md5sum": "57b6f1ac351db01e7473b7c6db0731dc",
    "settings": {
      "fd_thres": 0.2,
      "testing": false
    },
    "software": "mriqc",
    "version": "22.0.6",
    "webapi_port": null,
    "webapi_url": "https://mriqc.nimh.nih.gov/api/v1"
  },
  "size_t": 294,
  "size_x": 64,
  "size_y": 64,
  "size_z": 37,
  "snr": 6.130516018165447,
  "spacing_tr": 2.0,
  "spacing_x": 3.0,
  "spacing_y": 3.0,
  "spacing_z": 3.0,
  "summary_bg_k": 29.930099394159342,
  "summary_bg_mad": 11.235500468275061,
  "summary_bg_mean": 48.658241271972656,
  "summary_bg_median": 24.87074851989746,
  "summary_bg_n": 77993.0,
  "summary_bg_p05": 13.755102157592773,
  "summary_bg_p95": 151.44761657714787,
  "summary_bg_stdv": 75.65762329101562,
  "summary_fg_k": 4.848477019216016,
  "summary_fg_mad": 104.33179676726732,
  "summary_fg_mean": 797.353271484375,
  "summary_fg_median": 780.9285278320312,
  "summary_fg_n": 38901.0,
  "summary_fg_p05": 644.3367309570312,
  "summary_fg_p95": 1005.7074584960938,
  "summary_fg_stdv": 127.3821792602539,
  "tsnr": 52.69052860094234
}