{
  "aor": 0.000838544061302682,
  "aqi": 0.010765472260536398,
  "bids_meta": {
    "AcquisitionMatrixPE": 64,
    "BandwidthPerPixelPhaseEncode": 47.348,
    "BaseResolution": 64,
    "ConsistencyInfo": "N4_VD11D_LATEST_20110129",
    "ConversionSoftware": "dcm2niix",
    "ConversionSoftwareVersion": "v1.0.20180518 GCC4.8.5",
    "DerivedVendorReportedEchoSpacing": 0.000660007,
    "DwellTime": 4.5e-06,
    "EchoTime": 0.027,
    "EchoTrainLength": 32,
    "EffectiveEchoSpacing": 0.000330003,
    "FlipAngle": 71,
    "ImageOrientationPatientDICOM": [
      0.999639,
      -0.0145184,
      -0.0226153,
      0.0159076,
      0.997918,
      0.062509
    ],
    "ImageType": [
      "ORIGINAL",
      "PRIMARY",
      "M",
      "ND",
      "NORM",
      "MOSAIC"
    ],
    "InPlanePhaseEncodingDirectionDICOM": "COL",
    "MRAcquisitionType": "2D",
    "MagneticFieldStrength": 3,
    "Manufacturer": "Siemens",
    "ManufacturersModelName": "Skyra",
    "Modality": "MR",
    "ParallelReductionFactorInPlane": 2,
    "PartialFourier": 1,
    "PercentPhaseFOV": 100,
    "PhaseEncodingDirection": "j-",
    "PhaseEncodingSteps": 64,
    "PhaseResolution": 1,
    "PixelBandwidth": 1735,
    "PulseSequenceDetails": "%SiemensSeq%_ep2d_bold",
    "ReceiveCoilActiveElements": "HE1-4",
    "ReceiveCoilName": "HeadNeck_20",
    "ReconMatrixPE": 64,
    "RepetitionTime": 2,
    "SAR": 0.108161,
    "ScanOptions": "FS",
    "ScanningSequence": "EP",
    "SequenceName": "_epfid2d1_64",
    "SequenceVariant": "SK",
    "ShimSetting": [
      3239,
      10694,
      9910,
      409,
      161,
      394,
      823,
      -53
    ],
    "SliceThickness": 2,
    "SliceTiming": [
      1,
      0,
      1.055,
      0.0575,
      1.1125,
      0.1125,
      1.1675,
      0.1675,
      1.2225,
      0.2225,
      1.2775,
      0.2775,
      1.335,
      0.335,
      1.39,
      0.39,
      1.445,
      0.445,
      1.5,
      0.5,
      1.555,
      0.5575,
      1.6125,
      0.6125,
      1.6675,
      0.6675,
      1.7225,
      0.7225,
      1.7775,
      0.7775,
      1.8325,
      0.835,
      1.89,
      0.89,
      1.945,
      0.945
    ],
    "SoftwareVersions": "syngo_MR_D11",
    "SpacingBetweenSlices": 3,
    "TaskName": "Photographs task",
    "TotalReadoutTime": 0.0207902,
    "TxRefAmp": 323.331,
    "dataset": "ds001847",
    "modality": "bold",
    "run_id": 2,
    "subject_id": "05",
    "task_id": "photo"
  },
  "dummy_trs": 0,
  "dvars_nstd": 29.778098847384605,
  "dvars_std": 1.1412327205769235,
  "dvars_vstd": 1.0073547280384614,
  "efc": 0.5983894983833083,
  "fber": 932.1490478515625,
  "fd_mean": 0.10836421064288448,
  "fd_num": 5,
  "fd_perc": 1.9157088122605364,
  "fwhm_avg": 1.5173044444444443,
  "fwhm_x": 1.43661,
  "fwhm_y": 1.6458199999999998,
  "fwhm_z": 1.4694833333333335,
  "gcor": 0.00496994,
  "gsr_x": -0.00934225507080555,
  "gsr_y": 0.052797310054302216,
  "provenance": {
    "md5sum": "56131fa1b382a92c72a49ed7bf54a708",
    "settings": {
      "fd_thres": 0.2,
      "testing": false
    },
    "software": "mriqc",
    "version": "22.0.6",
    "webapi_port": null,
    "webapi_url": "https://mriqc.nimh.nih.gov/api/v1"
  },
  "size_t": 261,
  "size_x": 64,
  "size_y": 64,
  "size_z": 37,
  "snr": 6.123424607295783,
  "spacing_tr": 2.0,
  "spacing_x": 3.0,
  "spacing_y": 3.0,
  "spacing_z": 3.0,
  "summary_bg_k": 30.311531174060825,
  "summary_bg_mad": 11.304129300597968,
  "summary_bg_mean": 48.71714782714844,
  "summary_bg_median": 24.954021453857422,
  "summary_bg_n": 77974.0,
  "summary_bg_p05": 13.88505744934082,
  "summary_bg_p95": 151.5879257202146,
  "summary_bg_stdv": 75.69436645507812,
  "summary_fg_k": 4.9613466593405455,
  "summary_fg_mad": 103.04374989359735,
  "summary_fg_mean": 792.240478515625,
  "summary_fg_median": 776.2413330078125,
  "summary_fg_n": 39015.0,
  "summary_fg_p05": 639.9911560058594,
  "summary_fg_p95": 997.1011108398436,
  "summary_fg_stdv": 126.7642593383789,
  "tsnr": 54.627209443831816
}