{
  "aor": 0.0005029767441860466,
  "aqi": 0.008965816232558139,
  "bids_meta": {
    "AcquisitionMatrixPE": 64,
    "BandwidthPerPixelPhaseEncode": 47.348,
    "BaseResolution": 64,
    "ConsistencyInfo": "N4_VD11D_LATEST_20110129",
    "ConversionSoftware": "dcm2niix",
    "ConversionSoftwareVersion": "v1.0.20180518 GCC4.8.5",
    "DerivedVendorReportedEchoSpacing": 0.000660007,
    "DwellTime": 4.5e-06,
    "EchoTime": 0.027,
    "EchoTrainLength": 32,
    "EffectiveEchoSpacing": 0.000330003,
    "FlipAngle": 71,
    "ImageOrientationPatientDICOM": [
      0.999639,
      -0.0145184,
      -0.0226153,
      0.0159076,
      0.997918,
      0.062509
    ],
    "ImageType": [
      "ORIGINAL",
      "PRIMARY",
      "M",
      "ND",
      "NORM",
      "MOSAIC"
    ],
    "InPlanePhaseEncodingDirectionDICOM": "COL",
    "MRAcquisitionType": "2D",
    "MagneticFieldStrength": 3,
    "Manufacturer": "Siemens",
    "ManufacturersModelName": "Skyra",
    "Modality": "MR",
    "ParallelReductionFactorInPlane": 2,
    "PartialFourier": 1,
    "PercentPhaseFOV": 100,
    "PhaseEncodingDirection": "j-",
    "PhaseEncodingSteps": 64,
    "PhaseResolution": 1,
    "PixelBandwidth": 1735,
    "PulseSequenceDetails": "%SiemensSeq%_ep2d_bold",
    "ReceiveCoilActiveElements": "HE1-4",
    "ReceiveCoilName": "HeadNeck_20",
    "ReconMatrixPE": 64,
    "RepetitionTime": 2,
    "SAR": 0.108161,
    "ScanOptions": "FS",
    "ScanningSequence": "EP",
    "SequenceName": "_epfid2d1_64",
    "SequenceVariant": "SK",
    "ShimSetting": [
      3239,
      10694,
      9910,
      409,
      161,
      394,
      823,
      -53
    ],
    "SliceThickness": 2,
    "SliceTiming": [
      1,
      0,
      1.055,
      0.0575,
      1.1125,
      0.1125,
      1.1675,
      0.1675,
      1.2225,
      0.2225,
      1.2775,
      0.2775,
      1.335,
      0.335,
      1.39,
      0.39,
      1.445,
      0.445,
      1.5,
      0.5,
      1.555,
      0.5575,
      1.6125,
      0.6125,
      1.6675,
      0.6675,
      1.7225,
      0.7225,
      1.7775,
      0.7775,
      1.8325,
      0.835,
      1.89,
      0.89,
      1.945,
      0.945
    ],
    "SoftwareVersions": "syngo_MR_D11",
    "SpacingBetweenSlices": 3,
    "TaskName": "Photographs task",
    "TotalReadoutTime": 0.0207902,
    "TxRefAmp": 323.331,
    "dataset": "ds001847",
    "modality": "bold",
    "run_id": 3,
    "subject_id": "03",
    "task_id": "photo"
  },
  "dummy_trs": 0,
  "dvars_nstd": 32.596717050140185,
  "dvars_std": 1.191340402663552,
  "dvars_vstd": 1.0083930288785043,
  "efc": 0.6166036409080233,
  "fber": 895.2330932617188,
  "fd_mean": 0.07658354288311912,
  "fd_num": 1,
  "fd_perc": 0.46511627906976744,
  "fwhm_avg": 1.5559701210334855,
  "fwhm_x": 1.4840633333333333,
  "fwhm_y": 1.6608933333333333,
  "fwhm_z": 1.5229536964337897,
  "gcor": 0.0276091,
  "gsr_x": 0.0031745361629873514,
  "gsr_y": 0.05181994289159775,
  "provenance": {
    "md5sum": "9c4b11adc55f46d27c05d2518d126e0f",
    "settings": {
      "fd_thres": 0.2,
      "testing": false
    },
    "software": "mriqc",
    "version": "22.0.6",
    "webapi_port": null,
    "webapi_url": "https://mriqc.nimh.nih.gov/api/v1"
  },
  "size_t": 215,
  "size_x": 64,
  "size_y": 64,
  "size_z": 36,
  "snr": 5.869405800421797,
  "spacing_tr": 2.0,
  "spacing_x": 3.0,
  "spacing_y": 3.0,
  "spacing_z": 2.9999992847442627,
  "summary_bg_k": 27.431822611864792,
  "summary_bg_mad": 15.37079128979237,
  "summary_bg_mean": 62.36066818237305,
  "summary_bg_median": 27.623254776000977,
  "summary_bg_n": 73663.0,
  "summary_bg_p05": 13.734883308410645,
  "summary_bg_p95": 237.51952819824183,
  "summary_bg_stdv": 100.67530822753906,
  "summary_fg_k": 4.652170377529315,
  "summary_fg_mad": 119.7460095297334,
  "summary_fg_mean": 859.161865234375,
  "summary_fg_median": 840.9721069335938,
  "summary_fg_n": 40209.0,
  "summary_fg_p05": 681.2902099609375,
  "summary_fg_p95": 1093.6167724609372,
  "summary_fg_stdv": 143.27883911132812,
  "tsnr": 55.93207253376022
}