{
  "aor": 0.0003145583038869258,
  "aqi": 0.008667849363957597,
  "bids_meta": {
    "AcquisitionMatrixPE": 64,
    "BandwidthPerPixelPhaseEncode": 47.348,
    "BaseResolution": 64,
    "ConsistencyInfo": "N4_VD11D_LATEST_20110129",
    "ConversionSoftware": "dcm2niix",
    "ConversionSoftwareVersion": "v1.0.20180518 GCC4.8.5",
    "DerivedVendorReportedEchoSpacing": 0.000660007,
    "DwellTime": 4.5e-06,
    "EchoTime": 0.027,
    "EchoTrainLength": 32,
    "EffectiveEchoSpacing": 0.000330003,
    "FlipAngle": 71,
    "ImageOrientationPatientDICOM": [
      0.999639,
      -0.0145184,
      -0.0226153,
      0.0159076,
      0.997918,
      0.062509
    ],
    "ImageType": [
      "ORIGINAL",
      "PRIMARY",
      "M",
      "ND",
      "NORM",
      "MOSAIC"
    ],
    "InPlanePhaseEncodingDirectionDICOM": "COL",
    "MRAcquisitionType": "2D",
    "MagneticFieldStrength": 3,
    "Manufacturer": "Siemens",
    "ManufacturersModelName": "Skyra",
    "Modality": "MR",
    "ParallelReductionFactorInPlane": 2,
    "PartialFourier": 1,
    "PercentPhaseFOV": 100,
    "PhaseEncodingDirection": "j-",
    "PhaseEncodingSteps": 64,
    "PhaseResolution": 1,
    "PixelBandwidth": 1735,
    "PulseSequenceDetails": "%SiemensSeq%_ep2d_bold",
    "ReceiveCoilActiveElements": "HE1-4",
    "ReceiveCoilName": "HeadNeck_20",
    "ReconMatrixPE": 64,
    "RepetitionTime": 2,
    "SAR": 0.108161,
    "ScanOptions": "FS",
    "ScanningSequence": "EP",
    "SequenceName": "_epfid2d1_64",
    "SequenceVariant": "SK",
    "ShimSetting": [
      3239,
      10694,
      9910,
      409,
      161,
      394,
      823,
      -53
    ],
    "SliceThickness": 2,
    "SliceTiming": [
      1,
      0,
      1.055,
      0.0575,
      1.1125,
      0.1125,
      1.1675,
      0.1675,
      1.2225,
      0.2225,
      1.2775,
      0.2775,
      1.335,
      0.335,
      1.39,
      0.39,
      1.445,
      0.445,
      1.5,
      0.5,
      1.555,
      0.5575,
      1.6125,
      0.6125,
      1.6675,
      0.6675,
      1.7225,
      0.7225,
      1.7775,
      0.7775,
      1.8325,
      0.835,
      1.89,
      0.89,
      1.945,
      0.945
    ],
    "SoftwareVersions": "syngo_MR_D11",
    "SpacingBetweenSlices": 3,
    "TaskName": "Photographs task",
    "TotalReadoutTime": 0.0207902,
    "TxRefAmp": 323.331,
    "dataset": "ds001847",
    "modality": "bold",
    "run_id": 2,
    "subject_id": "03",
    "task_id": "photo"
  },
  "dummy_trs": 0,
  "dvars_nstd": 31.634445109645387,
  "dvars_std": 1.1794381451773048,
  "dvars_vstd": 1.0011901214893622,
  "efc": 0.6160536679708917,
  "fber": 912.0247192382812,
  "fd_mean": 0.08168382658894648,
  "fd_num": 0,
  "fd_perc": 0.0,
  "fwhm_avg": 1.5575912325138805,
  "fwhm_x": 1.4866266666666668,
  "fwhm_y": 1.6585466666666668,
  "fwhm_z": 1.5276003642083082,
  "gcor": 0.0418559,
  "gsr_x": 0.0025645175483077765,
  "gsr_y": 0.05197310447692871,
  "provenance": {
    "md5sum": "b8162191da63ec79240cea482ebc965d",
    "settings": {
      "fd_thres": 0.2,
      "testing": false
    },
    "software": "mriqc",
    "version": "22.0.6",
    "webapi_port": null,
    "webapi_url": "https://mriqc.nimh.nih.gov/api/v1"
  },
  "size_t": 283,
  "size_x": 64,
  "size_y": 64,
  "size_z": 36,
  "snr": 5.860290792768258,
  "spacing_tr": 2.0,
  "spacing_x": 3.0,
  "spacing_y": 3.0,
  "spacing_z": 2.9999992847442627,
  "summary_bg_k": 27.809926786207978,
  "summary_bg_mad": 15.381341958274662,
  "summary_bg_mean": 62.35041809082031,
  "summary_bg_median": 27.494699478149414,
  "summary_bg_n": 73732.0,
  "summary_bg_p05": 13.69257926940918,
  "summary_bg_p95": 236.90742034912105,
  "summary_bg_stdv": 100.6006851196289,
  "summary_fg_k": 4.608952811291804,
  "summary_fg_mad": 121.58383361156565,
  "summary_fg_mean": 863.0930786132812,
  "summary_fg_median": 844.650146484375,
  "summary_fg_n": 40148.0,
  "summary_fg_p05": 683.6539031982422,
  "summary_fg_p95": 1099.8660400390627,
  "summary_fg_stdv": 144.12930297851562,
  "tsnr": 56.11355089023709
}