{
  "aor": 0.0006997966101694916,
  "aqi": 0.009070804677966102,
  "bids_meta": {
    "AcquisitionMatrixPE": 64,
    "BandwidthPerPixelPhaseEncode": 47.348,
    "BaseResolution": 64,
    "ConsistencyInfo": "N4_VD11D_LATEST_20110129",
    "ConversionSoftware": "dcm2niix",
    "ConversionSoftwareVersion": "v1.0.20180518 GCC4.8.5",
    "DerivedVendorReportedEchoSpacing": 0.000660007,
    "DwellTime": 4.5e-06,
    "EchoTime": 0.027,
    "EchoTrainLength": 32,
    "EffectiveEchoSpacing": 0.000330003,
    "FlipAngle": 71,
    "ImageOrientationPatientDICOM": [
      0.999639,
      -0.0145184,
      -0.0226153,
      0.0159076,
      0.997918,
      0.062509
    ],
    "ImageType": [
      "ORIGINAL",
      "PRIMARY",
      "M",
      "ND",
      "NORM",
      "MOSAIC"
    ],
    "InPlanePhaseEncodingDirectionDICOM": "COL",
    "MRAcquisitionType": "2D",
    "MagneticFieldStrength": 3,
    "Manufacturer": "Siemens",
    "ManufacturersModelName": "Skyra",
    "Modality": "MR",
    "ParallelReductionFactorInPlane": 2,
    "PartialFourier": 1,
    "PercentPhaseFOV": 100,
    "PhaseEncodingDirection": "j-",
    "PhaseEncodingSteps": 64,
    "PhaseResolution": 1,
    "PixelBandwidth": 1735,
    "PulseSequenceDetails": "%SiemensSeq%_ep2d_bold",
    "ReceiveCoilActiveElements": "HE1-4",
    "ReceiveCoilName": "HeadNeck_20",
    "ReconMatrixPE": 64,
    "RepetitionTime": 2,
    "SAR": 0.108161,
    "ScanOptions": "FS",
    "ScanningSequence": "EP",
    "SequenceName": "_epfid2d1_64",
    "SequenceVariant": "SK",
    "ShimSetting": [
      3239,
      10694,
      9910,
      409,
      161,
      394,
      823,
      -53
    ],
    "SliceThickness": 2,
    "SliceTiming": [
      1,
      0,
      1.055,
      0.0575,
      1.1125,
      0.1125,
      1.1675,
      0.1675,
      1.2225,
      0.2225,
      1.2775,
      0.2775,
      1.335,
      0.335,
      1.39,
      0.39,
      1.445,
      0.445,
      1.5,
      0.5,
      1.555,
      0.5575,
      1.6125,
      0.6125,
      1.6675,
      0.6675,
      1.7225,
      0.7225,
      1.7775,
      0.7775,
      1.8325,
      0.835,
      1.89,
      0.89,
      1.945,
      0.945
    ],
    "SoftwareVersions": "syngo_MR_D11",
    "SpacingBetweenSlices": 3,
    "TaskName": "Photographs task",
    "TotalReadoutTime": 0.0207902,
    "TxRefAmp": 323.331,
    "dataset": "ds001847",
    "modality": "bold",
    "run_id": 4,
    "subject_id": "03",
    "task_id": "photo"
  },
  "dummy_trs": 0,
  "dvars_nstd": 32.30774615414966,
  "dvars_std": 1.1951201670068023,
  "dvars_vstd": 1.0098459582993193,
  "efc": 0.6171245526234164,
  "fber": 894.1490478515625,
  "fd_mean": 0.08093955759267132,
  "fd_num": 2,
  "fd_perc": 0.6779661016949152,
  "fwhm_avg": 1.5554056768041473,
  "fwhm_x": 1.4795999999999998,
  "fwhm_y": 1.6609566666666666,
  "fwhm_z": 1.525660363745776,
  "gcor": 0.0372812,
  "gsr_x": 0.002772013656795025,
  "gsr_y": 0.05214555561542511,
  "provenance": {
    "md5sum": "eac79bf16c176179a0fc0b78dbede3f7",
    "settings": {
      "fd_thres": 0.2,
      "testing": false
    },
    "software": "mriqc",
    "version": "22.0.6",
    "webapi_port": null,
    "webapi_url": "https://mriqc.nimh.nih.gov/api/v1"
  },
  "size_t": 295,
  "size_x": 64,
  "size_y": 64,
  "size_z": 36,
  "snr": 5.880277765498285,
  "spacing_tr": 2.0,
  "spacing_x": 3.0,
  "spacing_y": 3.0,
  "spacing_z": 2.9999992847442627,
  "summary_bg_k": 27.055758423244043,
  "summary_bg_mad": 15.44921858533992,
  "summary_bg_mean": 62.85488510131836,
  "summary_bg_median": 27.644067764282227,
  "summary_bg_n": 73658.0,
  "summary_bg_p05": 13.759322166442871,
  "summary_bg_p95": 240.33711318969722,
  "summary_bg_stdv": 101.29170227050781,
  "summary_fg_k": 4.564011654435926,
  "summary_fg_mad": 120.11842465609203,
  "summary_fg_mean": 858.429443359375,
  "summary_fg_median": 840.2830810546875,
  "summary_fg_n": 40220.0,
  "summary_fg_p05": 680.2352691650391,
  "summary_fg_p95": 1093.3574279785148,
  "summary_fg_stdv": 142.89675903320312,
  "tsnr": 55.00418283045292
}