{
  "aor": 0.00070025,
  "aqi": 0.014880326000000003,
  "bids_meta": {
    "AcquisitionMatrixPE": 64,
    "BandwidthPerPixelPhaseEncode": 47.348,
    "BaseResolution": 64,
    "ConsistencyInfo": "N4_VD11D_LATEST_20110129",
    "ConversionSoftware": "dcm2niix",
    "ConversionSoftwareVersion": "v1.0.20180518 GCC4.8.5",
    "DerivedVendorReportedEchoSpacing": 0.000660007,
    "DwellTime": 4.5e-06,
    "EchoTime": 0.027,
    "EchoTrainLength": 32,
    "EffectiveEchoSpacing": 0.000330003,
    "FlipAngle": 71,
    "ImageOrientationPatientDICOM": [
      0.999639,
      -0.0145184,
      -0.0226153,
      0.0159076,
      0.997918,
      0.062509
    ],
    "ImageType": [
      "ORIGINAL",
      "PRIMARY",
      "M",
      "ND",
      "NORM",
      "MOSAIC"
    ],
    "InPlanePhaseEncodingDirectionDICOM": "COL",
    "MRAcquisitionType": "2D",
    "MagneticFieldStrength": 3,
    "Manufacturer": "Siemens",
    "ManufacturersModelName": "Skyra",
    "Modality": "MR",
    "ParallelReductionFactorInPlane": 2,
    "PartialFourier": 1,
    "PercentPhaseFOV": 100,
    "PhaseEncodingDirection": "j-",
    "PhaseEncodingSteps": 64,
    "PhaseResolution": 1,
    "PixelBandwidth": 1735,
    "PulseSequenceDetails": "%SiemensSeq%_ep2d_bold",
    "ReceiveCoilActiveElements": "HE1-4",
    "ReceiveCoilName": "HeadNeck_20",
    "ReconMatrixPE": 64,
    "RepetitionTime": 2,
    "SAR": 0.108161,
    "ScanOptions": "FS",
    "ScanningSequence": "EP",
    "SequenceName": "_epfid2d1_64",
    "SequenceVariant": "SK",
    "ShimSetting": [
      3239,
      10694,
      9910,
      409,
      161,
      394,
      823,
      -53
    ],
    "SliceThickness": 2,
    "SliceTiming": [
      1,
      0,
      1.055,
      0.0575,
      1.1125,
      0.1125,
      1.1675,
      0.1675,
      1.2225,
      0.2225,
      1.2775,
      0.2775,
      1.335,
      0.335,
      1.39,
      0.39,
      1.445,
      0.445,
      1.5,
      0.5,
      1.555,
      0.5575,
      1.6125,
      0.6125,
      1.6675,
      0.6675,
      1.7225,
      0.7225,
      1.7775,
      0.7775,
      1.8325,
      0.835,
      1.89,
      0.89,
      1.945,
      0.945
    ],
    "SoftwareVersions": "syngo_MR_D11",
    "SpacingBetweenSlices": 3,
    "TaskName": "Photographs task",
    "TotalReadoutTime": 0.0207902,
    "TxRefAmp": 323.331,
    "dataset": "ds001847",
    "modality": "bold",
    "run_id": 1,
    "subject_id": "03",
    "task_id": "photo"
  },
  "dummy_trs": 0,
  "dvars_nstd": 32.40168379347669,
  "dvars_std": 1.1403010544802876,
  "dvars_vstd": 0.9959086936559136,
  "efc": 0.6145201008891783,
  "fber": 932.8724365234375,
  "fd_mean": 0.09656370272422214,
  "fd_num": 2,
  "fd_perc": 0.7142857142857143,
  "fwhm_avg": 1.5779412337382925,
  "fwhm_x": 1.5065766666666667,
  "fwhm_y": 1.68424,
  "fwhm_z": 1.5430070345482112,
  "gcor": 0.010012,
  "gsr_x": 0.0036987653002142906,
  "gsr_y": 0.05154430493712425,
  "provenance": {
    "md5sum": "d047df8171b93e8ec89d93478dda1278",
    "settings": {
      "fd_thres": 0.2,
      "testing": false
    },
    "software": "mriqc",
    "version": "22.0.6",
    "webapi_port": null,
    "webapi_url": "https://mriqc.nimh.nih.gov/api/v1"
  },
  "size_t": 280,
  "size_x": 64,
  "size_y": 64,
  "size_z": 36,
  "snr": 5.845499651671992,
  "spacing_tr": 2.0,
  "spacing_x": 3.0,
  "spacing_y": 3.0,
  "spacing_z": 2.9999992847442627,
  "summary_bg_k": 28.121783568077078,
  "summary_bg_mad": 15.694403565261853,
  "summary_bg_mean": 61.27316665649414,
  "summary_bg_median": 27.21428680419922,
  "summary_bg_n": 73871.0,
  "summary_bg_p05": 13.296428680419922,
  "summary_bg_p95": 231.7125015258789,
  "summary_bg_stdv": 98.48173522949219,
  "summary_fg_k": 4.661451076615351,
  "summary_fg_mad": 121.62098010880054,
  "summary_fg_mean": 861.7879638671875,
  "summary_fg_median": 843.3786010742188,
  "summary_fg_n": 40075.0,
  "summary_fg_p05": 681.2324951171875,
  "summary_fg_p95": 1100.0789184570312,
  "summary_fg_stdv": 144.27647399902344,
  "tsnr": 47.67802370712161
}