{
  "aor": 0.0008835606060606061,
  "aqi": 0.020381977272727274,
  "bids_meta": {
    "AcquisitionMatrixPE": 64,
    "BandwidthPerPixelPhaseEncode": 47.348,
    "BaseResolution": 64,
    "ConsistencyInfo": "N4_VD11D_LATEST_20110129",
    "ConversionSoftware": "dcm2niix",
    "ConversionSoftwareVersion": "v1.0.20180518 GCC4.8.5",
    "DerivedVendorReportedEchoSpacing": 0.000660007,
    "DwellTime": 4.5e-06,
    "EchoTime": 0.027,
    "EchoTrainLength": 32,
    "EffectiveEchoSpacing": 0.000330003,
    "FlipAngle": 71,
    "ImageOrientationPatientDICOM": [
      0.999639,
      -0.0145184,
      -0.0226153,
      0.0159076,
      0.997918,
      0.062509
    ],
    "ImageType": [
      "ORIGINAL",
      "PRIMARY",
      "M",
      "ND",
      "NORM",
      "MOSAIC"
    ],
    "InPlanePhaseEncodingDirectionDICOM": "COL",
    "MRAcquisitionType": "2D",
    "MagneticFieldStrength": 3,
    "Manufacturer": "Siemens",
    "ManufacturersModelName": "Skyra",
    "Modality": "MR",
    "ParallelReductionFactorInPlane": 2,
    "PartialFourier": 1,
    "PercentPhaseFOV": 100,
    "PhaseEncodingDirection": "j-",
    "PhaseEncodingSteps": 64,
    "PhaseResolution": 1,
    "PixelBandwidth": 1735,
    "PulseSequenceDetails": "%SiemensSeq%_ep2d_bold",
    "ReceiveCoilActiveElements": "HE1-4",
    "ReceiveCoilName": "HeadNeck_20",
    "ReconMatrixPE": 64,
    "RepetitionTime": 2,
    "SAR": 0.108161,
    "ScanOptions": "FS",
    "ScanningSequence": "EP",
    "SequenceName": "_epfid2d1_64",
    "SequenceVariant": "SK",
    "ShimSetting": [
      3239,
      10694,
      9910,
      409,
      161,
      394,
      823,
      -53
    ],
    "SliceThickness": 2,
    "SliceTiming": [
      1,
      0,
      1.055,
      0.0575,
      1.1125,
      0.1125,
      1.1675,
      0.1675,
      1.2225,
      0.2225,
      1.2775,
      0.2775,
      1.335,
      0.335,
      1.39,
      0.39,
      1.445,
      0.445,
      1.5,
      0.5,
      1.555,
      0.5575,
      1.6125,
      0.6125,
      1.6675,
      0.6675,
      1.7225,
      0.7225,
      1.7775,
      0.7775,
      1.8325,
      0.835,
      1.89,
      0.89,
      1.945,
      0.945
    ],
    "SoftwareVersions": "syngo_MR_D11",
    "SpacingBetweenSlices": 3,
    "TaskName": "Photographs task",
    "TotalReadoutTime": 0.0207902,
    "TxRefAmp": 323.331,
    "dataset": "ds001847",
    "modality": "bold",
    "run_id": 4,
    "subject_id": "31",
    "task_id": "photo"
  },
  "dummy_trs": 0,
  "dvars_nstd": 28.61862324756654,
  "dvars_std": 1.0430363193916343,
  "dvars_vstd": 0.9722118789353605,
  "efc": 0.586052869742603,
  "fber": 1044.1396484375,
  "fd_mean": 0.1038558400094488,
  "fd_num": 14,
  "fd_perc": 5.303030303030303,
  "fwhm_avg": 1.6120244444444445,
  "fwhm_x": 1.4962233333333332,
  "fwhm_y": 1.7650966666666665,
  "fwhm_z": 1.5747533333333334,
  "gcor": 0.0181765,
  "gsr_x": 0.002528429962694645,
  "gsr_y": 0.05478623881936073,
  "provenance": {
    "md5sum": "78ca11ad89da11061cec54f2ba260a46",
    "settings": {
      "fd_thres": 0.2,
      "testing": false
    },
    "software": "mriqc",
    "version": "22.0.6",
    "webapi_port": null,
    "webapi_url": "https://mriqc.nimh.nih.gov/api/v1"
  },
  "size_t": 264,
  "size_x": 64,
  "size_y": 64,
  "size_z": 37,
  "snr": 6.40885773095427,
  "spacing_tr": 2.0,
  "spacing_x": 3.0,
  "spacing_y": 3.0,
  "spacing_z": 3.0,
  "summary_bg_k": 32.844158510434966,
  "summary_bg_mad": 10.990349422424902,
  "summary_bg_mean": 48.68807601928711,
  "summary_bg_median": 24.33333396911621,
  "summary_bg_n": 80620.0,
  "summary_bg_p05": 14.219696998596191,
  "summary_bg_p95": 161.67841796875,
  "summary_bg_stdv": 76.93739318847656,
  "summary_fg_k": 5.625397024706382,
  "summary_fg_mad": 104.69747032470025,
  "summary_fg_mean": 813.960205078125,
  "summary_fg_median": 798.947021484375,
  "summary_fg_n": 36909.0,
  "summary_fg_p05": 658.4091186523438,
  "summary_fg_p95": 1008.8098876953125,
  "summary_fg_stdv": 124.66124725341797,
  "tsnr": 47.01682536746375
}