{
  "aor": 0.0006477474402730375,
  "aqi": 0.03114157542662116,
  "bids_meta": {
    "AcquisitionMatrixPE": 64,
    "BandwidthPerPixelPhaseEncode": 47.348,
    "BaseResolution": 64,
    "ConsistencyInfo": "N4_VD11D_LATEST_20110129",
    "ConversionSoftware": "dcm2niix",
    "ConversionSoftwareVersion": "v1.0.20180518 GCC4.8.5",
    "DerivedVendorReportedEchoSpacing": 0.000660007,
    "DwellTime": 4.5e-06,
    "EchoTime": 0.027,
    "EchoTrainLength": 32,
    "EffectiveEchoSpacing": 0.000330003,
    "FlipAngle": 71,
    "ImageOrientationPatientDICOM": [
      0.999639,
      -0.0145184,
      -0.0226153,
      0.0159076,
      0.997918,
      0.062509
    ],
    "ImageType": [
      "ORIGINAL",
      "PRIMARY",
      "M",
      "ND",
      "NORM",
      "MOSAIC"
    ],
    "InPlanePhaseEncodingDirectionDICOM": "COL",
    "MRAcquisitionType": "2D",
    "MagneticFieldStrength": 3,
    "Manufacturer": "Siemens",
    "ManufacturersModelName": "Skyra",
    "Modality": "MR",
    "ParallelReductionFactorInPlane": 2,
    "PartialFourier": 1,
    "PercentPhaseFOV": 100,
    "PhaseEncodingDirection": "j-",
    "PhaseEncodingSteps": 64,
    "PhaseResolution": 1,
    "PixelBandwidth": 1735,
    "PulseSequenceDetails": "%SiemensSeq%_ep2d_bold",
    "ReceiveCoilActiveElements": "HE1-4",
    "ReceiveCoilName": "HeadNeck_20",
    "ReconMatrixPE": 64,
    "RepetitionTime": 2,
    "SAR": 0.108161,
    "ScanOptions": "FS",
    "ScanningSequence": "EP",
    "SequenceName": "_epfid2d1_64",
    "SequenceVariant": "SK",
    "ShimSetting": [
      3239,
      10694,
      9910,
      409,
      161,
      394,
      823,
      -53
    ],
    "SliceThickness": 2,
    "SliceTiming": [
      1,
      0,
      1.055,
      0.0575,
      1.1125,
      0.1125,
      1.1675,
      0.1675,
      1.2225,
      0.2225,
      1.2775,
      0.2775,
      1.335,
      0.335,
      1.39,
      0.39,
      1.445,
      0.445,
      1.5,
      0.5,
      1.555,
      0.5575,
      1.6125,
      0.6125,
      1.6675,
      0.6675,
      1.7225,
      0.7225,
      1.7775,
      0.7775,
      1.8325,
      0.835,
      1.89,
      0.89,
      1.945,
      0.945
    ],
    "SoftwareVersions": "syngo_MR_D11",
    "SpacingBetweenSlices": 3,
    "TaskName": "Photographs task",
    "TotalReadoutTime": 0.0207902,
    "TxRefAmp": 323.331,
    "dataset": "ds001847",
    "modality": "bold",
    "run_id": 3,
    "subject_id": "31",
    "task_id": "photo"
  },
  "dummy_trs": 1,
  "dvars_nstd": 28.3397774433904,
  "dvars_std": 1.0034995185273972,
  "dvars_vstd": 0.9498892346575342,
  "efc": 0.5903651564086668,
  "fber": 1012.90771484375,
  "fd_mean": 0.11128484134335216,
  "fd_num": 23,
  "fd_perc": 7.849829351535837,
  "fwhm_avg": 1.6173922222222223,
  "fwhm_x": 1.4971433333333335,
  "fwhm_y": 1.78616,
  "fwhm_z": 1.5688733333333333,
  "gcor": 0.0164014,
  "gsr_x": -0.0006882822490297258,
  "gsr_y": 0.05291670933365822,
  "provenance": {
    "md5sum": "bfc47d2ac4358b9c7eb85b9fcfe60ad5",
    "settings": {
      "fd_thres": 0.2,
      "testing": false
    },
    "software": "mriqc",
    "version": "22.0.6",
    "webapi_port": null,
    "webapi_url": "https://mriqc.nimh.nih.gov/api/v1"
  },
  "size_t": 293,
  "size_x": 64,
  "size_y": 64,
  "size_z": 37,
  "snr": 6.446958671605108,
  "spacing_tr": 2.0,
  "spacing_x": 3.0,
  "spacing_y": 3.0,
  "spacing_z": 3.0,
  "summary_bg_k": 29.865225274800316,
  "summary_bg_mad": 11.678653995085194,
  "summary_bg_mean": 50.06483840942383,
  "summary_bg_median": 24.76791763305664,
  "summary_bg_n": 79908.0,
  "summary_bg_p05": 14.249146461486816,
  "summary_bg_p95": 171.06688232421828,
  "summary_bg_stdv": 77.24923706054688,
  "summary_fg_k": 5.482204711296941,
  "summary_fg_mad": 105.78593961091208,
  "summary_fg_mean": 815.1397705078125,
  "summary_fg_median": 800.5648193359375,
  "summary_fg_n": 37388.0,
  "summary_fg_p05": 658.9390502929688,
  "summary_fg_p95": 1009.9508422851562,
  "summary_fg_stdv": 124.17546844482422,
  "tsnr": 39.54060467996169
}