{
  "aor": 0.00038647840531561456,
  "aqi": 0.011445923953488372,
  "bids_meta": {
    "AcquisitionMatrixPE": 64,
    "BandwidthPerPixelPhaseEncode": 47.348,
    "BaseResolution": 64,
    "ConsistencyInfo": "N4_VD11D_LATEST_20110129",
    "ConversionSoftware": "dcm2niix",
    "ConversionSoftwareVersion": "v1.0.20180518 GCC4.8.5",
    "DerivedVendorReportedEchoSpacing": 0.000660007,
    "DwellTime": 4.5e-06,
    "EchoTime": 0.027,
    "EchoTrainLength": 32,
    "EffectiveEchoSpacing": 0.000330003,
    "FlipAngle": 71,
    "ImageOrientationPatientDICOM": [
      0.999639,
      -0.0145184,
      -0.0226153,
      0.0159076,
      0.997918,
      0.062509
    ],
    "ImageType": [
      "ORIGINAL",
      "PRIMARY",
      "M",
      "ND",
      "NORM",
      "MOSAIC"
    ],
    "InPlanePhaseEncodingDirectionDICOM": "COL",
    "MRAcquisitionType": "2D",
    "MagneticFieldStrength": 3,
    "Manufacturer": "Siemens",
    "ManufacturersModelName": "Skyra",
    "Modality": "MR",
    "ParallelReductionFactorInPlane": 2,
    "PartialFourier": 1,
    "PercentPhaseFOV": 100,
    "PhaseEncodingDirection": "j-",
    "PhaseEncodingSteps": 64,
    "PhaseResolution": 1,
    "PixelBandwidth": 1735,
    "PulseSequenceDetails": "%SiemensSeq%_ep2d_bold",
    "ReceiveCoilActiveElements": "HE1-4",
    "ReceiveCoilName": "HeadNeck_20",
    "ReconMatrixPE": 64,
    "RepetitionTime": 2,
    "SAR": 0.108161,
    "ScanOptions": "FS",
    "ScanningSequence": "EP",
    "SequenceName": "_epfid2d1_64",
    "SequenceVariant": "SK",
    "ShimSetting": [
      3239,
      10694,
      9910,
      409,
      161,
      394,
      823,
      -53
    ],
    "SliceThickness": 2,
    "SliceTiming": [
      1,
      0,
      1.055,
      0.0575,
      1.1125,
      0.1125,
      1.1675,
      0.1675,
      1.2225,
      0.2225,
      1.2775,
      0.2775,
      1.335,
      0.335,
      1.39,
      0.39,
      1.445,
      0.445,
      1.5,
      0.5,
      1.555,
      0.5575,
      1.6125,
      0.6125,
      1.6675,
      0.6675,
      1.7225,
      0.7225,
      1.7775,
      0.7775,
      1.8325,
      0.835,
      1.89,
      0.89,
      1.945,
      0.945
    ],
    "SoftwareVersions": "syngo_MR_D11",
    "SpacingBetweenSlices": 3,
    "TaskName": "Photographs task",
    "TotalReadoutTime": 0.0207902,
    "TxRefAmp": 323.331,
    "dataset": "ds001847",
    "modality": "bold",
    "run_id": 2,
    "subject_id": "31",
    "task_id": "photo"
  },
  "dummy_trs": 0,
  "dvars_nstd": 27.72133774403335,
  "dvars_std": 1.0805363361,
  "dvars_vstd": 0.9990234489666665,
  "efc": 0.5903457042231304,
  "fber": 1002.5057373046875,
  "fd_mean": 0.08691506511748733,
  "fd_num": 3,
  "fd_perc": 0.9966777408637874,
  "fwhm_avg": 1.5971755555555556,
  "fwhm_x": 1.4835733333333332,
  "fwhm_y": 1.7366633333333334,
  "fwhm_z": 1.57129,
  "gcor": 0.00934571,
  "gsr_x": -0.00045638802112080157,
  "gsr_y": 0.05325242504477501,
  "provenance": {
    "md5sum": "78a5ee30871dc8f96af80d58d4accaca",
    "settings": {
      "fd_thres": 0.2,
      "testing": false
    },
    "software": "mriqc",
    "version": "22.0.6",
    "webapi_port": null,
    "webapi_url": "https://mriqc.nimh.nih.gov/api/v1"
  },
  "size_t": 301,
  "size_x": 64,
  "size_y": 64,
  "size_z": 37,
  "snr": 6.382352707262074,
  "spacing_tr": 2.0,
  "spacing_x": 3.0,
  "spacing_y": 3.0,
  "spacing_z": 3.0,
  "summary_bg_k": 29.472055738444695,
  "summary_bg_mad": 11.45691745875886,
  "summary_bg_mean": 49.56309509277344,
  "summary_bg_median": 24.73089599609375,
  "summary_bg_n": 79716.0,
  "summary_bg_p05": 14.35215950012207,
  "summary_bg_p95": 171.22175216674805,
  "summary_bg_stdv": 76.34016418457031,
  "summary_fg_k": 5.4025945071877075,
  "summary_fg_mad": 105.88783231709112,
  "summary_fg_mean": 814.3650512695312,
  "summary_fg_median": 800.0465087890625,
  "summary_fg_n": 37492.0,
  "summary_fg_p05": 656.3557983398438,
  "summary_fg_p95": 1011.1295166015625,
  "summary_fg_stdv": 125.35124206542969,
  "tsnr": 54.0680305683054
}