{
  "aor": 0.0023900701754385957,
  "aqi": 0.011233187754385966,
  "bids_meta": {
    "AcquisitionMatrixPE": 64,
    "BandwidthPerPixelPhaseEncode": 47.348,
    "BaseResolution": 64,
    "ConsistencyInfo": "N4_VD11D_LATEST_20110129",
    "ConversionSoftware": "dcm2niix",
    "ConversionSoftwareVersion": "v1.0.20180518 GCC4.8.5",
    "DerivedVendorReportedEchoSpacing": 0.000660007,
    "DwellTime": 4.5e-06,
    "EchoTime": 0.027,
    "EchoTrainLength": 32,
    "EffectiveEchoSpacing": 0.000330003,
    "FlipAngle": 71,
    "ImageOrientationPatientDICOM": [
      0.999639,
      -0.0145184,
      -0.0226153,
      0.0159076,
      0.997918,
      0.062509
    ],
    "ImageType": [
      "ORIGINAL",
      "PRIMARY",
      "M",
      "ND",
      "NORM",
      "MOSAIC"
    ],
    "InPlanePhaseEncodingDirectionDICOM": "COL",
    "MRAcquisitionType": "2D",
    "MagneticFieldStrength": 3,
    "Manufacturer": "Siemens",
    "ManufacturersModelName": "Skyra",
    "Modality": "MR",
    "ParallelReductionFactorInPlane": 2,
    "PartialFourier": 1,
    "PercentPhaseFOV": 100,
    "PhaseEncodingDirection": "j-",
    "PhaseEncodingSteps": 64,
    "PhaseResolution": 1,
    "PixelBandwidth": 1735,
    "PulseSequenceDetails": "%SiemensSeq%_ep2d_bold",
    "ReceiveCoilActiveElements": "HE1-4",
    "ReceiveCoilName": "HeadNeck_20",
    "ReconMatrixPE": 64,
    "RepetitionTime": 2,
    "SAR": 0.108161,
    "ScanOptions": "FS",
    "ScanningSequence": "EP",
    "SequenceName": "_epfid2d1_64",
    "SequenceVariant": "SK",
    "ShimSetting": [
      3239,
      10694,
      9910,
      409,
      161,
      394,
      823,
      -53
    ],
    "SliceThickness": 2,
    "SliceTiming": [
      1,
      0,
      1.055,
      0.0575,
      1.1125,
      0.1125,
      1.1675,
      0.1675,
      1.2225,
      0.2225,
      1.2775,
      0.2775,
      1.335,
      0.335,
      1.39,
      0.39,
      1.445,
      0.445,
      1.5,
      0.5,
      1.555,
      0.5575,
      1.6125,
      0.6125,
      1.6675,
      0.6675,
      1.7225,
      0.7225,
      1.7775,
      0.7775,
      1.8325,
      0.835,
      1.89,
      0.89,
      1.945,
      0.945
    ],
    "SoftwareVersions": "syngo_MR_D11",
    "SpacingBetweenSlices": 3,
    "TaskName": "Photographs task",
    "TotalReadoutTime": 0.0207902,
    "TxRefAmp": 323.331,
    "dataset": "ds001847",
    "modality": "bold",
    "run_id": 3,
    "subject_id": "24",
    "task_id": "photo"
  },
  "dummy_trs": 0,
  "dvars_nstd": 34.50770357975352,
  "dvars_std": 1.2356420038380282,
  "dvars_vstd": 1.0277883971478872,
  "efc": 0.6323065919520743,
  "fber": 815.80224609375,
  "fd_mean": 0.08215821217188737,
  "fd_num": 11,
  "fd_perc": 3.8596491228070176,
  "fwhm_avg": 1.5532977777777777,
  "fwhm_x": 1.4756433333333332,
  "fwhm_y": 1.6283533333333333,
  "fwhm_z": 1.5558966666666667,
  "gcor": 0.0191135,
  "gsr_x": -0.000552677025552839,
  "gsr_y": 0.05194871872663498,
  "provenance": {
    "md5sum": "ffa1be74f8dcfbc3cd325d39b4c3d014",
    "settings": {
      "fd_thres": 0.2,
      "testing": false
    },
    "software": "mriqc",
    "version": "22.0.6",
    "webapi_port": null,
    "webapi_url": "https://mriqc.nimh.nih.gov/api/v1"
  },
  "size_t": 285,
  "size_x": 64,
  "size_y": 64,
  "size_z": 37,
  "snr": 6.0841910018019405,
  "spacing_tr": 2.0,
  "spacing_x": 3.0,
  "spacing_y": 3.0,
  "spacing_z": 3.0,
  "summary_bg_k": 21.29200923188251,
  "summary_bg_mad": 15.054914568767623,
  "summary_bg_mean": 66.3974838256836,
  "summary_bg_median": 28.077194213867188,
  "summary_bg_n": 73758.0,
  "summary_bg_p05": 14.487719535827637,
  "summary_bg_p95": 271.8882522583008,
  "summary_bg_stdv": 97.86518096923828,
  "summary_fg_k": 5.137448039635274,
  "summary_fg_mad": 119.45100933244774,
  "summary_fg_mean": 829.6790161132812,
  "summary_fg_median": 815.7930297851562,
  "summary_fg_n": 43101.0,
  "summary_fg_p05": 661.75439453125,
  "summary_fg_p95": 1039.5018310546875,
  "summary_fg_stdv": 134.08250427246094,
  "tsnr": 53.20566890272312
}