{
  "aor": 0.0020302189781021894,
  "aqi": 0.013900188357664234,
  "bids_meta": {
    "AcquisitionMatrixPE": 64,
    "BandwidthPerPixelPhaseEncode": 47.348,
    "BaseResolution": 64,
    "ConsistencyInfo": "N4_VD11D_LATEST_20110129",
    "ConversionSoftware": "dcm2niix",
    "ConversionSoftwareVersion": "v1.0.20180518 GCC4.8.5",
    "DerivedVendorReportedEchoSpacing": 0.000660007,
    "DwellTime": 4.5e-06,
    "EchoTime": 0.027,
    "EchoTrainLength": 32,
    "EffectiveEchoSpacing": 0.000330003,
    "FlipAngle": 71,
    "ImageOrientationPatientDICOM": [
      0.999639,
      -0.0145184,
      -0.0226153,
      0.0159076,
      0.997918,
      0.062509
    ],
    "ImageType": [
      "ORIGINAL",
      "PRIMARY",
      "M",
      "ND",
      "NORM",
      "MOSAIC"
    ],
    "InPlanePhaseEncodingDirectionDICOM": "COL",
    "MRAcquisitionType": "2D",
    "MagneticFieldStrength": 3,
    "Manufacturer": "Siemens",
    "ManufacturersModelName": "Skyra",
    "Modality": "MR",
    "ParallelReductionFactorInPlane": 2,
    "PartialFourier": 1,
    "PercentPhaseFOV": 100,
    "PhaseEncodingDirection": "j-",
    "PhaseEncodingSteps": 64,
    "PhaseResolution": 1,
    "PixelBandwidth": 1735,
    "PulseSequenceDetails": "%SiemensSeq%_ep2d_bold",
    "ReceiveCoilActiveElements": "HE1-4",
    "ReceiveCoilName": "HeadNeck_20",
    "ReconMatrixPE": 64,
    "RepetitionTime": 2,
    "SAR": 0.108161,
    "ScanOptions": "FS",
    "ScanningSequence": "EP",
    "SequenceName": "_epfid2d1_64",
    "SequenceVariant": "SK",
    "ShimSetting": [
      3239,
      10694,
      9910,
      409,
      161,
      394,
      823,
      -53
    ],
    "SliceThickness": 2,
    "SliceTiming": [
      1,
      0,
      1.055,
      0.0575,
      1.1125,
      0.1125,
      1.1675,
      0.1675,
      1.2225,
      0.2225,
      1.2775,
      0.2775,
      1.335,
      0.335,
      1.39,
      0.39,
      1.445,
      0.445,
      1.5,
      0.5,
      1.555,
      0.5575,
      1.6125,
      0.6125,
      1.6675,
      0.6675,
      1.7225,
      0.7225,
      1.7775,
      0.7775,
      1.8325,
      0.835,
      1.89,
      0.89,
      1.945,
      0.945
    ],
    "SoftwareVersions": "syngo_MR_D11",
    "SpacingBetweenSlices": 3,
    "TaskName": "Photographs task",
    "TotalReadoutTime": 0.0207902,
    "TxRefAmp": 323.331,
    "dataset": "ds001847",
    "modality": "bold",
    "run_id": 2,
    "subject_id": "24",
    "task_id": "photo"
  },
  "dummy_trs": 0,
  "dvars_nstd": 34.4014601308425,
  "dvars_std": 1.2134863895604384,
  "dvars_vstd": 1.0044505336263734,
  "efc": 0.6329785861021479,
  "fber": 818.5886840820312,
  "fd_mean": 0.08915003182769568,
  "fd_num": 14,
  "fd_perc": 5.109489051094891,
  "fwhm_avg": 1.5555700000000001,
  "fwhm_x": 1.47215,
  "fwhm_y": 1.6316,
  "fwhm_z": 1.5629600000000001,
  "gcor": 0.0157221,
  "gsr_x": -0.00238397647626698,
  "gsr_y": 0.04910646751523018,
  "provenance": {
    "md5sum": "0b2256aba671785493fc32b5858e365b",
    "settings": {
      "fd_thres": 0.2,
      "testing": false
    },
    "software": "mriqc",
    "version": "22.0.6",
    "webapi_port": null,
    "webapi_url": "https://mriqc.nimh.nih.gov/api/v1"
  },
  "size_t": 274,
  "size_x": 64,
  "size_y": 64,
  "size_z": 37,
  "snr": 6.099020918677191,
  "spacing_tr": 2.0,
  "spacing_x": 3.0,
  "spacing_y": 3.0,
  "spacing_z": 3.0,
  "summary_bg_k": 22.292052253758172,
  "summary_bg_mad": 15.345473644409907,
  "summary_bg_mean": 66.04475402832031,
  "summary_bg_median": 28.27372169494629,
  "summary_bg_n": 73493.0,
  "summary_bg_p05": 14.229927062988281,
  "summary_bg_p95": 267.05037231445306,
  "summary_bg_stdv": 96.1216812133789,
  "summary_fg_k": 5.011470002668393,
  "summary_fg_mad": 119.92843909958859,
  "summary_fg_mean": 830.9856567382812,
  "summary_fg_median": 818.3759155273438,
  "summary_fg_n": 43409.0,
  "summary_fg_p05": 662.2693481445312,
  "summary_fg_p95": 1040.9540283203123,
  "summary_fg_stdv": 134.1799774169922,
  "tsnr": 49.61616969376337
}